{
  "bids_meta": {
    "AcquisitionDateTime": "2018-06-01T18:52:46.045000",
    "BodyPartExamined": "BRAIN",
    "ConversionSoftware": "dcm2niix",
    "ConversionSoftwareVersion": "v1.0.20170411 GCC4.2.1",
    "EchoTime": 0.00207,
    "FlipAngle": 9,
    "ImageType": [
      "ORIGINAL",
      "PRIMARY",
      "M",
      "ND",
      "NORM"
    ],
    "InversionTime": 0.9,
    "MagneticFieldStrength": 3,
    "Manufacturer": "Siemens",
    "ManufacturersModelName": "Skyra",
    "PhaseEncodingDirection": "i-",
    "ProcedureStepDescription": "funktionales_Schadel-MRT",
    "ProtocolName": "t1_mprage_sag_p2_iso_1.0",
    "RepetitionTime": 2.3,
    "ScanningSequence": "GR_IR",
    "SequenceName": "_tfl3d1_16ns",
    "SequenceVariant": "SK_SP_MP",
    "SeriesDescription": "t1_mprage_sag_p2_iso_1.0",
    "SliceTiming": [
      1.25,
      0,
      1.315,
      0.065,
      1.38,
      0.13,
      1.4475,
      0.1975,
      1.5125,
      0.2625,
      1.5775,
      0.3275,
      1.6425,
      0.395,
      1.71,
      0.46,
      1.775,
      0.525,
      1.84,
      0.59,
      1.9075,
      0.6575,
      1.9725,
      0.7225,
      2.0375,
      0.7875,
      2.105,
      0.855,
      2.17,
      0.92,
      2.235,
      0.985,
      2.3025,
      1.0525,
      2.3675,
      1.1175,
      2.4325,
      1.1825
    ],
    "dataset": "ds002609",
    "modality": "T1w",
    "subject_id": "037"
  },
  "cjv": 0.3128947273609417,
  "cnr": 4.341146976488826,
  "efc": 0.5382299285581107,
  "fber": -1.0,
  "fwhm_avg": 3.9233011363638304,
  "fwhm_x": 3.9467934090914913,
  "fwhm_y": 3.91344,
  "fwhm_z": 3.90967,
  "icvs_csf": 0.18181441962448824,
  "icvs_gm": 0.45917666188677175,
  "icvs_wm": 0.35900891848874,
  "inu_med": 0.41487544775009155,
  "inu_range": 0.10826087892055508,
  "provenance": {
    "md5sum": "226c5b531463070b9adf679ee5501734",
    "settings": {
      "testing": false
    },
    "software": "mriqc",
    "version": "23.0.1",
    "warnings": {
      "large_rot_frame": true,
      "small_air_mask": false
    },
    "webapi_port": null,
    "webapi_url": "https://mriqc.nimh.nih.gov/api/v1"
  },
  "qi_1": 0.019423676997244774,
  "qi_2": 0.030966422274513513,
  "rpve_csf": 29.7795464831003,
  "rpve_gm": 13.387026548405652,
  "rpve_wm": 19.509772909130895,
  "size_x": 192,
  "size_y": 256,
  "size_z": 256,
  "snr_csf": 2.5546016088366392,
  "snr_gm": 12.277850807045503,
  "snr_total": 13.518759941395436,
  "snr_wm": 25.72382740830416,
  "snrd_csf": 44.49670595734079,
  "snrd_gm": 106.94503409552733,
  "snrd_total": 101.41454714106986,
  "snrd_wm": 152.80190137034143,
  "spacing_x": 0.9999966025352478,
  "spacing_y": 1.0,
  "spacing_z": 1.0,
  "summary_bg_k": 14.557511046976341,
  "summary_bg_mad": 0.0,
  "summary_bg_mean": 1.8692534363607711,
  "summary_bg_median": 0.0,
  "summary_bg_n": 2790197.0,
  "summary_bg_p05": 0.0,
  "summary_bg_p95": 8.655699949711561,
  "summary_bg_stdv": 4.2876643686244025,
  "summary_csf_k": 0.6372268423788023,
  "summary_csf_mad": 106.25204279354311,
  "summary_csf_mean": 300.7434321253488,
  "summary_csf_median": 291.2171276919544,
  "summary_csf_n": 23612.0,
  "summary_csf_p05": 129.3842542245984,
  "summary_csf_p95": 504.2232376629487,
  "summary_csf_stdv": 113.99466746617182,
  "summary_gm_k": -0.023640233767134866,
  "summary_gm_mad": 56.866433893510475,
  "summary_gm_mean": 700.9220357667274,
  "summary_gm_median": 699.9220499619842,
  "summary_gm_n": 53877.0,
  "summary_gm_p05": 608.7705557048321,
  "summary_gm_p95": 796.2833730988204,
  "summary_gm_stdv": 57.006357657893325,
  "summary_wm_k": 0.4256559179730317,
  "summary_wm_mad": 37.039206675024474,
  "summary_wm_mean": 1000.0474121499383,
  "summary_wm_median": 1000.0410112515092,
  "summary_wm_n": 211626.0,
  "summary_wm_p05": 936.0872850827873,
  "summary_wm_p95": 1063.4614478498697,
  "summary_wm_stdv": 38.87596634124274,
  "tpm_overlap_csf": 0.15677182358108263,
  "tpm_overlap_gm": 0.471779963737885,
  "tpm_overlap_wm": 0.5164883039862801,
  "wm2max": 0.43229536104411975
}