{
  "bids_meta": {
    "AcquisitionDateTime": "2018-05-12T10:21:21.817500",
    "BodyPartExamined": "BRAIN",
    "ConversionSoftware": "dcm2niix",
    "ConversionSoftwareVersion": "v1.0.20170411 GCC4.2.1",
    "EchoTime": 0.00207,
    "FlipAngle": 9,
    "ImageType": [
      "ORIGINAL",
      "PRIMARY",
      "M",
      "ND",
      "NORM"
    ],
    "InversionTime": 0.9,
    "MagneticFieldStrength": 3,
    "Manufacturer": "Siemens",
    "ManufacturersModelName": "Skyra",
    "PhaseEncodingDirection": "i-",
    "ProcedureStepDescription": "funktionales_Schadel-MRT",
    "ProtocolName": "t1_mprage_sag_p2_iso_1.0",
    "RepetitionTime": 2.3,
    "ScanningSequence": "GR_IR",
    "SequenceName": "_tfl3d1_16ns",
    "SequenceVariant": "SK_SP_MP",
    "SeriesDescription": "t1_mprage_sag_p2_iso_1.0",
    "dataset": "ds002609",
    "modality": "T1w",
    "subject_id": "028"
  },
  "cjv": 0.3390300835820014,
  "cnr": 4.043232520638375,
  "efc": 0.5727032813493329,
  "fber": -1.0,
  "fwhm_avg": 3.745544213799471,
  "fwhm_x": 3.692942641398412,
  "fwhm_y": 3.82211,
  "fwhm_z": 3.72158,
  "icvs_csf": 0.19510647364139427,
  "icvs_gm": 0.45391122531643546,
  "icvs_wm": 0.3509823010421703,
  "inu_med": 0.5076470673084259,
  "inu_range": 0.15008108317852015,
  "provenance": {
    "md5sum": "b6de84d7e47dde153b7391c23f326154",
    "settings": {
      "testing": false
    },
    "software": "mriqc",
    "version": "23.0.1",
    "warnings": {
      "large_rot_frame": true,
      "small_air_mask": false
    },
    "webapi_port": null,
    "webapi_url": "https://mriqc.nimh.nih.gov/api/v1"
  },
  "qi_1": 0.038367174782399066,
  "qi_2": 0.013516355762306288,
  "rpve_csf": 26.68074891880238,
  "rpve_gm": 12.440845468598685,
  "rpve_wm": 17.959750292221937,
  "size_x": 192,
  "size_y": 256,
  "size_z": 256,
  "snr_csf": 2.074146042339889,
  "snr_gm": 12.171478768947303,
  "snr_total": 12.121545100971824,
  "snr_wm": 22.119010491628284,
  "snrd_csf": 27.047319751615845,
  "snrd_gm": 68.74149960602337,
  "snrd_total": 64.55315590247227,
  "snrd_wm": 97.87064834977758,
  "spacing_x": 0.9999992847442627,
  "spacing_y": 1.0,
  "spacing_z": 1.0,
  "summary_bg_k": 21.83377270611122,
  "summary_bg_mad": 0.0,
  "summary_bg_mean": 3.3310398957574736,
  "summary_bg_median": 0.0,
  "summary_bg_n": 2117182.0,
  "summary_bg_p05": 0.0,
  "summary_bg_p95": 16.94202756509185,
  "summary_bg_stdv": 6.69418225570975,
  "summary_csf_k": 29.617193234452387,
  "summary_csf_mad": 97.60605078448035,
  "summary_csf_mean": 287.2940725216345,
  "summary_csf_median": 276.36945214122534,
  "summary_csf_n": 33823.0,
  "summary_csf_p05": 97.95686955191195,
  "summary_csf_p95": 486.72385245747836,
  "summary_csf_stdv": 133.24296406526878,
  "summary_gm_k": 0.08576345267351693,
  "summary_gm_mad": 57.155011857834275,
  "summary_gm_mean": 703.0694767845745,
  "summary_gm_median": 702.4004877358675,
  "summary_gm_n": 41587.0,
  "summary_gm_p05": 609.1562764719129,
  "summary_gm_p95": 797.7466875314713,
  "summary_gm_stdv": 57.708028421697435,
  "summary_wm_k": 0.35008500039017587,
  "summary_wm_mad": 43.75443655856015,
  "summary_wm_mean": 1000.9573228744235,
  "summary_wm_median": 1000.0420638173819,
  "summary_wm_n": 195529.0,
  "summary_wm_p05": 928.2381355762482,
  "summary_wm_p95": 1076.5124065987766,
  "summary_wm_stdv": 45.21176509770248,
  "tpm_overlap_csf": 0.15610791324325432,
  "tpm_overlap_gm": 0.4736666889175481,
  "tpm_overlap_wm": 0.4991461728921267,
  "wm2max": 0.4172894081324773
}