{
  "bids_meta": {
    "AcquisitionDateTime": "2018-05-18T18:32:24.787500",
    "BodyPartExamined": "BRAIN",
    "ConversionSoftware": "dcm2niix",
    "ConversionSoftwareVersion": "v1.0.20170411 GCC4.2.1",
    "EchoTime": 0.00207,
    "FlipAngle": 9,
    "ImageType": [
      "ORIGINAL",
      "PRIMARY",
      "M",
      "ND",
      "NORM"
    ],
    "InversionTime": 0.9,
    "MagneticFieldStrength": 3,
    "Manufacturer": "Siemens",
    "ManufacturersModelName": "Skyra",
    "PhaseEncodingDirection": "i-",
    "ProcedureStepDescription": "funktionales_Schadel-MRT",
    "ProtocolName": "t1_mprage_sag_p2_iso_1.0",
    "RepetitionTime": 2.3,
    "ScanningSequence": "GR_IR",
    "SequenceName": "_tfl3d1_16ns",
    "SequenceVariant": "SK_SP_MP",
    "SeriesDescription": "t1_mprage_sag_p2_iso_1.0",
    "dataset": "ds002609",
    "modality": "T1w",
    "subject_id": "023"
  },
  "cjv": 0.34292329208382205,
  "cnr": 3.8978202581091637,
  "efc": 0.5465727969986472,
  "fber": -1.0,
  "fwhm_avg": 3.9382932307963983,
  "fwhm_x": 3.871649692389194,
  "fwhm_y": 4.00381,
  "fwhm_z": 3.93942,
  "icvs_csf": 0.2121903533470354,
  "icvs_gm": 0.44441531524899053,
  "icvs_wm": 0.3433943314039741,
  "inu_med": 0.4001447260379791,
  "inu_range": 0.1004713267087936,
  "provenance": {
    "md5sum": "404e46d8330c3c67707167dc3c73f515",
    "settings": {
      "testing": false
    },
    "software": "mriqc",
    "version": "23.0.1",
    "warnings": {
      "large_rot_frame": true,
      "small_air_mask": false
    },
    "webapi_port": null,
    "webapi_url": "https://mriqc.nimh.nih.gov/api/v1"
  },
  "qi_1": 0.016716441991715455,
  "qi_2": 0.047640192143072274,
  "rpve_csf": 24.86551634923478,
  "rpve_gm": 12.584727748239981,
  "rpve_wm": 18.705619648497052,
  "size_x": 192,
  "size_y": 256,
  "size_z": 256,
  "snr_csf": 2.2869494466904663,
  "snr_gm": 11.441871271692392,
  "snr_total": 13.618302610664559,
  "snr_wm": 27.12608711361082,
  "snrd_csf": 50.79743625481803,
  "snrd_gm": 131.9941465732151,
  "snrd_total": 122.34253592222028,
  "snrd_wm": 184.23602493862768,
  "spacing_x": 1.0000052452087402,
  "spacing_y": 1.0,
  "spacing_z": 1.0,
  "summary_bg_k": 18.07724613955507,
  "summary_bg_mad": 0.0,
  "summary_bg_mean": 1.5883197383041798,
  "summary_bg_median": 0.0,
  "summary_bg_n": 2005254.0,
  "summary_bg_p05": 0.0,
  "summary_bg_p95": 7.92008275911212,
  "summary_bg_stdv": 3.556104037218849,
  "summary_csf_k": 0.22947006848984763,
  "summary_csf_mad": 112.64378041356333,
  "summary_csf_mean": 286.28563175831295,
  "summary_csf_median": 275.73031836748123,
  "summary_csf_n": 42452.0,
  "summary_csf_p05": 109.07227540444583,
  "summary_csf_p95": 514.4073852337897,
  "summary_csf_stdv": 120.56544196612982,
  "summary_gm_k": -0.014583907849863742,
  "summary_gm_mad": 62.48808981559119,
  "summary_gm_mean": 714.1258268757213,
  "summary_gm_median": 716.4689941182733,
  "summary_gm_n": 51752.0,
  "summary_gm_p05": 607.1400125138462,
  "summary_gm_p95": 813.9377512894571,
  "summary_gm_stdv": 62.617560968298015,
  "summary_wm_k": 0.54806369211658,
  "summary_wm_mad": 34.75494324965364,
  "summary_wm_mean": 1001.0010370437392,
  "summary_wm_median": 1000.039796423167,
  "summary_wm_n": 206998.0,
  "summary_wm_p05": 942.0520548149943,
  "summary_wm_p95": 1062.6840691007674,
  "summary_wm_stdv": 36.86626001949492,
  "tpm_overlap_csf": 0.1502537703510449,
  "tpm_overlap_gm": 0.461314191197257,
  "tpm_overlap_wm": 0.5104068445346185,
  "wm2max": 0.42878839590443685
}