{
  "aor": 0.010907068965517241,
  "aqi": 0.02696272344827586,
  "bids_meta": {
    "AcquisitionDateTime": "2018-06-01T18:11:48.000000",
    "BodyPartExamined": "BRAIN",
    "ConversionSoftware": "dcm2niix",
    "ConversionSoftwareVersion": "v1.0.20170411 GCC4.2.1",
    "EchoTime": 0.035,
    "EffectiveEchoSpacing": 0.000325002,
    "FlipAngle": 90,
    "ImageType": [
      "ORIGINAL",
      "PRIMARY",
      "M",
      "ND",
      "NORM",
      "MOSAIC"
    ],
    "MagneticFieldStrength": 3,
    "Manufacturer": "Siemens",
    "ManufacturersModelName": "Skyra",
    "PhaseEncodingDirection": "j-",
    "ProcedureStepDescription": "funktionales_Schadel-MRT",
    "ProtocolName": "ep2d_RestingState_PAINTeR_TE35",
    "RepetitionTime": 2.52,
    "ScanningSequence": "EP",
    "SequenceName": "_epfid2d1_94",
    "SequenceVariant": "SK",
    "SeriesDescription": "ep2d_RestingState_PAINTeR_TE35",
    "SliceTiming": [
      1.25,
      0,
      1.315,
      0.065,
      1.38,
      0.13,
      1.4475,
      0.1975,
      1.5125,
      0.2625,
      1.5775,
      0.3275,
      1.645,
      0.395,
      1.71,
      0.46,
      1.775,
      0.525,
      1.8425,
      0.5925,
      1.9075,
      0.6575,
      1.9725,
      0.7225,
      2.0375,
      0.79,
      2.105,
      0.855,
      2.17,
      0.92,
      2.235,
      0.9875,
      2.3025,
      1.0525,
      2.3675,
      1.1175,
      2.4325,
      1.1825
    ],
    "dataset": "ds002609",
    "modality": "bold",
    "subject_id": "036",
    "task_id": "rest"
  },
  "dummy_trs": 0,
  "dvars_nstd": 34.29636776397922,
  "dvars_std": 1.15528140183391,
  "dvars_vstd": 0.9919444069204154,
  "efc": 0.5424270753328452,
  "fber": 1235.6927490234375,
  "fd_mean": 0.08306589302282916,
  "fd_num": 15,
  "fd_perc": 5.172413793103448,
  "fwhm_avg": 1.6762026947652988,
  "fwhm_x": 1.6274628257023838,
  "fwhm_y": 1.9145102092703268,
  "fwhm_z": 1.486635049323186,
  "gcor": 0.0130864,
  "gsr_x": -0.03671065345406532,
  "gsr_y": 0.06994608044624329,
  "provenance": {
    "md5sum": "3ae4798d3eb327aafe80e1a841ee9e10",
    "settings": {
      "fd_thres": 0.2,
      "testing": false
    },
    "software": "mriqc",
    "version": "23.0.1",
    "webapi_port": null,
    "webapi_url": "https://mriqc.nimh.nih.gov/api/v1"
  },
  "size_t": 290,
  "size_x": 94,
  "size_y": 94,
  "size_z": 38,
  "snr": 6.308627345054863,
  "spacing_tr": 2.5199999809265137,
  "spacing_x": 2.4468085765838623,
  "spacing_y": 2.4468085765838623,
  "spacing_z": 3.4800000190734863,
  "summary_bg_k": 29.102840767814172,
  "summary_bg_mad": 10.020345748174481,
  "summary_bg_mean": 19.73600959777832,
  "summary_bg_median": 9.137930870056152,
  "summary_bg_n": 208863.0,
  "summary_bg_p05": 1.9344826936721802,
  "summary_bg_p95": 62.40689468383789,
  "summary_bg_stdv": 25.561525344848633,
  "summary_fg_k": 4.403184109049597,
  "summary_fg_mad": 45.863526837542935,
  "summary_fg_mean": 349.3994445800781,
  "summary_fg_median": 345.9965515136719,
  "summary_fg_n": 68534.0,
  "summary_fg_p05": 275.35464630126955,
  "summary_fg_p95": 433.66449279785155,
  "summary_fg_stdv": 54.844581604003906,
  "tsnr": 37.25750478194095
}