{
  "bids_meta": {
    "AcquisitionDateTime": "2018-05-11T18:36:59.765000",
    "BodyPartExamined": "BRAIN",
    "ConversionSoftware": "dcm2niix",
    "ConversionSoftwareVersion": "v1.0.20170411 GCC4.2.1",
    "EchoTime": 0.00207,
    "FlipAngle": 9,
    "ImageType": [
      "ORIGINAL",
      "PRIMARY",
      "M",
      "ND",
      "NORM"
    ],
    "InversionTime": 0.9,
    "MagneticFieldStrength": 3,
    "Manufacturer": "Siemens",
    "ManufacturersModelName": "Skyra",
    "PhaseEncodingDirection": "i-",
    "ProcedureStepDescription": "funktionales_Schadel-MRT",
    "ProtocolName": "t1_mprage_sag_p2_iso_1.0",
    "RepetitionTime": 2.3,
    "ScanningSequence": "GR_IR",
    "SequenceName": "_tfl3d1_16ns",
    "SequenceVariant": "SK_SP_MP",
    "SeriesDescription": "t1_mprage_sag_p2_iso_1.0",
    "SliceTiming": [
      1.25,
      0,
      1.315,
      0.065,
      1.3825,
      0.1325,
      1.4475,
      0.1975,
      1.5125,
      0.2625,
      1.58,
      0.33,
      1.645,
      0.395,
      1.71,
      0.46,
      1.7775,
      0.5275,
      1.8425,
      0.5925,
      1.9075,
      0.6575,
      1.975,
      0.725,
      2.04,
      0.79,
      2.105,
      0.855,
      2.17,
      0.9225,
      2.2375,
      0.9875,
      2.3025,
      1.0525,
      2.3675,
      1.1175,
      2.435,
      1.185
    ],
    "dataset": "ds002609",
    "modality": "T1w",
    "subject_id": "024"
  },
  "cjv": 0.328743850865128,
  "cnr": 4.10103378528356,
  "efc": 0.5388629548098263,
  "fber": -1.0,
  "fwhm_avg": 4.2010378986600125,
  "fwhm_x": 4.133883695980039,
  "fwhm_y": 4.20149,
  "fwhm_z": 4.26774,
  "icvs_csf": 0.24232504605859576,
  "icvs_gm": 0.43352254191379486,
  "icvs_wm": 0.3241524120276094,
  "inu_med": 0.4528316855430603,
  "inu_range": 0.12628884613513947,
  "provenance": {
    "md5sum": "207273f0be807e430d85fd4a9c565c28",
    "settings": {
      "testing": false
    },
    "software": "mriqc",
    "version": "23.0.1",
    "warnings": {
      "large_rot_frame": true,
      "small_air_mask": false
    },
    "webapi_port": null,
    "webapi_url": "https://mriqc.nimh.nih.gov/api/v1"
  },
  "qi_1": 0.008377471677525929,
  "qi_2": 0.03754372079593518,
  "rpve_csf": 21.921874643684735,
  "rpve_gm": 12.386351846383452,
  "rpve_wm": 18.585914709756846,
  "size_x": 192,
  "size_y": 256,
  "size_z": 256,
  "snr_csf": 2.542305199952625,
  "snr_gm": 12.804874664885338,
  "snr_total": 13.592703363423697,
  "snr_wm": 25.43093022543313,
  "snrd_csf": 39.67816597580781,
  "snrd_gm": 111.47283812468015,
  "snrd_total": 102.10067221578487,
  "snrd_wm": 155.15101254686664,
  "spacing_x": 0.9999991059303284,
  "spacing_y": 1.0,
  "spacing_z": 1.0,
  "summary_bg_k": 18.45289189689421,
  "summary_bg_mad": 0.0,
  "summary_bg_mean": 1.897125326434014,
  "summary_bg_median": 0.0,
  "summary_bg_n": 2270708.0,
  "summary_bg_p05": 0.0,
  "summary_bg_p95": 9.050373211503029,
  "summary_bg_stdv": 4.222759000163213,
  "summary_csf_k": 0.7516906741027758,
  "summary_csf_mad": 88.10130331053008,
  "summary_csf_mean": 272.8664310127857,
  "summary_csf_median": 255.7503025084734,
  "summary_csf_n": 81509.0,
  "summary_csf_p05": 141.84804452955723,
  "summary_csf_p95": 470.16026611328084,
  "summary_csf_stdv": 100.59717993788213,
  "summary_gm_k": 0.05072602518952829,
  "summary_gm_mad": 55.505130168892656,
  "summary_gm_mean": 718.3925087716542,
  "summary_gm_median": 718.5113366693258,
  "summary_gm_n": 43835.0,
  "summary_gm_p05": 625.6236038058996,
  "summary_gm_p95": 810.1629209965467,
  "summary_gm_stdv": 56.111688696004336,
  "summary_wm_k": 0.4759928959560491,
  "summary_wm_mad": 37.04705622121845,
  "summary_wm_mean": 1000.5699041752985,
  "summary_wm_median": 1000.044165790081,
  "summary_wm_n": 204907.0,
  "summary_wm_p05": 936.7798496335745,
  "summary_wm_p95": 1066.1339643150568,
  "summary_wm_stdv": 39.323835844110356,
  "tpm_overlap_csf": 0.14290897645031814,
  "tpm_overlap_gm": 0.46366905135725645,
  "tpm_overlap_wm": 0.49265077878328056,
  "wm2max": 0.3970583849271521
}