{
  "aor": 0.0009288620689655172,
  "aqi": 0.014327275689655174,
  "bids_meta": {
    "AcquisitionDateTime": "2018-05-11T18:02:12.910000",
    "BodyPartExamined": "BRAIN",
    "ConversionSoftware": "dcm2niix",
    "ConversionSoftwareVersion": "v1.0.20170411 GCC4.2.1",
    "EchoTime": 0.035,
    "EffectiveEchoSpacing": 0.000325002,
    "FlipAngle": 90,
    "ImageType": [
      "ORIGINAL",
      "PRIMARY",
      "M",
      "ND",
      "NORM",
      "MOSAIC"
    ],
    "MagneticFieldStrength": 3,
    "Manufacturer": "Siemens",
    "ManufacturersModelName": "Skyra",
    "PhaseEncodingDirection": "j-",
    "ProcedureStepDescription": "funktionales_Schadel-MRT",
    "ProtocolName": "ep2d_RestingState_PAINTeR_TE35",
    "RepetitionTime": 2.52,
    "ScanningSequence": "EP",
    "SequenceName": "_epfid2d1_94",
    "SequenceVariant": "SK",
    "SeriesDescription": "ep2d_RestingState_PAINTeR_TE35",
    "dataset": "ds002609",
    "modality": "bold",
    "subject_id": "022",
    "task_id": "rest"
  },
  "dummy_trs": 0,
  "dvars_nstd": 38.52328575712802,
  "dvars_std": 1.3421049950865047,
  "dvars_vstd": 1.006533015916955,
  "efc": 0.4784420521839462,
  "fber": 1477.06787109375,
  "fd_mean": 0.09495984726490457,
  "fd_num": 17,
  "fd_perc": 5.862068965517241,
  "fwhm_avg": 1.7314433291008433,
  "fwhm_x": 1.7352154314939237,
  "fwhm_y": 1.9526088169391578,
  "fwhm_z": 1.5065057388694492,
  "gcor": 0.0172193,
  "gsr_x": -0.03431827574968338,
  "gsr_y": 0.04833056777715683,
  "provenance": {
    "md5sum": "69c4715df97ebb4d8b5670598e1137f5",
    "settings": {
      "fd_thres": 0.2,
      "testing": false
    },
    "software": "mriqc",
    "version": "23.0.1",
    "webapi_port": null,
    "webapi_url": "https://mriqc.nimh.nih.gov/api/v1"
  },
  "size_t": 290,
  "size_x": 94,
  "size_y": 94,
  "size_z": 38,
  "snr": 5.833066940208241,
  "spacing_tr": 2.5199999809265137,
  "spacing_x": 2.4468085765838623,
  "spacing_y": 2.4468085765838623,
  "spacing_z": 3.4800000190734863,
  "summary_bg_k": 39.72571565650324,
  "summary_bg_mad": 7.530596892982704,
  "summary_bg_mean": 14.62091064453125,
  "summary_bg_median": 7.296551704406738,
  "summary_bg_n": 232502.0,
  "summary_bg_p05": 1.8448275327682495,
  "summary_bg_p95": 42.35155029296869,
  "summary_bg_stdv": 18.943689346313477,
  "summary_fg_k": 3.5713032626859116,
  "summary_fg_mad": 41.91676806312144,
  "summary_fg_mean": 299.441650390625,
  "summary_fg_median": 295.85516357421875,
  "summary_fg_n": 48905.0,
  "summary_fg_p05": 229.4524108886719,
  "summary_fg_p95": 378.8275756835937,
  "summary_fg_stdv": 50.719825744628906,
  "tsnr": 49.035840563010424
}