{
  "bids_meta": {
    "AcquisitionDateTime": "2018-05-11T19:54:41.405000",
    "BodyPartExamined": "BRAIN",
    "ConversionSoftware": "dcm2niix",
    "ConversionSoftwareVersion": "v1.0.20170411 GCC4.2.1",
    "EchoTime": 0.00207,
    "FlipAngle": 9,
    "ImageType": [
      "ORIGINAL",
      "PRIMARY",
      "M",
      "ND",
      "NORM"
    ],
    "InversionTime": 0.9,
    "MagneticFieldStrength": 3,
    "Manufacturer": "Siemens",
    "ManufacturersModelName": "Skyra",
    "PhaseEncodingDirection": "i-",
    "ProcedureStepDescription": "funktionales_Schadel-MRT",
    "ProtocolName": "t1_mprage_sag_p2_iso_1.0",
    "RepetitionTime": 2.3,
    "ScanningSequence": "GR_IR",
    "SequenceName": "_tfl3d1_16ns",
    "SequenceVariant": "SK_SP_MP",
    "SeriesDescription": "t1_mprage_sag_p2_iso_1.0",
    "dataset": "ds002609",
    "modality": "T1w",
    "subject_id": "026"
  },
  "cjv": 0.3325889614887611,
  "cnr": 4.0587498541808396,
  "efc": 0.5835287773128601,
  "fber": -1.0,
  "fwhm_avg": 3.8226008637503326,
  "fwhm_x": 3.7060725912509977,
  "fwhm_y": 3.89174,
  "fwhm_z": 3.86999,
  "icvs_csf": 0.21706546111627756,
  "icvs_gm": 0.4525762500652299,
  "icvs_wm": 0.33035828881849255,
  "inu_med": 0.4334808886051178,
  "inu_range": 0.10632591843605038,
  "provenance": {
    "md5sum": "011da0be32f4094e51f6b17f6b140bb0",
    "settings": {
      "testing": false
    },
    "software": "mriqc",
    "version": "23.0.1",
    "warnings": {
      "large_rot_frame": true,
      "small_air_mask": false
    },
    "webapi_port": null,
    "webapi_url": "https://mriqc.nimh.nih.gov/api/v1"
  },
  "qi_1": 0.028666761304344538,
  "qi_2": 0.011160581866768961,
  "rpve_csf": 26.40664800633747,
  "rpve_gm": 13.707611714672892,
  "rpve_wm": 21.292971302548466,
  "size_x": 192,
  "size_y": 256,
  "size_z": 256,
  "snr_csf": 2.618935021969211,
  "snr_gm": 11.675983994196962,
  "snr_total": 13.203882778154929,
  "snr_wm": 25.31672931829862,
  "snrd_csf": 42.46596261262849,
  "snrd_gm": 106.71689044767992,
  "snrd_total": 100.09483578426806,
  "snrd_wm": 151.10165429249574,
  "spacing_x": 0.9999966025352478,
  "spacing_y": 1.0,
  "spacing_z": 1.0,
  "summary_bg_k": 23.898701829998014,
  "summary_bg_mad": 0.0,
  "summary_bg_mean": 2.021090880710632,
  "summary_bg_median": 0.0,
  "summary_bg_n": 1779932.0,
  "summary_bg_p05": 0.0,
  "summary_bg_p95": 7.5151344537734985,
  "summary_bg_stdv": 4.335883548006738,
  "summary_csf_k": 1.259297093697934,
  "summary_csf_mad": 87.58814635638028,
  "summary_csf_mean": 281.8652611386741,
  "summary_csf_median": 281.0521116554737,
  "summary_csf_n": 38437.0,
  "summary_csf_p05": 92.88845354020596,
  "summary_csf_p95": 465.91050230264653,
  "summary_csf_stdv": 107.3140239311414,
  "summary_gm_k": 0.06343515786716303,
  "summary_gm_mad": 60.09434069798765,
  "summary_gm_mean": 704.7620559325131,
  "summary_gm_median": 706.2834694981575,
  "summary_gm_n": 49210.0,
  "summary_gm_p05": 602.7764093130827,
  "summary_gm_p95": 801.529100627452,
  "summary_gm_stdv": 60.48965925216833,
  "summary_wm_k": 0.5412556692423349,
  "summary_wm_mad": 37.6040981706721,
  "summary_wm_mean": 1000.787082842217,
  "summary_wm_median": 1000.0347666889429,
  "summary_wm_n": 179278.0,
  "summary_wm_p05": 937.5826076865196,
  "summary_wm_p95": 1066.597634653002,
  "summary_wm_stdv": 39.50083618821389,
  "tpm_overlap_csf": 0.17648048227376587,
  "tpm_overlap_gm": 0.47645007460339805,
  "tpm_overlap_wm": 0.5154952231566581,
  "wm2max": 0.4922336581439556
}