{
  "bids_meta": {
    "AcquisitionDateTime": "2018-06-01T19:32:48.920000",
    "BodyPartExamined": "BRAIN",
    "ConversionSoftware": "dcm2niix",
    "ConversionSoftwareVersion": "v1.0.20170411 GCC4.2.1",
    "EchoTime": 0.00207,
    "FlipAngle": 9,
    "ImageType": [
      "ORIGINAL",
      "PRIMARY",
      "M",
      "ND",
      "NORM"
    ],
    "InversionTime": 0.9,
    "MagneticFieldStrength": 3,
    "Manufacturer": "Siemens",
    "ManufacturersModelName": "Skyra",
    "PhaseEncodingDirection": "i-",
    "ProcedureStepDescription": "funktionales_Schadel-MRT",
    "ProtocolName": "t1_mprage_sag_p2_iso_1.0",
    "RepetitionTime": 2.3,
    "ScanningSequence": "GR_IR",
    "SequenceName": "_tfl3d1_16ns",
    "SequenceVariant": "SK_SP_MP",
    "SeriesDescription": "t1_mprage_sag_p2_iso_1.0",
    "SliceTiming": [
      1.25,
      0,
      1.315,
      0.065,
      1.3825,
      0.1325,
      1.4475,
      0.1975,
      1.5125,
      0.2625,
      1.58,
      0.33,
      1.645,
      0.395,
      1.71,
      0.46,
      1.775,
      0.5275,
      1.8425,
      0.5925,
      1.9075,
      0.6575,
      1.9725,
      0.7225,
      2.04,
      0.79,
      2.105,
      0.855,
      2.17,
      0.92,
      2.2375,
      0.9875,
      2.3025,
      1.0525,
      2.3675,
      1.1175,
      2.435,
      1.185
    ],
    "dataset": "ds002609",
    "modality": "T1w",
    "subject_id": "038"
  },
  "cjv": 0.3157414259894619,
  "cnr": 4.29458666861728,
  "efc": 0.5257672691530714,
  "fber": -1.0,
  "fwhm_avg": 4.002215388193236,
  "fwhm_x": 3.9303861645797107,
  "fwhm_y": 4.04393,
  "fwhm_z": 4.03233,
  "icvs_csf": 0.2132004108763837,
  "icvs_gm": 0.463341808672057,
  "icvs_wm": 0.3234577804515593,
  "inu_med": 0.4588695913553238,
  "inu_range": 0.12775852084159856,
  "provenance": {
    "md5sum": "b9628f6cda76eb257f08128261f25b43",
    "settings": {
      "testing": false
    },
    "software": "mriqc",
    "version": "23.0.1",
    "warnings": {
      "large_rot_frame": true,
      "small_air_mask": false
    },
    "webapi_port": null,
    "webapi_url": "https://mriqc.nimh.nih.gov/api/v1"
  },
  "qi_1": 0.011300863956285068,
  "qi_2": 0.018503597605505098,
  "rpve_csf": 30.41244057052298,
  "rpve_gm": 15.007472694994403,
  "rpve_wm": 23.679181836760954,
  "size_x": 192,
  "size_y": 256,
  "size_z": 256,
  "snr_csf": 2.2317421136466655,
  "snr_gm": 12.496432369850877,
  "snr_total": 12.999845713658502,
  "snr_wm": 24.27136265747796,
  "snrd_csf": 32.154042218923074,
  "snrd_gm": 91.55158440982143,
  "snrd_total": 84.80204212874493,
  "snrd_wm": 130.7004997574903,
  "spacing_x": 0.9999958872795105,
  "spacing_y": 1.0,
  "spacing_z": 1.0,
  "summary_bg_k": 28.59351757926709,
  "summary_bg_mad": 0.0,
  "summary_bg_mean": 1.9812187966572874,
  "summary_bg_median": 0.0,
  "summary_bg_n": 2630673.0,
  "summary_bg_p05": 0.0,
  "summary_bg_p95": 9.820704855024815,
  "summary_bg_stdv": 5.0125012556518005,
  "summary_csf_k": 0.4124308400590677,
  "summary_csf_mad": 106.12915551237985,
  "summary_csf_mean": 254.34629772957234,
  "summary_csf_median": 246.01316152885556,
  "summary_csf_n": 29694.0,
  "summary_csf_p05": 87.03487055003643,
  "summary_csf_p95": 454.47113680820905,
  "summary_csf_stdv": 110.23183078237517,
  "summary_gm_k": 0.0839818003917836,
  "summary_gm_mad": 55.43561930476732,
  "summary_gm_mean": 699.253540946429,
  "summary_gm_median": 700.4685311503708,
  "summary_gm_n": 45770.0,
  "summary_gm_p05": 604.60403605178,
  "summary_gm_p95": 788.4742099096997,
  "summary_gm_stdv": 56.05286839705496,
  "summary_wm_k": 0.42219426482199474,
  "summary_wm_mad": 39.13888302722127,
  "summary_wm_mean": 999.762898621504,
  "summary_wm_median": 1000.0000292286277,
  "summary_wm_n": 148625.0,
  "summary_wm_p05": 931.4352916628122,
  "summary_wm_p95": 1066.8078517057002,
  "summary_wm_stdv": 41.20068078432344,
  "tpm_overlap_csf": 0.1514349536140254,
  "tpm_overlap_gm": 0.48546580218880364,
  "tpm_overlap_wm": 0.5047213312971871,
  "wm2max": 0.411852016772422
}