{
  "bids_meta": {
    "AcquisitionDateTime": "2018-04-06T18:04:34.957500",
    "BodyPartExamined": "BRAIN",
    "ConversionSoftware": "dcm2niix",
    "ConversionSoftwareVersion": "v1.0.20170411 GCC4.2.1",
    "EchoTime": 0.00207,
    "FlipAngle": 9,
    "ImageType": [
      "ORIGINAL",
      "PRIMARY",
      "M",
      "ND",
      "NORM"
    ],
    "InversionTime": 0.9,
    "MagneticFieldStrength": 3,
    "Manufacturer": "Siemens",
    "ManufacturersModelName": "Skyra",
    "PhaseEncodingDirection": "i-",
    "ProcedureStepDescription": "funktionales_Schadel-MRT",
    "ProtocolName": "t1_mprage_sag_p2_iso_1.0",
    "RepetitionTime": 2.3,
    "ScanningSequence": "GR_IR",
    "SequenceName": "_tfl3d1_16ns",
    "SequenceVariant": "SK_SP_MP",
    "SeriesDescription": "t1_mprage_sag_p2_iso_1.0",
    "SliceTiming": [
      1.25,
      0,
      1.315,
      0.065,
      1.38,
      0.13,
      1.4475,
      0.1975,
      1.5125,
      0.2625,
      1.5775,
      0.3275,
      1.645,
      0.395,
      1.71,
      0.46,
      1.775,
      0.525,
      1.8425,
      0.5925,
      1.9075,
      0.6575,
      1.9725,
      0.7225,
      2.04,
      0.79,
      2.105,
      0.855,
      2.17,
      0.92,
      2.235,
      0.9875,
      2.3025,
      1.0525,
      2.3675,
      1.1175,
      2.4325,
      1.1825
    ],
    "dataset": "ds002609",
    "modality": "T1w",
    "subject_id": "016"
  },
  "cjv": 0.3465901977285489,
  "cnr": 3.9281094796977123,
  "efc": 0.5662030510553908,
  "fber": -1.0,
  "fwhm_avg": 4.099356480570328,
  "fwhm_x": 4.025879441710983,
  "fwhm_y": 4.10937,
  "fwhm_z": 4.16282,
  "icvs_csf": 0.20302774447641211,
  "icvs_gm": 0.4323458497744633,
  "icvs_wm": 0.36462640574912464,
  "inu_med": 0.4114913046360016,
  "inu_range": 0.1017531156539917,
  "provenance": {
    "md5sum": "ffe7f6def637629a1def0e667aa97948",
    "settings": {
      "testing": false
    },
    "software": "mriqc",
    "version": "23.0.1",
    "warnings": {
      "large_rot_frame": true,
      "small_air_mask": false
    },
    "webapi_port": null,
    "webapi_url": "https://mriqc.nimh.nih.gov/api/v1"
  },
  "qi_1": 1.783434037908674e-05,
  "qi_2": 0.02095533058412194,
  "rpve_csf": 24.713544634377968,
  "rpve_gm": 12.428529649193443,
  "rpve_wm": 17.262122609723495,
  "size_x": 192,
  "size_y": 256,
  "size_z": 256,
  "snr_csf": 2.327160675685017,
  "snr_gm": 11.179559465437046,
  "snr_total": 13.277097097825042,
  "snr_wm": 26.32457115235306,
  "snrd_csf": 21.26304813456956,
  "snrd_gm": 56.523254923937635,
  "snrd_total": 52.536750492599516,
  "snrd_wm": 79.82394841929137,
  "spacing_x": 1.0000026226043701,
  "spacing_y": 1.0,
  "spacing_z": 1.0,
  "summary_bg_k": 533.014000511521,
  "summary_bg_mad": 0.0,
  "summary_bg_mean": 2.989254266684102,
  "summary_bg_median": 0.0,
  "summary_bg_n": 2537229.0,
  "summary_bg_p05": 0.0,
  "summary_bg_p95": 17.6860368847847,
  "summary_bg_stdv": 8.20765743381615,
  "summary_csf_k": 4.8076452990364285,
  "summary_csf_mad": 102.62374965465438,
  "summary_csf_mean": 271.14830003183664,
  "summary_csf_median": 266.38699221611023,
  "summary_csf_n": 35446.0,
  "summary_csf_p05": 87.42908799648285,
  "summary_csf_p95": 473.3160073310137,
  "summary_csf_stdv": 114.46705735772744,
  "summary_gm_k": -0.07841315700094942,
  "summary_gm_mad": 64.84661866952162,
  "summary_gm_mean": 707.9432515778519,
  "summary_gm_median": 708.1327086389065,
  "summary_gm_n": 47090.0,
  "summary_gm_p05": 602.7553918361664,
  "summary_gm_p95": 810.6497499346733,
  "summary_gm_stdv": 63.34106382809657,
  "summary_wm_k": 0.4628995964223095,
  "summary_wm_mad": 36.32824195763936,
  "summary_wm_mean": 1000.9429796207061,
  "summary_wm_median": 1000.0476597547531,
  "summary_wm_n": 246337.0,
  "summary_wm_p05": 940.4585866928101,
  "summary_wm_p95": 1064.4515299201012,
  "summary_wm_stdv": 37.98905684459057,
  "tpm_overlap_csf": 0.14941019832081012,
  "tpm_overlap_gm": 0.4680173673948281,
  "tpm_overlap_wm": 0.5315871363263078,
  "wm2max": 0.351028410920667
}