{
  "bids_meta": {
    "AcquisitionDateTime": "2018-05-12T10:57:20.570000",
    "BodyPartExamined": "BRAIN",
    "ConversionSoftware": "dcm2niix",
    "ConversionSoftwareVersion": "v1.0.20170411 GCC4.2.1",
    "EchoTime": 0.00207,
    "FlipAngle": 9,
    "ImageType": [
      "ORIGINAL",
      "PRIMARY",
      "M",
      "ND",
      "NORM"
    ],
    "InversionTime": 0.9,
    "MagneticFieldStrength": 3,
    "Manufacturer": "Siemens",
    "ManufacturersModelName": "Skyra",
    "PhaseEncodingDirection": "i-",
    "ProcedureStepDescription": "funktionales_Schadel-MRT",
    "ProtocolName": "t1_mprage_sag_p2_iso_1.0",
    "RepetitionTime": 2.3,
    "ScanningSequence": "GR_IR",
    "SequenceName": "_tfl3d1_16ns",
    "SequenceVariant": "SK_SP_MP",
    "SeriesDescription": "t1_mprage_sag_p2_iso_1.0",
    "dataset": "ds002609",
    "modality": "T1w",
    "subject_id": "029"
  },
  "cjv": 0.31936158985359064,
  "cnr": 4.185521340227395,
  "efc": 0.544688503359994,
  "fber": -1.0,
  "fwhm_avg": 3.9115209138328413,
  "fwhm_x": 3.8328927414985237,
  "fwhm_y": 3.98164,
  "fwhm_z": 3.92003,
  "icvs_csf": 0.19982732947401546,
  "icvs_gm": 0.4575417628598032,
  "icvs_wm": 0.3426309076661813,
  "inu_med": 0.38612014055252075,
  "inu_range": 0.0907057672739029,
  "provenance": {
    "md5sum": "f4b92669e22752501c35e70d875a6f59",
    "settings": {
      "testing": false
    },
    "software": "mriqc",
    "version": "23.0.1",
    "warnings": {
      "large_rot_frame": true,
      "small_air_mask": false
    },
    "webapi_port": null,
    "webapi_url": "https://mriqc.nimh.nih.gov/api/v1"
  },
  "qi_1": 0.028022043764989048,
  "qi_2": 0.04846233780081203,
  "rpve_csf": 27.977170697210173,
  "rpve_gm": 13.379663564442568,
  "rpve_wm": 20.22644130398573,
  "size_x": 192,
  "size_y": 256,
  "size_z": 256,
  "snr_csf": 2.4855339923971607,
  "snr_gm": 12.735075466150056,
  "snr_total": 14.221752071162463,
  "snr_wm": 27.44464675494017,
  "snrd_csf": 70.06608323204233,
  "snrd_gm": 171.51484649463174,
  "snrd_total": 160.08399992983294,
  "snrd_wm": 238.67107006282473,
  "spacing_x": 0.9999992847442627,
  "spacing_y": 1.0,
  "spacing_z": 1.0,
  "summary_bg_k": 88.67140678403005,
  "summary_bg_mad": 0.0,
  "summary_bg_mean": 0.5913203152850048,
  "summary_bg_median": 0.0,
  "summary_bg_n": 1878455.0,
  "summary_bg_p05": 0.0,
  "summary_bg_p95": 7.341373801231384,
  "summary_bg_stdv": 2.744934240631091,
  "summary_csf_k": 0.13800143491922778,
  "summary_csf_mad": 108.1954936384298,
  "summary_csf_mean": 305.8424515614438,
  "summary_csf_median": 293.56755474209785,
  "summary_csf_n": 33785.0,
  "summary_csf_p05": 126.6911364555359,
  "summary_csf_p95": 522.408663803339,
  "summary_csf_stdv": 118.1087086173461,
  "summary_gm_k": 0.046694762660700384,
  "summary_gm_mad": 56.17095388294529,
  "summary_gm_mean": 717.196048861578,
  "summary_gm_median": 718.6243581026793,
  "summary_gm_n": 56194.0,
  "summary_gm_p05": 622.6184161901474,
  "summary_gm_p95": 807.3916180498898,
  "summary_gm_stdv": 56.428245427091014,
  "summary_wm_k": 0.7708394016307558,
  "summary_wm_mad": 33.68961478561886,
  "summary_wm_mean": 1000.7687254650865,
  "summary_wm_median": 999.9999884963036,
  "summary_wm_n": 186185.0,
  "summary_wm_p05": 942.4051630795002,
  "summary_wm_p95": 1061.3965967744589,
  "summary_wm_stdv": 36.43688009253549,
  "tpm_overlap_csf": 0.15097088985443505,
  "tpm_overlap_gm": 0.47570153573249285,
  "tpm_overlap_wm": 0.5009199940081951,
  "wm2max": 0.40077697211595403
}