{
  "bids_meta": {
    "AcquisitionDateTime": "2018-03-18T19:38:33.872500",
    "BodyPartExamined": "BRAIN",
    "ConversionSoftware": "dcm2niix",
    "ConversionSoftwareVersion": "v1.0.20170411 GCC4.2.1",
    "EchoTime": 0.00207,
    "FlipAngle": 9,
    "ImageType": [
      "ORIGINAL",
      "PRIMARY",
      "M",
      "ND",
      "NORM"
    ],
    "InversionTime": 0.9,
    "MagneticFieldStrength": 3,
    "Manufacturer": "Siemens",
    "ManufacturersModelName": "Skyra",
    "PhaseEncodingDirection": "i-",
    "ProcedureStepDescription": "funktionales_Schadel-MRT",
    "ProtocolName": "t1_mprage_sag_p2_iso_1.0",
    "RepetitionTime": 2.3,
    "ScanningSequence": "GR_IR",
    "SequenceName": "_tfl3d1_16ns",
    "SequenceVariant": "SK_SP_MP",
    "SeriesDescription": "t1_mprage_sag_p2_iso_1.0",
    "dataset": "ds002609",
    "modality": "T1w",
    "subject_id": "015"
  },
  "cjv": 0.30562687718457926,
  "cnr": 4.317527735625796,
  "efc": 0.534949361074024,
  "fber": -1.0,
  "fwhm_avg": 4.2143940427512305,
  "fwhm_x": 4.127062128253692,
  "fwhm_y": 4.21913,
  "fwhm_z": 4.29699,
  "icvs_csf": 0.2371456500039303,
  "icvs_gm": 0.4333767473988967,
  "icvs_wm": 0.32947760259717307,
  "inu_med": 0.46443066000938416,
  "inu_range": 0.1274672955274581,
  "provenance": {
    "md5sum": "85281a115bc22a237486f8b953e3fb5a",
    "settings": {
      "testing": false
    },
    "software": "mriqc",
    "version": "23.0.1",
    "warnings": {
      "large_rot_frame": true,
      "small_air_mask": false
    },
    "webapi_port": null,
    "webapi_url": "https://mriqc.nimh.nih.gov/api/v1"
  },
  "qi_1": 0.012349360277488374,
  "qi_2": 0.03788134071980921,
  "rpve_csf": 23.492101291422408,
  "rpve_gm": 12.982854503618652,
  "rpve_wm": 19.48732015593497,
  "size_x": 192,
  "size_y": 256,
  "size_z": 256,
  "snr_csf": 2.5379391019653217,
  "snr_gm": 11.35628988126515,
  "snr_total": 13.553642235017023,
  "snr_wm": 26.7666977218206,
  "snrd_csf": 39.65440128920078,
  "snrd_gm": 106.88602725874608,
  "snrd_total": 100.3975311919433,
  "snrd_wm": 154.65216502788303,
  "spacing_x": 1.0000019073486328,
  "spacing_y": 1.0,
  "spacing_z": 1.0,
  "summary_bg_k": 14.86046385856617,
  "summary_bg_mad": 0.0,
  "summary_bg_mean": 1.8857887493247558,
  "summary_bg_median": 0.0,
  "summary_bg_n": 2092829.0,
  "summary_bg_p05": 0.0,
  "summary_bg_p95": 8.922383680939674,
  "summary_bg_stdv": 4.236192762988852,
  "summary_csf_k": 0.552172821010601,
  "summary_csf_mad": 89.83716422217164,
  "summary_csf_mean": 267.5910876354478,
  "summary_csf_median": 256.41024947166443,
  "summary_csf_n": 79512.0,
  "summary_csf_p05": 119.45599122345448,
  "summary_csf_p95": 459.8492599055171,
  "summary_csf_stdv": 101.03025595387234,
  "summary_gm_k": 0.09367571112254724,
  "summary_gm_mad": 59.20647992340404,
  "summary_gm_mean": 691.7199618259297,
  "summary_gm_median": 691.1382349357009,
  "summary_gm_n": 48792.0,
  "summary_gm_p05": 591.153397031501,
  "summary_gm_p95": 792.0997706651688,
  "summary_gm_stdv": 60.85888610012978,
  "summary_wm_k": 0.5534001062328189,
  "summary_wm_mad": 35.18996854449611,
  "summary_wm_mean": 999.8803469193307,
  "summary_wm_median": 999.9999729394913,
  "summary_wm_n": 198543.0,
  "summary_wm_p05": 938.3662254735827,
  "summary_wm_p95": 1060.5942193940282,
  "summary_wm_stdv": 37.359761931895854,
  "tpm_overlap_csf": 0.1517606974645789,
  "tpm_overlap_gm": 0.47153331195313564,
  "tpm_overlap_wm": 0.5065697095319319,
  "wm2max": 0.40941977585473116
}