{
  "bids_meta": {
    "AcquisitionDateTime": "2018-05-12T11:43:53.915000",
    "BodyPartExamined": "BRAIN",
    "ConversionSoftware": "dcm2niix",
    "ConversionSoftwareVersion": "v1.0.20170411 GCC4.2.1",
    "EchoTime": 0.00207,
    "FlipAngle": 9,
    "ImageType": [
      "ORIGINAL",
      "PRIMARY",
      "M",
      "ND",
      "NORM"
    ],
    "InversionTime": 0.9,
    "MagneticFieldStrength": 3,
    "Manufacturer": "Siemens",
    "ManufacturersModelName": "Skyra",
    "PhaseEncodingDirection": "i-",
    "ProcedureStepDescription": "funktionales_Schadel-MRT",
    "ProtocolName": "t1_mprage_sag_p2_iso_1.0",
    "RepetitionTime": 2.3,
    "ScanningSequence": "GR_IR",
    "SequenceName": "_tfl3d1_16ns",
    "SequenceVariant": "SK_SP_MP",
    "SeriesDescription": "t1_mprage_sag_p2_iso_1.0",
    "dataset": "ds002609",
    "modality": "T1w",
    "subject_id": "031"
  },
  "cjv": 0.34369756170519605,
  "cnr": 3.957055124437733,
  "efc": 0.5296913954172878,
  "fber": -1.0,
  "fwhm_avg": 3.860996720418081,
  "fwhm_x": 3.7883901612542425,
  "fwhm_y": 3.82782,
  "fwhm_z": 3.96678,
  "icvs_csf": 0.19948167575128198,
  "icvs_gm": 0.46484759850975077,
  "icvs_wm": 0.3356707257389673,
  "inu_med": 0.47922374308109283,
  "inu_range": 0.12984031140804286,
  "provenance": {
    "md5sum": "791036a20acdde37321971148e891867",
    "settings": {
      "testing": false
    },
    "software": "mriqc",
    "version": "23.0.1",
    "warnings": {
      "large_rot_frame": true,
      "small_air_mask": false
    },
    "webapi_port": null,
    "webapi_url": "https://mriqc.nimh.nih.gov/api/v1"
  },
  "qi_1": 0.026235470438919127,
  "qi_2": 0.02508703925956387,
  "rpve_csf": 29.53441729554105,
  "rpve_gm": 13.903199694095917,
  "rpve_wm": 21.368608431378245,
  "size_x": 192,
  "size_y": 256,
  "size_z": 256,
  "snr_csf": 2.25504078023702,
  "snr_gm": 12.68918320475031,
  "snr_total": 13.23954937432174,
  "snr_wm": 24.77442413797789,
  "snrd_csf": 44.26359012037508,
  "snrd_gm": 118.33938069993233,
  "snrd_total": 108.74587929608033,
  "snrd_wm": 163.63466706793358,
  "spacing_x": 0.9999973177909851,
  "spacing_y": 1.0,
  "spacing_z": 1.0,
  "summary_bg_k": 53.73095398983226,
  "summary_bg_mad": 0.0,
  "summary_bg_mean": 0.973453058583206,
  "summary_bg_median": 0.0,
  "summary_bg_n": 2312764.0,
  "summary_bg_p05": 0.0,
  "summary_bg_p95": 9.107468482106924,
  "summary_bg_stdv": 4.003839990835695,
  "summary_csf_k": 0.30860315860461185,
  "summary_csf_mad": 99.98961691346682,
  "summary_csf_mean": 276.9132523568813,
  "summary_csf_median": 270.5151664018631,
  "summary_csf_n": 29659.0,
  "summary_csf_p05": 77.38078862130642,
  "summary_csf_p95": 498.2018784545362,
  "summary_csf_stdv": 119.9581880342207,
  "summary_gm_k": 0.02032543506512674,
  "summary_gm_mad": 57.33476648500729,
  "summary_gm_mean": 721.4005451367293,
  "summary_gm_median": 723.2264074124396,
  "summary_gm_n": 48110.0,
  "summary_gm_p05": 625.0525676719844,
  "summary_gm_p95": 811.9191389381886,
  "summary_gm_stdv": 56.99491285769063,
  "summary_wm_k": 0.5349302580106521,
  "summary_wm_mad": 37.8077083343164,
  "summary_wm_mean": 1000.8320196719734,
  "summary_wm_median": 1000.0467443019152,
  "summary_wm_n": 168703.0,
  "summary_wm_p05": 935.4537755288184,
  "summary_wm_p95": 1068.095880601555,
  "summary_wm_stdv": 40.365974797272294,
  "tpm_overlap_csf": 0.15334495200006143,
  "tpm_overlap_gm": 0.4709788129609637,
  "tpm_overlap_wm": 0.5028540769739902,
  "wm2max": 0.3595332046007892
}