{
  "aor": 0.0009677586206896553,
  "aqi": 0.019321228620689655,
  "bids_meta": {
    "AcquisitionDateTime": "2018-06-04T19:01:38.015000",
    "BodyPartExamined": "BRAIN",
    "ConversionSoftware": "dcm2niix",
    "ConversionSoftwareVersion": "v1.0.20170411 GCC4.2.1",
    "EchoTime": 0.035,
    "EffectiveEchoSpacing": 0.000325002,
    "FlipAngle": 90,
    "ImageType": [
      "ORIGINAL",
      "PRIMARY",
      "M",
      "ND",
      "NORM",
      "MOSAIC"
    ],
    "MagneticFieldStrength": 3,
    "Manufacturer": "Siemens",
    "ManufacturersModelName": "Skyra",
    "PhaseEncodingDirection": "j-",
    "ProcedureStepDescription": "funktionales_Schadel-MRT",
    "ProtocolName": "ep2d_RestingState_PAINTeR_TE35",
    "RepetitionTime": 2.52,
    "ScanningSequence": "EP",
    "SequenceName": "_epfid2d1_94",
    "SequenceVariant": "SK",
    "SeriesDescription": "ep2d_RestingState_PAINTeR_TE35",
    "SliceTiming": [
      1.25,
      0,
      1.3175,
      0.0675,
      1.3825,
      0.1325,
      1.4475,
      0.1975,
      1.515,
      0.265,
      1.58,
      0.33,
      1.645,
      0.395,
      1.71,
      0.4625,
      1.7775,
      0.5275,
      1.8425,
      0.5925,
      1.9075,
      0.6575,
      1.975,
      0.725,
      2.04,
      0.79,
      2.105,
      0.855,
      2.1725,
      0.9225,
      2.2375,
      0.9875,
      2.3025,
      1.0525,
      2.37,
      1.12,
      2.435,
      1.185
    ],
    "dataset": "ds002609",
    "modality": "bold",
    "subject_id": "042",
    "task_id": "rest"
  },
  "dummy_trs": 0,
  "dvars_nstd": 36.33372016422142,
  "dvars_std": 1.1829403650173016,
  "dvars_vstd": 0.9828725128027682,
  "efc": 0.5253769013227576,
  "fber": 937.5078735351562,
  "fd_mean": 0.07349516562653115,
  "fd_num": 13,
  "fd_perc": 4.482758620689655,
  "fwhm_avg": 1.7556520035342524,
  "fwhm_x": 1.713015084266173,
  "fwhm_y": 2.034854727765972,
  "fwhm_z": 1.5190861985706121,
  "gcor": 0.0128115,
  "gsr_x": -0.04039081931114197,
  "gsr_y": 0.07208897173404694,
  "provenance": {
    "md5sum": "e237606745a4f89e9d1712b455b4dfbf",
    "settings": {
      "fd_thres": 0.2,
      "testing": false
    },
    "software": "mriqc",
    "version": "23.0.1",
    "webapi_port": null,
    "webapi_url": "https://mriqc.nimh.nih.gov/api/v1"
  },
  "size_t": 290,
  "size_x": 94,
  "size_y": 94,
  "size_z": 38,
  "snr": 5.749782107405462,
  "spacing_tr": 2.5199999809265137,
  "spacing_x": 2.4468085765838623,
  "spacing_y": 2.4468085765838623,
  "spacing_z": 3.4800000190734863,
  "summary_bg_k": 27.807552596476643,
  "summary_bg_mad": 11.175753525758994,
  "summary_bg_mean": 20.09634780883789,
  "summary_bg_median": 9.924138069152832,
  "summary_bg_n": 219595.0,
  "summary_bg_p05": 1.9103448390960693,
  "summary_bg_p95": 59.81724166870117,
  "summary_bg_stdv": 26.758438110351562,
  "summary_fg_k": 3.933021221079695,
  "summary_fg_mad": 45.60024368600838,
  "summary_fg_mean": 329.39068603515625,
  "summary_fg_median": 324.0862121582031,
  "summary_fg_n": 60126.0,
  "summary_fg_p05": 254.7801742553711,
  "summary_fg_p95": 418.1327667236328,
  "summary_fg_stdv": 56.36448669433594,
  "tsnr": 42.0462117329007
}