{
  "aor": 0.0008008620689655172,
  "aqi": 0.01264690496551724,
  "bids_meta": {
    "AcquisitionDateTime": "2018-04-09T18:17:41.285000",
    "BodyPartExamined": "BRAIN",
    "ConversionSoftware": "dcm2niix",
    "ConversionSoftwareVersion": "v1.0.20170411 GCC4.2.1",
    "EchoTime": 0.035,
    "EffectiveEchoSpacing": 0.000325002,
    "FlipAngle": 90,
    "ImageType": [
      "ORIGINAL",
      "PRIMARY",
      "M",
      "ND",
      "NORM",
      "MOSAIC"
    ],
    "MagneticFieldStrength": 3,
    "Manufacturer": "Siemens",
    "ManufacturersModelName": "Skyra",
    "PhaseEncodingDirection": "j-",
    "ProcedureStepDescription": "funktionales_Schadel-MRT",
    "ProtocolName": "ep2d_RestingState_PAINTeR_TE35",
    "RepetitionTime": 2.52,
    "ScanningSequence": "EP",
    "SequenceName": "_epfid2d1_94",
    "SequenceVariant": "SK",
    "SeriesDescription": "ep2d_RestingState_PAINTeR_TE35",
    "dataset": "ds002609",
    "modality": "bold",
    "subject_id": "020",
    "task_id": "rest"
  },
  "dummy_trs": 0,
  "dvars_nstd": 28.650835294602068,
  "dvars_std": 1.1858582646020757,
  "dvars_vstd": 1.0084163915224915,
  "efc": 0.47761735459346527,
  "fber": 942.5565185546875,
  "fd_mean": 0.053355920262618185,
  "fd_num": 4,
  "fd_perc": 1.3793103448275863,
  "fwhm_avg": 1.7232442346699042,
  "fwhm_x": 1.7257743940226025,
  "fwhm_y": 1.9568061211738597,
  "fwhm_z": 1.4871521888132504,
  "gcor": 0.0407668,
  "gsr_x": -0.030512697994709015,
  "gsr_y": 0.05460154637694359,
  "provenance": {
    "md5sum": "e14c18af7c84475775b95d3f1d4e8f90",
    "settings": {
      "fd_thres": 0.2,
      "testing": false
    },
    "software": "mriqc",
    "version": "23.0.1",
    "webapi_port": null,
    "webapi_url": "https://mriqc.nimh.nih.gov/api/v1"
  },
  "size_t": 290,
  "size_x": 94,
  "size_y": 94,
  "size_z": 38,
  "snr": 6.298363461040914,
  "spacing_tr": 2.5199999809265137,
  "spacing_x": 2.4468088150024414,
  "spacing_y": 2.4468085765838623,
  "spacing_z": 3.4800002574920654,
  "summary_bg_k": 41.68870634951161,
  "summary_bg_mad": 13.06223623867535,
  "summary_bg_mean": 20.818965911865234,
  "summary_bg_median": 11.555171966552734,
  "summary_bg_n": 239289.0,
  "summary_bg_p05": 1.8724137544631958,
  "summary_bg_p95": 56.77310485839828,
  "summary_bg_stdv": 28.827301025390625,
  "summary_fg_k": 3.283161979573813,
  "summary_fg_mad": 50.44426456355442,
  "summary_fg_mean": 369.5085144042969,
  "summary_fg_median": 366.13104248046875,
  "summary_fg_n": 43707.0,
  "summary_fg_p05": 287.27239990234375,
  "summary_fg_p95": 459.0786254882812,
  "summary_fg_stdv": 58.13047409057617,
  "tsnr": 52.623638779623434
}