{
  "aor": 0.009890241379310346,
  "aqi": 0.035172082068965514,
  "bids_meta": {
    "AcquisitionDateTime": "2018-03-18T17:45:40.260000",
    "BodyPartExamined": "BRAIN",
    "ConversionSoftware": "dcm2niix",
    "ConversionSoftwareVersion": "v1.0.20170411 GCC4.2.1",
    "EchoTime": 0.035,
    "EffectiveEchoSpacing": 0.000325002,
    "FlipAngle": 90,
    "ImageType": [
      "ORIGINAL",
      "PRIMARY",
      "M",
      "ND",
      "NORM",
      "MOSAIC"
    ],
    "MagneticFieldStrength": 3,
    "Manufacturer": "Siemens",
    "ManufacturersModelName": "Skyra",
    "PhaseEncodingDirection": "j-",
    "ProcedureStepDescription": "funktionales_Schadel-MRT",
    "ProtocolName": "ep2d_RestingState_PAINTeR_TE35",
    "RepetitionTime": 2.52,
    "ScanningSequence": "EP",
    "SequenceName": "_epfid2d1_94",
    "SequenceVariant": "SK",
    "SeriesDescription": "ep2d_RestingState_PAINTeR_TE35",
    "SliceTiming": [
      1.25,
      0,
      1.315,
      0.0675,
      1.3825,
      0.1325,
      1.4475,
      0.1975,
      1.5125,
      0.2625,
      1.58,
      0.33,
      1.645,
      0.395,
      1.71,
      0.46,
      1.7775,
      0.5275,
      1.8425,
      0.5925,
      1.9075,
      0.6575,
      1.975,
      0.725,
      2.04,
      0.79,
      2.105,
      0.855,
      2.1725,
      0.9225,
      2.2375,
      0.9875,
      2.3025,
      1.0525,
      2.3675,
      1.12,
      2.435,
      1.185
    ],
    "dataset": "ds002609",
    "modality": "bold",
    "subject_id": "012",
    "task_id": "rest"
  },
  "dummy_trs": 0,
  "dvars_nstd": 47.98327828778549,
  "dvars_std": 1.1248048598615912,
  "dvars_vstd": 0.9761148482352934,
  "efc": 0.482661400552493,
  "fber": 1246.507080078125,
  "fd_mean": 0.3399003143416217,
  "fd_num": 102,
  "fd_perc": 35.172413793103445,
  "fwhm_avg": 1.8801493478677136,
  "fwhm_x": 1.883191862288321,
  "fwhm_y": 2.18751481060805,
  "fwhm_z": 1.56974137070677,
  "gcor": 0.0254648,
  "gsr_x": -0.03511618450284004,
  "gsr_y": 0.05927351117134094,
  "provenance": {
    "md5sum": "757a9f0a79d8e24dd1b07422b08cedac",
    "settings": {
      "fd_thres": 0.2,
      "testing": false
    },
    "software": "mriqc",
    "version": "23.0.1",
    "webapi_port": null,
    "webapi_url": "https://mriqc.nimh.nih.gov/api/v1"
  },
  "size_t": 290,
  "size_x": 94,
  "size_y": 94,
  "size_z": 38,
  "snr": 4.741644562588062,
  "spacing_tr": 2.5199999809265137,
  "spacing_x": 2.4468085765838623,
  "spacing_y": 2.4468085765838623,
  "spacing_z": 3.4800000190734863,
  "summary_bg_k": 18.808980644119867,
  "summary_bg_mad": 9.10522301193975,
  "summary_bg_mean": 15.841666221618652,
  "summary_bg_median": 8.255172729492188,
  "summary_bg_n": 230542.0,
  "summary_bg_p05": 1.6482758522033691,
  "summary_bg_p95": 46.67586135864258,
  "summary_bg_stdv": 19.140953063964844,
  "summary_fg_k": 2.929564601726084,
  "summary_fg_mad": 50.45958014128159,
  "summary_fg_mean": 313.5864562988281,
  "summary_fg_median": 303.2103576660156,
  "summary_fg_n": 51092.0,
  "summary_fg_p05": 236.32603912353517,
  "summary_fg_p95": 431.0848327636718,
  "summary_fg_stdv": 63.94561767578125,
  "tsnr": 26.504060232255142
}