{
  "bids_meta": {
    "AcquisitionDateTime": "2018-07-06T17:56:19.710000",
    "BodyPartExamined": "BRAIN",
    "ConversionSoftware": "dcm2niix",
    "ConversionSoftwareVersion": "v1.0.20170411 GCC4.2.1",
    "EchoTime": 0.00207,
    "FlipAngle": 9,
    "ImageType": [
      "ORIGINAL",
      "PRIMARY",
      "M",
      "ND",
      "NORM"
    ],
    "InversionTime": 0.9,
    "MagneticFieldStrength": 3,
    "Manufacturer": "Siemens",
    "ManufacturersModelName": "Skyra",
    "PhaseEncodingDirection": "i-",
    "ProcedureStepDescription": "funktionales_Schadel-MRT",
    "ProtocolName": "t1_mprage_sag_p2_iso_1.0",
    "RepetitionTime": 2.3,
    "ScanningSequence": "GR_IR",
    "SequenceName": "_tfl3d1_16ns",
    "SequenceVariant": "SK_SP_MP",
    "SeriesDescription": "t1_mprage_sag_p2_iso_1.0",
    "dataset": "ds002609",
    "modality": "T1w",
    "subject_id": "046"
  },
  "cjv": 0.3169418592029696,
  "cnr": 4.1909955878337595,
  "efc": 0.5625559438361709,
  "fber": -1.0,
  "fwhm_avg": 4.044003860502701,
  "fwhm_x": 3.923301581508104,
  "fwhm_y": 4.12615,
  "fwhm_z": 4.08256,
  "icvs_csf": 0.19847104638602953,
  "icvs_gm": 0.4489226174325573,
  "icvs_wm": 0.35260633618141324,
  "inu_med": 0.45537906885147095,
  "inu_range": 0.13419181108474731,
  "provenance": {
    "md5sum": "b535a9fc0f53802cb6e9daa7f8ae84f0",
    "settings": {
      "testing": false
    },
    "software": "mriqc",
    "version": "23.0.1",
    "warnings": {
      "large_rot_frame": true,
      "small_air_mask": false
    },
    "webapi_port": null,
    "webapi_url": "https://mriqc.nimh.nih.gov/api/v1"
  },
  "qi_1": 0.020094515615994214,
  "qi_2": 0.06093590949991383,
  "rpve_csf": 21.55318156694763,
  "rpve_gm": 10.375264141299885,
  "rpve_wm": 15.119848486499775,
  "size_x": 192,
  "size_y": 256,
  "size_z": 256,
  "snr_csf": 2.5757326874351567,
  "snr_gm": 12.425281890944301,
  "snr_total": 13.47557148005077,
  "snr_wm": 25.42569986177285,
  "snrd_csf": 42.66582490502074,
  "snrd_gm": 116.20444895479807,
  "snrd_total": 107.5853930341443,
  "snrd_wm": 163.8859052426141,
  "spacing_x": 1.000002145767212,
  "spacing_y": 1.0,
  "spacing_z": 1.0,
  "summary_bg_k": 21.091096358188548,
  "summary_bg_mad": 0.0,
  "summary_bg_mean": 1.7986801654614477,
  "summary_bg_median": 0.0,
  "summary_bg_n": 2932867.0,
  "summary_bg_p05": 0.0,
  "summary_bg_p95": 7.6053972244262695,
  "summary_bg_stdv": 3.9975153836665593,
  "summary_csf_k": 1.1065049027800296,
  "summary_csf_mad": 87.49570663099465,
  "summary_csf_mean": 273.4736603377,
  "summary_csf_median": 260.33859729766846,
  "summary_csf_n": 47690.0,
  "summary_csf_p05": 131.85126149654388,
  "summary_csf_p95": 468.95866524875146,
  "summary_csf_stdv": 101.07254881882213,
  "summary_gm_k": 0.2002309157323734,
  "summary_gm_mad": 55.07784258803628,
  "summary_gm_mean": 708.5738954389876,
  "summary_gm_median": 709.0570335388184,
  "summary_gm_n": 50632.0,
  "summary_gm_p05": 613.98956823349,
  "summary_gm_p95": 802.3492967516182,
  "summary_gm_stdv": 57.065106261835865,
  "summary_wm_k": 0.5335576415831134,
  "summary_wm_mad": 37.13417536693391,
  "summary_wm_mean": 999.3826358749767,
  "summary_wm_median": 1000.000041782856,
  "summary_wm_n": 265959.0,
  "summary_wm_p05": 934.0012822151184,
  "summary_wm_p95": 1062.4520536065102,
  "summary_wm_stdv": 39.330211841895895,
  "tpm_overlap_csf": 0.15811795925006128,
  "tpm_overlap_gm": 0.46721633374475074,
  "tpm_overlap_wm": 0.5045238982050169,
  "wm2max": 0.46941402629501217
}