{
  "aor": 0.0018166896551724137,
  "aqi": 0.01304241424137931,
  "bids_meta": {
    "AcquisitionDateTime": "2018-03-18T10:58:11.732500",
    "BodyPartExamined": "BRAIN",
    "ConversionSoftware": "dcm2niix",
    "ConversionSoftwareVersion": "v1.0.20170411 GCC4.2.1",
    "EchoTime": 0.035,
    "EffectiveEchoSpacing": 0.000325002,
    "FlipAngle": 90,
    "ImageType": [
      "ORIGINAL",
      "PRIMARY",
      "M",
      "ND",
      "NORM",
      "MOSAIC"
    ],
    "MagneticFieldStrength": 3,
    "Manufacturer": "Siemens",
    "ManufacturersModelName": "Skyra",
    "PhaseEncodingDirection": "j-",
    "ProcedureStepDescription": "funktionales_Schadel-MRT",
    "ProtocolName": "ep2d_RestingState_PAINTeR_TE35",
    "RepetitionTime": 2.52,
    "ScanningSequence": "EP",
    "SequenceName": "_epfid2d1_94",
    "SequenceVariant": "SK",
    "SeriesDescription": "ep2d_RestingState_PAINTeR_TE35",
    "SliceTiming": [
      1.25,
      0,
      1.315,
      0.0675,
      1.3825,
      0.1325,
      1.4475,
      0.1975,
      1.5125,
      0.2625,
      1.58,
      0.33,
      1.645,
      0.395,
      1.71,
      0.46,
      1.7775,
      0.5275,
      1.8425,
      0.5925,
      1.9075,
      0.6575,
      1.975,
      0.725,
      2.04,
      0.79,
      2.105,
      0.855,
      2.17,
      0.9225,
      2.2375,
      0.9875,
      2.3025,
      1.0525,
      2.3675,
      1.1175,
      2.435,
      1.185
    ],
    "dataset": "ds002609",
    "modality": "bold",
    "subject_id": "007",
    "task_id": "rest"
  },
  "dummy_trs": 0,
  "dvars_nstd": 33.538850481107254,
  "dvars_std": 1.331014621626298,
  "dvars_vstd": 0.9920046044982704,
  "efc": 0.44647682523226057,
  "fber": 2786.89697265625,
  "fd_mean": 0.121874005482459,
  "fd_num": 17,
  "fd_perc": 5.862068965517241,
  "fwhm_avg": 1.6917470299287265,
  "fwhm_x": 1.6805769112273925,
  "fwhm_y": 1.8963682097592836,
  "fwhm_z": 1.4982959687995037,
  "gcor": 0.0136106,
  "gsr_x": -0.029479313641786575,
  "gsr_y": 0.047301217913627625,
  "provenance": {
    "md5sum": "35850f1aa4b68e7513d91fe867a80f7b",
    "settings": {
      "fd_thres": 0.2,
      "testing": false
    },
    "software": "mriqc",
    "version": "23.0.1",
    "webapi_port": null,
    "webapi_url": "https://mriqc.nimh.nih.gov/api/v1"
  },
  "size_t": 290,
  "size_x": 94,
  "size_y": 94,
  "size_z": 38,
  "snr": 5.909537701165245,
  "spacing_tr": 2.5199999809265137,
  "spacing_x": 2.4468085765838623,
  "spacing_y": 2.4468085765838623,
  "spacing_z": 3.4800000190734863,
  "summary_bg_k": 72.03731770226116,
  "summary_bg_mad": 5.87928489727595,
  "summary_bg_mean": 13.43541145324707,
  "summary_bg_median": 5.89310359954834,
  "summary_bg_n": 240286.0,
  "summary_bg_p05": 1.4344828128814697,
  "summary_bg_p95": 41.65861892700195,
  "summary_bg_stdv": 22.005447387695312,
  "summary_fg_k": 3.399487539106895,
  "summary_fg_mad": 46.47705485521066,
  "summary_fg_mean": 326.5297546386719,
  "summary_fg_median": 322.193115234375,
  "summary_fg_n": 43577.0,
  "summary_fg_p05": 251.75448303222657,
  "summary_fg_p95": 414.02138061523436,
  "summary_fg_stdv": 54.520240783691406,
  "tsnr": 52.069722164422274
}