{
  "bids_meta": {
    "AcquisitionDateTime": "2018-03-05T17:21:8.260000",
    "BodyPartExamined": "BRAIN",
    "ConversionSoftware": "dcm2niix",
    "ConversionSoftwareVersion": "v1.0.20170411 GCC4.2.1",
    "EchoTime": 0.00207,
    "FlipAngle": 9,
    "ImageType": [
      "ORIGINAL",
      "PRIMARY",
      "M",
      "ND",
      "NORM"
    ],
    "InversionTime": 0.9,
    "MagneticFieldStrength": 3,
    "Manufacturer": "Siemens",
    "ManufacturersModelName": "Skyra",
    "PhaseEncodingDirection": "i-",
    "ProcedureStepDescription": "funktionales_Schadel-MRT",
    "ProtocolName": "t1_mprage_sag_p2_iso_1.0",
    "RepetitionTime": 2.3,
    "ScanningSequence": "GR_IR",
    "SequenceName": "_tfl3d1_16ns",
    "SequenceVariant": "SK_SP_MP",
    "SeriesDescription": "t1_mprage_sag_p2_iso_1.0",
    "SliceTiming": [
      1.25,
      0,
      1.315,
      0.065,
      1.38,
      0.13,
      1.4475,
      0.1975,
      1.5125,
      0.2625,
      1.5775,
      0.3275,
      1.645,
      0.395,
      1.71,
      0.46,
      1.775,
      0.525,
      1.8425,
      0.5925,
      1.9075,
      0.6575,
      1.9725,
      0.7225,
      2.0375,
      0.79,
      2.105,
      0.855,
      2.17,
      0.92,
      2.235,
      0.985,
      2.3025,
      1.0525,
      2.3675,
      1.1175,
      2.4325,
      1.1825
    ],
    "dataset": "ds002609",
    "modality": "T1w",
    "subject_id": "003"
  },
  "cjv": 0.3061004925905657,
  "cnr": 4.343598641070107,
  "efc": 0.5226867994696125,
  "fber": -1.0,
  "fwhm_avg": 3.984260403835158,
  "fwhm_x": 3.9541112115054746,
  "fwhm_y": 3.93753,
  "fwhm_z": 4.06114,
  "icvs_csf": 0.2352093112560018,
  "icvs_gm": 0.4618282460095384,
  "icvs_wm": 0.30296244273445977,
  "inu_med": 0.5063849985599518,
  "inu_range": 0.1490009039640427,
  "provenance": {
    "md5sum": "638057f7f36a1ce6ce16a512a8c9fc08",
    "settings": {
      "testing": false
    },
    "software": "mriqc",
    "version": "23.0.1",
    "warnings": {
      "large_rot_frame": true,
      "small_air_mask": false
    },
    "webapi_port": null,
    "webapi_url": "https://mriqc.nimh.nih.gov/api/v1"
  },
  "qi_1": 0.022357055194095594,
  "qi_2": 0.035301500681590894,
  "rpve_csf": 25.541734747230482,
  "rpve_gm": 13.540774158975108,
  "rpve_wm": 22.36676037397083,
  "size_x": 192,
  "size_y": 256,
  "size_z": 256,
  "snr_csf": 2.1298925855372652,
  "snr_gm": 13.45439540500832,
  "snr_total": 13.715794498291169,
  "snr_wm": 25.563095504327922,
  "snrd_csf": 43.24104273102914,
  "snrd_gm": 109.7493038004047,
  "snrd_total": 102.28834344201839,
  "snrd_wm": 153.87468379462132,
  "spacing_x": 0.9999946355819702,
  "spacing_y": 1.0,
  "spacing_z": 1.0,
  "summary_bg_k": 49.27045557485155,
  "summary_bg_mad": 0.0,
  "summary_bg_mean": 1.0293914338326922,
  "summary_bg_median": 0.0,
  "summary_bg_n": 2414359.0,
  "summary_bg_p05": 0.0,
  "summary_bg_p95": 9.85929437726736,
  "summary_bg_stdv": 4.25759700236284,
  "summary_csf_k": -0.31233727513837684,
  "summary_csf_mad": 141.61994869183403,
  "summary_csf_mean": 281.7588021220024,
  "summary_csf_median": 281.0146618485451,
  "summary_csf_n": 51147.0,
  "summary_csf_p05": 74.56401024013758,
  "summary_csf_p95": 505.83134574666605,
  "summary_csf_stdv": 131.93712988897926,
  "summary_gm_k": 0.2481724985659639,
  "summary_gm_mad": 51.19766817334456,
  "summary_gm_mean": 711.3902265175136,
  "summary_gm_median": 713.2382002770901,
  "summary_gm_n": 42437.0,
  "summary_gm_p05": 620.4815624222159,
  "summary_gm_p95": 794.9365742877126,
  "summary_gm_stdv": 53.01091392538478,
  "summary_wm_k": 0.6044931959195217,
  "summary_wm_mad": 36.58025645670817,
  "summary_wm_mean": 1000.0718947592716,
  "summary_wm_median": 999.9999884963036,
  "summary_wm_n": 147932.0,
  "summary_wm_p05": 935.6916261762381,
  "summary_wm_p95": 1063.961541466415,
  "summary_wm_stdv": 39.118760417337086,
  "tpm_overlap_csf": 0.1493662519013661,
  "tpm_overlap_gm": 0.4919621695967295,
  "tpm_overlap_wm": 0.48401765355871595,
  "wm2max": 0.3465956898772216
}