{
  "aor": 0.0007135862068965518,
  "aqi": 0.02323671724137931,
  "bids_meta": {
    "AcquisitionDateTime": "2018-05-12T09:31:49.930000",
    "BodyPartExamined": "BRAIN",
    "ConversionSoftware": "dcm2niix",
    "ConversionSoftwareVersion": "v1.0.20170411 GCC4.2.1",
    "EchoTime": 0.035,
    "EffectiveEchoSpacing": 0.000325002,
    "FlipAngle": 90,
    "ImageType": [
      "ORIGINAL",
      "PRIMARY",
      "M",
      "ND",
      "NORM",
      "MOSAIC"
    ],
    "MagneticFieldStrength": 3,
    "Manufacturer": "Siemens",
    "ManufacturersModelName": "Skyra",
    "PhaseEncodingDirection": "j-",
    "ProcedureStepDescription": "funktionales_Schadel-MRT",
    "ProtocolName": "ep2d_RestingState_PAINTeR_TE35",
    "RepetitionTime": 2.52,
    "ScanningSequence": "EP",
    "SequenceName": "_epfid2d1_94",
    "SequenceVariant": "SK",
    "SeriesDescription": "ep2d_RestingState_PAINTeR_TE35",
    "dataset": "ds002609",
    "modality": "bold",
    "subject_id": "005",
    "task_id": "rest"
  },
  "dummy_trs": 0,
  "dvars_nstd": 39.39024617667821,
  "dvars_std": 1.2345814112110722,
  "dvars_vstd": 0.9466400725259516,
  "efc": 0.5017016301792152,
  "fber": 995.2940673828125,
  "fd_mean": 0.1136402052615238,
  "fd_num": 30,
  "fd_perc": 10.344827586206897,
  "fwhm_avg": 1.810989906607209,
  "fwhm_x": 1.7376349096895845,
  "fwhm_y": 2.150642289862695,
  "fwhm_z": 1.5446925202693473,
  "gcor": 0.00774728,
  "gsr_x": -0.0442391037940979,
  "gsr_y": 0.06964478641748428,
  "provenance": {
    "md5sum": "b150bbdf2e25c76ae1a700efe49791cf",
    "settings": {
      "fd_thres": 0.2,
      "testing": false
    },
    "software": "mriqc",
    "version": "23.0.1",
    "webapi_port": null,
    "webapi_url": "https://mriqc.nimh.nih.gov/api/v1"
  },
  "size_t": 290,
  "size_x": 94,
  "size_y": 94,
  "size_z": 38,
  "snr": 5.346891939099717,
  "spacing_tr": 2.5199999809265137,
  "spacing_x": 2.4468085765838623,
  "spacing_y": 2.4468085765838623,
  "spacing_z": 3.4800000190734863,
  "summary_bg_k": 25.25881747178192,
  "summary_bg_mad": 10.945694304850255,
  "summary_bg_mean": 20.152952194213867,
  "summary_bg_median": 9.858620643615723,
  "summary_bg_n": 230022.0,
  "summary_bg_p05": 1.8965517282485962,
  "summary_bg_p95": 59.79982681274408,
  "summary_bg_stdv": 27.13202476501465,
  "summary_fg_k": 3.2784406945399223,
  "summary_fg_mad": 50.34967899416397,
  "summary_fg_mean": 334.09930419921875,
  "summary_fg_median": 329.43963623046875,
  "summary_fg_n": 50826.0,
  "summary_fg_p05": 248.80517578125,
  "summary_fg_p95": 432.0,
  "summary_fg_stdv": 61.61268997192383,
  "tsnr": 34.337881467305124
}