{
  "bids_meta": {
    "AcquisitionDateTime": "2018-05-11T17:54:27.647500",
    "BodyPartExamined": "BRAIN",
    "ConversionSoftware": "dcm2niix",
    "ConversionSoftwareVersion": "v1.0.20170411 GCC4.2.1",
    "EchoTime": 0.00207,
    "FlipAngle": 9,
    "ImageType": [
      "ORIGINAL",
      "PRIMARY",
      "M",
      "ND",
      "NORM"
    ],
    "InversionTime": 0.9,
    "MagneticFieldStrength": 3,
    "Manufacturer": "Siemens",
    "ManufacturersModelName": "Skyra",
    "PhaseEncodingDirection": "i-",
    "ProcedureStepDescription": "funktionales_Schadel-MRT",
    "ProtocolName": "t1_mprage_sag_p2_iso_1.0",
    "RepetitionTime": 2.3,
    "ScanningSequence": "GR_IR",
    "SequenceName": "_tfl3d1_16ns",
    "SequenceVariant": "SK_SP_MP",
    "SeriesDescription": "t1_mprage_sag_p2_iso_1.0",
    "dataset": "ds002609",
    "modality": "T1w",
    "subject_id": "022"
  },
  "cjv": 0.3188502822370762,
  "cnr": 4.281853633763163,
  "efc": 0.5443512981549878,
  "fber": -1.0,
  "fwhm_avg": 3.933852993106274,
  "fwhm_x": 3.858668979318821,
  "fwhm_y": 3.93797,
  "fwhm_z": 4.00492,
  "icvs_csf": 0.20620388910211204,
  "icvs_gm": 0.4651430918227242,
  "icvs_wm": 0.32865301907516375,
  "inu_med": 0.47428977489471436,
  "inu_range": 0.13069699406623836,
  "provenance": {
    "md5sum": "14cfa53686424d43a29091330ef9e566",
    "settings": {
      "testing": false
    },
    "software": "mriqc",
    "version": "23.0.1",
    "warnings": {
      "large_rot_frame": true,
      "small_air_mask": false
    },
    "webapi_port": null,
    "webapi_url": "https://mriqc.nimh.nih.gov/api/v1"
  },
  "qi_1": 0.04060371786853141,
  "qi_2": 0.03910893577555024,
  "rpve_csf": 29.12784966040407,
  "rpve_gm": 13.90491719705346,
  "rpve_wm": 21.712301638957303,
  "size_x": 192,
  "size_y": 256,
  "size_z": 256,
  "snr_csf": 2.1507047066501785,
  "snr_gm": 12.415698510950142,
  "snr_total": 13.012936928724104,
  "snr_wm": 24.47240756857199,
  "snrd_csf": 30.814969715383253,
  "snrd_gm": 89.42133305233132,
  "snrd_total": 82.61075889841693,
  "snrd_wm": 127.59597392753624,
  "spacing_x": 0.9999924898147583,
  "spacing_y": 1.0,
  "spacing_z": 1.0,
  "summary_bg_k": 17.392579162264465,
  "summary_bg_mad": 0.0,
  "summary_bg_mean": 2.5100791007900627,
  "summary_bg_median": 0.0,
  "summary_bg_n": 1876890.0,
  "summary_bg_p05": 0.0,
  "summary_bg_p95": 9.57854401320219,
  "summary_bg_stdv": 5.13445978383432,
  "summary_csf_k": 0.9557405388190348,
  "summary_csf_mad": 102.68063788911782,
  "summary_csf_mean": 261.17366929642185,
  "summary_csf_median": 241.50424666330218,
  "summary_csf_n": 39566.0,
  "summary_csf_p05": 114.65100725367665,
  "summary_csf_p95": 478.1151067111641,
  "summary_csf_stdv": 112.28933194822059,
  "summary_gm_k": -0.028082437483442302,
  "summary_gm_mad": 56.68119397607346,
  "summary_gm_mean": 701.112294951396,
  "summary_gm_median": 700.816255018115,
  "summary_gm_n": 46364.0,
  "summary_gm_p05": 608.8205866478384,
  "summary_gm_p95": 793.644840259105,
  "summary_gm_stdv": 56.445370076938964,
  "summary_wm_k": 0.536485173676295,
  "summary_wm_mad": 38.713625950978276,
  "summary_wm_mean": 999.8026955030094,
  "summary_wm_median": 999.9999949783087,
  "summary_wm_n": 164926.0,
  "summary_wm_p05": 932.1589158587158,
  "summary_wm_p95": 1066.2168862000108,
  "summary_wm_stdv": 40.862222505449836,
  "tpm_overlap_csf": 0.14591209482282158,
  "tpm_overlap_gm": 0.4766660883280157,
  "tpm_overlap_wm": 0.5026664243720189,
  "wm2max": 0.4019919158139946
}