{
  "aor": 0.0006631379310344827,
  "aqi": 0.014839272724137929,
  "bids_meta": {
    "AcquisitionDateTime": "2018-06-04T17:43:25.655000",
    "BodyPartExamined": "BRAIN",
    "ConversionSoftware": "dcm2niix",
    "ConversionSoftwareVersion": "v1.0.20170411 GCC4.2.1",
    "EchoTime": 0.035,
    "EffectiveEchoSpacing": 0.000325002,
    "FlipAngle": 90,
    "ImageType": [
      "ORIGINAL",
      "PRIMARY",
      "M",
      "ND",
      "NORM",
      "MOSAIC"
    ],
    "MagneticFieldStrength": 3,
    "Manufacturer": "Siemens",
    "ManufacturersModelName": "Skyra",
    "PhaseEncodingDirection": "j-",
    "ProcedureStepDescription": "funktionales_Schadel-MRT",
    "ProtocolName": "ep2d_RestingState_PAINTeR_TE35",
    "RepetitionTime": 2.52,
    "ScanningSequence": "EP",
    "SequenceName": "_epfid2d1_94",
    "SequenceVariant": "SK",
    "SeriesDescription": "ep2d_RestingState_PAINTeR_TE35",
    "SliceTiming": [
      1.25,
      0,
      1.315,
      0.065,
      1.38,
      0.13,
      1.4475,
      0.1975,
      1.5125,
      0.2625,
      1.5775,
      0.3275,
      1.6425,
      0.395,
      1.71,
      0.46,
      1.775,
      0.525,
      1.84,
      0.59,
      1.9075,
      0.6575,
      1.9725,
      0.7225,
      2.0375,
      0.7875,
      2.105,
      0.855,
      2.17,
      0.92,
      2.235,
      0.985,
      2.3025,
      1.0525,
      2.3675,
      1.1175,
      2.4325,
      1.1825
    ],
    "dataset": "ds002609",
    "modality": "bold",
    "subject_id": "040",
    "task_id": "rest"
  },
  "dummy_trs": 0,
  "dvars_nstd": 38.085517276159145,
  "dvars_std": 1.2513173930449826,
  "dvars_vstd": 0.989307974913495,
  "efc": 0.5348890360462084,
  "fber": 591.985595703125,
  "fd_mean": 0.11553096013552147,
  "fd_num": 36,
  "fd_perc": 12.413793103448276,
  "fwhm_avg": 1.7473718928304092,
  "fwhm_x": 1.7471248224772935,
  "fwhm_y": 1.9734563815946724,
  "fwhm_z": 1.5215344744192625,
  "gcor": 0.00840226,
  "gsr_x": -0.04600707069039345,
  "gsr_y": 0.08462270349264145,
  "provenance": {
    "md5sum": "51d93cf107e88ad52a59b56dd0695a52",
    "settings": {
      "fd_thres": 0.2,
      "testing": false
    },
    "software": "mriqc",
    "version": "23.0.1",
    "webapi_port": null,
    "webapi_url": "https://mriqc.nimh.nih.gov/api/v1"
  },
  "size_t": 290,
  "size_x": 94,
  "size_y": 94,
  "size_z": 38,
  "snr": 4.568026840300462,
  "spacing_tr": 2.5199999809265137,
  "spacing_x": 2.4468085765838623,
  "spacing_y": 2.4468085765838623,
  "spacing_z": 3.4800000190734863,
  "summary_bg_k": 62.548844007765,
  "summary_bg_mad": 14.662424257635646,
  "summary_bg_mean": 22.63451385498047,
  "summary_bg_median": 12.962068557739258,
  "summary_bg_n": 216219.0,
  "summary_bg_p05": 2.1310343742370605,
  "summary_bg_p95": 63.703794097900314,
  "summary_bg_stdv": 29.42715835571289,
  "summary_fg_k": 2.308917276611899,
  "summary_fg_mad": 61.69159953936054,
  "summary_fg_mean": 342.95025634765625,
  "summary_fg_median": 332.6103515625,
  "summary_fg_n": 62999.0,
  "summary_fg_p05": 252.6479248046875,
  "summary_fg_p95": 478.55552062988284,
  "summary_fg_stdv": 72.81211853027344,
  "tsnr": 43.30023924447596
}