{
  "aor": 0.0005360344827586207,
  "aqi": 0.022502178620689654,
  "bids_meta": {
    "AcquisitionDateTime": "2018-03-05T18:14:49.105000",
    "BodyPartExamined": "BRAIN",
    "ConversionSoftware": "dcm2niix",
    "ConversionSoftwareVersion": "v1.0.20170411 GCC4.2.1",
    "EchoTime": 0.035,
    "EffectiveEchoSpacing": 0.000325002,
    "FlipAngle": 90,
    "ImageType": [
      "ORIGINAL",
      "PRIMARY",
      "M",
      "ND",
      "NORM",
      "MOSAIC"
    ],
    "MagneticFieldStrength": 3,
    "Manufacturer": "Siemens",
    "ManufacturersModelName": "Skyra",
    "PhaseEncodingDirection": "j-",
    "ProcedureStepDescription": "funktionales_Schadel-MRT",
    "ProtocolName": "ep2d_RestingState_PAINTeR_TE35",
    "RepetitionTime": 2.52,
    "ScanningSequence": "EP",
    "SequenceName": "_epfid2d1_94",
    "SequenceVariant": "SK",
    "SeriesDescription": "ep2d_RestingState_PAINTeR_TE35",
    "dataset": "ds002609",
    "modality": "bold",
    "subject_id": "004",
    "task_id": "rest"
  },
  "dummy_trs": 0,
  "dvars_nstd": 34.95015594467127,
  "dvars_std": 1.1357032496885824,
  "dvars_vstd": 0.9642519595847747,
  "efc": 0.521208844071518,
  "fber": 822.52490234375,
  "fd_mean": 0.10443090029695008,
  "fd_num": 26,
  "fd_perc": 8.96551724137931,
  "fwhm_avg": 1.7264155915646706,
  "fwhm_x": 1.6988251716051366,
  "fwhm_y": 2.0028497721068197,
  "fwhm_z": 1.4775718309820556,
  "gcor": 0.0170799,
  "gsr_x": -0.03712364658713341,
  "gsr_y": 0.06838153302669525,
  "provenance": {
    "md5sum": "4bc362c49b05611017d38934c68afcd8",
    "settings": {
      "fd_thres": 0.2,
      "testing": false
    },
    "software": "mriqc",
    "version": "23.0.1",
    "webapi_port": null,
    "webapi_url": "https://mriqc.nimh.nih.gov/api/v1"
  },
  "size_t": 290,
  "size_x": 94,
  "size_y": 94,
  "size_z": 38,
  "snr": 5.793315703078445,
  "spacing_tr": 2.5199999809265137,
  "spacing_x": 2.4468085765838623,
  "spacing_y": 2.4468085765838623,
  "spacing_z": 3.4800000190734863,
  "summary_bg_k": 23.023220909728163,
  "summary_bg_mad": 12.571445284253544,
  "summary_bg_mean": 20.116649627685547,
  "summary_bg_median": 11.124137878417969,
  "summary_bg_n": 221549.0,
  "summary_bg_p05": 1.8448275327682495,
  "summary_bg_p95": 57.10896453857414,
  "summary_bg_stdv": 25.392335891723633,
  "summary_fg_k": 3.3185952887402115,
  "summary_fg_mad": 50.919726154532384,
  "summary_fg_mean": 331.7496032714844,
  "summary_fg_median": 327.31378173828125,
  "summary_fg_n": 58834.0,
  "summary_fg_p05": 257.4251678466797,
  "summary_fg_p95": 419.5082763671875,
  "summary_fg_stdv": 56.498043060302734,
  "tsnr": 36.163562308996916
}