{
  "aor": 0.0018227241379310348,
  "aqi": 0.022200576586206895,
  "bids_meta": {
    "AcquisitionDateTime": "2018-05-11T19:28:24.237500",
    "BodyPartExamined": "BRAIN",
    "ConversionSoftware": "dcm2niix",
    "ConversionSoftwareVersion": "v1.0.20170411 GCC4.2.1",
    "EchoTime": 0.035,
    "EffectiveEchoSpacing": 0.000325002,
    "FlipAngle": 90,
    "ImageType": [
      "ORIGINAL",
      "PRIMARY",
      "M",
      "ND",
      "NORM",
      "MOSAIC"
    ],
    "MagneticFieldStrength": 3,
    "Manufacturer": "Siemens",
    "ManufacturersModelName": "Skyra",
    "PhaseEncodingDirection": "j-",
    "ProcedureStepDescription": "funktionales_Schadel-MRT",
    "ProtocolName": "ep2d_RestingState_PAINTeR_TE35",
    "RepetitionTime": 2.52,
    "ScanningSequence": "EP",
    "SequenceName": "_epfid2d1_94",
    "SequenceVariant": "SK",
    "SeriesDescription": "ep2d_RestingState_PAINTeR_TE35",
    "dataset": "ds002609",
    "modality": "bold",
    "subject_id": "025",
    "task_id": "rest"
  },
  "dummy_trs": 0,
  "dvars_nstd": 41.499517328719705,
  "dvars_std": 1.2631834879930801,
  "dvars_vstd": 0.9932969683391011,
  "efc": 0.46772018880994415,
  "fber": 1082.581298828125,
  "fd_mean": 0.13419740140298178,
  "fd_num": 50,
  "fd_perc": 17.24137931034483,
  "fwhm_avg": 1.7687952497429116,
  "fwhm_x": 1.7770372564537125,
  "fwhm_y": 1.9842622943469133,
  "fwhm_z": 1.545086198428109,
  "gcor": 0.0181455,
  "gsr_x": -0.03428765386343002,
  "gsr_y": 0.04077780619263649,
  "provenance": {
    "md5sum": "05bcd5138ba1e1efbcb4c181d39c80d7",
    "settings": {
      "fd_thres": 0.2,
      "testing": false
    },
    "software": "mriqc",
    "version": "23.0.1",
    "webapi_port": null,
    "webapi_url": "https://mriqc.nimh.nih.gov/api/v1"
  },
  "size_t": 290,
  "size_x": 94,
  "size_y": 94,
  "size_z": 38,
  "snr": 5.1099124970835215,
  "spacing_tr": 2.5199999809265137,
  "spacing_x": 2.4468085765838623,
  "spacing_y": 2.4468085765838623,
  "spacing_z": 3.4800000190734863,
  "summary_bg_k": 16.807449284393094,
  "summary_bg_mad": 8.491731756183114,
  "summary_bg_mean": 14.49015998840332,
  "summary_bg_median": 8.044827461242676,
  "summary_bg_n": 240395.0,
  "summary_bg_p05": 1.8379310369491577,
  "summary_bg_p95": 40.344825744628906,
  "summary_bg_stdv": 16.571796417236328,
  "summary_fg_k": 3.111331036934974,
  "summary_fg_mad": 44.09205517738545,
  "summary_fg_mean": 281.3924560546875,
  "summary_fg_median": 273.66552734375,
  "summary_fg_n": 42930.0,
  "summary_fg_p05": 212.42033996582032,
  "summary_fg_p95": 370.75860595703125,
  "summary_fg_stdv": 53.55519104003906,
  "tsnr": 37.36372205684893
}