{
  "aor": 0.0011725517241379312,
  "aqi": 0.019309785620689655,
  "bids_meta": {
    "AcquisitionDateTime": "2018-06-04T18:24:38.742500",
    "BodyPartExamined": "BRAIN",
    "ConversionSoftware": "dcm2niix",
    "ConversionSoftwareVersion": "v1.0.20170411 GCC4.2.1",
    "EchoTime": 0.035,
    "EffectiveEchoSpacing": 0.000325002,
    "FlipAngle": 90,
    "ImageType": [
      "ORIGINAL",
      "PRIMARY",
      "M",
      "ND",
      "NORM",
      "MOSAIC"
    ],
    "MagneticFieldStrength": 3,
    "Manufacturer": "Siemens",
    "ManufacturersModelName": "Skyra",
    "PhaseEncodingDirection": "j-",
    "ProcedureStepDescription": "funktionales_Schadel-MRT",
    "ProtocolName": "ep2d_RestingState_PAINTeR_TE35",
    "RepetitionTime": 2.52,
    "ScanningSequence": "EP",
    "SequenceName": "_epfid2d1_94",
    "SequenceVariant": "SK",
    "SeriesDescription": "ep2d_RestingState_PAINTeR_TE35",
    "dataset": "ds002609",
    "modality": "bold",
    "subject_id": "041",
    "task_id": "rest"
  },
  "dummy_trs": 0,
  "dvars_nstd": 38.745099149965384,
  "dvars_std": 1.2127019368166083,
  "dvars_vstd": 0.9715673841176468,
  "efc": 0.5331900715930652,
  "fber": 496.716552734375,
  "fd_mean": 0.09216718723660729,
  "fd_num": 23,
  "fd_perc": 7.931034482758621,
  "fwhm_avg": 1.7961039024834928,
  "fwhm_x": 1.7864290822875437,
  "fwhm_y": 2.0842619438256693,
  "fwhm_z": 1.5176206813372652,
  "gcor": 0.0150291,
  "gsr_x": -0.04296476021409035,
  "gsr_y": 0.08630354702472687,
  "provenance": {
    "md5sum": "4a955bac23559e736035ef687abd88c1",
    "settings": {
      "fd_thres": 0.2,
      "testing": false
    },
    "software": "mriqc",
    "version": "23.0.1",
    "webapi_port": null,
    "webapi_url": "https://mriqc.nimh.nih.gov/api/v1"
  },
  "size_t": 290,
  "size_x": 94,
  "size_y": 94,
  "size_z": 38,
  "snr": 5.168330085470816,
  "spacing_tr": 2.5199999809265137,
  "spacing_x": 2.4468085765838623,
  "spacing_y": 2.4468085765838623,
  "spacing_z": 3.4800000190734863,
  "summary_bg_k": 24.55048075908342,
  "summary_bg_mad": 15.199229459902616,
  "summary_bg_mean": 22.003543853759766,
  "summary_bg_median": 13.082758903503418,
  "summary_bg_n": 222955.0,
  "summary_bg_p05": 1.886206865310669,
  "summary_bg_p95": 64.31034088134766,
  "summary_bg_stdv": 26.597848892211914,
  "summary_fg_k": 2.7631287476363617,
  "summary_fg_mad": 53.445258134929574,
  "summary_fg_mean": 303.9230651855469,
  "summary_fg_median": 300.08966064453125,
  "summary_fg_n": 56679.0,
  "summary_fg_p05": 225.6103515625,
  "summary_fg_p95": 394.56034851074213,
  "summary_fg_stdv": 58.06266403198242,
  "tsnr": 36.90897613647394
}