{
  "aor": 0.00046593103448275866,
  "aqi": 0.010795558620689654,
  "bids_meta": {
    "AcquisitionDateTime": "2018-07-06T17:01:53.027500",
    "BodyPartExamined": "BRAIN",
    "ConversionSoftware": "dcm2niix",
    "ConversionSoftwareVersion": "v1.0.20170411 GCC4.2.1",
    "EchoTime": 0.035,
    "EffectiveEchoSpacing": 0.000325002,
    "FlipAngle": 90,
    "ImageType": [
      "ORIGINAL",
      "PRIMARY",
      "M",
      "ND",
      "NORM",
      "MOSAIC"
    ],
    "MagneticFieldStrength": 3,
    "Manufacturer": "Siemens",
    "ManufacturersModelName": "Skyra",
    "PhaseEncodingDirection": "j-",
    "ProcedureStepDescription": "funktionales_Schadel-MRT",
    "ProtocolName": "ep2d_RestingState_PAINTeR_TE35",
    "RepetitionTime": 2.52,
    "ScanningSequence": "EP",
    "SequenceName": "_epfid2d1_94",
    "SequenceVariant": "SK",
    "SeriesDescription": "ep2d_RestingState_PAINTeR_TE35",
    "dataset": "ds002609",
    "modality": "bold",
    "subject_id": "045",
    "task_id": "rest"
  },
  "dummy_trs": 0,
  "dvars_nstd": 33.73750699186853,
  "dvars_std": 1.216962150242214,
  "dvars_vstd": 0.994367969688581,
  "efc": 0.5074292155408084,
  "fber": 1177.8267822265625,
  "fd_mean": 0.051520891203170396,
  "fd_num": 0,
  "fd_perc": 0.0,
  "fwhm_avg": 1.6841457166724851,
  "fwhm_x": 1.7003782150415403,
  "fwhm_y": 1.870219862637938,
  "fwhm_z": 1.4818390723379777,
  "gcor": 0.0449083,
  "gsr_x": -0.026947814971208572,
  "gsr_y": 0.05181054770946503,
  "provenance": {
    "md5sum": "dbfc1613830fb1956d5712639b77d18c",
    "settings": {
      "fd_thres": 0.2,
      "testing": false
    },
    "software": "mriqc",
    "version": "23.0.1",
    "webapi_port": null,
    "webapi_url": "https://mriqc.nimh.nih.gov/api/v1"
  },
  "size_t": 290,
  "size_x": 94,
  "size_y": 94,
  "size_z": 38,
  "snr": 5.155731147223709,
  "spacing_tr": 2.5199999809265137,
  "spacing_x": 2.4468085765838623,
  "spacing_y": 2.4468085765838623,
  "spacing_z": 3.4800000190734863,
  "summary_bg_k": 27.237582037805385,
  "summary_bg_mad": 11.92216666153253,
  "summary_bg_mean": 23.21331214904785,
  "summary_bg_median": 10.765517234802246,
  "summary_bg_n": 223487.0,
  "summary_bg_p05": 2.044827461242676,
  "summary_bg_p95": 70.03793334960938,
  "summary_bg_stdv": 33.23589324951172,
  "summary_fg_k": 2.6599512402739016,
  "summary_fg_mad": 65.25494854816874,
  "summary_fg_mean": 401.7568054199219,
  "summary_fg_median": 392.693115234375,
  "summary_fg_n": 56032.0,
  "summary_fg_p05": 303.46275634765624,
  "summary_fg_p95": 529.994137573242,
  "summary_fg_stdv": 76.1656494140625,
  "tsnr": 48.90339195728302
}