{
  "bids_meta": {
    "AcquisitionDateTime": "2018-06-01T18:03:53.427500",
    "BodyPartExamined": "BRAIN",
    "ConversionSoftware": "dcm2niix",
    "ConversionSoftwareVersion": "v1.0.20170411 GCC4.2.1",
    "EchoTime": 0.00207,
    "FlipAngle": 9,
    "ImageType": [
      "ORIGINAL",
      "PRIMARY",
      "M",
      "ND",
      "NORM"
    ],
    "InversionTime": 0.9,
    "MagneticFieldStrength": 3,
    "Manufacturer": "Siemens",
    "ManufacturersModelName": "Skyra",
    "PhaseEncodingDirection": "i-",
    "ProcedureStepDescription": "funktionales_Schadel-MRT",
    "ProtocolName": "t1_mprage_sag_p2_iso_1.0",
    "RepetitionTime": 2.3,
    "ScanningSequence": "GR_IR",
    "SequenceName": "_tfl3d1_16ns",
    "SequenceVariant": "SK_SP_MP",
    "SeriesDescription": "t1_mprage_sag_p2_iso_1.0",
    "SliceTiming": [
      1.25,
      0,
      1.315,
      0.065,
      1.38,
      0.13,
      1.4475,
      0.1975,
      1.5125,
      0.2625,
      1.5775,
      0.3275,
      1.645,
      0.395,
      1.71,
      0.46,
      1.775,
      0.525,
      1.8425,
      0.5925,
      1.9075,
      0.6575,
      1.9725,
      0.7225,
      2.0375,
      0.79,
      2.105,
      0.855,
      2.17,
      0.92,
      2.235,
      0.9875,
      2.3025,
      1.0525,
      2.3675,
      1.1175,
      2.4325,
      1.1825
    ],
    "dataset": "ds002609",
    "modality": "T1w",
    "subject_id": "036"
  },
  "cjv": 0.3433020821186193,
  "cnr": 3.9527977438892865,
  "efc": 0.5358532605183391,
  "fber": -1.0,
  "fwhm_avg": 3.977552873608833,
  "fwhm_x": 3.8564486208264994,
  "fwhm_y": 4.16391,
  "fwhm_z": 3.9123,
  "icvs_csf": 0.18561141238916082,
  "icvs_gm": 0.4413612640161084,
  "icvs_wm": 0.37302732359473073,
  "inu_med": 0.43891119956970215,
  "inu_range": 0.13153115659952164,
  "provenance": {
    "md5sum": "5159ec1f20f40c7f252ae79c550373bf",
    "settings": {
      "testing": false
    },
    "software": "mriqc",
    "version": "23.0.1",
    "warnings": {
      "large_rot_frame": true,
      "small_air_mask": false
    },
    "webapi_port": null,
    "webapi_url": "https://mriqc.nimh.nih.gov/api/v1"
  },
  "qi_1": 0.024307644481755143,
  "qi_2": 0.023926525116255086,
  "rpve_csf": 22.53765760686911,
  "rpve_gm": 10.579083944663896,
  "rpve_wm": 14.610174788098398,
  "size_x": 192,
  "size_y": 256,
  "size_z": 256,
  "snr_csf": 2.4787182390004285,
  "snr_gm": 12.4072422133665,
  "snr_total": 13.296169620626818,
  "snr_wm": 25.002548409513523,
  "snrd_csf": 26.377051901628356,
  "snrd_gm": 65.11100905242459,
  "snrd_total": 60.64178156404779,
  "snrd_wm": 90.43728373809044,
  "spacing_x": 1.0000003576278687,
  "spacing_y": 1.0,
  "spacing_z": 1.0,
  "summary_bg_k": 408.11687561156964,
  "summary_bg_mad": 0.0,
  "summary_bg_mean": 1.4759340608196747,
  "summary_bg_median": 0.0,
  "summary_bg_n": 3297898.0,
  "summary_bg_p05": 0.0,
  "summary_bg_p95": 8.95793629065156,
  "summary_bg_stdv": 7.244409584684245,
  "summary_csf_k": 4.333928925419461,
  "summary_csf_mad": 104.70861713705803,
  "summary_csf_mean": 303.0552167483608,
  "summary_csf_median": 291.6738676279783,
  "summary_csf_n": 30989.0,
  "summary_csf_p05": 132.22260165438055,
  "summary_csf_p95": 512.2381656289099,
  "summary_csf_stdv": 117.66934898599412,
  "summary_gm_k": -0.06281063001865483,
  "summary_gm_mad": 58.54571883429256,
  "summary_gm_mean": 719.2555407735324,
  "summary_gm_median": 719.9887199793011,
  "summary_gm_n": 59642.0,
  "summary_gm_p05": 622.7713099457324,
  "summary_gm_p95": 813.6575755402446,
  "summary_gm_stdv": 58.029227740716486,
  "summary_wm_k": 0.6294858521209572,
  "summary_wm_mad": 37.59757943769363,
  "summary_wm_mean": 1000.9414801785397,
  "summary_wm_median": 1000.0432354621589,
  "summary_wm_n": 285215.0,
  "summary_wm_p05": 937.2078562639654,
  "summary_wm_p95": 1067.5523205511272,
  "summary_wm_stdv": 39.997582084105936,
  "tpm_overlap_csf": 0.15086979104292247,
  "tpm_overlap_gm": 0.4614548618788909,
  "tpm_overlap_wm": 0.5085780254601745,
  "wm2max": 0.40780348350892054
}