{
  "bids_meta": {
    "AcquisitionDateTime": "2018-06-04T18:53:51.145000",
    "BodyPartExamined": "BRAIN",
    "ConversionSoftware": "dcm2niix",
    "ConversionSoftwareVersion": "v1.0.20170411 GCC4.2.1",
    "EchoTime": 0.00207,
    "FlipAngle": 9,
    "ImageType": [
      "ORIGINAL",
      "PRIMARY",
      "M",
      "ND",
      "NORM"
    ],
    "InversionTime": 0.9,
    "MagneticFieldStrength": 3,
    "Manufacturer": "Siemens",
    "ManufacturersModelName": "Skyra",
    "PhaseEncodingDirection": "i-",
    "ProcedureStepDescription": "funktionales_Schadel-MRT",
    "ProtocolName": "t1_mprage_sag_p2_iso_1.0",
    "RepetitionTime": 2.3,
    "ScanningSequence": "GR_IR",
    "SequenceName": "_tfl3d1_16ns",
    "SequenceVariant": "SK_SP_MP",
    "SeriesDescription": "t1_mprage_sag_p2_iso_1.0",
    "SliceTiming": [
      1.25,
      0,
      1.3175,
      0.0675,
      1.3825,
      0.1325,
      1.4475,
      0.1975,
      1.515,
      0.265,
      1.58,
      0.33,
      1.645,
      0.395,
      1.71,
      0.4625,
      1.7775,
      0.5275,
      1.8425,
      0.5925,
      1.9075,
      0.6575,
      1.975,
      0.725,
      2.04,
      0.79,
      2.105,
      0.855,
      2.1725,
      0.9225,
      2.2375,
      0.9875,
      2.3025,
      1.0525,
      2.37,
      1.12,
      2.435,
      1.185
    ],
    "dataset": "ds002609",
    "modality": "T1w",
    "subject_id": "042"
  },
  "cjv": 0.3116160299259047,
  "cnr": 4.237320228300035,
  "efc": 0.575366811396744,
  "fber": -1.0,
  "fwhm_avg": 3.7505461887318803,
  "fwhm_x": 3.6889885661956403,
  "fwhm_y": 3.71389,
  "fwhm_z": 3.84876,
  "icvs_csf": 0.18718158966954573,
  "icvs_gm": 0.4635562679441431,
  "icvs_wm": 0.34926214238631115,
  "inu_med": 0.46658408641815186,
  "inu_range": 0.13445406556129458,
  "provenance": {
    "md5sum": "c817bd0d3a16db10abc44116da63730d",
    "settings": {
      "testing": false
    },
    "software": "mriqc",
    "version": "23.0.1",
    "warnings": {
      "large_rot_frame": true,
      "small_air_mask": false
    },
    "webapi_port": null,
    "webapi_url": "https://mriqc.nimh.nih.gov/api/v1"
  },
  "qi_1": 0.02411540670761284,
  "qi_2": 0.03655520545414221,
  "rpve_csf": 25.44203774967931,
  "rpve_gm": 11.45038414507533,
  "rpve_wm": 16.96383855528022,
  "size_x": 192,
  "size_y": 256,
  "size_z": 256,
  "snr_csf": 2.401336061362869,
  "snr_gm": 13.297870050294668,
  "snr_total": 13.704405158005228,
  "snr_wm": 25.414009362358144,
  "snrd_csf": 40.03753835910978,
  "snrd_gm": 100.24956666062319,
  "snrd_total": 93.39593061672487,
  "snrd_wm": 139.90068683044166,
  "spacing_x": 1.0000030994415283,
  "spacing_y": 1.0,
  "spacing_z": 1.0,
  "summary_bg_k": 29.298641798771527,
  "summary_bg_mad": 0.0,
  "summary_bg_mean": 2.117183857269827,
  "summary_bg_median": 0.0,
  "summary_bg_n": 2184013.0,
  "summary_bg_p05": 0.0,
  "summary_bg_p95": 8.492393992841244,
  "summary_bg_stdv": 4.682867670567974,
  "summary_csf_k": 26.113366011625157,
  "summary_csf_mad": 95.83708994738542,
  "summary_csf_mean": 297.7587968025447,
  "summary_csf_median": 286.1854325160384,
  "summary_csf_n": 35930.0,
  "summary_csf_p05": 138.61771932635457,
  "summary_csf_p95": 496.20934424530697,
  "summary_csf_stdv": 119.17592649835188,
  "summary_gm_k": 0.2854977347419281,
  "summary_gm_mad": 51.46353937225671,
  "summary_gm_mean": 717.5944859573909,
  "summary_gm_median": 716.576662056148,
  "summary_gm_n": 52481.0,
  "summary_gm_p05": 630.4984161481261,
  "summary_gm_p95": 808.8386899977922,
  "summary_gm_stdv": 53.886060873138234,
  "summary_wm_k": 0.6330069458333019,
  "summary_wm_mad": 36.85571762644988,
  "summary_wm_mean": 1000.9439609126182,
  "summary_wm_median": 1000.0000052638352,
  "summary_wm_n": 223465.0,
  "summary_wm_p05": 938.4095362089574,
  "summary_wm_p95": 1066.6611755862832,
  "summary_wm_stdv": 39.348288320677504,
  "tpm_overlap_csf": 0.16184300388726552,
  "tpm_overlap_gm": 0.4756317979308124,
  "tpm_overlap_wm": 0.5131980852072069,
  "wm2max": 0.4302793791574279
}