{
  "aor": 0.0006606896551724137,
  "aqi": 0.009688219137931034,
  "bids_meta": {
    "AcquisitionDateTime": "2018-03-18T15:35:41.840000",
    "BodyPartExamined": "BRAIN",
    "ConversionSoftware": "dcm2niix",
    "ConversionSoftwareVersion": "v1.0.20170411 GCC4.2.1",
    "EchoTime": 0.035,
    "EffectiveEchoSpacing": 0.000325002,
    "FlipAngle": 90,
    "ImageType": [
      "ORIGINAL",
      "PRIMARY",
      "M",
      "ND",
      "NORM",
      "MOSAIC"
    ],
    "MagneticFieldStrength": 3,
    "Manufacturer": "Siemens",
    "ManufacturersModelName": "Skyra",
    "PhaseEncodingDirection": "j-",
    "ProcedureStepDescription": "funktionales_Schadel-MRT",
    "ProtocolName": "ep2d_RestingState_PAINTeR_TE35",
    "RepetitionTime": 2.52,
    "ScanningSequence": "EP",
    "SequenceName": "_epfid2d1_94",
    "SequenceVariant": "SK",
    "SeriesDescription": "ep2d_RestingState_PAINTeR_TE35",
    "dataset": "ds002609",
    "modality": "bold",
    "subject_id": "010",
    "task_id": "rest"
  },
  "dummy_trs": 0,
  "dvars_nstd": 36.871905752456755,
  "dvars_std": 1.3689447868166083,
  "dvars_vstd": 1.0090796751211075,
  "efc": 0.4866727698972781,
  "fber": 1133.2606201171875,
  "fd_mean": 0.04952388141520508,
  "fd_num": 3,
  "fd_perc": 1.0344827586206897,
  "fwhm_avg": 1.6962934741184437,
  "fwhm_x": 1.7121813451582089,
  "fwhm_y": 1.884871601373484,
  "fwhm_z": 1.4918274758236385,
  "gcor": 0.0206443,
  "gsr_x": -0.029279598966240883,
  "gsr_y": 0.05443905293941498,
  "provenance": {
    "md5sum": "bba999110d567b8d9158314da68eec0e",
    "settings": {
      "fd_thres": 0.2,
      "testing": false
    },
    "software": "mriqc",
    "version": "23.0.1",
    "webapi_port": null,
    "webapi_url": "https://mriqc.nimh.nih.gov/api/v1"
  },
  "size_t": 290,
  "size_x": 94,
  "size_y": 94,
  "size_z": 38,
  "snr": 5.738772840937788,
  "spacing_tr": 2.5199999809265137,
  "spacing_x": 2.4468085765838623,
  "spacing_y": 2.4468085765838623,
  "spacing_z": 3.4800002574920654,
  "summary_bg_k": 28.253658395441775,
  "summary_bg_mad": 10.557149536521795,
  "summary_bg_mean": 18.172157287597656,
  "summary_bg_median": 9.727585792541504,
  "summary_bg_n": 231127.0,
  "summary_bg_p05": 1.9551724195480347,
  "summary_bg_p95": 50.6793098449707,
  "summary_bg_stdv": 23.848419189453125,
  "summary_fg_k": 3.5170492078566564,
  "summary_fg_mad": 48.951436878087684,
  "summary_fg_mean": 348.5223388671875,
  "summary_fg_median": 343.0379333496094,
  "summary_fg_n": 50581.0,
  "summary_fg_p05": 268.0862121582031,
  "summary_fg_p95": 443.57586669921875,
  "summary_fg_stdv": 59.77489471435547,
  "tsnr": 56.15982667217031
}