{
  "aor": 0.0012022758620689655,
  "aqi": 0.018664205655172416,
  "bids_meta": {
    "AcquisitionDateTime": "2018-05-18T19:42:27.882500",
    "BodyPartExamined": "BRAIN",
    "ConversionSoftware": "dcm2niix",
    "ConversionSoftwareVersion": "v1.0.20170411 GCC4.2.1",
    "EchoTime": 0.035,
    "EffectiveEchoSpacing": 0.000325002,
    "FlipAngle": 90,
    "ImageType": [
      "ORIGINAL",
      "PRIMARY",
      "M",
      "ND",
      "NORM",
      "MOSAIC"
    ],
    "MagneticFieldStrength": 3,
    "Manufacturer": "Siemens",
    "ManufacturersModelName": "Skyra",
    "PhaseEncodingDirection": "j-",
    "ProcedureStepDescription": "funktionales_Schadel-MRT",
    "ProtocolName": "ep2d_RestingState_PAINTeR_TE35",
    "RepetitionTime": 2.52,
    "ScanningSequence": "EP",
    "SequenceName": "_epfid2d1_94",
    "SequenceVariant": "SK",
    "SeriesDescription": "ep2d_RestingState_PAINTeR_TE35",
    "dataset": "ds002609",
    "modality": "bold",
    "subject_id": "033",
    "task_id": "rest"
  },
  "dummy_trs": 0,
  "dvars_nstd": 46.93282287733566,
  "dvars_std": 1.2552208795847752,
  "dvars_vstd": 0.9902708935640141,
  "efc": 0.48827044349965115,
  "fber": 1075.64208984375,
  "fd_mean": 0.197786297075074,
  "fd_num": 118,
  "fd_perc": 40.689655172413794,
  "fwhm_avg": 1.7706297746524904,
  "fwhm_x": 1.7501450832654577,
  "fwhm_y": 2.032275858270259,
  "fwhm_z": 1.5294683824217543,
  "gcor": 0.0186564,
  "gsr_x": -0.043063949793577194,
  "gsr_y": 0.06936641037464142,
  "provenance": {
    "md5sum": "c9a2d886f11dc34f2d9839d6ca79e3a7",
    "settings": {
      "fd_thres": 0.2,
      "testing": false
    },
    "software": "mriqc",
    "version": "23.0.1",
    "webapi_port": null,
    "webapi_url": "https://mriqc.nimh.nih.gov/api/v1"
  },
  "size_t": 290,
  "size_x": 94,
  "size_y": 94,
  "size_z": 38,
  "snr": 5.194786644872184,
  "spacing_tr": 2.5199999809265137,
  "spacing_x": 2.4468085765838623,
  "spacing_y": 2.4468085765838623,
  "spacing_z": 3.4800000190734863,
  "summary_bg_k": 76.17793566235032,
  "summary_bg_mad": 9.836298654231422,
  "summary_bg_mean": 17.055818557739258,
  "summary_bg_median": 9.155172348022461,
  "summary_bg_n": 230881.0,
  "summary_bg_p05": 1.848275899887085,
  "summary_bg_p95": 47.24827575683594,
  "summary_bg_stdv": 24.5125732421875,
  "summary_fg_k": 3.036702154246174,
  "summary_fg_mad": 49.815443590874025,
  "summary_fg_mean": 318.73681640625,
  "summary_fg_median": 310.836181640625,
  "summary_fg_n": 50858.0,
  "summary_fg_p05": 241.51327667236328,
  "summary_fg_p95": 417.59224700927723,
  "summary_fg_stdv": 59.83559036254883,
  "tsnr": 38.950869008898735
}