{
  "bids_meta": {
    "AcquisitionDateTime": "2018-03-02T19:20:8.970000",
    "BodyPartExamined": "BRAIN",
    "ConversionSoftware": "dcm2niix",
    "ConversionSoftwareVersion": "v1.0.20170411 GCC4.2.1",
    "EchoTime": 0.00207,
    "FlipAngle": 9,
    "ImageType": [
      "ORIGINAL",
      "PRIMARY",
      "M",
      "ND",
      "NORM"
    ],
    "InversionTime": 0.9,
    "MagneticFieldStrength": 3,
    "Manufacturer": "Siemens",
    "ManufacturersModelName": "Skyra",
    "PhaseEncodingDirection": "i-",
    "ProcedureStepDescription": "funktionales_Schadel-MRT",
    "ProtocolName": "t1_mprage_sag_p2_iso_1.0",
    "RepetitionTime": 2.3,
    "ScanningSequence": "GR_IR",
    "SequenceName": "_tfl3d1_16ns",
    "SequenceVariant": "SK_SP_MP",
    "SeriesDescription": "t1_mprage_sag_p2_iso_1.0",
    "SliceTiming": [
      1.25,
      0,
      1.315,
      0.065,
      1.38,
      0.13,
      1.4475,
      0.1975,
      1.5125,
      0.2625,
      1.5775,
      0.3275,
      1.645,
      0.395,
      1.71,
      0.46,
      1.775,
      0.525,
      1.8425,
      0.5925,
      1.9075,
      0.6575,
      1.9725,
      0.7225,
      2.0375,
      0.79,
      2.105,
      0.855,
      2.17,
      0.92,
      2.235,
      0.985,
      2.3025,
      1.0525,
      2.3675,
      1.1175,
      2.4325,
      1.1825
    ],
    "dataset": "ds002609",
    "modality": "T1w",
    "subject_id": "001"
  },
  "cjv": 0.37501114938671115,
  "cnr": 3.57657962367167,
  "efc": 0.5388990343364233,
  "fber": -1.0,
  "fwhm_avg": 3.833875728872418,
  "fwhm_x": 3.767857186617254,
  "fwhm_y": 3.83456,
  "fwhm_z": 3.89921,
  "icvs_csf": 0.21874393887238022,
  "icvs_gm": 0.44360137350717355,
  "icvs_wm": 0.33765468762044626,
  "inu_med": 0.4600481688976288,
  "inu_range": 0.12115504741668703,
  "provenance": {
    "md5sum": "ab18237b200f105b6f9df170bbce19fd",
    "settings": {
      "testing": false
    },
    "software": "mriqc",
    "version": "23.0.1",
    "warnings": {
      "large_rot_frame": true,
      "small_air_mask": false
    },
    "webapi_port": null,
    "webapi_url": "https://mriqc.nimh.nih.gov/api/v1"
  },
  "qi_1": 0.034580970687711814,
  "qi_2": 0.03281083211992063,
  "rpve_csf": 24.25989889498901,
  "rpve_gm": 12.63449724791177,
  "rpve_wm": 18.847723028083987,
  "size_x": 192,
  "size_y": 256,
  "size_z": 256,
  "snr_csf": 2.35047719801194,
  "snr_gm": 12.275801530923626,
  "snr_total": 13.561601937304765,
  "snr_wm": 26.058527082978728,
  "snrd_csf": 42.14933106268939,
  "snrd_gm": 103.7462982686673,
  "snrd_total": 95.1689658692879,
  "snrd_wm": 139.61126827650705,
  "spacing_x": 0.9999980926513672,
  "spacing_y": 1.0,
  "spacing_z": 1.0,
  "summary_bg_k": 18.730551100682028,
  "summary_bg_mad": 0.0,
  "summary_bg_mean": 2.0848592896448594,
  "summary_bg_median": 0.0,
  "summary_bg_n": 2132716.0,
  "summary_bg_p05": 0.0,
  "summary_bg_p95": 9.707848399877548,
  "summary_bg_stdv": 4.692575230907346,
  "summary_csf_k": 4.697244811011135,
  "summary_csf_mad": 122.10184112203896,
  "summary_csf_mean": 317.7460909227368,
  "summary_csf_median": 301.9049268886447,
  "summary_csf_n": 46596.0,
  "summary_csf_p05": 123.6834836229682,
  "summary_csf_p95": 539.5182539969683,
  "summary_csf_stdv": 128.44272113138885,
  "summary_gm_k": -0.01916345940755182,
  "summary_gm_mad": 60.96605689607505,
  "summary_gm_mean": 741.9970295662581,
  "summary_gm_median": 743.1083199679852,
  "summary_gm_n": 38452.0,
  "summary_gm_p05": 640.6264109164476,
  "summary_gm_p95": 839.5457196384668,
  "summary_gm_stdv": 60.53361609249762,
  "summary_wm_k": 1.0982181515312863,
  "summary_wm_mad": 35.37117554883642,
  "summary_wm_mean": 1001.9920809119708,
  "summary_wm_median": 999.999968662858,
  "summary_wm_n": 199538.0,
  "summary_wm_p05": 942.8518799692392,
  "summary_wm_p95": 1067.5885735601187,
  "summary_wm_stdv": 38.37505702786318,
  "tpm_overlap_csf": 0.1569761859892889,
  "tpm_overlap_gm": 0.4729960706766275,
  "tpm_overlap_wm": 0.5135704643896611,
  "wm2max": 0.37107558112737105
}