{
  "aor": 0.0005503103448275862,
  "aqi": 0.011774989827586207,
  "bids_meta": {
    "AcquisitionDateTime": "2018-07-06T18:04:22.245000",
    "BodyPartExamined": "BRAIN",
    "ConversionSoftware": "dcm2niix",
    "ConversionSoftwareVersion": "v1.0.20170411 GCC4.2.1",
    "EchoTime": 0.035,
    "EffectiveEchoSpacing": 0.000325002,
    "FlipAngle": 90,
    "ImageType": [
      "ORIGINAL",
      "PRIMARY",
      "M",
      "ND",
      "NORM",
      "MOSAIC"
    ],
    "MagneticFieldStrength": 3,
    "Manufacturer": "Siemens",
    "ManufacturersModelName": "Skyra",
    "PhaseEncodingDirection": "j-",
    "ProcedureStepDescription": "funktionales_Schadel-MRT",
    "ProtocolName": "ep2d_RestingState_PAINTeR_TE35",
    "RepetitionTime": 2.52,
    "ScanningSequence": "EP",
    "SequenceName": "_epfid2d1_94",
    "SequenceVariant": "SK",
    "SeriesDescription": "ep2d_RestingState_PAINTeR_TE35",
    "dataset": "ds002609",
    "modality": "bold",
    "subject_id": "046",
    "task_id": "rest"
  },
  "dummy_trs": 0,
  "dvars_nstd": 40.77136574325259,
  "dvars_std": 1.3547860620415226,
  "dvars_vstd": 0.9988814934948095,
  "efc": 0.5591492047340475,
  "fber": 877.5078735351562,
  "fd_mean": 0.06340046752827953,
  "fd_num": 2,
  "fd_perc": 0.6896551724137931,
  "fwhm_avg": 1.765719323541342,
  "fwhm_x": 1.734904822806643,
  "fwhm_y": 2.005195685087071,
  "fwhm_z": 1.557057462730312,
  "gcor": 0.00850969,
  "gsr_x": -0.04015250876545906,
  "gsr_y": 0.0762643814086914,
  "provenance": {
    "md5sum": "71738eda80523f5c9b0c37ca80e6e90e",
    "settings": {
      "fd_thres": 0.2,
      "testing": false
    },
    "software": "mriqc",
    "version": "23.0.1",
    "webapi_port": null,
    "webapi_url": "https://mriqc.nimh.nih.gov/api/v1"
  },
  "size_t": 290,
  "size_x": 94,
  "size_y": 94,
  "size_z": 38,
  "snr": 5.527914264755109,
  "spacing_tr": 2.5199999809265137,
  "spacing_x": 2.4468085765838623,
  "spacing_y": 2.4468085765838623,
  "spacing_z": 3.4800000190734863,
  "summary_bg_k": 13.599189919380269,
  "summary_bg_mad": 12.678805617747111,
  "summary_bg_mean": 25.273283004760742,
  "summary_bg_median": 11.348276138305664,
  "summary_bg_n": 206885.0,
  "summary_bg_p05": 2.1413793563842773,
  "summary_bg_p95": 84.41931304931633,
  "summary_bg_stdv": 33.24338912963867,
  "summary_fg_k": 2.922384097959813,
  "summary_fg_mad": 58.128250530552336,
  "summary_fg_mean": 367.5528564453125,
  "summary_fg_median": 361.5931091308594,
  "summary_fg_n": 70656.0,
  "summary_fg_p05": 281.49568939208984,
  "summary_fg_p95": 473.1465606689453,
  "summary_fg_stdv": 65.41175079345703,
  "tsnr": 49.73263669386506
}