{
  "aor": 0.0006558620689655172,
  "aqi": 0.013453635310344825,
  "bids_meta": {
    "AcquisitionDateTime": "2018-05-18T20:14:14.622500",
    "BodyPartExamined": "BRAIN",
    "ConversionSoftware": "dcm2niix",
    "ConversionSoftwareVersion": "v1.0.20170411 GCC4.2.1",
    "EchoTime": 0.035,
    "EffectiveEchoSpacing": 0.000325002,
    "FlipAngle": 90,
    "ImageType": [
      "ORIGINAL",
      "PRIMARY",
      "M",
      "ND",
      "NORM",
      "MOSAIC"
    ],
    "MagneticFieldStrength": 3,
    "Manufacturer": "Siemens",
    "ManufacturersModelName": "Skyra",
    "PhaseEncodingDirection": "j-",
    "ProcedureStepDescription": "funktionales_Schadel-MRT",
    "ProtocolName": "ep2d_RestingState_PAINTeR_TE35",
    "RepetitionTime": 2.52,
    "ScanningSequence": "EP",
    "SequenceName": "_epfid2d1_94",
    "SequenceVariant": "SK",
    "SeriesDescription": "ep2d_RestingState_PAINTeR_TE35",
    "dataset": "ds002609",
    "modality": "bold",
    "subject_id": "032",
    "task_id": "rest"
  },
  "dummy_trs": 0,
  "dvars_nstd": 34.27881114107268,
  "dvars_std": 1.2455283740830454,
  "dvars_vstd": 0.9914983943944641,
  "efc": 0.5183275018154,
  "fber": 847.113037109375,
  "fd_mean": 0.06883775106072076,
  "fd_num": 10,
  "fd_perc": 3.4482758620689653,
  "fwhm_avg": 1.7043134709287326,
  "fwhm_x": 1.666893781161393,
  "fwhm_y": 1.9627362949270748,
  "fwhm_z": 1.48331033669773,
  "gcor": 0.016025,
  "gsr_x": -0.04507093131542206,
  "gsr_y": 0.06768540292978287,
  "provenance": {
    "md5sum": "ef7899632f1f86fff44df1c247004324",
    "settings": {
      "fd_thres": 0.2,
      "testing": false
    },
    "software": "mriqc",
    "version": "23.0.1",
    "webapi_port": null,
    "webapi_url": "https://mriqc.nimh.nih.gov/api/v1"
  },
  "size_t": 290,
  "size_x": 94,
  "size_y": 94,
  "size_z": 38,
  "snr": 5.944092312001379,
  "spacing_tr": 2.5199999809265137,
  "spacing_x": 2.4468085765838623,
  "spacing_y": 2.4468085765838623,
  "spacing_z": 3.4800000190734863,
  "summary_bg_k": 25.882330697808698,
  "summary_bg_mad": 11.952841295016345,
  "summary_bg_mean": 20.257522583007812,
  "summary_bg_median": 10.655172348022461,
  "summary_bg_n": 223462.0,
  "summary_bg_p05": 1.8517241477966309,
  "summary_bg_p95": 59.05499954223627,
  "summary_bg_stdv": 26.375904083251953,
  "summary_fg_k": 2.4312746798565206,
  "summary_fg_mad": 52.039301673203404,
  "summary_fg_mean": 327.5552978515625,
  "summary_fg_median": 323.7482604980469,
  "summary_fg_n": 56083.0,
  "summary_fg_p05": 252.76620788574218,
  "summary_fg_p95": 413.43378906249995,
  "summary_fg_stdv": 54.465065002441406,
  "tsnr": 48.69621518359054
}