{
  "aor": 0.0006260689655172414,
  "aqi": 0.01747666620689655,
  "bids_meta": {
    "AcquisitionDateTime": "2018-05-11T18:44:52.390000",
    "BodyPartExamined": "BRAIN",
    "ConversionSoftware": "dcm2niix",
    "ConversionSoftwareVersion": "v1.0.20170411 GCC4.2.1",
    "EchoTime": 0.035,
    "EffectiveEchoSpacing": 0.000325002,
    "FlipAngle": 90,
    "ImageType": [
      "ORIGINAL",
      "PRIMARY",
      "M",
      "ND",
      "NORM",
      "MOSAIC"
    ],
    "MagneticFieldStrength": 3,
    "Manufacturer": "Siemens",
    "ManufacturersModelName": "Skyra",
    "PhaseEncodingDirection": "j-",
    "ProcedureStepDescription": "funktionales_Schadel-MRT",
    "ProtocolName": "ep2d_RestingState_PAINTeR_TE35",
    "RepetitionTime": 2.52,
    "ScanningSequence": "EP",
    "SequenceName": "_epfid2d1_94",
    "SequenceVariant": "SK",
    "SeriesDescription": "ep2d_RestingState_PAINTeR_TE35",
    "SliceTiming": [
      1.25,
      0,
      1.315,
      0.065,
      1.3825,
      0.1325,
      1.4475,
      0.1975,
      1.5125,
      0.2625,
      1.58,
      0.33,
      1.645,
      0.395,
      1.71,
      0.46,
      1.7775,
      0.5275,
      1.8425,
      0.5925,
      1.9075,
      0.6575,
      1.975,
      0.725,
      2.04,
      0.79,
      2.105,
      0.855,
      2.17,
      0.9225,
      2.2375,
      0.9875,
      2.3025,
      1.0525,
      2.3675,
      1.1175,
      2.435,
      1.185
    ],
    "dataset": "ds002609",
    "modality": "bold",
    "subject_id": "024",
    "task_id": "rest"
  },
  "dummy_trs": 0,
  "dvars_nstd": 42.49490793346021,
  "dvars_std": 1.2519383652249128,
  "dvars_vstd": 1.0013378614186847,
  "efc": 0.514715037628911,
  "fber": 1144.5811767578125,
  "fd_mean": 0.09402845961534857,
  "fd_num": 6,
  "fd_perc": 2.0689655172413794,
  "fwhm_avg": 1.756438340928138,
  "fwhm_x": 1.7233019535541423,
  "fwhm_y": 1.991949859357112,
  "fwhm_z": 1.5540632098731602,
  "gcor": 0.0415324,
  "gsr_x": -0.032562460750341415,
  "gsr_y": 0.06440116465091705,
  "provenance": {
    "md5sum": "c4dd3f4afb7b2d48030a289dfbc90a29",
    "settings": {
      "fd_thres": 0.2,
      "testing": false
    },
    "software": "mriqc",
    "version": "23.0.1",
    "webapi_port": null,
    "webapi_url": "https://mriqc.nimh.nih.gov/api/v1"
  },
  "size_t": 290,
  "size_x": 94,
  "size_y": 94,
  "size_z": 38,
  "snr": 5.008773493826313,
  "spacing_tr": 2.5199999809265137,
  "spacing_x": 2.4468085765838623,
  "spacing_y": 2.4468085765838623,
  "spacing_z": 3.4800000190734863,
  "summary_bg_k": 22.740771512227575,
  "summary_bg_mad": 8.256560862233554,
  "summary_bg_mean": 15.176152229309082,
  "summary_bg_median": 7.837931156158447,
  "summary_bg_n": 218340.0,
  "summary_bg_p05": 1.8551723957061768,
  "summary_bg_p95": 47.593101501464844,
  "summary_bg_stdv": 18.620668411254883,
  "summary_fg_k": 3.194884876697599,
  "summary_fg_mad": 42.4458681102163,
  "summary_fg_mean": 288.8019714355469,
  "summary_fg_median": 280.65692138671875,
  "summary_fg_n": 61050.0,
  "summary_fg_p05": 218.22689514160157,
  "summary_fg_p95": 390.2141510009765,
  "summary_fg_stdv": 56.0326042175293,
  "tsnr": 39.8641064139083
}