{
  "aor": 0.0008058965517241378,
  "aqi": 0.013986628689655172,
  "bids_meta": {
    "AcquisitionDateTime": "2018-05-12T11:51:38.342500",
    "BodyPartExamined": "BRAIN",
    "ConversionSoftware": "dcm2niix",
    "ConversionSoftwareVersion": "v1.0.20170411 GCC4.2.1",
    "EchoTime": 0.035,
    "EffectiveEchoSpacing": 0.000325002,
    "FlipAngle": 90,
    "ImageType": [
      "ORIGINAL",
      "PRIMARY",
      "M",
      "ND",
      "NORM",
      "MOSAIC"
    ],
    "MagneticFieldStrength": 3,
    "Manufacturer": "Siemens",
    "ManufacturersModelName": "Skyra",
    "PhaseEncodingDirection": "j-",
    "ProcedureStepDescription": "funktionales_Schadel-MRT",
    "ProtocolName": "ep2d_RestingState_PAINTeR_TE35",
    "RepetitionTime": 2.52,
    "ScanningSequence": "EP",
    "SequenceName": "_epfid2d1_94",
    "SequenceVariant": "SK",
    "SeriesDescription": "ep2d_RestingState_PAINTeR_TE35",
    "dataset": "ds002609",
    "modality": "bold",
    "subject_id": "031",
    "task_id": "rest"
  },
  "dummy_trs": 0,
  "dvars_nstd": 36.24724868612458,
  "dvars_std": 1.3473338801038066,
  "dvars_vstd": 0.9992616485121106,
  "efc": 0.48039667752587534,
  "fber": 1058.926513671875,
  "fd_mean": 0.11554960591274807,
  "fd_num": 17,
  "fd_perc": 5.862068965517241,
  "fwhm_avg": 1.7822663830005216,
  "fwhm_x": 1.7650379524292876,
  "fwhm_y": 2.057042814124488,
  "fwhm_z": 1.5247183824477888,
  "gcor": 0.0291935,
  "gsr_x": -0.03266932815313339,
  "gsr_y": 0.052013788372278214,
  "provenance": {
    "md5sum": "fdf8b9dc720e133166be9f25bcb99eb3",
    "settings": {
      "fd_thres": 0.2,
      "testing": false
    },
    "software": "mriqc",
    "version": "23.0.1",
    "webapi_port": null,
    "webapi_url": "https://mriqc.nimh.nih.gov/api/v1"
  },
  "size_t": 290,
  "size_x": 94,
  "size_y": 94,
  "size_z": 38,
  "snr": 5.687929217314902,
  "spacing_tr": 2.5199999809265137,
  "spacing_x": 2.4468085765838623,
  "spacing_y": 2.4468085765838623,
  "spacing_z": 3.4800000190734863,
  "summary_bg_k": 28.805300390333166,
  "summary_bg_mad": 12.79127868472124,
  "summary_bg_mean": 21.590890884399414,
  "summary_bg_median": 11.372413635253906,
  "summary_bg_n": 236710.0,
  "summary_bg_p05": 2.0137929916381836,
  "summary_bg_p95": 58.42948226928707,
  "summary_bg_stdv": 29.191984176635742,
  "summary_fg_k": 5.032533494784005,
  "summary_fg_mad": 50.27554435869579,
  "summary_fg_mean": 391.5543518066406,
  "summary_fg_median": 386.4413757324219,
  "summary_fg_n": 46131.0,
  "summary_fg_p05": 298.5241394042969,
  "summary_fg_p95": 494.3017120361328,
  "summary_fg_stdv": 67.93987274169922,
  "tsnr": 50.74973914655857
}