{
  "bids_meta": {
    "AcquisitionDateTime": "2018-07-06T19:10:29.440000",
    "BodyPartExamined": "BRAIN",
    "ConversionSoftware": "dcm2niix",
    "ConversionSoftwareVersion": "v1.0.20170411 GCC4.2.1",
    "EchoTime": 0.00207,
    "FlipAngle": 9,
    "ImageType": [
      "ORIGINAL",
      "PRIMARY",
      "M",
      "ND",
      "NORM"
    ],
    "InversionTime": 0.9,
    "MagneticFieldStrength": 3,
    "Manufacturer": "Siemens",
    "ManufacturersModelName": "Skyra",
    "PhaseEncodingDirection": "i-",
    "ProcedureStepDescription": "funktionales_Schadel-MRT",
    "ProtocolName": "t1_mprage_sag_p2_iso_1.0",
    "RepetitionTime": 2.3,
    "ScanningSequence": "GR_IR",
    "SequenceName": "_tfl3d1_16ns",
    "SequenceVariant": "SK_SP_MP",
    "SeriesDescription": "t1_mprage_sag_p2_iso_1.0",
    "dataset": "ds002609",
    "modality": "T1w",
    "subject_id": "048"
  },
  "cjv": 0.3354550736186414,
  "cnr": 3.998289179277874,
  "efc": 0.565871686961129,
  "fber": -1.0,
  "fwhm_avg": 3.883384759265224,
  "fwhm_x": 3.7714242777956724,
  "fwhm_y": 3.92043,
  "fwhm_z": 3.9583,
  "icvs_csf": 0.21936623181739717,
  "icvs_gm": 0.44743691620315557,
  "icvs_wm": 0.33319685197944726,
  "inu_med": 0.46358977258205414,
  "inu_range": 0.12392589896917339,
  "provenance": {
    "md5sum": "2d86613576b222408936b2449646b2b5",
    "settings": {
      "testing": false
    },
    "software": "mriqc",
    "version": "23.0.1",
    "warnings": {
      "large_rot_frame": true,
      "small_air_mask": false
    },
    "webapi_port": null,
    "webapi_url": "https://mriqc.nimh.nih.gov/api/v1"
  },
  "qi_1": 0.031740921635026745,
  "qi_2": 0.04188046821990193,
  "rpve_csf": 23.43917577613413,
  "rpve_gm": 12.206103521867838,
  "rpve_wm": 18.580541496659308,
  "size_x": 192,
  "size_y": 256,
  "size_z": 256,
  "snr_csf": 2.5232434888399897,
  "snr_gm": 12.00836219942036,
  "snr_total": 13.169857811959913,
  "snr_wm": 24.977967747619385,
  "snrd_csf": 32.5495379069933,
  "snrd_gm": 85.99644484338697,
  "snrd_total": 79.72575519832982,
  "snrd_wm": 120.63128284460917,
  "spacing_x": 0.9999935626983643,
  "spacing_y": 1.0,
  "spacing_z": 1.0,
  "summary_bg_k": 17.932456435972156,
  "summary_bg_mad": 0.0,
  "summary_bg_mean": 2.5133743842554996,
  "summary_bg_median": 0.0,
  "summary_bg_n": 2326718.0,
  "summary_bg_p05": 0.0,
  "summary_bg_p95": 10.022528000175953,
  "summary_bg_stdv": 5.430899880866249,
  "summary_csf_k": 4.56229282957744,
  "summary_csf_mad": 95.90461973885414,
  "summary_csf_mean": 284.89972474317864,
  "summary_csf_median": 269.82668272033334,
  "summary_csf_n": 39775.0,
  "summary_csf_p05": 139.57979361712933,
  "summary_csf_p95": 487.8994215425102,
  "summary_csf_stdv": 106.93509840780948,
  "summary_gm_k": 0.07493803743450789,
  "summary_gm_mad": 58.6879016312391,
  "summary_gm_mean": 712.2138525421944,
  "summary_gm_median": 712.8867851868272,
  "summary_gm_n": 43780.0,
  "summary_gm_p05": 613.3488299263641,
  "summary_gm_p95": 808.6570974674072,
  "summary_gm_stdv": 59.36518499417651,
  "summary_wm_k": 0.7078490856050665,
  "summary_wm_mad": 37.62569303187455,
  "summary_wm_mean": 1001.2520530666671,
  "summary_wm_median": 1000.0000299625099,
  "summary_wm_n": 204160.0,
  "summary_wm_p05": 938.0718408972025,
  "summary_wm_p95": 1068.4106797985733,
  "summary_wm_stdv": 40.035185848744035,
  "tpm_overlap_csf": 0.16708139178484932,
  "tpm_overlap_gm": 0.47490493962462965,
  "tpm_overlap_wm": 0.5104538929969005,
  "wm2max": 0.4157496344271218
}