{
  "aor": 0.0017410000000000001,
  "aqi": 0.01817277565517241,
  "bids_meta": {
    "AcquisitionDateTime": "2018-06-01T17:21:3.705000",
    "BodyPartExamined": "BRAIN",
    "ConversionSoftware": "dcm2niix",
    "ConversionSoftwareVersion": "v1.0.20170411 GCC4.2.1",
    "EchoTime": 0.035,
    "EffectiveEchoSpacing": 0.000325002,
    "FlipAngle": 90,
    "ImageType": [
      "ORIGINAL",
      "PRIMARY",
      "M",
      "ND",
      "NORM",
      "MOSAIC"
    ],
    "MagneticFieldStrength": 3,
    "Manufacturer": "Siemens",
    "ManufacturersModelName": "Skyra",
    "PhaseEncodingDirection": "j-",
    "ProcedureStepDescription": "funktionales_Schadel-MRT",
    "ProtocolName": "ep2d_RestingState_PAINTeR_TE35",
    "RepetitionTime": 2.52,
    "ScanningSequence": "EP",
    "SequenceName": "_epfid2d1_94",
    "SequenceVariant": "SK",
    "SeriesDescription": "ep2d_RestingState_PAINTeR_TE35",
    "dataset": "ds002609",
    "modality": "bold",
    "subject_id": "035",
    "task_id": "rest"
  },
  "dummy_trs": 0,
  "dvars_nstd": 34.59105150460205,
  "dvars_std": 1.2168636334602072,
  "dvars_vstd": 1.004008613356402,
  "efc": 0.4909144029152425,
  "fber": 825.7307739257812,
  "fd_mean": 0.05836618611761281,
  "fd_num": 5,
  "fd_perc": 1.7241379310344827,
  "fwhm_avg": 1.663424868352731,
  "fwhm_x": 1.6611434334902873,
  "fwhm_y": 1.8895593403775766,
  "fwhm_z": 1.4395718311903294,
  "gcor": 0.014705,
  "gsr_x": -0.032010067254304886,
  "gsr_y": 0.04965021088719368,
  "provenance": {
    "md5sum": "bc03820082d5293629b0e6108ad327aa",
    "settings": {
      "fd_thres": 0.2,
      "testing": false
    },
    "software": "mriqc",
    "version": "23.0.1",
    "webapi_port": null,
    "webapi_url": "https://mriqc.nimh.nih.gov/api/v1"
  },
  "size_t": 290,
  "size_x": 94,
  "size_y": 94,
  "size_z": 38,
  "snr": 5.603874740706064,
  "spacing_tr": 2.5199999809265137,
  "spacing_x": 2.4468085765838623,
  "spacing_y": 2.4468085765838623,
  "spacing_z": 3.4800000190734863,
  "summary_bg_k": 19.491256031321278,
  "summary_bg_mad": 10.11748238210649,
  "summary_bg_mean": 16.469512939453125,
  "summary_bg_median": 9.28620719909668,
  "summary_bg_n": 234697.0,
  "summary_bg_p05": 1.8206896781921387,
  "summary_bg_p95": 45.87310333251947,
  "summary_bg_stdv": 21.058496475219727,
  "summary_fg_k": 3.3661377274937028,
  "summary_fg_mad": 40.643787917318974,
  "summary_fg_mean": 278.5424499511719,
  "summary_fg_median": 272.8172302246094,
  "summary_fg_n": 47643.0,
  "summary_fg_p05": 217.2172393798828,
  "summary_fg_p95": 358.63414611816404,
  "summary_fg_stdv": 48.68316650390625,
  "tsnr": 41.74970849370584
}