{
  "aor": 0.0008074827586206896,
  "aqi": 0.009622847689655174,
  "bids_meta": {
    "AcquisitionDateTime": "2018-05-18T20:46:0.625000",
    "BodyPartExamined": "BRAIN",
    "ConversionSoftware": "dcm2niix",
    "ConversionSoftwareVersion": "v1.0.20170411 GCC4.2.1",
    "EchoTime": 0.035,
    "EffectiveEchoSpacing": 0.000325002,
    "FlipAngle": 90,
    "ImageType": [
      "ORIGINAL",
      "PRIMARY",
      "M",
      "ND",
      "NORM",
      "MOSAIC"
    ],
    "MagneticFieldStrength": 3,
    "Manufacturer": "Siemens",
    "ManufacturersModelName": "Skyra",
    "PhaseEncodingDirection": "j-",
    "ProcedureStepDescription": "funktionales_Schadel-MRT",
    "ProtocolName": "ep2d_RestingState_PAINTeR_TE35",
    "RepetitionTime": 2.52,
    "ScanningSequence": "EP",
    "SequenceName": "_epfid2d1_94",
    "SequenceVariant": "SK",
    "SeriesDescription": "ep2d_RestingState_PAINTeR_TE35",
    "dataset": "ds002609",
    "modality": "bold",
    "subject_id": "034",
    "task_id": "rest"
  },
  "dummy_trs": 0,
  "dvars_nstd": 31.080427981557115,
  "dvars_std": 1.2470072726297583,
  "dvars_vstd": 1.0211577453287193,
  "efc": 0.5096135085326041,
  "fber": 904.9153442382812,
  "fd_mean": 0.06803371705183928,
  "fd_num": 3,
  "fd_perc": 1.0344827586206897,
  "fwhm_avg": 1.7083740482486027,
  "fwhm_x": 1.6970269107840377,
  "fwhm_y": 1.9841642073930352,
  "fwhm_z": 1.443931026568736,
  "gcor": 0.0260727,
  "gsr_x": -0.03972463682293892,
  "gsr_y": 0.06693375110626221,
  "provenance": {
    "md5sum": "b556a0297ddf5bf6243531be2350c8f5",
    "settings": {
      "fd_thres": 0.2,
      "testing": false
    },
    "software": "mriqc",
    "version": "23.0.1",
    "webapi_port": null,
    "webapi_url": "https://mriqc.nimh.nih.gov/api/v1"
  },
  "size_t": 290,
  "size_x": 94,
  "size_y": 94,
  "size_z": 38,
  "snr": 5.941405530691807,
  "spacing_tr": 2.5199999809265137,
  "spacing_x": 2.4468085765838623,
  "spacing_y": 2.4468085765838623,
  "spacing_z": 3.4800000190734863,
  "summary_bg_k": 21.605851532335304,
  "summary_bg_mad": 12.929313651698621,
  "summary_bg_mean": 23.603225708007812,
  "summary_bg_median": 11.544827461242676,
  "summary_bg_n": 228640.0,
  "summary_bg_p05": 2.079310417175293,
  "summary_bg_p95": 70.77293243408191,
  "summary_bg_stdv": 32.93004608154297,
  "summary_fg_k": 3.9001169600721397,
  "summary_fg_mad": 53.33277799835715,
  "summary_fg_mean": 369.5885925292969,
  "summary_fg_median": 366.73101806640625,
  "summary_fg_n": 52317.0,
  "summary_fg_p05": 284.328955078125,
  "summary_fg_p95": 461.81171264648435,
  "summary_fg_stdv": 61.72403335571289,
  "tsnr": 56.61136694997549
}