{
  "aor": 0.0009627931034482759,
  "aqi": 0.009973997620689656,
  "bids_meta": {
    "AcquisitionDateTime": "2018-04-06T19:01:50.975000",
    "BodyPartExamined": "BRAIN",
    "ConversionSoftware": "dcm2niix",
    "ConversionSoftwareVersion": "v1.0.20170411 GCC4.2.1",
    "EchoTime": 0.035,
    "EffectiveEchoSpacing": 0.000325002,
    "FlipAngle": 90,
    "ImageType": [
      "ORIGINAL",
      "PRIMARY",
      "M",
      "ND",
      "NORM",
      "MOSAIC"
    ],
    "MagneticFieldStrength": 3,
    "Manufacturer": "Siemens",
    "ManufacturersModelName": "Skyra",
    "PhaseEncodingDirection": "j-",
    "ProcedureStepDescription": "funktionales_Schadel-MRT",
    "ProtocolName": "ep2d_RestingState_PAINTeR_TE35",
    "RepetitionTime": 2.52,
    "ScanningSequence": "EP",
    "SequenceName": "_epfid2d1_94",
    "SequenceVariant": "SK",
    "SeriesDescription": "ep2d_RestingState_PAINTeR_TE35",
    "SliceTiming": [
      1.25,
      0,
      1.315,
      0.065,
      1.38,
      0.13,
      1.445,
      0.1975,
      1.5125,
      0.2625,
      1.5775,
      0.3275,
      1.6425,
      0.3925,
      1.71,
      0.46,
      1.775,
      0.525,
      1.84,
      0.59,
      1.9075,
      0.6575,
      1.9725,
      0.7225,
      2.0375,
      0.7875,
      2.105,
      0.855,
      2.17,
      0.92,
      2.235,
      0.985,
      2.3,
      1.0525,
      2.3675,
      1.1175,
      2.4325,
      1.1825
    ],
    "dataset": "ds002609",
    "modality": "bold",
    "subject_id": "017",
    "task_id": "rest"
  },
  "dummy_trs": 0,
  "dvars_nstd": 34.17139973996542,
  "dvars_std": 1.3431110483391009,
  "dvars_vstd": 1.01228424899654,
  "efc": 0.4689047851441389,
  "fber": 1261.5394287109375,
  "fd_mean": 0.06566561057918555,
  "fd_num": 12,
  "fd_perc": 4.137931034482759,
  "fwhm_avg": 1.7120732806300076,
  "fwhm_x": 1.6677029985308873,
  "fwhm_y": 2.0109909892787043,
  "fwhm_z": 1.4575258540804312,
  "gcor": 0.0260413,
  "gsr_x": -0.04063453897833824,
  "gsr_y": 0.06325730681419373,
  "provenance": {
    "md5sum": "ee1c01127ead5a7aa7c7e1eb36a17fe2",
    "settings": {
      "fd_thres": 0.2,
      "testing": false
    },
    "software": "mriqc",
    "version": "23.0.1",
    "webapi_port": null,
    "webapi_url": "https://mriqc.nimh.nih.gov/api/v1"
  },
  "size_t": 290,
  "size_x": 94,
  "size_y": 94,
  "size_z": 38,
  "snr": 6.019497825708006,
  "spacing_tr": 2.5199999809265137,
  "spacing_x": 2.4468085765838623,
  "spacing_y": 2.4468085765838623,
  "spacing_z": 3.4800000190734863,
  "summary_bg_k": 75.67231798239094,
  "summary_bg_mad": 10.802546957872226,
  "summary_bg_mean": 18.3162841796875,
  "summary_bg_median": 9.831034660339355,
  "summary_bg_n": 238234.0,
  "summary_bg_p05": 1.8517241477966309,
  "summary_bg_p95": 50.32758712768555,
  "summary_bg_stdv": 26.787296295166016,
  "summary_fg_k": 2.581645938394723,
  "summary_fg_mad": 58.199783553851205,
  "summary_fg_mean": 363.8673095703125,
  "summary_fg_median": 362.3034362792969,
  "summary_fg_n": 45115.0,
  "summary_fg_p05": 279.2896423339844,
  "summary_fg_p95": 454.66138916015615,
  "summary_fg_stdv": 60.18764877319336,
  "tsnr": 55.54536967689637
}