{
  "aor": 0.0006529655172413793,
  "aqi": 0.012503520344827587,
  "bids_meta": {
    "AcquisitionDateTime": "2018-06-04T20:16:9.135000",
    "BodyPartExamined": "BRAIN",
    "ConversionSoftware": "dcm2niix",
    "ConversionSoftwareVersion": "v1.0.20170411 GCC4.2.1",
    "EchoTime": 0.035,
    "EffectiveEchoSpacing": 0.000325002,
    "FlipAngle": 90,
    "ImageType": [
      "ORIGINAL",
      "PRIMARY",
      "M",
      "ND",
      "NORM",
      "MOSAIC"
    ],
    "MagneticFieldStrength": 3,
    "Manufacturer": "Siemens",
    "ManufacturersModelName": "Skyra",
    "PhaseEncodingDirection": "j-",
    "ProcedureStepDescription": "funktionales_Schadel-MRT",
    "ProtocolName": "ep2d_RestingState_PAINTeR_TE35",
    "RepetitionTime": 2.52,
    "ScanningSequence": "EP",
    "SequenceName": "_epfid2d1_94",
    "SequenceVariant": "SK",
    "SeriesDescription": "ep2d_RestingState_PAINTeR_TE35",
    "SliceTiming": [
      1.25,
      0,
      1.3175,
      0.0675,
      1.3825,
      0.1325,
      1.4475,
      0.1975,
      1.515,
      0.265,
      1.58,
      0.33,
      1.645,
      0.395,
      1.7125,
      0.4625,
      1.7775,
      0.5275,
      1.8425,
      0.5925,
      1.91,
      0.66,
      1.975,
      0.725,
      2.04,
      0.79,
      2.105,
      0.8575,
      2.1725,
      0.9225,
      2.2375,
      0.9875,
      2.3025,
      1.0525,
      2.37,
      1.12,
      2.435,
      1.185
    ],
    "dataset": "ds002609",
    "modality": "bold",
    "subject_id": "044",
    "task_id": "rest"
  },
  "dummy_trs": 0,
  "dvars_nstd": 36.825339637543216,
  "dvars_std": 1.2729506015916965,
  "dvars_vstd": 1.00570980733564,
  "efc": 0.520540635713054,
  "fber": 825.3908081054688,
  "fd_mean": 0.0779650861739593,
  "fd_num": 2,
  "fd_perc": 0.6896551724137931,
  "fwhm_avg": 1.7472606876392958,
  "fwhm_x": 1.6985758672640296,
  "fwhm_y": 2.039832640675287,
  "fwhm_z": 1.5033735549785705,
  "gcor": 0.024056,
  "gsr_x": -0.042447686195373535,
  "gsr_y": 0.08472394198179245,
  "provenance": {
    "md5sum": "4c226053185dfa70a155ae872cdecfe2",
    "settings": {
      "fd_thres": 0.2,
      "testing": false
    },
    "software": "mriqc",
    "version": "23.0.1",
    "webapi_port": null,
    "webapi_url": "https://mriqc.nimh.nih.gov/api/v1"
  },
  "size_t": 290,
  "size_x": 94,
  "size_y": 94,
  "size_z": 38,
  "snr": 5.634930940306691,
  "spacing_tr": 2.5199999809265137,
  "spacing_x": 2.4468085765838623,
  "spacing_y": 2.4468085765838623,
  "spacing_z": 3.4800000190734863,
  "summary_bg_k": 32.11363560756083,
  "summary_bg_mad": 12.351610469866193,
  "summary_bg_mean": 21.87406349182129,
  "summary_bg_median": 10.986207008361816,
  "summary_bg_n": 223284.0,
  "summary_bg_p05": 2.0172414779663086,
  "summary_bg_p95": 67.1270690917968,
  "summary_bg_stdv": 29.353363037109375,
  "summary_fg_k": 3.7904073802719127,
  "summary_fg_mad": 47.325678122126284,
  "summary_fg_mean": 337.9041748046875,
  "summary_fg_median": 333.5,
  "summary_fg_n": 55793.0,
  "summary_fg_p05": 255.96620483398436,
  "summary_fg_p95": 430.0427612304687,
  "summary_fg_stdv": 59.183868408203125,
  "tsnr": 50.253809998510405
}