{
  "aor": 0.008873896551724136,
  "aqi": 0.029918245241379305,
  "bids_meta": {
    "AcquisitionDateTime": "2018-04-09T17:37:36.142500",
    "BodyPartExamined": "BRAIN",
    "ConversionSoftware": "dcm2niix",
    "ConversionSoftwareVersion": "v1.0.20170411 GCC4.2.1",
    "EchoTime": 0.035,
    "EffectiveEchoSpacing": 0.000325002,
    "FlipAngle": 90,
    "ImageType": [
      "ORIGINAL",
      "PRIMARY",
      "M",
      "ND",
      "NORM",
      "MOSAIC"
    ],
    "MagneticFieldStrength": 3,
    "Manufacturer": "Siemens",
    "ManufacturersModelName": "Skyra",
    "PhaseEncodingDirection": "j-",
    "ProcedureStepDescription": "funktionales_Schadel-MRT",
    "ProtocolName": "ep2d_RestingState_PAINTeR_TE35",
    "RepetitionTime": 2.52,
    "ScanningSequence": "EP",
    "SequenceName": "_epfid2d1_94",
    "SequenceVariant": "SK",
    "SeriesDescription": "ep2d_RestingState_PAINTeR_TE35",
    "dataset": "ds002609",
    "modality": "bold",
    "subject_id": "019",
    "task_id": "rest"
  },
  "dummy_trs": 0,
  "dvars_nstd": 35.859773622906594,
  "dvars_std": 1.2046037973702426,
  "dvars_vstd": 1.0545478933217982,
  "efc": 0.48524873775336813,
  "fber": 1181.40234375,
  "fd_mean": 0.19206657133272723,
  "fd_num": 91,
  "fd_perc": 31.379310344827587,
  "fwhm_avg": 1.842905319784009,
  "fwhm_x": 1.8227539508737454,
  "fwhm_y": 2.150470637693409,
  "fwhm_z": 1.5554913707848725,
  "gcor": 0.0232461,
  "gsr_x": -0.02913290448486805,
  "gsr_y": 0.06441037356853485,
  "provenance": {
    "md5sum": "89adcf19d6e9c108dea54432093f8dd4",
    "settings": {
      "fd_thres": 0.2,
      "testing": false
    },
    "software": "mriqc",
    "version": "23.0.1",
    "webapi_port": null,
    "webapi_url": "https://mriqc.nimh.nih.gov/api/v1"
  },
  "size_t": 290,
  "size_x": 94,
  "size_y": 94,
  "size_z": 38,
  "snr": 5.591601509837631,
  "spacing_tr": 2.5199999809265137,
  "spacing_x": 2.4468085765838623,
  "spacing_y": 2.4468085765838623,
  "spacing_z": 3.4800000190734863,
  "summary_bg_k": 50.11029491960623,
  "summary_bg_mad": 8.215660938528568,
  "summary_bg_mean": 14.513631820678711,
  "summary_bg_median": 7.496551513671875,
  "summary_bg_n": 233807.0,
  "summary_bg_p05": 1.479310393333435,
  "summary_bg_p95": 43.36896514892578,
  "summary_bg_stdv": 19.739316940307617,
  "summary_fg_k": 4.25127910458185,
  "summary_fg_mad": 39.92290380791666,
  "summary_fg_mean": 269.6736755371094,
  "summary_fg_median": 264.69482421875,
  "summary_fg_n": 48270.0,
  "summary_fg_p05": 206.65137329101563,
  "summary_fg_p95": 344.6217315673827,
  "summary_fg_stdv": 47.33743667602539,
  "tsnr": 32.054445207468234
}