{
  "bids_meta": {
    "AcquisitionDateTime": "2018-06-01T20:17:25.972500",
    "BodyPartExamined": "BRAIN",
    "ConversionSoftware": "dcm2niix",
    "ConversionSoftwareVersion": "v1.0.20170411 GCC4.2.1",
    "EchoTime": 0.00207,
    "FlipAngle": 9,
    "ImageType": [
      "ORIGINAL",
      "PRIMARY",
      "M",
      "ND",
      "NORM"
    ],
    "InversionTime": 0.9,
    "MagneticFieldStrength": 3,
    "Manufacturer": "Siemens",
    "ManufacturersModelName": "Skyra",
    "PhaseEncodingDirection": "i-",
    "ProcedureStepDescription": "funktionales_Schadel-MRT",
    "ProtocolName": "t1_mprage_sag_p2_iso_1.0",
    "RepetitionTime": 2.3,
    "ScanningSequence": "GR_IR",
    "SequenceName": "_tfl3d1_16ns",
    "SequenceVariant": "SK_SP_MP",
    "SeriesDescription": "t1_mprage_sag_p2_iso_1.0",
    "SliceTiming": [
      1.25,
      0,
      1.315,
      0.0675,
      1.3825,
      0.1325,
      1.4475,
      0.1975,
      1.5125,
      0.2625,
      1.58,
      0.33,
      1.645,
      0.395,
      1.71,
      0.46,
      1.7775,
      0.5275,
      1.8425,
      0.5925,
      1.9075,
      0.6575,
      1.975,
      0.725,
      2.04,
      0.79,
      2.105,
      0.855,
      2.1725,
      0.9225,
      2.2375,
      0.9875,
      2.3025,
      1.0525,
      2.3675,
      1.12,
      2.435,
      1.185
    ],
    "dataset": "ds002609",
    "modality": "T1w",
    "subject_id": "039"
  },
  "cjv": 0.336112070056154,
  "cnr": 3.947541002997027,
  "efc": 0.5334078235722358,
  "fber": -1.0,
  "fwhm_avg": 3.853306635660049,
  "fwhm_x": 3.693589906980146,
  "fwhm_y": 3.94719,
  "fwhm_z": 3.91914,
  "icvs_csf": 0.20483430227298852,
  "icvs_gm": 0.46980145596629513,
  "icvs_wm": 0.3253642417607164,
  "inu_med": 0.47435474395751953,
  "inu_range": 0.13744610548019398,
  "provenance": {
    "md5sum": "359ae6a4ab43a1c771be63933a819597",
    "settings": {
      "testing": false
    },
    "software": "mriqc",
    "version": "23.0.1",
    "warnings": {
      "large_rot_frame": true,
      "small_air_mask": false
    },
    "webapi_port": null,
    "webapi_url": "https://mriqc.nimh.nih.gov/api/v1"
  },
  "qi_1": 0.008687817466392527,
  "qi_2": 0.052501391842111625,
  "rpve_csf": 26.244119530192183,
  "rpve_gm": 12.572685495278007,
  "rpve_wm": 19.864339767701928,
  "size_x": 192,
  "size_y": 256,
  "size_z": 256,
  "snr_csf": 2.5879921625681654,
  "snr_gm": 13.059184820810225,
  "snr_total": 12.922282121998236,
  "snr_wm": 23.119669382616316,
  "snrd_csf": 41.37663005940673,
  "snrd_gm": 108.7664653237757,
  "snrd_total": 100.2423309777303,
  "snrd_wm": 150.5838975500085,
  "spacing_x": 0.9999973177909851,
  "spacing_y": 1.0,
  "spacing_z": 1.0,
  "summary_bg_k": 29.893889301303453,
  "summary_bg_mad": 0.0,
  "summary_bg_mean": 1.6986898223890834,
  "summary_bg_median": 0.0,
  "summary_bg_n": 3132192.0,
  "summary_bg_p05": 0.0,
  "summary_bg_p95": 8.430913031101227,
  "summary_bg_stdv": 4.350810128094294,
  "summary_csf_k": 1.0127853116833299,
  "summary_csf_mad": 89.52324533802226,
  "summary_csf_mean": 285.63435790937604,
  "summary_csf_median": 274.7853136062622,
  "summary_csf_n": 40843.0,
  "summary_csf_p05": 124.86338327080011,
  "summary_csf_p95": 485.20294814035304,
  "summary_csf_stdv": 106.17572712864236,
  "summary_gm_k": 0.33336562401138803,
  "summary_gm_mad": 52.313518930557294,
  "summary_gm_mean": 720.7815625771983,
  "summary_gm_median": 722.3262803405523,
  "summary_gm_n": 52603.0,
  "summary_gm_p05": 626.4636766165495,
  "summary_gm_p95": 810.1482910811901,
  "summary_gm_stdv": 55.31121769017888,
  "summary_wm_k": 0.5386973316810799,
  "summary_wm_mad": 41.02907624089062,
  "summary_wm_mean": 1000.8968351877606,
  "summary_wm_median": 1000.0389943048358,
  "summary_wm_n": 186383.0,
  "summary_wm_p05": 931.4987939223647,
  "summary_wm_p95": 1072.7946512028575,
  "summary_wm_stdv": 43.254784270421325,
  "tpm_overlap_csf": 0.16077925829308135,
  "tpm_overlap_gm": 0.47528286217556104,
  "tpm_overlap_wm": 0.4978580583482692,
  "wm2max": 0.44175661229697577
}