{
  "bids_meta": {
    "AcquisitionDateTime": "2018-05-18T20:38:21.730000",
    "BodyPartExamined": "BRAIN",
    "ConversionSoftware": "dcm2niix",
    "ConversionSoftwareVersion": "v1.0.20170411 GCC4.2.1",
    "EchoTime": 0.00207,
    "FlipAngle": 9,
    "ImageType": [
      "ORIGINAL",
      "PRIMARY",
      "M",
      "ND",
      "NORM"
    ],
    "InversionTime": 0.9,
    "MagneticFieldStrength": 3,
    "Manufacturer": "Siemens",
    "ManufacturersModelName": "Skyra",
    "PhaseEncodingDirection": "i-",
    "ProcedureStepDescription": "funktionales_Schadel-MRT",
    "ProtocolName": "t1_mprage_sag_p2_iso_1.0",
    "RepetitionTime": 2.3,
    "ScanningSequence": "GR_IR",
    "SequenceName": "_tfl3d1_16ns",
    "SequenceVariant": "SK_SP_MP",
    "SeriesDescription": "t1_mprage_sag_p2_iso_1.0",
    "dataset": "ds002609",
    "modality": "T1w",
    "subject_id": "034"
  },
  "cjv": 0.3082316186580489,
  "cnr": 4.400335209501321,
  "efc": 0.5654446862408311,
  "fber": -1.0,
  "fwhm_avg": 3.85612518492946,
  "fwhm_x": 3.7867255547883807,
  "fwhm_y": 3.91999,
  "fwhm_z": 3.86166,
  "icvs_csf": 0.17963348897855033,
  "icvs_gm": 0.4808028084162817,
  "icvs_wm": 0.33956370260516794,
  "inu_med": 0.46115216612815857,
  "inu_range": 0.13417968153953552,
  "provenance": {
    "md5sum": "8bb61c1347a4d2f7d2a175eae8f2375e",
    "settings": {
      "testing": false
    },
    "software": "mriqc",
    "version": "23.0.1",
    "warnings": {
      "large_rot_frame": true,
      "small_air_mask": false
    },
    "webapi_port": null,
    "webapi_url": "https://mriqc.nimh.nih.gov/api/v1"
  },
  "qi_1": 0.02708857525972868,
  "qi_2": 0.025473935973334347,
  "rpve_csf": 29.041287750293918,
  "rpve_gm": 12.471570230338477,
  "rpve_wm": 19.615330906580475,
  "size_x": 192,
  "size_y": 256,
  "size_z": 256,
  "snr_csf": 2.120253081824903,
  "snr_gm": 12.600449248044297,
  "snr_total": 13.289089276254435,
  "snr_wm": 25.146565498894102,
  "snrd_csf": 37.29902001329452,
  "snrd_gm": 91.98395945286462,
  "snrd_total": 86.96582911934547,
  "snrd_wm": 131.61450789187725,
  "spacing_x": 1.0000038146972656,
  "spacing_y": 1.0,
  "spacing_z": 1.0,
  "summary_bg_k": 18.800341121510534,
  "summary_bg_mad": 0.0,
  "summary_bg_mean": 2.21932408061694,
  "summary_bg_median": 0.0,
  "summary_bg_n": 2017680.0,
  "summary_bg_p05": 0.0,
  "summary_bg_p95": 9.084527790546417,
  "summary_bg_stdv": 4.977691584267362,
  "summary_csf_k": 13.542077171501962,
  "summary_csf_mad": 114.60674207940144,
  "summary_csf_mean": 295.19720284235945,
  "summary_csf_median": 283.39597375690937,
  "summary_csf_n": 21083.0,
  "summary_csf_p05": 87.054552218318,
  "summary_csf_p95": 514.1429796367884,
  "summary_csf_stdv": 133.6582199300024,
  "summary_gm_k": -0.021785121933549423,
  "summary_gm_mad": 55.95649693406673,
  "summary_gm_mean": 699.3989251187791,
  "summary_gm_median": 698.8892402499914,
  "summary_gm_n": 62582.0,
  "summary_gm_p05": 608.7893065564334,
  "summary_gm_p95": 790.8907307833433,
  "summary_gm_stdv": 55.46497927827186,
  "summary_wm_k": 0.6334702107039951,
  "summary_wm_mad": 36.85537325416649,
  "summary_wm_mean": 1000.334847072486,
  "summary_wm_median": 1000.0000431984663,
  "summary_wm_n": 185826.0,
  "summary_wm_p05": 935.417309269309,
  "summary_wm_p95": 1065.8628696799278,
  "summary_wm_stdv": 39.76675671870852,
  "tpm_overlap_csf": 0.16471261632657586,
  "tpm_overlap_gm": 0.4978540336497981,
  "tpm_overlap_wm": 0.523637400534128,
  "wm2max": 0.4066393525204017
}