{
  "aor": 0.0018955172413793102,
  "aqi": 0.01850133651724138,
  "bids_meta": {
    "AcquisitionDateTime": "2018-03-05T17:29:9.487500",
    "BodyPartExamined": "BRAIN",
    "ConversionSoftware": "dcm2niix",
    "ConversionSoftwareVersion": "v1.0.20170411 GCC4.2.1",
    "EchoTime": 0.035,
    "EffectiveEchoSpacing": 0.000325002,
    "FlipAngle": 90,
    "ImageType": [
      "ORIGINAL",
      "PRIMARY",
      "M",
      "ND",
      "NORM",
      "MOSAIC"
    ],
    "MagneticFieldStrength": 3,
    "Manufacturer": "Siemens",
    "ManufacturersModelName": "Skyra",
    "PhaseEncodingDirection": "j-",
    "ProcedureStepDescription": "funktionales_Schadel-MRT",
    "ProtocolName": "ep2d_RestingState_PAINTeR_TE35",
    "RepetitionTime": 2.52,
    "ScanningSequence": "EP",
    "SequenceName": "_epfid2d1_94",
    "SequenceVariant": "SK",
    "SeriesDescription": "ep2d_RestingState_PAINTeR_TE35",
    "SliceTiming": [
      1.25,
      0,
      1.315,
      0.065,
      1.38,
      0.13,
      1.4475,
      0.1975,
      1.5125,
      0.2625,
      1.5775,
      0.3275,
      1.645,
      0.395,
      1.71,
      0.46,
      1.775,
      0.525,
      1.8425,
      0.5925,
      1.9075,
      0.6575,
      1.9725,
      0.7225,
      2.0375,
      0.79,
      2.105,
      0.855,
      2.17,
      0.92,
      2.235,
      0.985,
      2.3025,
      1.0525,
      2.3675,
      1.1175,
      2.4325,
      1.1825
    ],
    "dataset": "ds002609",
    "modality": "bold",
    "subject_id": "003",
    "task_id": "rest"
  },
  "dummy_trs": 0,
  "dvars_nstd": 38.298727761660906,
  "dvars_std": 1.3403181420415233,
  "dvars_vstd": 0.9874503471972322,
  "efc": 0.48344705861598536,
  "fber": 936.7028198242188,
  "fd_mean": 0.12957498319382543,
  "fd_num": 36,
  "fd_perc": 12.413793103448276,
  "fwhm_avg": 1.7528818081788102,
  "fwhm_x": 1.7339484750063312,
  "fwhm_y": 1.9862199464680643,
  "fwhm_z": 1.5384770030620345,
  "gcor": 0.0236253,
  "gsr_x": -0.03827957808971405,
  "gsr_y": 0.06107700243592262,
  "provenance": {
    "md5sum": "f1aef197a47c5294962cf2955a90bbba",
    "settings": {
      "fd_thres": 0.2,
      "testing": false
    },
    "software": "mriqc",
    "version": "23.0.1",
    "webapi_port": null,
    "webapi_url": "https://mriqc.nimh.nih.gov/api/v1"
  },
  "size_t": 290,
  "size_x": 94,
  "size_y": 94,
  "size_z": 38,
  "snr": 6.335635625872904,
  "spacing_tr": 2.5199999809265137,
  "spacing_x": 2.4468085765838623,
  "spacing_y": 2.4468085765838623,
  "spacing_z": 3.4800000190734863,
  "summary_bg_k": 41.39430243742042,
  "summary_bg_mad": 13.169597279128745,
  "summary_bg_mean": 19.559385299682617,
  "summary_bg_median": 11.372413635253906,
  "summary_bg_n": 236301.0,
  "summary_bg_p05": 1.751724123954773,
  "summary_bg_p95": 53.07931137084961,
  "summary_bg_stdv": 23.997058868408203,
  "summary_fg_k": 3.4054696731346876,
  "summary_fg_mad": 47.47906012654322,
  "summary_fg_mean": 360.61260986328125,
  "summary_fg_median": 356.95343017578125,
  "summary_fg_n": 46492.0,
  "summary_fg_p05": 281.4198226928711,
  "summary_fg_p95": 449.0698318481445,
  "summary_fg_stdv": 56.33998107910156,
  "tsnr": 44.96772461361252
}