{
  "aor": 0.0005154137931034482,
  "aqi": 0.009371496931034484,
  "bids_meta": {
    "AcquisitionDateTime": "2018-03-18T19:46:20.400000",
    "BodyPartExamined": "BRAIN",
    "ConversionSoftware": "dcm2niix",
    "ConversionSoftwareVersion": "v1.0.20170411 GCC4.2.1",
    "EchoTime": 0.035,
    "EffectiveEchoSpacing": 0.000325002,
    "FlipAngle": 90,
    "ImageType": [
      "ORIGINAL",
      "PRIMARY",
      "M",
      "ND",
      "NORM",
      "MOSAIC"
    ],
    "MagneticFieldStrength": 3,
    "Manufacturer": "Siemens",
    "ManufacturersModelName": "Skyra",
    "PhaseEncodingDirection": "j-",
    "ProcedureStepDescription": "funktionales_Schadel-MRT",
    "ProtocolName": "ep2d_RestingState_PAINTeR_TE35",
    "RepetitionTime": 2.52,
    "ScanningSequence": "EP",
    "SequenceName": "_epfid2d1_94",
    "SequenceVariant": "SK",
    "SeriesDescription": "ep2d_RestingState_PAINTeR_TE35",
    "dataset": "ds002609",
    "modality": "bold",
    "subject_id": "015",
    "task_id": "rest"
  },
  "dummy_trs": 0,
  "dvars_nstd": 34.98607207183391,
  "dvars_std": 1.3080419185467118,
  "dvars_vstd": 1.0005866401038062,
  "efc": 0.48795279618633375,
  "fber": 1582.8896484375,
  "fd_mean": 0.04598429626860302,
  "fd_num": 1,
  "fd_perc": 0.3448275862068966,
  "fwhm_avg": 1.890102367967789,
  "fwhm_x": 1.8559441238922585,
  "fwhm_y": 2.2040179405980456,
  "fwhm_z": 1.6103450394130627,
  "gcor": 0.0175786,
  "gsr_x": -0.036798227578401566,
  "gsr_y": 0.06485269963741302,
  "provenance": {
    "md5sum": "97cd3cc187eaee143eacf63094f24db1",
    "settings": {
      "fd_thres": 0.2,
      "testing": false
    },
    "software": "mriqc",
    "version": "23.0.1",
    "webapi_port": null,
    "webapi_url": "https://mriqc.nimh.nih.gov/api/v1"
  },
  "size_t": 290,
  "size_x": 94,
  "size_y": 94,
  "size_z": 38,
  "snr": 5.176260027898934,
  "spacing_tr": 2.5199999809265137,
  "spacing_x": 2.4468085765838623,
  "spacing_y": 2.4468085765838623,
  "spacing_z": 3.479999542236328,
  "summary_bg_k": 56.26377995338609,
  "summary_bg_mad": 8.875164144510926,
  "summary_bg_mean": 17.229331970214844,
  "summary_bg_median": 8.206896781921387,
  "summary_bg_n": 227521.0,
  "summary_bg_p05": 1.7999999523162842,
  "summary_bg_p95": 52.24482727050781,
  "summary_bg_stdv": 23.80830192565918,
  "summary_fg_k": 3.2642009313730336,
  "summary_fg_mad": 51.44120234683544,
  "summary_fg_mean": 353.91717529296875,
  "summary_fg_median": 346.7241516113281,
  "summary_fg_n": 54325.0,
  "summary_fg_p05": 264.27239990234375,
  "summary_fg_p95": 465.2951599121093,
  "summary_fg_stdv": 66.98291015625,
  "tsnr": 56.376436260994524
}