{
  "bids_meta": {
    "AcquisitionDateTime": "2018-05-12T09:24:2.930000",
    "BodyPartExamined": "BRAIN",
    "ConversionSoftware": "dcm2niix",
    "ConversionSoftwareVersion": "v1.0.20170411 GCC4.2.1",
    "EchoTime": 0.00207,
    "FlipAngle": 9,
    "ImageType": [
      "ORIGINAL",
      "PRIMARY",
      "M",
      "ND",
      "NORM"
    ],
    "InversionTime": 0.9,
    "MagneticFieldStrength": 3,
    "Manufacturer": "Siemens",
    "ManufacturersModelName": "Skyra",
    "PhaseEncodingDirection": "i-",
    "ProcedureStepDescription": "funktionales_Schadel-MRT",
    "ProtocolName": "t1_mprage_sag_p2_iso_1.0",
    "RepetitionTime": 2.3,
    "ScanningSequence": "GR_IR",
    "SequenceName": "_tfl3d1_16ns",
    "SequenceVariant": "SK_SP_MP",
    "SeriesDescription": "t1_mprage_sag_p2_iso_1.0",
    "dataset": "ds002609",
    "modality": "T1w",
    "subject_id": "005"
  },
  "cjv": 0.34749435419445307,
  "cnr": 3.9035099576047214,
  "efc": 0.572167263782783,
  "fber": -1.0,
  "fwhm_avg": 3.7386131905289717,
  "fwhm_x": 3.649649571586916,
  "fwhm_y": 3.886,
  "fwhm_z": 3.68019,
  "icvs_csf": 0.21144201643842536,
  "icvs_gm": 0.44563834467395946,
  "icvs_wm": 0.3429196388876152,
  "inu_med": 0.46510666608810425,
  "inu_range": 0.11379196941852565,
  "provenance": {
    "md5sum": "5ace6163e7d352c21122bd7fb5114ab1",
    "settings": {
      "testing": false
    },
    "software": "mriqc",
    "version": "23.0.1",
    "warnings": {
      "large_rot_frame": true,
      "small_air_mask": false
    },
    "webapi_port": null,
    "webapi_url": "https://mriqc.nimh.nih.gov/api/v1"
  },
  "qi_1": 0.047612503033182506,
  "qi_2": 0.009079721832288003,
  "rpve_csf": 26.32738606869586,
  "rpve_gm": 13.528765547988318,
  "rpve_wm": 20.230436294529134,
  "size_x": 192,
  "size_y": 256,
  "size_z": 256,
  "snr_csf": 2.507240987617481,
  "snr_gm": 11.796281409358814,
  "snr_total": 13.481332787552764,
  "snr_wm": 26.140475965681993,
  "snrd_csf": 34.7001094508819,
  "snrd_gm": 86.59092932052893,
  "snrd_total": 80.60512580018514,
  "snrd_wm": 120.52433862914458,
  "spacing_x": 0.9999973773956299,
  "spacing_y": 1.0,
  "spacing_z": 1.0,
  "summary_bg_k": 75.82332686423909,
  "summary_bg_mad": 0.0,
  "summary_bg_mean": 2.333309458250831,
  "summary_bg_median": 0.0,
  "summary_bg_n": 1862356.0,
  "summary_bg_p05": 0.0,
  "summary_bg_p95": 8.277764797210693,
  "summary_bg_stdv": 5.435926866820916,
  "summary_csf_k": 7.982413776585176,
  "summary_csf_mad": 98.52196607791419,
  "summary_csf_mean": 297.6139472953525,
  "summary_csf_median": 287.9205875992775,
  "summary_csf_n": 34930.0,
  "summary_csf_p05": 131.56280809640884,
  "summary_csf_p95": 494.96243114173393,
  "summary_csf_stdv": 114.83398189391208,
  "summary_gm_k": -0.05718016503921852,
  "summary_gm_mad": 61.76088646291391,
  "summary_gm_mean": 717.8511663632928,
  "summary_gm_median": 718.4793260097504,
  "summary_gm_n": 40969.0,
  "summary_gm_p05": 616.3485705256462,
  "summary_gm_p95": 816.5478450655937,
  "summary_gm_stdv": 60.906529138354806,
  "summary_wm_k": 0.6115443129910942,
  "summary_wm_mad": 36.07926670096627,
  "summary_wm_mean": 1000.4595590950431,
  "summary_wm_median": 1000.0382980704308,
  "summary_wm_n": 188455.0,
  "summary_wm_p05": 939.0664286613464,
  "summary_wm_p95": 1063.6544534564018,
  "summary_wm_stdv": 38.25621408443001,
  "tpm_overlap_csf": 0.16927330730748386,
  "tpm_overlap_gm": 0.4704688953430522,
  "tpm_overlap_wm": 0.5053568023448126,
  "wm2max": 0.4527509451924143
}