{
  "aor": 0.0006650344827586206,
  "aqi": 0.012757998068965519,
  "bids_meta": {
    "AcquisitionDateTime": "2018-07-06T19:18:18.337500",
    "BodyPartExamined": "BRAIN",
    "ConversionSoftware": "dcm2niix",
    "ConversionSoftwareVersion": "v1.0.20170411 GCC4.2.1",
    "EchoTime": 0.035,
    "EffectiveEchoSpacing": 0.000325002,
    "FlipAngle": 90,
    "ImageType": [
      "ORIGINAL",
      "PRIMARY",
      "M",
      "ND",
      "NORM",
      "MOSAIC"
    ],
    "MagneticFieldStrength": 3,
    "Manufacturer": "Siemens",
    "ManufacturersModelName": "Skyra",
    "PhaseEncodingDirection": "j-",
    "ProcedureStepDescription": "funktionales_Schadel-MRT",
    "ProtocolName": "ep2d_RestingState_PAINTeR_TE35",
    "RepetitionTime": 2.52,
    "ScanningSequence": "EP",
    "SequenceName": "_epfid2d1_94",
    "SequenceVariant": "SK",
    "SeriesDescription": "ep2d_RestingState_PAINTeR_TE35",
    "dataset": "ds002609",
    "modality": "bold",
    "subject_id": "048",
    "task_id": "rest"
  },
  "dummy_trs": 0,
  "dvars_nstd": 37.0858532797924,
  "dvars_std": 1.1969664501730104,
  "dvars_vstd": 1.0102271837024224,
  "efc": 0.5164204258888699,
  "fber": 1048.3485107421875,
  "fd_mean": 0.09795297030791918,
  "fd_num": 23,
  "fd_perc": 7.931034482758621,
  "fwhm_avg": 1.6975078833374824,
  "fwhm_x": 1.6674087376692532,
  "fwhm_y": 1.928103426295271,
  "fwhm_z": 1.497011486047923,
  "gcor": 0.0231437,
  "gsr_x": -0.03830112889409065,
  "gsr_y": 0.06515186280012131,
  "provenance": {
    "md5sum": "2cb6ccc6f3074d1dcaa22e4692cd1eb7",
    "settings": {
      "fd_thres": 0.2,
      "testing": false
    },
    "software": "mriqc",
    "version": "23.0.1",
    "webapi_port": null,
    "webapi_url": "https://mriqc.nimh.nih.gov/api/v1"
  },
  "size_t": 290,
  "size_x": 94,
  "size_y": 94,
  "size_z": 38,
  "snr": 5.247175121649075,
  "spacing_tr": 2.5199999809265137,
  "spacing_x": 2.4468085765838623,
  "spacing_y": 2.4468085765838623,
  "spacing_z": 3.4800000190734863,
  "summary_bg_k": 40.05059556281452,
  "summary_bg_mad": 9.826074247710036,
  "summary_bg_mean": 18.673465728759766,
  "summary_bg_median": 8.917241096496582,
  "summary_bg_n": 221455.0,
  "summary_bg_p05": 1.8517241477966309,
  "summary_bg_p95": 57.71723937988281,
  "summary_bg_stdv": 25.933996200561523,
  "summary_fg_k": 3.1254060379138062,
  "summary_fg_mad": 48.6906874705789,
  "summary_fg_mean": 312.64349365234375,
  "summary_fg_median": 306.472412109375,
  "summary_fg_n": 58297.0,
  "summary_fg_p05": 238.0144836425781,
  "summary_fg_p95": 408.2131164550781,
  "summary_fg_stdv": 58.40662384033203,
  "tsnr": 46.28069180250168
}