{
  "aor": 0.0009453103448275862,
  "aqi": 0.014389994137931036,
  "bids_meta": {
    "AcquisitionDateTime": "2018-03-02T19:29:24.230000",
    "BodyPartExamined": "BRAIN",
    "ConversionSoftware": "dcm2niix",
    "ConversionSoftwareVersion": "v1.0.20170411 GCC4.2.1",
    "EchoTime": 0.035,
    "EffectiveEchoSpacing": 0.000325002,
    "FlipAngle": 90,
    "ImageType": [
      "ORIGINAL",
      "PRIMARY",
      "M",
      "ND",
      "NORM",
      "MOSAIC"
    ],
    "MagneticFieldStrength": 3,
    "Manufacturer": "Siemens",
    "ManufacturersModelName": "Skyra",
    "PhaseEncodingDirection": "j-",
    "ProcedureStepDescription": "funktionales_Schadel-MRT",
    "ProtocolName": "ep2d_RestingState_PAINTeR_TE35",
    "RepetitionTime": 2.52,
    "ScanningSequence": "EP",
    "SequenceName": "_epfid2d1_94",
    "SequenceVariant": "SK",
    "SeriesDescription": "ep2d_RestingState_PAINTeR_TE35",
    "SliceTiming": [
      1.25,
      0,
      1.315,
      0.065,
      1.38,
      0.13,
      1.4475,
      0.1975,
      1.5125,
      0.2625,
      1.5775,
      0.3275,
      1.645,
      0.395,
      1.71,
      0.46,
      1.775,
      0.525,
      1.8425,
      0.5925,
      1.9075,
      0.6575,
      1.9725,
      0.7225,
      2.0375,
      0.79,
      2.105,
      0.855,
      2.17,
      0.92,
      2.235,
      0.985,
      2.3025,
      1.0525,
      2.3675,
      1.1175,
      2.4325,
      1.1825
    ],
    "dataset": "ds002609",
    "modality": "bold",
    "subject_id": "001",
    "task_id": "rest"
  },
  "dummy_trs": 0,
  "dvars_nstd": 33.661048988096894,
  "dvars_std": 1.2273259263321803,
  "dvars_vstd": 1.0063788503806224,
  "efc": 0.5040408892323395,
  "fber": 1091.6868896484375,
  "fd_mean": 0.07698329116450604,
  "fd_num": 28,
  "fd_perc": 9.655172413793103,
  "fwhm_avg": 1.7026240154102374,
  "fwhm_x": 1.6519396076513893,
  "fwhm_y": 1.9668232513386636,
  "fwhm_z": 1.4891091872406599,
  "gcor": 0.020023,
  "gsr_x": -0.0345243364572525,
  "gsr_y": 0.06345485895872116,
  "provenance": {
    "md5sum": "23be24095d8ad9dba55c8f4348dd8b15",
    "settings": {
      "fd_thres": 0.2,
      "testing": false
    },
    "software": "mriqc",
    "version": "23.0.1",
    "webapi_port": null,
    "webapi_url": "https://mriqc.nimh.nih.gov/api/v1"
  },
  "size_t": 290,
  "size_x": 94,
  "size_y": 94,
  "size_z": 38,
  "snr": 5.917856355679408,
  "spacing_tr": 2.5199999809265137,
  "spacing_x": 2.4468085765838623,
  "spacing_y": 2.4468085765838623,
  "spacing_z": 3.4800000190734863,
  "summary_bg_k": 34.427863243024,
  "summary_bg_mad": 9.340393552409395,
  "summary_bg_mean": 16.61550521850586,
  "summary_bg_median": 8.696551322937012,
  "summary_bg_n": 224876.0,
  "summary_bg_p05": 1.862069010734558,
  "summary_bg_p95": 48.85517120361328,
  "summary_bg_stdv": 22.11263656616211,
  "summary_fg_k": 5.13556675750071,
  "summary_fg_mad": 38.235780938831226,
  "summary_fg_mean": 306.51129150390625,
  "summary_fg_median": 302.2655029296875,
  "summary_fg_n": 55053.0,
  "summary_fg_p05": 239.4165466308594,
  "summary_fg_p95": 384.4958618164062,
  "summary_fg_stdv": 51.076393127441406,
  "tsnr": 50.71232223534025
}