{
  "bids_meta": {
    "AcquisitionDateTime": "2018-05-18T19:04:19.187500",
    "BodyPartExamined": "BRAIN",
    "ConversionSoftware": "dcm2niix",
    "ConversionSoftwareVersion": "v1.0.20170411 GCC4.2.1",
    "EchoTime": 0.00207,
    "FlipAngle": 9,
    "ImageType": [
      "ORIGINAL",
      "PRIMARY",
      "M",
      "ND",
      "NORM"
    ],
    "InversionTime": 0.9,
    "MagneticFieldStrength": 3,
    "Manufacturer": "Siemens",
    "ManufacturersModelName": "Skyra",
    "PhaseEncodingDirection": "i-",
    "ProcedureStepDescription": "funktionales_Schadel-MRT",
    "ProtocolName": "t1_mprage_sag_p2_iso_1.0",
    "RepetitionTime": 2.3,
    "ScanningSequence": "GR_IR",
    "SequenceName": "_tfl3d1_16ns",
    "SequenceVariant": "SK_SP_MP",
    "SeriesDescription": "t1_mprage_sag_p2_iso_1.0",
    "SliceTiming": [
      1.25,
      0,
      1.315,
      0.065,
      1.38,
      0.1325,
      1.4475,
      0.1975,
      1.5125,
      0.2625,
      1.5775,
      0.3275,
      1.645,
      0.395,
      1.71,
      0.46,
      1.775,
      0.525,
      1.8425,
      0.5925,
      1.9075,
      0.6575,
      1.9725,
      0.7225,
      2.04,
      0.79,
      2.105,
      0.855,
      2.17,
      0.92,
      2.2375,
      0.9875,
      2.3025,
      1.0525,
      2.3675,
      1.1175,
      2.4325,
      1.185
    ],
    "dataset": "ds002609",
    "modality": "T1w",
    "subject_id": "030"
  },
  "cjv": 0.31361548111822996,
  "cnr": 4.2623461699053795,
  "efc": 0.552694609722557,
  "fber": -1.0,
  "fwhm_avg": 4.325802311868706,
  "fwhm_x": 4.206046935606118,
  "fwhm_y": 4.38361,
  "fwhm_z": 4.38775,
  "icvs_csf": 0.2128201502129385,
  "icvs_gm": 0.42883609310412263,
  "icvs_wm": 0.35834375668293883,
  "inu_med": 0.4244121015071869,
  "inu_range": 0.11371373832225795,
  "provenance": {
    "md5sum": "990f0bd99f232c117b212d257c54fdcb",
    "settings": {
      "testing": false
    },
    "software": "mriqc",
    "version": "23.0.1",
    "warnings": {
      "large_rot_frame": true,
      "small_air_mask": false
    },
    "webapi_port": null,
    "webapi_url": "https://mriqc.nimh.nih.gov/api/v1"
  },
  "qi_1": 0.021000259775767943,
  "qi_2": 0.03825509953311813,
  "rpve_csf": 24.16911026660091,
  "rpve_gm": 12.54922560446912,
  "rpve_wm": 17.34547482499438,
  "size_x": 192,
  "size_y": 256,
  "size_z": 256,
  "snr_csf": 2.4779380599407133,
  "snr_gm": 11.274973204160231,
  "snr_total": 13.854743872092493,
  "snr_wm": 27.81132035217654,
  "snrd_csf": 32.88821702108138,
  "snrd_gm": 101.68214652713796,
  "snrd_total": 93.61272621594317,
  "snrd_wm": 146.2678150996102,
  "spacing_x": 1.0000054836273193,
  "spacing_y": 1.0,
  "spacing_z": 1.0,
  "summary_bg_k": 14.663272610229232,
  "summary_bg_mad": 0.0,
  "summary_bg_mean": 2.113850356758527,
  "summary_bg_median": 0.0,
  "summary_bg_n": 2501544.0,
  "summary_bg_p05": 0.0,
  "summary_bg_p95": 8.914168998599052,
  "summary_bg_stdv": 4.479019383417682,
  "summary_csf_k": 1.5528394008427195,
  "summary_csf_mad": 78.16418610930174,
  "summary_csf_mean": 238.64275779367162,
  "summary_csf_median": 224.84930088371038,
  "summary_csf_n": 58606.0,
  "summary_csf_p05": 120.93555941432714,
  "summary_csf_p95": 415.1455847918987,
  "summary_csf_stdv": 90.73971064794411,
  "summary_gm_k": 0.018233534365605042,
  "summary_gm_mad": 61.549576501527454,
  "summary_gm_mean": 696.1986111482954,
  "summary_gm_median": 695.1778366193175,
  "summary_gm_n": 52355.0,
  "summary_gm_p05": 597.3766681775451,
  "summary_gm_p95": 799.4014515824614,
  "summary_gm_stdv": 61.65612857095833,
  "summary_wm_k": 0.5645453147137105,
  "summary_wm_mad": 34.047362870476846,
  "summary_wm_mean": 1000.2622730966982,
  "summary_wm_median": 999.9999679476023,
  "summary_wm_n": 243928.0,
  "summary_wm_p05": 941.8456273376942,
  "summary_wm_p95": 1059.2155191525817,
  "summary_wm_stdv": 35.956506397299606,
  "tpm_overlap_csf": 0.15618537107829883,
  "tpm_overlap_gm": 0.4585807072550437,
  "tpm_overlap_wm": 0.5178062759244607,
  "wm2max": 0.4455452093776365
}