{
  "bids_meta": {
    "AcquisitionDateTime": "2018-03-05T19:25:2.685000",
    "BodyPartExamined": "BRAIN",
    "ConversionSoftware": "dcm2niix",
    "ConversionSoftwareVersion": "v1.0.20170411 GCC4.2.1",
    "EchoTime": 0.00207,
    "FlipAngle": 9,
    "ImageType": [
      "ORIGINAL",
      "PRIMARY",
      "M",
      "ND",
      "NORM"
    ],
    "InversionTime": 0.9,
    "MagneticFieldStrength": 3,
    "Manufacturer": "Siemens",
    "ManufacturersModelName": "Skyra",
    "PhaseEncodingDirection": "i-",
    "ProcedureStepDescription": "funktionales_Schadel-MRT",
    "ProtocolName": "t1_mprage_sag_p2_iso_1.0",
    "RepetitionTime": 2.3,
    "ScanningSequence": "GR_IR",
    "SequenceName": "_tfl3d1_16ns",
    "SequenceVariant": "SK_SP_MP",
    "SeriesDescription": "t1_mprage_sag_p2_iso_1.0",
    "SliceTiming": [
      1.25,
      0,
      1.3175,
      0.0675,
      1.3825,
      0.1325,
      1.4475,
      0.1975,
      1.5125,
      0.265,
      1.58,
      0.33,
      1.645,
      0.395,
      1.71,
      0.46,
      1.7775,
      0.5275,
      1.8425,
      0.5925,
      1.9075,
      0.6575,
      1.975,
      0.725,
      2.04,
      0.79,
      2.105,
      0.855,
      2.1725,
      0.9225,
      2.2375,
      0.9875,
      2.3025,
      1.0525,
      2.37,
      1.12,
      2.435,
      1.185
    ],
    "dataset": "ds002609",
    "modality": "T1w",
    "subject_id": "006"
  },
  "cjv": 0.3473701218362174,
  "cnr": 3.9762277256186374,
  "efc": 0.507555646492074,
  "fber": -1.0,
  "fwhm_avg": 4.016348282012808,
  "fwhm_x": 3.930414846038424,
  "fwhm_y": 4.09865,
  "fwhm_z": 4.01998,
  "icvs_csf": 0.19996631790814604,
  "icvs_gm": 0.45926538353710095,
  "icvs_wm": 0.340768298554753,
  "inu_med": 0.4507782757282257,
  "inu_range": 0.12242625653743744,
  "provenance": {
    "md5sum": "ff55ca1ef9abc1ac7e3cd58f3b8a3b38",
    "settings": {
      "testing": false
    },
    "software": "mriqc",
    "version": "23.0.1",
    "warnings": {
      "large_rot_frame": true,
      "small_air_mask": false
    },
    "webapi_port": null,
    "webapi_url": "https://mriqc.nimh.nih.gov/api/v1"
  },
  "qi_1": 0.01413665432514305,
  "qi_2": 0.030029251207754445,
  "rpve_csf": 29.572662159606658,
  "rpve_gm": 13.99609094571208,
  "rpve_wm": 20.9552294309496,
  "size_x": 192,
  "size_y": 256,
  "size_z": 256,
  "snr_csf": 2.2266596088374238,
  "snr_gm": 12.73628362137292,
  "snr_total": 13.244689598213744,
  "snr_wm": 24.771125564430893,
  "snrd_csf": 31.324805186341475,
  "snrd_gm": 99.08016722467507,
  "snrd_total": 89.17985423710114,
  "snrd_wm": 137.13459030028687,
  "spacing_x": 1.000001311302185,
  "spacing_y": 1.0,
  "spacing_z": 1.0,
  "summary_bg_k": 18.305313703387604,
  "summary_bg_mad": 0.0,
  "summary_bg_mean": 2.0357006422224835,
  "summary_bg_median": 0.0,
  "summary_bg_n": 2887993.0,
  "summary_bg_p05": 0.0,
  "summary_bg_p95": 9.402164086699486,
  "summary_bg_stdv": 4.777324128576481,
  "summary_csf_k": 2.2134638643679443,
  "summary_csf_mad": 90.01607225390364,
  "summary_csf_mean": 246.52656790518148,
  "summary_csf_median": 228.4238024931401,
  "summary_csf_n": 41736.0,
  "summary_csf_p05": 113.34707954991609,
  "summary_csf_p95": 444.75118869077414,
  "summary_csf_stdv": 102.58463621387098,
  "summary_gm_k": -0.03937599009328663,
  "summary_gm_mad": 57.599765737340825,
  "summary_gm_mean": 722.542512786994,
  "summary_gm_median": 722.5030902661383,
  "summary_gm_n": 43879.0,
  "summary_gm_p05": 629.6345449946821,
  "summary_gm_p95": 815.6377345211804,
  "summary_gm_stdv": 56.727290220196636,
  "summary_wm_k": 0.3717300330545821,
  "summary_wm_mad": 38.794362768300324,
  "summary_wm_mean": 1000.0610209155924,
  "summary_wm_median": 999.9999803155661,
  "summary_wm_n": 176408.0,
  "summary_wm_p05": 933.8743828944862,
  "summary_wm_p95": 1066.1699275672436,
  "summary_wm_stdv": 40.36946740155127,
  "tpm_overlap_csf": 0.15128252595120095,
  "tpm_overlap_gm": 0.4714532537810935,
  "tpm_overlap_wm": 0.5038222774305714,
  "wm2max": 0.37465729524948904
}