{
  "aor": 0.00022651724137931034,
  "aqi": 0.10612660482758621,
  "bids_meta": {
    "AcquisitionDateTime": "2018-05-11T20:02:30.782500",
    "BodyPartExamined": "BRAIN",
    "ConversionSoftware": "dcm2niix",
    "ConversionSoftwareVersion": "v1.0.20170411 GCC4.2.1",
    "EchoTime": 0.035,
    "EffectiveEchoSpacing": 0.000325002,
    "FlipAngle": 90,
    "ImageType": [
      "ORIGINAL",
      "PRIMARY",
      "M",
      "ND",
      "MOSAIC"
    ],
    "MagneticFieldStrength": 3,
    "Manufacturer": "Siemens",
    "ManufacturersModelName": "Skyra",
    "PhaseEncodingDirection": "j-",
    "ProcedureStepDescription": "funktionales_Schadel-MRT",
    "ProtocolName": "ep2d_RestingState_PAINTeR_TE35",
    "RepetitionTime": 2.52,
    "ScanningSequence": "EP",
    "SequenceName": "_epfid2d1_94",
    "SequenceVariant": "SK",
    "SeriesDescription": "ep2d_RestingState_PAINTeR_TE35",
    "dataset": "ds002609",
    "modality": "bold",
    "subject_id": "026",
    "task_id": "rest"
  },
  "dummy_trs": 0,
  "dvars_nstd": 154.5315429263323,
  "dvars_std": 1.0314758136678204,
  "dvars_vstd": 1.0027160547404848,
  "efc": 0.5958985452555665,
  "fber": 97.23651885986328,
  "fd_mean": 0.11061549051817332,
  "fd_num": 20,
  "fd_perc": 6.896551724137931,
  "fwhm_avg": 2.0093357118786206,
  "fwhm_x": 2.0573697706374148,
  "fwhm_y": 2.352979327887636,
  "fwhm_z": 1.617658037110811,
  "gcor": 0.00113869,
  "gsr_x": -0.0010802000761032104,
  "gsr_y": 0.04828459769487381,
  "provenance": {
    "md5sum": "197d24e926f7f0fe96ea2f2b469b5e19",
    "settings": {
      "fd_thres": 0.2,
      "testing": false
    },
    "software": "mriqc",
    "version": "23.0.1",
    "webapi_port": null,
    "webapi_url": "https://mriqc.nimh.nih.gov/api/v1"
  },
  "size_t": 290,
  "size_x": 94,
  "size_y": 94,
  "size_z": 38,
  "snr": 3.787511621668769,
  "spacing_tr": 2.5199999809265137,
  "spacing_x": 2.4468085765838623,
  "spacing_y": 2.4468085765838623,
  "spacing_z": 3.4800000190734863,
  "summary_bg_k": 27.75740451875482,
  "summary_bg_mad": 39.82064913830537,
  "summary_bg_mean": 124.88458251953125,
  "summary_bg_median": 106.12413787841797,
  "summary_bg_n": 235984.0,
  "summary_bg_p05": 62.55172348022461,
  "summary_bg_p95": 250.60982131958,
  "summary_bg_stdv": 73.1373291015625,
  "summary_fg_k": 2.2869459386849957,
  "summary_fg_mad": 229.24094318550624,
  "summary_fg_mean": 1069.2601318359375,
  "summary_fg_median": 1055.5447998046875,
  "summary_fg_n": 46364.0,
  "summary_fg_p05": 634.483447265625,
  "summary_fg_p95": 1520.0813537597655,
  "summary_fg_stdv": 278.6878356933594,
  "tsnr": 9.626418064261088
}