{
  "bids_meta": {
    "AcquisitionDateTime": "2018-05-12T08:40:41.790000",
    "BodyPartExamined": "BRAIN",
    "ConversionSoftware": "dcm2niix",
    "ConversionSoftwareVersion": "v1.0.20170411 GCC4.2.1",
    "EchoTime": 0.00207,
    "FlipAngle": 9,
    "ImageType": [
      "ORIGINAL",
      "PRIMARY",
      "M",
      "ND",
      "NORM"
    ],
    "InversionTime": 0.9,
    "MagneticFieldStrength": 3,
    "Manufacturer": "Siemens",
    "ManufacturersModelName": "Skyra",
    "PhaseEncodingDirection": "i-",
    "ProcedureStepDescription": "funktionales_Schadel-MRT",
    "ProtocolName": "t1_mprage_sag_p2_iso_1.0",
    "RepetitionTime": 2.3,
    "ScanningSequence": "GR_IR",
    "SequenceName": "_tfl3d1_16ns",
    "SequenceVariant": "SK_SP_MP",
    "SeriesDescription": "t1_mprage_sag_p2_iso_1.0",
    "SliceTiming": [
      1.2475,
      0,
      1.315,
      0.065,
      1.38,
      0.13,
      1.445,
      0.195,
      1.5125,
      0.2625,
      1.5775,
      0.3275,
      1.6425,
      0.3925,
      1.71,
      0.46,
      1.775,
      0.525,
      1.84,
      0.59,
      1.9075,
      0.6575,
      1.9725,
      0.7225,
      2.0375,
      0.7875,
      2.105,
      0.855,
      2.17,
      0.92,
      2.235,
      0.985,
      2.3,
      1.0525,
      2.3675,
      1.1175,
      2.4325,
      1.1825
    ],
    "dataset": "ds002609",
    "modality": "T1w",
    "subject_id": "027"
  },
  "cjv": 0.3267968834912363,
  "cnr": 4.179075675503619,
  "efc": 0.5167705046112495,
  "fber": -1.0,
  "fwhm_avg": 4.286683333333333,
  "fwhm_x": 4.22754,
  "fwhm_y": 4.25335,
  "fwhm_z": 4.37916,
  "icvs_csf": 0.221227168626539,
  "icvs_gm": 0.4468052314392601,
  "icvs_wm": 0.3319675999342009,
  "inu_med": 0.42253077030181885,
  "inu_range": 0.10034225136041641,
  "provenance": {
    "md5sum": "f19bd9b2330b82801d0949b4748cab01",
    "settings": {
      "testing": false
    },
    "software": "mriqc",
    "version": "23.0.1",
    "warnings": {
      "large_rot_frame": true,
      "small_air_mask": false
    },
    "webapi_port": null,
    "webapi_url": "https://mriqc.nimh.nih.gov/api/v1"
  },
  "qi_1": 0.03135766112579609,
  "qi_2": 0.02329431532885461,
  "rpve_csf": 29.156076462925547,
  "rpve_gm": 15.140690354934705,
  "rpve_wm": 22.92325753898845,
  "size_x": 192,
  "size_y": 256,
  "size_z": 256,
  "snr_csf": 2.13517568011966,
  "snr_gm": 12.17533837536998,
  "snr_total": 13.233252769998707,
  "snr_wm": 25.389244254506483,
  "snrd_csf": 28.53090465944375,
  "snrd_gm": 87.6195900933169,
  "snrd_total": 80.07541359993708,
  "snrd_wm": 124.07574604705057,
  "spacing_x": 1.0,
  "spacing_y": 1.0,
  "spacing_z": 1.0,
  "summary_bg_k": 15.28163108400561,
  "summary_bg_mad": 0.0,
  "summary_bg_mean": 2.432420785636552,
  "summary_bg_median": 0.0,
  "summary_bg_n": 2788770.0,
  "summary_bg_p05": 0.0,
  "summary_bg_p95": 10.104607060551643,
  "summary_bg_stdv": 5.2803676506294215,
  "summary_csf_k": 0.6503719123614928,
  "summary_csf_mad": 95.13336637098428,
  "summary_csf_mean": 243.64844398600323,
  "summary_csf_median": 229.95770958065987,
  "summary_csf_n": 34546.0,
  "summary_csf_p05": 78.01023732870817,
  "summary_csf_p95": 448.92053835093975,
  "summary_csf_stdv": 107.6981081298978,
  "summary_gm_k": 0.0173941435087257,
  "summary_gm_mad": 58.14255690103167,
  "summary_gm_mean": 704.6666232004395,
  "summary_gm_median": 706.2096520513296,
  "summary_gm_n": 43596.0,
  "summary_gm_p05": 607.0331563204527,
  "summary_gm_p95": 797.4627114087343,
  "summary_gm_stdv": 58.002622247926624,
  "summary_wm_k": 0.4276059057423134,
  "summary_wm_mad": 37.88175670963925,
  "summary_wm_mean": 1000.0192016866632,
  "summary_wm_median": 1000.0445031821728,
  "summary_wm_n": 169705.0,
  "summary_wm_p05": 935.4106289446354,
  "summary_wm_p95": 1064.2777542322874,
  "summary_wm_stdv": 39.38839402752451,
  "tpm_overlap_csf": 0.15505205850935447,
  "tpm_overlap_gm": 0.49595812779918647,
  "tpm_overlap_wm": 0.5344349804923135,
  "wm2max": 0.43514303976447344
}