{
  "bids_meta": {
    "AcquisitionDateTime": "2018-06-04T18:16:34.655000",
    "BodyPartExamined": "BRAIN",
    "ConversionSoftware": "dcm2niix",
    "ConversionSoftwareVersion": "v1.0.20170411 GCC4.2.1",
    "EchoTime": 0.00207,
    "FlipAngle": 9,
    "ImageType": [
      "ORIGINAL",
      "PRIMARY",
      "M",
      "ND",
      "NORM"
    ],
    "InversionTime": 0.9,
    "MagneticFieldStrength": 3,
    "Manufacturer": "Siemens",
    "ManufacturersModelName": "Skyra",
    "PhaseEncodingDirection": "i-",
    "ProcedureStepDescription": "funktionales_Schadel-MRT",
    "ProtocolName": "t1_mprage_sag_p2_iso_1.0",
    "RepetitionTime": 2.3,
    "ScanningSequence": "GR_IR",
    "SequenceName": "_tfl3d1_16ns",
    "SequenceVariant": "SK_SP_MP",
    "SeriesDescription": "t1_mprage_sag_p2_iso_1.0",
    "dataset": "ds002609",
    "modality": "T1w",
    "subject_id": "041"
  },
  "cjv": 0.3319012592746097,
  "cnr": 4.106971924945733,
  "efc": 0.5555467625489647,
  "fber": -1.0,
  "fwhm_avg": 3.8829287845496094,
  "fwhm_x": 3.815796353648828,
  "fwhm_y": 3.97813,
  "fwhm_z": 3.85486,
  "icvs_csf": 0.20047029722742574,
  "icvs_gm": 0.45982009970530313,
  "icvs_wm": 0.33970960306727116,
  "inu_med": 0.4970499873161316,
  "inu_range": 0.14439762979745863,
  "provenance": {
    "md5sum": "d9d16af7d1eba7557854b8b4f77b0311",
    "settings": {
      "testing": false
    },
    "software": "mriqc",
    "version": "23.0.1",
    "warnings": {
      "large_rot_frame": true,
      "small_air_mask": false
    },
    "webapi_port": null,
    "webapi_url": "https://mriqc.nimh.nih.gov/api/v1"
  },
  "qi_1": 0.02718660681940101,
  "qi_2": 0.021571846813440168,
  "rpve_csf": 25.1626676012254,
  "rpve_gm": 12.022169864330195,
  "rpve_wm": 18.307005324486045,
  "size_x": 192,
  "size_y": 256,
  "size_z": 256,
  "snr_csf": 2.4089166096864467,
  "snr_gm": 11.957610816708382,
  "snr_total": 13.050209951664735,
  "snr_wm": 24.78410242859938,
  "snrd_csf": 29.04387929453285,
  "snrd_gm": 79.10849579844215,
  "snrd_total": 73.42915366840009,
  "snrd_wm": 112.13508591222529,
  "spacing_x": 1.0000035762786865,
  "spacing_y": 1.0,
  "spacing_z": 1.0,
  "summary_bg_k": 13.729081840703984,
  "summary_bg_mad": 0.0,
  "summary_bg_mean": 2.6814520264715296,
  "summary_bg_median": 0.0,
  "summary_bg_n": 2736043.0,
  "summary_bg_p05": 0.0,
  "summary_bg_p95": 10.949929609894753,
  "summary_bg_stdv": 5.842385394448509,
  "summary_csf_k": 5.004291400765153,
  "summary_csf_mad": 89.01163368759535,
  "summary_csf_mean": 266.6358089284822,
  "summary_csf_median": 259.0079503878951,
  "summary_csf_n": 35695.0,
  "summary_csf_p05": 90.45390570908785,
  "summary_csf_p95": 460.84697340652326,
  "summary_csf_stdv": 107.5190071962408,
  "summary_gm_k": -0.03347635030135221,
  "summary_gm_mad": 59.734229621995006,
  "summary_gm_mean": 704.8754295469352,
  "summary_gm_median": 705.4749521315098,
  "summary_gm_n": 50382.0,
  "summary_gm_p05": 606.41084536165,
  "summary_gm_p95": 799.1108886674047,
  "summary_gm_stdv": 58.99740020398739,
  "summary_wm_k": 0.562608096770342,
  "summary_wm_mad": 38.018998644428876,
  "summary_wm_mean": 999.5494127734901,
  "summary_wm_median": 999.9999818950891,
  "summary_wm_n": 200591.0,
  "summary_wm_p05": 933.0369508191943,
  "summary_wm_p95": 1064.904051847756,
  "summary_wm_stdv": 40.34834394905601,
  "tpm_overlap_csf": 0.145171903647271,
  "tpm_overlap_gm": 0.4590084814703344,
  "tpm_overlap_wm": 0.49500526544410467,
  "wm2max": 0.4229247038275189
}