{
  "bids_meta": {
    "AcquisitionDateTime": "2018-04-06T18:52:59.865000",
    "BodyPartExamined": "BRAIN",
    "ConversionSoftware": "dcm2niix",
    "ConversionSoftwareVersion": "v1.0.20170411 GCC4.2.1",
    "EchoTime": 0.00207,
    "FlipAngle": 9,
    "ImageType": [
      "ORIGINAL",
      "PRIMARY",
      "M",
      "ND",
      "NORM"
    ],
    "InversionTime": 0.9,
    "MagneticFieldStrength": 3,
    "Manufacturer": "Siemens",
    "ManufacturersModelName": "Skyra",
    "PhaseEncodingDirection": "i-",
    "ProcedureStepDescription": "funktionales_Schadel-MRT",
    "ProtocolName": "t1_mprage_sag_p2_iso_1.0",
    "RepetitionTime": 2.3,
    "ScanningSequence": "GR_IR",
    "SequenceName": "_tfl3d1_16ns",
    "SequenceVariant": "SK_SP_MP",
    "SeriesDescription": "t1_mprage_sag_p2_iso_1.0",
    "SliceTiming": [
      1.25,
      0,
      1.315,
      0.065,
      1.38,
      0.13,
      1.445,
      0.1975,
      1.5125,
      0.2625,
      1.5775,
      0.3275,
      1.6425,
      0.3925,
      1.71,
      0.46,
      1.775,
      0.525,
      1.84,
      0.59,
      1.9075,
      0.6575,
      1.9725,
      0.7225,
      2.0375,
      0.7875,
      2.105,
      0.855,
      2.17,
      0.92,
      2.235,
      0.985,
      2.3,
      1.0525,
      2.3675,
      1.1175,
      2.4325,
      1.1825
    ],
    "dataset": "ds002609",
    "modality": "T1w",
    "subject_id": "017"
  },
  "cjv": 0.29850017960120206,
  "cnr": 4.48250196890701,
  "efc": 0.5316600322598628,
  "fber": -1.0,
  "fwhm_avg": 3.980973027541523,
  "fwhm_x": 3.907209082624568,
  "fwhm_y": 3.97946,
  "fwhm_z": 4.05625,
  "icvs_csf": 0.2137590883520695,
  "icvs_gm": 0.4722363286848755,
  "icvs_wm": 0.314004582963055,
  "inu_med": 0.48345378041267395,
  "inu_range": 0.13298241496086127,
  "provenance": {
    "md5sum": "46316200574abf7eb57600790c38fa22",
    "settings": {
      "testing": false
    },
    "software": "mriqc",
    "version": "23.0.1",
    "warnings": {
      "large_rot_frame": true,
      "small_air_mask": false
    },
    "webapi_port": null,
    "webapi_url": "https://mriqc.nimh.nih.gov/api/v1"
  },
  "qi_1": 0.03921784767258854,
  "qi_2": 0.019135199916112115,
  "rpve_csf": 28.944976248157584,
  "rpve_gm": 14.184250998991033,
  "rpve_wm": 23.396251883593017,
  "size_x": 192,
  "size_y": 256,
  "size_z": 256,
  "snr_csf": 2.3230986508486295,
  "snr_gm": 12.24136774044946,
  "snr_total": 13.519746072138284,
  "snr_wm": 25.994771825116768,
  "snrd_csf": 46.33408370415635,
  "snrd_gm": 108.84354789748787,
  "snrd_total": 104.10125299764996,
  "snrd_wm": 157.1261273913057,
  "spacing_x": 0.9999976754188538,
  "spacing_y": 1.0,
  "spacing_z": 1.0,
  "summary_bg_k": 438.04173393766655,
  "summary_bg_mad": 0.0,
  "summary_bg_mean": 0.902790001867562,
  "summary_bg_median": 0.0,
  "summary_bg_n": 1790250.0,
  "summary_bg_p05": 0.0,
  "summary_bg_p95": 8.935898885130882,
  "summary_bg_stdv": 4.169493841805183,
  "summary_csf_k": -0.33460119091068385,
  "summary_csf_mad": 132.95699166834768,
  "summary_csf_mean": 296.08807123298305,
  "summary_csf_median": 294.8846632093191,
  "summary_csf_n": 35242.0,
  "summary_csf_p05": 88.58393639698625,
  "summary_csf_p95": 505.69665121901767,
  "summary_csf_stdv": 126.93411851504685,
  "summary_gm_k": 0.06596314074876908,
  "summary_gm_mad": 56.30562992360632,
  "summary_gm_mean": 692.2502894711369,
  "summary_gm_median": 692.7145288810134,
  "summary_gm_n": 59241.0,
  "summary_gm_p05": 598.7052253037691,
  "summary_gm_p95": 783.5324399992824,
  "summary_gm_stdv": 56.587523303224565,
  "summary_wm_k": 0.5891203017110516,
  "summary_wm_mad": 35.41914775506568,
  "summary_wm_mean": 999.6284936954629,
  "summary_wm_median": 1000.0000313594937,
  "summary_wm_n": 156175.0,
  "summary_wm_p05": 935.2603557631373,
  "summary_wm_p95": 1062.3233669511974,
  "summary_wm_stdv": 38.46915204892508,
  "tpm_overlap_csf": 0.14339941333128187,
  "tpm_overlap_gm": 0.4935769658933849,
  "tpm_overlap_wm": 0.5074956805317989,
  "wm2max": 0.3656880202361726
}