{
  "bids_meta": {
    "AcquisitionDateTime": "2018-03-18T13:38:57.940000",
    "BodyPartExamined": "BRAIN",
    "ConversionSoftware": "dcm2niix",
    "ConversionSoftwareVersion": "v1.0.20170411 GCC4.2.1",
    "EchoTime": 0.00207,
    "FlipAngle": 9,
    "ImageType": [
      "ORIGINAL",
      "PRIMARY",
      "M",
      "ND",
      "NORM"
    ],
    "InversionTime": 0.9,
    "MagneticFieldStrength": 3,
    "Manufacturer": "Siemens",
    "ManufacturersModelName": "Skyra",
    "PhaseEncodingDirection": "i-",
    "ProcedureStepDescription": "funktionales_Schadel-MRT",
    "ProtocolName": "t1_mprage_sag_p2_iso_1.0",
    "RepetitionTime": 2.3,
    "ScanningSequence": "GR_IR",
    "SequenceName": "_tfl3d1_16ns",
    "SequenceVariant": "SK_SP_MP",
    "SeriesDescription": "t1_mprage_sag_p2_iso_1.0",
    "dataset": "ds002609",
    "modality": "T1w",
    "subject_id": "009"
  },
  "cjv": 0.34083558693557353,
  "cnr": 3.9186850541796834,
  "efc": 0.5359455189370662,
  "fber": -1.0,
  "fwhm_avg": 3.9798295751786092,
  "fwhm_x": 3.976738725535829,
  "fwhm_y": 3.93566,
  "fwhm_z": 4.02709,
  "icvs_csf": 0.22749876745744882,
  "icvs_gm": 0.4496826721790308,
  "icvs_wm": 0.32281856036352036,
  "inu_med": 0.4700278043746948,
  "inu_range": 0.12352838516235348,
  "provenance": {
    "md5sum": "98d1a5ae972f7b3ba841568559daec90",
    "settings": {
      "testing": false
    },
    "software": "mriqc",
    "version": "23.0.1",
    "warnings": {
      "large_rot_frame": true,
      "small_air_mask": false
    },
    "webapi_port": null,
    "webapi_url": "https://mriqc.nimh.nih.gov/api/v1"
  },
  "qi_1": 0.00910826316093259,
  "qi_2": 0.019895203363996916,
  "rpve_csf": 27.816220350590097,
  "rpve_gm": 14.77865078083441,
  "rpve_wm": 23.070514167339372,
  "size_x": 192,
  "size_y": 256,
  "size_z": 256,
  "snr_csf": 1.9402666024476198,
  "snr_gm": 11.774993121022613,
  "snr_total": 13.604661965349498,
  "snr_wm": 27.09872617257826,
  "snrd_csf": 30.036943546644494,
  "snrd_gm": 83.48896316173422,
  "snrd_total": 76.52518850106308,
  "snrd_wm": 116.04965879481055,
  "spacing_x": 0.9999952912330627,
  "spacing_y": 1.0,
  "spacing_z": 1.0,
  "summary_bg_k": 243.44111089601373,
  "summary_bg_mad": 0.0,
  "summary_bg_mean": 1.8216159932523164,
  "summary_bg_median": 0.0,
  "summary_bg_n": 2040083.0,
  "summary_bg_p05": 0.0,
  "summary_bg_p95": 8.510113466531038,
  "summary_bg_stdv": 5.645542954813341,
  "summary_csf_k": -0.3950123937656209,
  "summary_csf_mad": 136.65491585453262,
  "summary_csf_mean": 274.55384663855085,
  "summary_csf_median": 258.8390066921711,
  "summary_csf_n": 38512.0,
  "summary_csf_p05": 72.1098503395915,
  "summary_csf_p95": 509.96752169039087,
  "summary_csf_stdv": 133.40210352831156,
  "summary_gm_k": 0.048803152372207226,
  "summary_gm_mad": 60.708428274359726,
  "summary_gm_mean": 718.0384664280436,
  "summary_gm_median": 719.4540370255709,
  "summary_gm_n": 50162.0,
  "summary_gm_p05": 615.3613713657484,
  "summary_gm_p95": 816.518664535135,
  "summary_gm_stdv": 61.09955719634491,
  "summary_wm_k": 0.6519345915633901,
  "summary_wm_mad": 34.92563192892381,
  "summary_wm_mean": 1000.5377069402305,
  "summary_wm_median": 1000.0411114655435,
  "summary_wm_n": 166767.0,
  "summary_wm_p05": 941.2925503849983,
  "summary_wm_p95": 1061.256372101605,
  "summary_wm_stdv": 36.90351003120806,
  "tpm_overlap_csf": 0.14550187443491056,
  "tpm_overlap_gm": 0.4671507317646401,
  "tpm_overlap_wm": 0.5047025616993327,
  "wm2max": 0.424404936081514
}