{
  "aor": 0.00035024137931034485,
  "aqi": 0.01366153524137931,
  "bids_meta": {
    "AcquisitionDateTime": "2018-03-02T20:10:27.382500",
    "BodyPartExamined": "BRAIN",
    "ConversionSoftware": "dcm2niix",
    "ConversionSoftwareVersion": "v1.0.20170411 GCC4.2.1",
    "EchoTime": 0.035,
    "EffectiveEchoSpacing": 0.000325002,
    "FlipAngle": 90,
    "ImageType": [
      "ORIGINAL",
      "PRIMARY",
      "M",
      "ND",
      "NORM",
      "MOSAIC"
    ],
    "MagneticFieldStrength": 3,
    "Manufacturer": "Siemens",
    "ManufacturersModelName": "Skyra",
    "PhaseEncodingDirection": "j-",
    "ProcedureStepDescription": "funktionales_Schadel-MRT",
    "ProtocolName": "ep2d_RestingState_PAINTeR_TE35",
    "RepetitionTime": 2.52,
    "ScanningSequence": "EP",
    "SequenceName": "_epfid2d1_94",
    "SequenceVariant": "SK",
    "SeriesDescription": "ep2d_RestingState_PAINTeR_TE35",
    "SliceTiming": [
      1.25,
      0,
      1.315,
      0.065,
      1.3825,
      0.1325,
      1.4475,
      0.1975,
      1.5125,
      0.2625,
      1.5775,
      0.33,
      1.645,
      0.395,
      1.71,
      0.46,
      1.775,
      0.525,
      1.8425,
      0.5925,
      1.9075,
      0.6575,
      1.9725,
      0.7225,
      2.04,
      0.79,
      2.105,
      0.855,
      2.17,
      0.92,
      2.2375,
      0.9875,
      2.3025,
      1.0525,
      2.3675,
      1.1175,
      2.435,
      1.185
    ],
    "dataset": "ds002609",
    "modality": "bold",
    "subject_id": "002",
    "task_id": "rest"
  },
  "dummy_trs": 0,
  "dvars_nstd": 34.382798066436,
  "dvars_std": 1.2171540482698961,
  "dvars_vstd": 0.9780148732525944,
  "efc": 0.48538837277059527,
  "fber": 1091.1025390625,
  "fd_mean": 0.07534179835870725,
  "fd_num": 3,
  "fd_perc": 1.0344827586206897,
  "fwhm_avg": 1.75319432706343,
  "fwhm_x": 1.7105138669422806,
  "fwhm_y": 2.035847858173988,
  "fwhm_z": 1.5132212560740215,
  "gcor": 0.0381151,
  "gsr_x": -0.04333468899130821,
  "gsr_y": 0.06233455240726471,
  "provenance": {
    "md5sum": "53116fb339cb2f8c8d327415be410f14",
    "settings": {
      "fd_thres": 0.2,
      "testing": false
    },
    "software": "mriqc",
    "version": "23.0.1",
    "webapi_port": null,
    "webapi_url": "https://mriqc.nimh.nih.gov/api/v1"
  },
  "size_t": 290,
  "size_x": 94,
  "size_y": 94,
  "size_z": 38,
  "snr": 5.458596197747828,
  "spacing_tr": 2.5199999809265137,
  "spacing_x": 2.4468085765838623,
  "spacing_y": 2.4468085765838623,
  "spacing_z": 3.4800000190734863,
  "summary_bg_k": 46.64103333910302,
  "summary_bg_mad": 9.271376245660662,
  "summary_bg_mean": 16.293790817260742,
  "summary_bg_median": 8.812068939208984,
  "summary_bg_n": 233140.0,
  "summary_bg_p05": 1.9896551370620728,
  "summary_bg_p95": 46.965518951416016,
  "summary_bg_stdv": 20.519664764404297,
  "summary_fg_k": 3.8415870612743603,
  "summary_fg_mad": 44.39881918621931,
  "summary_fg_mean": 308.6690673828125,
  "summary_fg_median": 303.43621826171875,
  "summary_fg_n": 49278.0,
  "summary_fg_p05": 235.3137969970703,
  "summary_fg_p95": 396.2439498901366,
  "summary_fg_stdv": 55.58812713623047,
  "tsnr": 48.04980321088806
}