{
  "bids_meta": {
    "AcquisitionDateTime": "2018-03-18T10:49:24.910000",
    "BodyPartExamined": "BRAIN",
    "ConversionSoftware": "dcm2niix",
    "ConversionSoftwareVersion": "v1.0.20170411 GCC4.2.1",
    "EchoTime": 0.00207,
    "FlipAngle": 9,
    "ImageType": [
      "ORIGINAL",
      "PRIMARY",
      "M",
      "ND",
      "NORM"
    ],
    "InversionTime": 0.9,
    "MagneticFieldStrength": 3,
    "Manufacturer": "Siemens",
    "ManufacturersModelName": "Skyra",
    "PhaseEncodingDirection": "i-",
    "ProcedureStepDescription": "funktionales_Schadel-MRT",
    "ProtocolName": "t1_mprage_sag_p2_iso_1.0",
    "RepetitionTime": 2.3,
    "ScanningSequence": "GR_IR",
    "SequenceName": "_tfl3d1_16ns",
    "SequenceVariant": "SK_SP_MP",
    "SeriesDescription": "t1_mprage_sag_p2_iso_1.0",
    "SliceTiming": [
      1.25,
      0,
      1.315,
      0.0675,
      1.3825,
      0.1325,
      1.4475,
      0.1975,
      1.5125,
      0.2625,
      1.58,
      0.33,
      1.645,
      0.395,
      1.71,
      0.46,
      1.7775,
      0.5275,
      1.8425,
      0.5925,
      1.9075,
      0.6575,
      1.975,
      0.725,
      2.04,
      0.79,
      2.105,
      0.855,
      2.17,
      0.9225,
      2.2375,
      0.9875,
      2.3025,
      1.0525,
      2.3675,
      1.1175,
      2.435,
      1.185
    ],
    "dataset": "ds002609",
    "modality": "T1w",
    "subject_id": "007"
  },
  "cjv": 0.33520450681058306,
  "cnr": 4.0361226071235246,
  "efc": 0.525309274121858,
  "fber": -1.0,
  "fwhm_avg": 4.019488411697055,
  "fwhm_x": 3.9970952350911677,
  "fwhm_y": 3.9682,
  "fwhm_z": 4.09317,
  "icvs_csf": 0.22305366118147388,
  "icvs_gm": 0.4671498433918234,
  "icvs_wm": 0.30979649542670273,
  "inu_med": 0.5194250345230103,
  "inu_range": 0.14619509577751155,
  "provenance": {
    "md5sum": "388aeed6dec5cc0acdbb1757de9b4d78",
    "settings": {
      "testing": false
    },
    "software": "mriqc",
    "version": "23.0.1",
    "warnings": {
      "large_rot_frame": true,
      "small_air_mask": false
    },
    "webapi_port": null,
    "webapi_url": "https://mriqc.nimh.nih.gov/api/v1"
  },
  "qi_1": 0.004014954769276224,
  "qi_2": 0.07540618756979181,
  "rpve_csf": 29.320742465053367,
  "rpve_gm": 14.996665846990583,
  "rpve_wm": 24.983625210349075,
  "size_x": 192,
  "size_y": 256,
  "size_z": 256,
  "snr_csf": 2.4515543717292956,
  "snr_gm": 12.632313960009022,
  "snr_total": 13.346946817188558,
  "snr_wm": 24.95697211982736,
  "snrd_csf": 48.27096704122899,
  "snrd_gm": 129.8581927277792,
  "snrd_total": 119.60079658443219,
  "snrd_wm": 180.67322998428835,
  "spacing_x": 1.0000011920928955,
  "spacing_y": 1.0,
  "spacing_z": 1.0,
  "summary_bg_k": 8.731183508492974,
  "summary_bg_mad": 0.0,
  "summary_bg_mean": 1.6219702242353498,
  "summary_bg_median": 0.0,
  "summary_bg_n": 1967914.0,
  "summary_bg_p05": 0.0,
  "summary_bg_p95": 8.775152005255222,
  "summary_bg_stdv": 3.6260844944507657,
  "summary_csf_k": 0.7565762349161425,
  "summary_csf_mad": 97.18212134013363,
  "summary_csf_mean": 271.2978202391813,
  "summary_csf_median": 267.17276756465435,
  "summary_csf_n": 31112.0,
  "summary_csf_p05": 98.50822382457555,
  "summary_csf_p95": 468.63393174111843,
  "summary_csf_stdv": 108.97921616004056,
  "summary_gm_k": 0.09277699289764474,
  "summary_gm_mad": 57.183751348957834,
  "summary_gm_mean": 715.8303228944242,
  "summary_gm_median": 718.746171221137,
  "summary_gm_n": 34864.0,
  "summary_gm_p05": 618.382921077311,
  "summary_gm_p95": 804.3753289282322,
  "summary_gm_stdv": 56.89661178203326,
  "summary_wm_k": 0.5392170906846543,
  "summary_wm_mad": 37.093798494085874,
  "summary_wm_mean": 1001.4863667479116,
  "summary_wm_median": 999.9999966546893,
  "summary_wm_n": 131983.0,
  "summary_wm_p05": 937.8800833895802,
  "summary_wm_p95": 1069.7114367708564,
  "summary_wm_stdv": 40.06881137180835,
  "tpm_overlap_csf": 0.15632132541841953,
  "tpm_overlap_gm": 0.4939290993866175,
  "tpm_overlap_wm": 0.5042923384511214,
  "wm2max": 0.42473379097599867
}