{
  "bids_meta": {
    "AcquisitionDateTime": "2018-03-18T18:12:24.835000",
    "BodyPartExamined": "BRAIN",
    "ConversionSoftware": "dcm2niix",
    "ConversionSoftwareVersion": "v1.0.20170411 GCC4.2.1",
    "EchoTime": 0.00207,
    "FlipAngle": 9,
    "ImageType": [
      "ORIGINAL",
      "PRIMARY",
      "M",
      "ND",
      "NORM"
    ],
    "InversionTime": 0.9,
    "MagneticFieldStrength": 3,
    "Manufacturer": "Siemens",
    "ManufacturersModelName": "Skyra",
    "PhaseEncodingDirection": "i-",
    "ProcedureStepDescription": "funktionales_Schadel-MRT",
    "ProtocolName": "t1_mprage_sag_p2_iso_1.0",
    "RepetitionTime": 2.3,
    "ScanningSequence": "GR_IR",
    "SequenceName": "_tfl3d1_16ns",
    "SequenceVariant": "SK_SP_MP",
    "SeriesDescription": "t1_mprage_sag_p2_iso_1.0",
    "dataset": "ds002609",
    "modality": "T1w",
    "subject_id": "013"
  },
  "cjv": 0.3352976780432968,
  "cnr": 4.026634230632529,
  "efc": 0.5829579734389844,
  "fber": -1.0,
  "fwhm_avg": 4.041888428950593,
  "fwhm_x": 3.9536752868517793,
  "fwhm_y": 4.09879,
  "fwhm_z": 4.0732,
  "icvs_csf": 0.19524587037303806,
  "icvs_gm": 0.43145835907141367,
  "icvs_wm": 0.3732957705555483,
  "inu_med": 0.39233455061912537,
  "inu_range": 0.10053284466266632,
  "provenance": {
    "md5sum": "f3e7ef2d1dd958d9a743836a1289ee21",
    "settings": {
      "testing": false
    },
    "software": "mriqc",
    "version": "23.0.1",
    "warnings": {
      "large_rot_frame": true,
      "small_air_mask": false
    },
    "webapi_port": null,
    "webapi_url": "https://mriqc.nimh.nih.gov/api/v1"
  },
  "qi_1": 0.038670211126812556,
  "qi_2": 0.015905534815200708,
  "rpve_csf": 21.237272635933103,
  "rpve_gm": 10.470270878489618,
  "rpve_wm": 14.286451218758796,
  "size_x": 192,
  "size_y": 256,
  "size_z": 256,
  "snr_csf": 2.374231608768686,
  "snr_gm": 11.309994025533046,
  "snr_total": 13.776805289537903,
  "snr_wm": 27.646190234311973,
  "snrd_csf": 40.79938232086125,
  "snrd_gm": 111.22823571798273,
  "snrd_total": 103.02067553451656,
  "snrd_wm": 157.0344085647057,
  "spacing_x": 1.0000011920928955,
  "spacing_y": 1.0,
  "spacing_z": 1.0,
  "summary_bg_k": 28.32344838827273,
  "summary_bg_mad": 0.0,
  "summary_bg_mean": 1.3111973773028838,
  "summary_bg_median": 0.0,
  "summary_bg_n": 2477452.0,
  "summary_bg_p05": 0.0,
  "summary_bg_p95": 7.894936978816986,
  "summary_bg_stdv": 4.171929173760841,
  "summary_csf_k": 1.06545855742855,
  "summary_csf_mad": 84.5802489080444,
  "summary_csf_mean": 272.00955336376893,
  "summary_csf_median": 259.81174817308784,
  "summary_csf_n": 39897.0,
  "summary_csf_p05": 103.40849185138943,
  "summary_csf_p95": 482.1301369823514,
  "summary_csf_stdv": 109.42845304645459,
  "summary_gm_k": -0.10071932687165441,
  "summary_gm_mad": 63.421118110023976,
  "summary_gm_mean": 707.050192424269,
  "summary_gm_median": 708.3048988543451,
  "summary_gm_n": 49191.0,
  "summary_gm_p05": 602.4444217681885,
  "summary_gm_p95": 808.1303039230406,
  "summary_gm_stdv": 62.625824353330486,
  "summary_wm_k": 0.5494392048364691,
  "summary_wm_mad": 34.38358754678318,
  "summary_wm_mean": 1000.6323086626747,
  "summary_wm_median": 1000.000046364963,
  "summary_wm_n": 290554.0,
  "summary_wm_p05": 942.6858404129744,
  "summary_wm_p95": 1060.5785051062703,
  "summary_wm_stdv": 36.17128859483073,
  "tpm_overlap_csf": 0.15495632113904143,
  "tpm_overlap_gm": 0.45245838709282804,
  "tpm_overlap_wm": 0.5083767558130988,
  "wm2max": 0.46657339685125826
}