{
  "aor": 0.001321896551724138,
  "aqi": 0.013938892413793104,
  "bids_meta": {
    "AcquisitionDateTime": "2018-04-06T20:14:13.367500",
    "BodyPartExamined": "BRAIN",
    "ConversionSoftware": "dcm2niix",
    "ConversionSoftwareVersion": "v1.0.20170411 GCC4.2.1",
    "EchoTime": 0.035,
    "EffectiveEchoSpacing": 0.000325002,
    "FlipAngle": 90,
    "ImageType": [
      "ORIGINAL",
      "PRIMARY",
      "M",
      "ND",
      "NORM",
      "MOSAIC"
    ],
    "MagneticFieldStrength": 3,
    "Manufacturer": "Siemens",
    "ManufacturersModelName": "Skyra",
    "PhaseEncodingDirection": "j-",
    "ProcedureStepDescription": "funktionales_Schadel-MRT",
    "ProtocolName": "ep2d_RestingState_PAINTeR_TE35",
    "RepetitionTime": 2.52,
    "ScanningSequence": "EP",
    "SequenceName": "_epfid2d1_94",
    "SequenceVariant": "SK",
    "SeriesDescription": "ep2d_RestingState_PAINTeR_TE35",
    "dataset": "ds002609",
    "modality": "bold",
    "subject_id": "018",
    "task_id": "rest"
  },
  "dummy_trs": 0,
  "dvars_nstd": 38.87551538674742,
  "dvars_std": 1.3587061706574393,
  "dvars_vstd": 1.017673280484429,
  "efc": 0.5196341504790941,
  "fber": 843.6119995117188,
  "fd_mean": 0.045800092090008904,
  "fd_num": 1,
  "fd_perc": 0.3448275862068966,
  "fwhm_avg": 1.7060062665798903,
  "fwhm_x": 1.6452819556569112,
  "fwhm_y": 1.9762109902160836,
  "fwhm_z": 1.4965258538666766,
  "gcor": 0.0146639,
  "gsr_x": -0.042435307055711746,
  "gsr_y": 0.06483209878206253,
  "provenance": {
    "md5sum": "9144b3f4181e89cc9c40603c08c217da",
    "settings": {
      "fd_thres": 0.2,
      "testing": false
    },
    "software": "mriqc",
    "version": "23.0.1",
    "webapi_port": null,
    "webapi_url": "https://mriqc.nimh.nih.gov/api/v1"
  },
  "size_t": 290,
  "size_x": 94,
  "size_y": 94,
  "size_z": 38,
  "snr": 5.648654990823024,
  "spacing_tr": 2.5199999809265137,
  "spacing_x": 2.4468085765838623,
  "spacing_y": 2.4468085765838623,
  "spacing_z": 3.4800000190734863,
  "summary_bg_k": 19.213794737467143,
  "summary_bg_mad": 11.727894454108258,
  "summary_bg_mean": 22.032114028930664,
  "summary_bg_median": 10.744827270507812,
  "summary_bg_n": 225603.0,
  "summary_bg_p05": 2.0862069129943848,
  "summary_bg_p95": 70.53379516601558,
  "summary_bg_stdv": 29.80063247680664,
  "summary_fg_k": 3.808654190463849,
  "summary_fg_mad": 46.14983991245454,
  "summary_fg_mean": 329.99615478515625,
  "summary_fg_median": 323.10345458984375,
  "summary_fg_n": 54782.0,
  "summary_fg_p05": 256.4344787597656,
  "summary_fg_p95": 421.9551696777344,
  "summary_fg_stdv": 57.199546813964844,
  "tsnr": 49.51511056534946
}