{
  "bids_meta": {
    "AcquisitionDateTime": "2018-05-18T19:34:47.095000",
    "BodyPartExamined": "BRAIN",
    "ConversionSoftware": "dcm2niix",
    "ConversionSoftwareVersion": "v1.0.20170411 GCC4.2.1",
    "EchoTime": 0.00207,
    "FlipAngle": 9,
    "ImageType": [
      "ORIGINAL",
      "PRIMARY",
      "M",
      "ND",
      "NORM"
    ],
    "InversionTime": 0.9,
    "MagneticFieldStrength": 3,
    "Manufacturer": "Siemens",
    "ManufacturersModelName": "Skyra",
    "PhaseEncodingDirection": "i-",
    "ProcedureStepDescription": "funktionales_Schadel-MRT",
    "ProtocolName": "t1_mprage_sag_p2_iso_1.0",
    "RepetitionTime": 2.3,
    "ScanningSequence": "GR_IR",
    "SequenceName": "_tfl3d1_16ns",
    "SequenceVariant": "SK_SP_MP",
    "SeriesDescription": "t1_mprage_sag_p2_iso_1.0",
    "dataset": "ds002609",
    "modality": "T1w",
    "subject_id": "033"
  },
  "cjv": 0.3351223026225324,
  "cnr": 3.943681740113105,
  "efc": 0.5389364736387097,
  "fber": -1.0,
  "fwhm_avg": 4.247723003906487,
  "fwhm_x": 4.145149011719463,
  "fwhm_y": 4.24169,
  "fwhm_z": 4.35633,
  "icvs_csf": 0.23799368244174893,
  "icvs_gm": 0.42148799807107595,
  "icvs_wm": 0.34051831948717515,
  "inu_med": 0.4304237961769104,
  "inu_range": 0.10065034031867981,
  "provenance": {
    "md5sum": "028549f4dc5023a07bc44816cf2c5268",
    "settings": {
      "testing": false
    },
    "software": "mriqc",
    "version": "23.0.1",
    "warnings": {
      "large_rot_frame": true,
      "small_air_mask": false
    },
    "webapi_port": null,
    "webapi_url": "https://mriqc.nimh.nih.gov/api/v1"
  },
  "qi_1": 0.014615253096412767,
  "qi_2": 0.04369329081227362,
  "rpve_csf": 24.90953190488623,
  "rpve_gm": 14.24946438212796,
  "rpve_wm": 20.68375384676409,
  "size_x": 192,
  "size_y": 256,
  "size_z": 256,
  "snr_csf": 2.4329569311124057,
  "snr_gm": 10.976953943987205,
  "snr_total": 13.439292279972108,
  "snr_wm": 26.90796596481671,
  "snrd_csf": 36.10182590688232,
  "snrd_gm": 98.54641753030424,
  "snrd_total": 91.38693232516198,
  "snrd_wm": 139.51255353829936,
  "spacing_x": 1.000000238418579,
  "spacing_y": 1.0,
  "spacing_z": 1.0,
  "summary_bg_k": 26.469401735219385,
  "summary_bg_mad": 0.0,
  "summary_bg_mean": 2.102428159574643,
  "summary_bg_median": 0.0,
  "summary_bg_n": 2134770.0,
  "summary_bg_p05": 0.0,
  "summary_bg_p95": 9.731616739183664,
  "summary_bg_stdv": 4.696100573881362,
  "summary_csf_k": 0.30135081281261566,
  "summary_csf_mad": 98.40881299843178,
  "summary_csf_mean": 266.65137915797857,
  "summary_csf_median": 258.78245409578085,
  "summary_csf_n": 46846.0,
  "summary_csf_p05": 96.4433766528964,
  "summary_csf_p95": 459.5243240520358,
  "summary_csf_stdv": 106.36427168801217,
  "summary_gm_k": 0.0920351527069192,
  "summary_gm_mad": 62.62967191484679,
  "summary_gm_mean": 704.6836869212163,
  "summary_gm_median": 706.3931845612824,
  "summary_gm_n": 41614.0,
  "summary_gm_p05": 595.243283957243,
  "summary_gm_p95": 808.5969800911844,
  "summary_gm_stdv": 64.35161345018477,
  "summary_wm_k": 0.3463869207028152,
  "summary_wm_mad": 35.779141083584996,
  "summary_wm_mean": 1000.354129394739,
  "summary_wm_median": 1000.0436286777258,
  "summary_wm_n": 201157.0,
  "summary_wm_p05": 939.8210676908493,
  "summary_wm_p95": 1061.6626548469067,
  "summary_wm_stdv": 37.16524482947181,
  "tpm_overlap_csf": 0.15527159901034035,
  "tpm_overlap_gm": 0.4802357403350628,
  "tpm_overlap_wm": 0.5301835209307868,
  "wm2max": 0.4243782292264672
}