{
  "aor": 0.0005822413793103448,
  "aqi": 0.01578958672413793,
  "bids_meta": {
    "AcquisitionDateTime": "2018-03-18T13:46:52.087500",
    "BodyPartExamined": "BRAIN",
    "ConversionSoftware": "dcm2niix",
    "ConversionSoftwareVersion": "v1.0.20170411 GCC4.2.1",
    "EchoTime": 0.035,
    "EffectiveEchoSpacing": 0.000325002,
    "FlipAngle": 90,
    "ImageType": [
      "ORIGINAL",
      "PRIMARY",
      "M",
      "ND",
      "NORM",
      "MOSAIC"
    ],
    "MagneticFieldStrength": 3,
    "Manufacturer": "Siemens",
    "ManufacturersModelName": "Skyra",
    "PhaseEncodingDirection": "j-",
    "ProcedureStepDescription": "funktionales_Schadel-MRT",
    "ProtocolName": "ep2d_RestingState_PAINTeR_TE35",
    "RepetitionTime": 2.52,
    "ScanningSequence": "EP",
    "SequenceName": "_epfid2d1_94",
    "SequenceVariant": "SK",
    "SeriesDescription": "ep2d_RestingState_PAINTeR_TE35",
    "dataset": "ds002609",
    "modality": "bold",
    "subject_id": "009",
    "task_id": "rest"
  },
  "dummy_trs": 0,
  "dvars_nstd": 30.136457172491358,
  "dvars_std": 1.1658084168166092,
  "dvars_vstd": 0.9652918340830451,
  "efc": 0.4707367621332558,
  "fber": 1187.072021484375,
  "fd_mean": 0.09457227048390673,
  "fd_num": 12,
  "fd_perc": 4.137931034482759,
  "fwhm_avg": 1.715570126890774,
  "fwhm_x": 1.6981916933613403,
  "fwhm_y": 1.9754181206722352,
  "fwhm_z": 1.473100566638746,
  "gcor": 0.0112374,
  "gsr_x": -0.02919919788837433,
  "gsr_y": 0.04997112974524498,
  "provenance": {
    "md5sum": "346d97484179b2a7db3b0a9619ad006e",
    "settings": {
      "fd_thres": 0.2,
      "testing": false
    },
    "software": "mriqc",
    "version": "23.0.1",
    "webapi_port": null,
    "webapi_url": "https://mriqc.nimh.nih.gov/api/v1"
  },
  "size_t": 290,
  "size_x": 94,
  "size_y": 94,
  "size_z": 38,
  "snr": 5.867329549311026,
  "spacing_tr": 2.5199999809265137,
  "spacing_x": 2.4468085765838623,
  "spacing_y": 2.4468085765838623,
  "spacing_z": 3.4800000190734863,
  "summary_bg_k": 31.652044602863803,
  "summary_bg_mad": 10.020345394694568,
  "summary_bg_mean": 17.34088706970215,
  "summary_bg_median": 9.234482765197754,
  "summary_bg_n": 238022.0,
  "summary_bg_p05": 1.7999999523162842,
  "summary_bg_p95": 46.375689697265564,
  "summary_bg_stdv": 25.32912254333496,
  "summary_fg_k": 4.334414309816885,
  "summary_fg_mad": 43.23065007676842,
  "summary_fg_mean": 332.12384033203125,
  "summary_fg_median": 326.9896545410156,
  "summary_fg_n": 44793.0,
  "summary_fg_p05": 257.7758483886719,
  "summary_fg_p95": 419.6220764160156,
  "summary_fg_stdv": 55.72995376586914,
  "tsnr": 49.63139923522249
}