{
  "aor": 0.00186448275862069,
  "aqi": 0.0165000074137931,
  "bids_meta": {
    "AcquisitionDateTime": "2018-03-18T18:54:1.960000",
    "BodyPartExamined": "BRAIN",
    "ConversionSoftware": "dcm2niix",
    "ConversionSoftwareVersion": "v1.0.20170411 GCC4.2.1",
    "EchoTime": 0.035,
    "EffectiveEchoSpacing": 0.000325002,
    "FlipAngle": 90,
    "ImageType": [
      "ORIGINAL",
      "PRIMARY",
      "M",
      "ND",
      "NORM",
      "MOSAIC"
    ],
    "MagneticFieldStrength": 3,
    "Manufacturer": "Siemens",
    "ManufacturersModelName": "Skyra",
    "PhaseEncodingDirection": "j-",
    "ProcedureStepDescription": "funktionales_Schadel-MRT",
    "ProtocolName": "ep2d_RestingState_PAINTeR_TE35",
    "RepetitionTime": 2.52,
    "ScanningSequence": "EP",
    "SequenceName": "_epfid2d1_94",
    "SequenceVariant": "SK",
    "SeriesDescription": "ep2d_RestingState_PAINTeR_TE35",
    "SliceTiming": [
      1.25,
      0,
      1.315,
      0.065,
      1.38,
      0.13,
      1.4475,
      0.1975,
      1.5125,
      0.2625,
      1.5775,
      0.3275,
      1.645,
      0.395,
      1.71,
      0.46,
      1.775,
      0.525,
      1.8425,
      0.5925,
      1.9075,
      0.6575,
      1.9725,
      0.7225,
      2.04,
      0.79,
      2.105,
      0.855,
      2.17,
      0.92,
      2.235,
      0.9875,
      2.3025,
      1.0525,
      2.3675,
      1.1175,
      2.4325,
      1.1825
    ],
    "dataset": "ds002609",
    "modality": "bold",
    "subject_id": "014",
    "task_id": "rest"
  },
  "dummy_trs": 0,
  "dvars_nstd": 37.4580439201384,
  "dvars_std": 1.2103429293079584,
  "dvars_vstd": 1.0224003105882358,
  "efc": 0.5285617187823108,
  "fber": 903.3740844726562,
  "fd_mean": 0.07940188486631464,
  "fd_num": 5,
  "fd_perc": 1.7241379310344827,
  "fwhm_avg": 1.7184210867585066,
  "fwhm_x": 1.7090057800264045,
  "fwhm_y": 1.9587229037308949,
  "fwhm_z": 1.487534576518221,
  "gcor": 0.0364861,
  "gsr_x": -0.025717400014400482,
  "gsr_y": 0.0510571114718914,
  "provenance": {
    "md5sum": "2283b02545d9e5f5935d3d8867a51e4e",
    "settings": {
      "fd_thres": 0.2,
      "testing": false
    },
    "software": "mriqc",
    "version": "23.0.1",
    "webapi_port": null,
    "webapi_url": "https://mriqc.nimh.nih.gov/api/v1"
  },
  "size_t": 290,
  "size_x": 94,
  "size_y": 94,
  "size_z": 38,
  "snr": 5.925321679274198,
  "spacing_tr": 2.5199999809265137,
  "spacing_x": 2.4468085765838623,
  "spacing_y": 2.4468085765838623,
  "spacing_z": 3.4799997806549072,
  "summary_bg_k": 18.02880901663689,
  "summary_bg_mad": 10.761646503947368,
  "summary_bg_mean": 19.04845428466797,
  "summary_bg_median": 9.796551704406738,
  "summary_bg_n": 217191.0,
  "summary_bg_p05": 1.903448224067688,
  "summary_bg_p95": 56.83793258666992,
  "summary_bg_stdv": 24.47275733947754,
  "summary_fg_k": 3.2615596892394576,
  "summary_fg_mad": 46.72242081684872,
  "summary_fg_mean": 316.9919738769531,
  "summary_fg_median": 315.67242431640625,
  "summary_fg_n": 61285.0,
  "summary_fg_p05": 238.7220672607422,
  "summary_fg_p95": 397.685528564453,
  "summary_fg_stdv": 53.27471923828125,
  "tsnr": 41.30643482320011
}