{
  "aor": 0.0008113103448275864,
  "aqi": 0.010037958068965517,
  "bids_meta": {
    "AcquisitionDateTime": "2018-03-18T18:20:42.752500",
    "BodyPartExamined": "BRAIN",
    "ConversionSoftware": "dcm2niix",
    "ConversionSoftwareVersion": "v1.0.20170411 GCC4.2.1",
    "EchoTime": 0.035,
    "EffectiveEchoSpacing": 0.000325002,
    "FlipAngle": 90,
    "ImageType": [
      "ORIGINAL",
      "PRIMARY",
      "M",
      "ND",
      "NORM",
      "MOSAIC"
    ],
    "MagneticFieldStrength": 3,
    "Manufacturer": "Siemens",
    "ManufacturersModelName": "Skyra",
    "PhaseEncodingDirection": "j-",
    "ProcedureStepDescription": "funktionales_Schadel-MRT",
    "ProtocolName": "ep2d_RestingState_PAINTeR_TE35",
    "RepetitionTime": 2.52,
    "ScanningSequence": "EP",
    "SequenceName": "_epfid2d1_94",
    "SequenceVariant": "SK",
    "SeriesDescription": "ep2d_RestingState_PAINTeR_TE35",
    "dataset": "ds002609",
    "modality": "bold",
    "subject_id": "013",
    "task_id": "rest"
  },
  "dummy_trs": 0,
  "dvars_nstd": 34.94955449622839,
  "dvars_std": 1.2060713413494808,
  "dvars_vstd": 1.0075881876470594,
  "efc": 0.5554194232921552,
  "fber": 862.6643676757812,
  "fd_mean": 0.047795689731488504,
  "fd_num": 7,
  "fd_perc": 2.413793103448276,
  "fwhm_avg": 1.7289896412117134,
  "fwhm_x": 1.718475258032056,
  "fwhm_y": 1.9805022944482515,
  "fwhm_z": 1.4879913711548325,
  "gcor": 0.0145756,
  "gsr_x": -0.039062514901161194,
  "gsr_y": 0.08610399812459946,
  "provenance": {
    "md5sum": "5420326a2093b15ec29683d53ed7b00b",
    "settings": {
      "fd_thres": 0.2,
      "testing": false
    },
    "software": "mriqc",
    "version": "23.0.1",
    "webapi_port": null,
    "webapi_url": "https://mriqc.nimh.nih.gov/api/v1"
  },
  "size_t": 290,
  "size_x": 94,
  "size_y": 94,
  "size_z": 38,
  "snr": 4.985455020928222,
  "spacing_tr": 2.5199999809265137,
  "spacing_x": 2.4468085765838623,
  "spacing_y": 2.4468085765838623,
  "spacing_z": 3.4800000190734863,
  "summary_bg_k": 231.4884050748459,
  "summary_bg_mad": 14.488601923693887,
  "summary_bg_mean": 28.933610916137695,
  "summary_bg_median": 12.917241096496582,
  "summary_bg_n": 207223.0,
  "summary_bg_p05": 2.3206896781921387,
  "summary_bg_p95": 97.74448242187498,
  "summary_bg_stdv": 44.90737533569336,
  "summary_fg_k": 3.6343096452899655,
  "summary_fg_mad": 70.86330045834463,
  "summary_fg_mean": 416.5276184082031,
  "summary_fg_median": 408.2758483886719,
  "summary_fg_n": 70284.0,
  "summary_fg_p05": 309.6562164306641,
  "summary_fg_p95": 544.00341796875,
  "summary_fg_stdv": 81.89281463623047,
  "tsnr": 49.20511863613501
}