{
  "aor": 0.0014125172413793105,
  "aqi": 0.036628823793103456,
  "bids_meta": {
    "AcquisitionDateTime": "2018-04-09T19:19:37.362500",
    "BodyPartExamined": "BRAIN",
    "ConversionSoftware": "dcm2niix",
    "ConversionSoftwareVersion": "v1.0.20170411 GCC4.2.1",
    "EchoTime": 0.035,
    "EffectiveEchoSpacing": 0.000325002,
    "FlipAngle": 90,
    "ImageType": [
      "ORIGINAL",
      "PRIMARY",
      "M",
      "ND",
      "NORM",
      "MOSAIC"
    ],
    "MagneticFieldStrength": 3,
    "Manufacturer": "Siemens",
    "ManufacturersModelName": "Skyra",
    "PhaseEncodingDirection": "j-",
    "ProcedureStepDescription": "funktionales_Schadel-MRT",
    "ProtocolName": "ep2d_RestingState_PAINTeR_TE35",
    "RepetitionTime": 2.52,
    "ScanningSequence": "EP",
    "SequenceName": "_epfid2d1_94",
    "SequenceVariant": "SK",
    "SeriesDescription": "ep2d_RestingState_PAINTeR_TE35",
    "dataset": "ds002609",
    "modality": "bold",
    "subject_id": "021",
    "task_id": "rest"
  },
  "dummy_trs": 0,
  "dvars_nstd": 39.76151683501728,
  "dvars_std": 1.133389551868511,
  "dvars_vstd": 0.9403908838754331,
  "efc": 0.5064993198356179,
  "fber": 1010.2840576171875,
  "fd_mean": 0.20735270428186048,
  "fd_num": 106,
  "fd_perc": 36.55172413793103,
  "fwhm_avg": 1.7497877139489866,
  "fwhm_x": 1.7149604755180894,
  "fwhm_y": 2.046253249197893,
  "fwhm_z": 1.4881494171309777,
  "gcor": 0.00768597,
  "gsr_x": -0.03208133950829506,
  "gsr_y": 0.0688495859503746,
  "provenance": {
    "md5sum": "0f8683b132a1eb010294e09cbfef86be",
    "settings": {
      "fd_thres": 0.2,
      "testing": false
    },
    "software": "mriqc",
    "version": "23.0.1",
    "webapi_port": null,
    "webapi_url": "https://mriqc.nimh.nih.gov/api/v1"
  },
  "size_t": 290,
  "size_x": 94,
  "size_y": 94,
  "size_z": 38,
  "snr": 5.884027297143396,
  "spacing_tr": 2.5199999809265137,
  "spacing_x": 2.4468085765838623,
  "spacing_y": 2.4468085765838623,
  "spacing_z": 3.4800000190734863,
  "summary_bg_k": 29.76978255958158,
  "summary_bg_mad": 11.104178791830236,
  "summary_bg_mean": 18.738170623779297,
  "summary_bg_median": 9.962068557739258,
  "summary_bg_n": 224540.0,
  "summary_bg_p05": 1.8413792848587036,
  "summary_bg_p95": 53.6931037902832,
  "summary_bg_stdv": 25.62162971496582,
  "summary_fg_k": 2.62685440910146,
  "summary_fg_mad": 52.94425549926329,
  "summary_fg_mean": 331.1884460449219,
  "summary_fg_median": 327.06207275390625,
  "summary_fg_n": 55343.0,
  "summary_fg_p05": 254.86930236816406,
  "summary_fg_p95": 418.26515808105466,
  "summary_fg_stdv": 55.584228515625,
  "tsnr": 28.85658310947474
}