{
  "bids_meta": {
    "AcquisitionDateTime": "2018-04-09T17:25:2.292500",
    "BodyPartExamined": "BRAIN",
    "ConversionSoftware": "dcm2niix",
    "ConversionSoftwareVersion": "v1.0.20170411 GCC4.2.1",
    "EchoTime": 0.00207,
    "FlipAngle": 9,
    "ImageType": [
      "ORIGINAL",
      "PRIMARY",
      "M",
      "ND",
      "NORM"
    ],
    "InversionTime": 0.9,
    "MagneticFieldStrength": 3,
    "Manufacturer": "Siemens",
    "ManufacturersModelName": "Skyra",
    "PhaseEncodingDirection": "i-",
    "ProcedureStepDescription": "funktionales_Schadel-MRT",
    "ProtocolName": "t1_mprage_sag_p2_iso_1.0",
    "RepetitionTime": 2.3,
    "ScanningSequence": "GR_IR",
    "SequenceName": "_tfl3d1_16ns",
    "SequenceVariant": "SK_SP_MP",
    "SeriesDescription": "t1_mprage_sag_p2_iso_1.0",
    "dataset": "ds002609",
    "modality": "T1w",
    "subject_id": "019"
  },
  "cjv": 0.32063077812480095,
  "cnr": 4.22174463803787,
  "efc": 0.5360205451732237,
  "fber": -1.0,
  "fwhm_avg": 4.060182699311876,
  "fwhm_x": 3.98891809793563,
  "fwhm_y": 4.20365,
  "fwhm_z": 3.98798,
  "icvs_csf": 0.21189352599401268,
  "icvs_gm": 0.44775000460968484,
  "icvs_wm": 0.3403564693963025,
  "inu_med": 0.4362514913082123,
  "inu_range": 0.11335207819938659,
  "provenance": {
    "md5sum": "6f4c57beea2db8d08a9325a1d8173c65",
    "settings": {
      "testing": false
    },
    "software": "mriqc",
    "version": "23.0.1",
    "warnings": {
      "large_rot_frame": true,
      "small_air_mask": false
    },
    "webapi_port": null,
    "webapi_url": "https://mriqc.nimh.nih.gov/api/v1"
  },
  "qi_1": 0.03786685649779526,
  "qi_2": 0.051892721414857276,
  "rpve_csf": 26.665627686787033,
  "rpve_gm": 13.461651578561815,
  "rpve_wm": 20.140655977967644,
  "size_x": 192,
  "size_y": 256,
  "size_z": 256,
  "snr_csf": 2.478294844256717,
  "snr_gm": 12.160544851260196,
  "snr_total": 13.572932145413338,
  "snr_wm": 26.079956740723098,
  "snrd_csf": 35.80879880518069,
  "snrd_gm": 90.22909421022614,
  "snrd_total": 84.63827357224301,
  "snrd_wm": 127.87692770132217,
  "spacing_x": 1.0000004768371582,
  "spacing_y": 1.0,
  "spacing_z": 1.0,
  "summary_bg_k": 17.652192745679063,
  "summary_bg_mad": 0.0,
  "summary_bg_mean": 2.2643970316595916,
  "summary_bg_median": 0.0,
  "summary_bg_n": 2184345.0,
  "summary_bg_p05": 0.0,
  "summary_bg_p95": 9.830246418714523,
  "summary_bg_stdv": 5.12317918175222,
  "summary_csf_k": 1.1976198753512683,
  "summary_csf_mad": 98.24188211442251,
  "summary_csf_mean": 292.4755403677553,
  "summary_csf_median": 280.025491733104,
  "summary_csf_n": 41263.0,
  "summary_csf_p05": 116.19260246120393,
  "summary_csf_p95": 493.78784094005823,
  "summary_csf_stdv": 112.98982410525481,
  "summary_gm_k": 0.00062499067831423,
  "summary_gm_mad": 58.364854415505135,
  "summary_gm_mean": 705.5786140812797,
  "summary_gm_median": 705.5932429432869,
  "summary_gm_n": 43834.0,
  "summary_gm_p05": 610.29446516186,
  "summary_gm_p95": 800.8465103246272,
  "summary_gm_stdv": 58.02249842074707,
  "summary_wm_k": 0.6178553868926167,
  "summary_wm_mad": 36.03101995130606,
  "summary_wm_mean": 1000.9751013335813,
  "summary_wm_median": 1000.0000211037695,
  "summary_wm_n": 192999.0,
  "summary_wm_p05": 939.9718033894897,
  "summary_wm_p95": 1064.89785162732,
  "summary_wm_stdv": 38.34352335607572,
  "tpm_overlap_csf": 0.15346359652875402,
  "tpm_overlap_gm": 0.4739470399013782,
  "tpm_overlap_wm": 0.5083503777561197,
  "wm2max": 0.38293163242188183
}