{
  "aor": 0.000905103448275862,
  "aqi": 0.014539937793103449,
  "bids_meta": {
    "AcquisitionDateTime": "2018-03-05T19:32:59.870000",
    "BodyPartExamined": "BRAIN",
    "ConversionSoftware": "dcm2niix",
    "ConversionSoftwareVersion": "v1.0.20170411 GCC4.2.1",
    "EchoTime": 0.035,
    "EffectiveEchoSpacing": 0.000325002,
    "FlipAngle": 90,
    "ImageType": [
      "ORIGINAL",
      "PRIMARY",
      "M",
      "ND",
      "NORM",
      "MOSAIC"
    ],
    "MagneticFieldStrength": 3,
    "Manufacturer": "Siemens",
    "ManufacturersModelName": "Skyra",
    "PhaseEncodingDirection": "j-",
    "ProcedureStepDescription": "funktionales_Schadel-MRT",
    "ProtocolName": "ep2d_RestingState_PAINTeR_TE35",
    "RepetitionTime": 2.52,
    "ScanningSequence": "EP",
    "SequenceName": "_epfid2d1_94",
    "SequenceVariant": "SK",
    "SeriesDescription": "ep2d_RestingState_PAINTeR_TE35",
    "SliceTiming": [
      1.25,
      0,
      1.3175,
      0.0675,
      1.3825,
      0.1325,
      1.4475,
      0.1975,
      1.5125,
      0.265,
      1.58,
      0.33,
      1.645,
      0.395,
      1.71,
      0.46,
      1.7775,
      0.5275,
      1.8425,
      0.5925,
      1.9075,
      0.6575,
      1.975,
      0.725,
      2.04,
      0.79,
      2.105,
      0.855,
      2.1725,
      0.9225,
      2.2375,
      0.9875,
      2.3025,
      1.0525,
      2.37,
      1.12,
      2.435,
      1.185
    ],
    "dataset": "ds002609",
    "modality": "bold",
    "subject_id": "006",
    "task_id": "rest"
  },
  "dummy_trs": 0,
  "dvars_nstd": 32.03550802702422,
  "dvars_std": 1.2400250093771634,
  "dvars_vstd": 0.9879437921453288,
  "efc": 0.487033297776711,
  "fber": 1060.456787109375,
  "fd_mean": 0.06551160487380393,
  "fd_num": 5,
  "fd_perc": 1.7241379310344827,
  "fwhm_avg": 1.7384906207502138,
  "fwhm_x": 1.6843655198209353,
  "fwhm_y": 2.049939683881146,
  "fwhm_z": 1.48116665854856,
  "gcor": 0.0155767,
  "gsr_x": -0.03615183010697365,
  "gsr_y": 0.056817442178726196,
  "provenance": {
    "md5sum": "9e6cab97e610efb623db70bc03c6cc1f",
    "settings": {
      "fd_thres": 0.2,
      "testing": false
    },
    "software": "mriqc",
    "version": "23.0.1",
    "webapi_port": null,
    "webapi_url": "https://mriqc.nimh.nih.gov/api/v1"
  },
  "size_t": 290,
  "size_x": 94,
  "size_y": 94,
  "size_z": 38,
  "snr": 5.631658030465092,
  "spacing_tr": 2.5199999809265137,
  "spacing_x": 2.4468085765838623,
  "spacing_y": 2.4468085765838623,
  "spacing_z": 3.4800000190734863,
  "summary_bg_k": 58.671784042093755,
  "summary_bg_mad": 9.20747061195275,
  "summary_bg_mean": 15.413825988769531,
  "summary_bg_median": 8.634482383728027,
  "summary_bg_n": 231570.0,
  "summary_bg_p05": 1.8241379261016846,
  "summary_bg_p95": 42.026036071777305,
  "summary_bg_stdv": 20.53499984741211,
  "summary_fg_k": 4.939547704718853,
  "summary_fg_mad": 36.91678619170368,
  "summary_fg_mean": 293.1522216796875,
  "summary_fg_median": 288.8448181152344,
  "summary_fg_n": 50269.0,
  "summary_fg_p05": 224.0413818359375,
  "summary_fg_p95": 371.81447143554686,
  "summary_fg_stdv": 51.288970947265625,
  "tsnr": 49.79775593057275
}