{
  "bids_meta": {
    "AcquisitionDateTime": "2018-03-18T11:35:55.375000",
    "BodyPartExamined": "BRAIN",
    "ConversionSoftware": "dcm2niix",
    "ConversionSoftwareVersion": "v1.0.20170411 GCC4.2.1",
    "EchoTime": 0.00207,
    "FlipAngle": 9,
    "ImageType": [
      "ORIGINAL",
      "PRIMARY",
      "M",
      "ND",
      "NORM"
    ],
    "InversionTime": 0.9,
    "MagneticFieldStrength": 3,
    "Manufacturer": "Siemens",
    "ManufacturersModelName": "Skyra",
    "PhaseEncodingDirection": "i-",
    "ProcedureStepDescription": "funktionales_Schadel-MRT",
    "ProtocolName": "t1_mprage_sag_p2_iso_1.0",
    "RepetitionTime": 2.3,
    "ScanningSequence": "GR_IR",
    "SequenceName": "_tfl3d1_16ns",
    "SequenceVariant": "SK_SP_MP",
    "SeriesDescription": "t1_mprage_sag_p2_iso_1.0",
    "SliceTiming": [
      1.25,
      0,
      1.3175,
      0.0675,
      1.3825,
      0.1325,
      1.4475,
      0.1975,
      1.515,
      0.265,
      1.58,
      0.33,
      1.645,
      0.395,
      1.7125,
      0.4625,
      1.7775,
      0.5275,
      1.8425,
      0.5925,
      1.9075,
      0.66,
      1.975,
      0.725,
      2.04,
      0.79,
      2.105,
      0.8575,
      2.1725,
      0.9225,
      2.2375,
      0.9875,
      2.3025,
      1.0525,
      2.37,
      1.12,
      2.435,
      1.185
    ],
    "dataset": "ds002609",
    "modality": "T1w",
    "subject_id": "008"
  },
  "cjv": 0.310790544770882,
  "cnr": 4.371745755976715,
  "efc": 0.5379099082631836,
  "fber": -1.0,
  "fwhm_avg": 3.9181851004849264,
  "fwhm_x": 3.8671153014547786,
  "fwhm_y": 3.92669,
  "fwhm_z": 3.96075,
  "icvs_csf": 0.1905887251369717,
  "icvs_gm": 0.48108756420618604,
  "icvs_wm": 0.3283237106568423,
  "inu_med": 0.45122261345386505,
  "inu_range": 0.12152163684368134,
  "provenance": {
    "md5sum": "aaae90e110f805d48214dc141c28c17d",
    "settings": {
      "testing": false
    },
    "software": "mriqc",
    "version": "23.0.1",
    "warnings": {
      "large_rot_frame": true,
      "small_air_mask": false
    },
    "webapi_port": null,
    "webapi_url": "https://mriqc.nimh.nih.gov/api/v1"
  },
  "qi_1": 0.0437902487710536,
  "qi_2": 0.020799511956994827,
  "rpve_csf": 32.879278635460786,
  "rpve_gm": 14.598924980882815,
  "rpve_wm": 23.33404246988345,
  "size_x": 192,
  "size_y": 256,
  "size_z": 256,
  "snr_csf": 2.3405990044947544,
  "snr_gm": 12.3775585485588,
  "snr_total": 13.217788378136861,
  "snr_wm": 24.93520758135703,
  "snrd_csf": 28.02610245348106,
  "snrd_gm": 80.15990501484349,
  "snrd_total": 74.40845242609862,
  "snrd_wm": 115.0393498099713,
  "spacing_x": 0.9999986290931702,
  "spacing_y": 1.0,
  "spacing_z": 1.0,
  "summary_bg_k": 21.010427042438543,
  "summary_bg_mad": 0.0,
  "summary_bg_mean": 2.7334415276465442,
  "summary_bg_median": 0.0,
  "summary_bg_n": 1866794.0,
  "summary_bg_p05": 0.0,
  "summary_bg_p95": 10.205451563000679,
  "summary_bg_stdv": 5.6951443695302455,
  "summary_csf_k": 9.784133768107592,
  "summary_csf_mad": 90.053764468895,
  "summary_csf_mean": 252.30686811301004,
  "summary_csf_median": 243.63277569040656,
  "summary_csf_n": 28341.0,
  "summary_csf_p05": 100.98025757074356,
  "summary_csf_p95": 441.34101934731007,
  "summary_csf_stdv": 104.0880889660164,
  "summary_gm_k": 0.05013075576212378,
  "summary_gm_mad": 56.40803227602118,
  "summary_gm_mean": 696.9271163975822,
  "summary_gm_median": 696.8353944420815,
  "summary_gm_n": 56387.0,
  "summary_gm_p05": 604.1358760781586,
  "summary_gm_p95": 788.460654746741,
  "summary_gm_stdv": 56.2977918979692,
  "summary_wm_k": 0.6032334475910739,
  "summary_wm_mad": 37.82656282039068,
  "summary_wm_mean": 999.7183486667669,
  "summary_wm_median": 1000.0447316691279,
  "summary_wm_n": 154208.0,
  "summary_wm_p05": 933.7988180145621,
  "summary_wm_p95": 1064.7687797397375,
  "summary_wm_stdv": 40.10560112170814,
  "tpm_overlap_csf": 0.17258137908175458,
  "tpm_overlap_gm": 0.49965545958092217,
  "tpm_overlap_wm": 0.5219169965175093,
  "wm2max": 0.39476288076895893
}