{
  "aor": 0.0005713793103448276,
  "aqi": 0.008461619379310344,
  "bids_meta": {
    "AcquisitionDateTime": "2018-05-12T11:05:3.570000",
    "BodyPartExamined": "BRAIN",
    "ConversionSoftware": "dcm2niix",
    "ConversionSoftwareVersion": "v1.0.20170411 GCC4.2.1",
    "EchoTime": 0.035,
    "EffectiveEchoSpacing": 0.000325002,
    "FlipAngle": 90,
    "ImageType": [
      "ORIGINAL",
      "PRIMARY",
      "M",
      "ND",
      "NORM",
      "MOSAIC"
    ],
    "MagneticFieldStrength": 3,
    "Manufacturer": "Siemens",
    "ManufacturersModelName": "Skyra",
    "PhaseEncodingDirection": "j-",
    "ProcedureStepDescription": "funktionales_Schadel-MRT",
    "ProtocolName": "ep2d_RestingState_PAINTeR_TE35",
    "RepetitionTime": 2.52,
    "ScanningSequence": "EP",
    "SequenceName": "_epfid2d1_94",
    "SequenceVariant": "SK",
    "SeriesDescription": "ep2d_RestingState_PAINTeR_TE35",
    "dataset": "ds002609",
    "modality": "bold",
    "subject_id": "029",
    "task_id": "rest"
  },
  "dummy_trs": 0,
  "dvars_nstd": 34.105393459480986,
  "dvars_std": 1.3533402416608988,
  "dvars_vstd": 1.0050219259169553,
  "efc": 0.4876822347147277,
  "fber": 1250.167724609375,
  "fd_mean": 0.07080934298661334,
  "fd_num": 1,
  "fd_perc": 0.3448275862068966,
  "fwhm_avg": 1.7418912828835798,
  "fwhm_x": 1.6996752585387471,
  "fwhm_y": 2.0137169892052342,
  "fwhm_z": 1.512281600906758,
  "gcor": 0.0315183,
  "gsr_x": -0.037576429545879364,
  "gsr_y": 0.06342016160488129,
  "provenance": {
    "md5sum": "f522c7f855225baf0b7eece4e3875899",
    "settings": {
      "fd_thres": 0.2,
      "testing": false
    },
    "software": "mriqc",
    "version": "23.0.1",
    "webapi_port": null,
    "webapi_url": "https://mriqc.nimh.nih.gov/api/v1"
  },
  "size_t": 290,
  "size_x": 94,
  "size_y": 94,
  "size_z": 38,
  "snr": 5.738622929910621,
  "spacing_tr": 2.5199999809265137,
  "spacing_x": 2.4468085765838623,
  "spacing_y": 2.4468085765838623,
  "spacing_z": 3.4800000190734863,
  "summary_bg_k": 36.57639049782839,
  "summary_bg_mad": 10.83833397135669,
  "summary_bg_mean": 19.757007598876953,
  "summary_bg_median": 9.910345077514648,
  "summary_bg_n": 230916.0,
  "summary_bg_p05": 1.9724137783050537,
  "summary_bg_p95": 54.39741516113281,
  "summary_bg_stdv": 28.148344039916992,
  "summary_fg_k": 3.0046068862510653,
  "summary_fg_mad": 59.66707019462963,
  "summary_fg_mean": 375.31005859375,
  "summary_fg_median": 370.8379211425781,
  "summary_fg_n": 50528.0,
  "summary_fg_p05": 287.8955108642578,
  "summary_fg_p95": 473.60069580078107,
  "summary_fg_stdv": 64.62077331542969,
  "tsnr": 58.162217441014946
}