{
  "bids_meta": {
    "AcquisitionDateTime": "2018-03-02T20:02:27.265000",
    "BodyPartExamined": "BRAIN",
    "ConversionSoftware": "dcm2niix",
    "ConversionSoftwareVersion": "v1.0.20170411 GCC4.2.1",
    "EchoTime": 0.00207,
    "FlipAngle": 9,
    "ImageType": [
      "ORIGINAL",
      "PRIMARY",
      "M",
      "ND",
      "NORM"
    ],
    "InversionTime": 0.9,
    "MagneticFieldStrength": 3,
    "Manufacturer": "Siemens",
    "ManufacturersModelName": "Skyra",
    "PhaseEncodingDirection": "i-",
    "ProcedureStepDescription": "funktionales_Schadel-MRT",
    "ProtocolName": "t1_mprage_sag_p2_iso_1.0",
    "RepetitionTime": 2.3,
    "ScanningSequence": "GR_IR",
    "SequenceName": "_tfl3d1_16ns",
    "SequenceVariant": "SK_SP_MP",
    "SeriesDescription": "t1_mprage_sag_p2_iso_1.0",
    "SliceTiming": [
      1.25,
      0,
      1.315,
      0.065,
      1.3825,
      0.1325,
      1.4475,
      0.1975,
      1.5125,
      0.2625,
      1.5775,
      0.33,
      1.645,
      0.395,
      1.71,
      0.46,
      1.775,
      0.525,
      1.8425,
      0.5925,
      1.9075,
      0.6575,
      1.9725,
      0.7225,
      2.04,
      0.79,
      2.105,
      0.855,
      2.17,
      0.92,
      2.2375,
      0.9875,
      2.3025,
      1.0525,
      2.3675,
      1.1175,
      2.435,
      1.185
    ],
    "dataset": "ds002609",
    "modality": "T1w",
    "subject_id": "002"
  },
  "cjv": 0.31578471037542627,
  "cnr": 4.209056975516071,
  "efc": 0.5350886276877067,
  "fber": -1.0,
  "fwhm_avg": 3.962966743055785,
  "fwhm_x": 3.844790229167356,
  "fwhm_y": 4.02325,
  "fwhm_z": 4.02086,
  "icvs_csf": 0.1920298346126018,
  "icvs_gm": 0.4673344915081547,
  "icvs_wm": 0.3406356738792435,
  "inu_med": 0.44865521788597107,
  "inu_range": 0.11808605045080184,
  "provenance": {
    "md5sum": "15d073947105bb53d5c80a63f562e7f0",
    "settings": {
      "testing": false
    },
    "software": "mriqc",
    "version": "23.0.1",
    "warnings": {
      "large_rot_frame": true,
      "small_air_mask": false
    },
    "webapi_port": null,
    "webapi_url": "https://mriqc.nimh.nih.gov/api/v1"
  },
  "qi_1": 0.023401674852618157,
  "qi_2": 0.039196272905615476,
  "rpve_csf": 29.55816052839909,
  "rpve_gm": 13.527846908896304,
  "rpve_wm": 20.603474256804493,
  "size_x": 192,
  "size_y": 256,
  "size_z": 256,
  "snr_csf": 2.3368786905470067,
  "snr_gm": 12.349029162358645,
  "snr_total": 13.307207725813749,
  "snr_wm": 25.235715324535597,
  "snrd_csf": 31.982262557968003,
  "snrd_gm": 89.52340026524584,
  "snrd_total": 82.75063991640238,
  "snrd_wm": 126.7462569259933,
  "spacing_x": 0.9999999403953552,
  "spacing_y": 1.0,
  "spacing_z": 1.0,
  "summary_bg_k": 18.371472254980148,
  "summary_bg_mad": 0.0,
  "summary_bg_mean": 2.316947901519255,
  "summary_bg_median": 0.0,
  "summary_bg_n": 2241917.0,
  "summary_bg_p05": 0.0,
  "summary_bg_p95": 9.747759766876698,
  "summary_bg_stdv": 5.168881830997373,
  "summary_csf_k": 1.5203286253074397,
  "summary_csf_mad": 93.18490224198166,
  "summary_csf_mean": 261.20039384999194,
  "summary_csf_median": 252.3330040127039,
  "summary_csf_n": 29352.0,
  "summary_csf_p05": 102.46697233617306,
  "summary_csf_p95": 465.30076585784525,
  "summary_csf_stdv": 107.9768096655547,
  "summary_gm_k": 0.184578691859699,
  "summary_gm_mad": 55.4794346313893,
  "summary_gm_mean": 706.7120100951119,
  "summary_gm_median": 706.3199008330703,
  "summary_gm_n": 53091.0,
  "summary_gm_p05": 612.7691258192062,
  "summary_gm_p95": 801.8802850879729,
  "summary_gm_stdv": 57.19585236552027,
  "summary_wm_k": 0.6700579126132342,
  "summary_wm_mad": 37.26026227095775,
  "summary_wm_mean": 1000.6798094671933,
  "summary_wm_median": 1000.0000375062227,
  "summary_wm_n": 193449.0,
  "summary_wm_p05": 937.0784792006016,
  "summary_wm_p95": 1066.3864393308759,
  "summary_wm_stdv": 39.62627728130911,
  "tpm_overlap_csf": 0.15757491016951955,
  "tpm_overlap_gm": 0.48176685150956366,
  "tpm_overlap_wm": 0.5143130861384564,
  "wm2max": 0.37453066874297086
}