{
  "bids_meta": {
    "AcquisitionDateTime": "2018-03-18T18:46:11.702500",
    "BodyPartExamined": "BRAIN",
    "ConversionSoftware": "dcm2niix",
    "ConversionSoftwareVersion": "v1.0.20170411 GCC4.2.1",
    "EchoTime": 0.00207,
    "FlipAngle": 9,
    "ImageType": [
      "ORIGINAL",
      "PRIMARY",
      "M",
      "ND",
      "NORM"
    ],
    "InversionTime": 0.9,
    "MagneticFieldStrength": 3,
    "Manufacturer": "Siemens",
    "ManufacturersModelName": "Skyra",
    "PhaseEncodingDirection": "i-",
    "ProcedureStepDescription": "funktionales_Schadel-MRT",
    "ProtocolName": "t1_mprage_sag_p2_iso_1.0",
    "RepetitionTime": 2.3,
    "ScanningSequence": "GR_IR",
    "SequenceName": "_tfl3d1_16ns",
    "SequenceVariant": "SK_SP_MP",
    "SeriesDescription": "t1_mprage_sag_p2_iso_1.0",
    "SliceTiming": [
      1.25,
      0,
      1.315,
      0.065,
      1.38,
      0.13,
      1.4475,
      0.1975,
      1.5125,
      0.2625,
      1.5775,
      0.3275,
      1.645,
      0.395,
      1.71,
      0.46,
      1.775,
      0.525,
      1.8425,
      0.5925,
      1.9075,
      0.6575,
      1.9725,
      0.7225,
      2.04,
      0.79,
      2.105,
      0.855,
      2.17,
      0.92,
      2.235,
      0.9875,
      2.3025,
      1.0525,
      2.3675,
      1.1175,
      2.4325,
      1.1825
    ],
    "dataset": "ds002609",
    "modality": "T1w",
    "subject_id": "014"
  },
  "cjv": 0.33219596351869196,
  "cnr": 4.1159603927114405,
  "efc": 0.5372872536195126,
  "fber": -1.0,
  "fwhm_avg": 3.9744549478227587,
  "fwhm_x": 3.9323748434682755,
  "fwhm_y": 4.01783,
  "fwhm_z": 3.97316,
  "icvs_csf": 0.17057095886583282,
  "icvs_gm": 0.46981251901912086,
  "icvs_wm": 0.35961652211504636,
  "inu_med": 0.45667921006679535,
  "inu_range": 0.13513765633106228,
  "provenance": {
    "md5sum": "b884dbac2a91a0c577b904eacf705323",
    "settings": {
      "testing": false
    },
    "software": "mriqc",
    "version": "23.0.1",
    "warnings": {
      "large_rot_frame": true,
      "small_air_mask": false
    },
    "webapi_port": null,
    "webapi_url": "https://mriqc.nimh.nih.gov/api/v1"
  },
  "qi_1": 0.02982238263564719,
  "qi_2": 0.021047324031288395,
  "rpve_csf": 26.725912711654132,
  "rpve_gm": 11.14223124964066,
  "rpve_wm": 16.241472839994174,
  "size_x": 192,
  "size_y": 256,
  "size_z": 256,
  "snr_csf": 2.135034852226156,
  "snr_gm": 12.798138312887529,
  "snr_total": 13.072213530721507,
  "snr_wm": 24.28346742705084,
  "snrd_csf": 43.907450880089705,
  "snrd_gm": 116.70631404832157,
  "snrd_total": 108.01553389020397,
  "snrd_wm": 163.43283674220064,
  "spacing_x": 1.000001311302185,
  "spacing_y": 1.0,
  "spacing_z": 1.0,
  "summary_bg_k": 39.56311509260821,
  "summary_bg_mad": 0.0,
  "summary_bg_mean": 1.066375380511617,
  "summary_bg_median": 0.0,
  "summary_bg_n": 2735898.0,
  "summary_bg_p05": 0.0,
  "summary_bg_p95": 9.821517445147038,
  "summary_bg_stdv": 4.008796915595939,
  "summary_csf_k": 11.473119135847925,
  "summary_csf_mad": 112.35194619779205,
  "summary_csf_mean": 277.0998762160336,
  "summary_csf_median": 268.6708503141999,
  "summary_csf_n": 24840.0,
  "summary_csf_p05": 89.78711595349014,
  "summary_csf_p95": 487.5884857330471,
  "summary_csf_stdv": 125.83656044361544,
  "summary_gm_k": 0.03640707632415241,
  "summary_gm_mad": 55.80639432850855,
  "summary_gm_mean": 714.0997534941403,
  "summary_gm_median": 714.1290146410465,
  "summary_gm_n": 62661.0,
  "summary_gm_p05": 621.9463458284736,
  "summary_gm_p95": 805.3644305020571,
  "summary_gm_stdv": 55.79899972998736,
  "summary_wm_k": 0.5575383991490761,
  "summary_wm_mad": 39.175349661072225,
  "summary_wm_mean": 1000.4983536484731,
  "summary_wm_median": 1000.0498397573829,
  "summary_wm_n": 246209.0,
  "summary_wm_p05": 933.9415548220277,
  "summary_wm_p95": 1068.252052269876,
  "summary_wm_stdv": 41.18224927569927,
  "tpm_overlap_csf": 0.14251390491482763,
  "tpm_overlap_gm": 0.4726810487133683,
  "tpm_overlap_wm": 0.5202869437161316,
  "wm2max": 0.3521717756943713
}