{
  "bids_meta": {
    "AcquisitionDateTime": "2018-03-18T16:36:45.147500",
    "BodyPartExamined": "BRAIN",
    "ConversionSoftware": "dcm2niix",
    "ConversionSoftwareVersion": "v1.0.20170411 GCC4.2.1",
    "EchoTime": 0.00207,
    "FlipAngle": 9,
    "ImageType": [
      "ORIGINAL",
      "PRIMARY",
      "M",
      "ND",
      "NORM"
    ],
    "InversionTime": 0.9,
    "MagneticFieldStrength": 3,
    "Manufacturer": "Siemens",
    "ManufacturersModelName": "Skyra",
    "PhaseEncodingDirection": "i-",
    "ProcedureStepDescription": "funktionales_Schadel-MRT",
    "ProtocolName": "t1_mprage_sag_p2_iso_1.0",
    "RepetitionTime": 2.3,
    "ScanningSequence": "GR_IR",
    "SequenceName": "_tfl3d1_16ns",
    "SequenceVariant": "SK_SP_MP",
    "SeriesDescription": "t1_mprage_sag_p2_iso_1.0",
    "dataset": "ds002609",
    "modality": "T1w",
    "subject_id": "011"
  },
  "cjv": 0.3203793276264797,
  "cnr": 4.214975895032754,
  "efc": 0.5494020648613052,
  "fber": -1.0,
  "fwhm_avg": 4.126096941565598,
  "fwhm_x": 4.127460824696796,
  "fwhm_y": 4.1168,
  "fwhm_z": 4.13403,
  "icvs_csf": 0.23875507589317221,
  "icvs_gm": 0.4363497142327718,
  "icvs_wm": 0.32489520987405596,
  "inu_med": 0.48337507247924805,
  "inu_range": 0.14552393555641174,
  "provenance": {
    "md5sum": "a40cc2c426d6f899cd6a7796ee7863c6",
    "settings": {
      "testing": false
    },
    "software": "mriqc",
    "version": "23.0.1",
    "warnings": {
      "large_rot_frame": true,
      "small_air_mask": false
    },
    "webapi_port": null,
    "webapi_url": "https://mriqc.nimh.nih.gov/api/v1"
  },
  "qi_1": 0.030870707147362723,
  "qi_2": 0.0384086516483109,
  "rpve_csf": 23.10494492591764,
  "rpve_gm": 13.025863795824835,
  "rpve_wm": 19.933622027917416,
  "size_x": 192,
  "size_y": 256,
  "size_z": 256,
  "snr_csf": 2.2268413933038667,
  "snr_gm": 12.691775984736969,
  "snr_total": 13.691404263216034,
  "snr_wm": 26.155595411607266,
  "snrd_csf": 35.80875733130127,
  "snrd_gm": 98.37014238600254,
  "snrd_total": 90.72120419451441,
  "snrd_wm": 137.9847128662394,
  "spacing_x": 0.9999973773956299,
  "spacing_y": 1.0,
  "spacing_z": 1.0,
  "summary_bg_k": 20.900284361793116,
  "summary_bg_mad": 0.0,
  "summary_bg_mean": 2.0837635367667615,
  "summary_bg_median": 0.0,
  "summary_bg_n": 2132523.0,
  "summary_bg_p05": 0.0,
  "summary_bg_p95": 8.42154086381197,
  "summary_bg_stdv": 4.748074734881946,
  "summary_csf_k": -0.013880307024528804,
  "summary_csf_mad": 115.06404813008132,
  "summary_csf_mean": 272.32911536754506,
  "summary_csf_median": 259.52252992242575,
  "summary_csf_n": 49687.0,
  "summary_csf_p05": 100.71081207320094,
  "summary_csf_p95": 484.69058144949366,
  "summary_csf_stdv": 116.54171649400512,
  "summary_gm_k": 0.06469978092088136,
  "summary_gm_mad": 55.84243251708775,
  "summary_gm_mean": 712.0071411367059,
  "summary_gm_median": 712.933654319495,
  "summary_gm_n": 45576.0,
  "summary_gm_p05": 618.1623464105651,
  "summary_gm_p95": 802.3256064243615,
  "summary_gm_stdv": 56.172267282566104,
  "summary_wm_k": 0.48171064757364723,
  "summary_wm_mad": 36.14007683926397,
  "summary_wm_mean": 1000.5035091218313,
  "summary_wm_median": 1000.0386621169746,
  "summary_wm_n": 192345.0,
  "summary_wm_p05": 938.538235258311,
  "summary_wm_p95": 1063.7410514950752,
  "summary_wm_stdv": 38.234115751523,
  "tpm_overlap_csf": 0.1517454822882755,
  "tpm_overlap_gm": 0.4705031877848626,
  "tpm_overlap_wm": 0.5017381514306402,
  "wm2max": 0.42733335534352407
}