{
  "aor": 0.0007403103448275862,
  "aqi": 0.01472741848275862,
  "bids_meta": {
    "AcquisitionDateTime": "2018-04-06T18:12:11.910000",
    "BodyPartExamined": "BRAIN",
    "ConversionSoftware": "dcm2niix",
    "ConversionSoftwareVersion": "v1.0.20170411 GCC4.2.1",
    "EchoTime": 0.035,
    "EffectiveEchoSpacing": 0.000325002,
    "FlipAngle": 90,
    "ImageType": [
      "ORIGINAL",
      "PRIMARY",
      "M",
      "ND",
      "NORM",
      "MOSAIC"
    ],
    "MagneticFieldStrength": 3,
    "Manufacturer": "Siemens",
    "ManufacturersModelName": "Skyra",
    "PhaseEncodingDirection": "j-",
    "ProcedureStepDescription": "funktionales_Schadel-MRT",
    "ProtocolName": "ep2d_RestingState_PAINTeR_TE35",
    "RepetitionTime": 2.52,
    "ScanningSequence": "EP",
    "SequenceName": "_epfid2d1_94",
    "SequenceVariant": "SK",
    "SeriesDescription": "ep2d_RestingState_PAINTeR_TE35",
    "SliceTiming": [
      1.25,
      0,
      1.315,
      0.065,
      1.38,
      0.13,
      1.4475,
      0.1975,
      1.5125,
      0.2625,
      1.5775,
      0.3275,
      1.645,
      0.395,
      1.71,
      0.46,
      1.775,
      0.525,
      1.8425,
      0.5925,
      1.9075,
      0.6575,
      1.9725,
      0.7225,
      2.04,
      0.79,
      2.105,
      0.855,
      2.17,
      0.92,
      2.235,
      0.9875,
      2.3025,
      1.0525,
      2.3675,
      1.1175,
      2.4325,
      1.1825
    ],
    "dataset": "ds002609",
    "modality": "bold",
    "subject_id": "016",
    "task_id": "rest"
  },
  "dummy_trs": 0,
  "dvars_nstd": 44.61474489259516,
  "dvars_std": 1.3385390551211074,
  "dvars_vstd": 0.9991223298269896,
  "efc": 0.5173017788064733,
  "fber": 925.047607421875,
  "fd_mean": 0.1946142529240432,
  "fd_num": 101,
  "fd_perc": 34.827586206896555,
  "fwhm_avg": 1.6681975000235714,
  "fwhm_x": 1.6747979548614056,
  "fwhm_y": 1.8741106451417706,
  "fwhm_z": 1.4556839000675383,
  "gcor": 0.0185458,
  "gsr_x": -0.034662313759326935,
  "gsr_y": 0.07097217440605164,
  "provenance": {
    "md5sum": "1e3941d562e679ba38f240c872eac680",
    "settings": {
      "fd_thres": 0.2,
      "testing": false
    },
    "software": "mriqc",
    "version": "23.0.1",
    "webapi_port": null,
    "webapi_url": "https://mriqc.nimh.nih.gov/api/v1"
  },
  "size_t": 290,
  "size_x": 94,
  "size_y": 94,
  "size_z": 38,
  "snr": 5.304555174208637,
  "spacing_tr": 2.5199999809265137,
  "spacing_x": 2.4468085765838623,
  "spacing_y": 2.4468085765838623,
  "spacing_z": 3.4800000190734863,
  "summary_bg_k": 36.30708258860982,
  "summary_bg_mad": 11.145079245755094,
  "summary_bg_mean": 19.45514678955078,
  "summary_bg_median": 10.237931251525879,
  "summary_bg_n": 221392.0,
  "summary_bg_p05": 2.1034481525421143,
  "summary_bg_p95": 56.24827575683594,
  "summary_bg_stdv": 25.283872604370117,
  "summary_fg_k": 3.3356777803039854,
  "summary_fg_mad": 52.93400740958765,
  "summary_fg_mean": 333.2864074707031,
  "summary_fg_median": 327.2362060546875,
  "summary_fg_n": 58902.0,
  "summary_fg_p05": 251.99655151367188,
  "summary_fg_p95": 430.9849990844726,
  "summary_fg_stdv": 61.68913650512695,
  "tsnr": 43.52964329137467
}