{
  "bids_meta": {
    "AcquisitionDateTime": "2018-07-06T18:35:5.060000",
    "BodyPartExamined": "BRAIN",
    "ConversionSoftware": "dcm2niix",
    "ConversionSoftwareVersion": "v1.0.20170411 GCC4.2.1",
    "EchoTime": 0.00207,
    "FlipAngle": 9,
    "ImageType": [
      "ORIGINAL",
      "PRIMARY",
      "M",
      "ND",
      "NORM"
    ],
    "InversionTime": 0.9,
    "MagneticFieldStrength": 3,
    "Manufacturer": "Siemens",
    "ManufacturersModelName": "Skyra",
    "PhaseEncodingDirection": "i-",
    "ProcedureStepDescription": "funktionales_Schadel-MRT",
    "ProtocolName": "t1_mprage_sag_p2_iso_1.0",
    "RepetitionTime": 2.3,
    "ScanningSequence": "GR_IR",
    "SequenceName": "_tfl3d1_16ns",
    "SequenceVariant": "SK_SP_MP",
    "SeriesDescription": "t1_mprage_sag_p2_iso_1.0",
    "dataset": "ds002609",
    "modality": "T1w",
    "subject_id": "047"
  },
  "cjv": 0.352872453138261,
  "cnr": 3.8052868164069515,
  "efc": 0.5370491739534998,
  "fber": -1.0,
  "fwhm_avg": 3.9818748018402705,
  "fwhm_x": 3.9108244055208123,
  "fwhm_y": 4.053,
  "fwhm_z": 3.9818,
  "icvs_csf": 0.20821471541474573,
  "icvs_gm": 0.43193934643556087,
  "icvs_wm": 0.3598459381496934,
  "inu_med": 0.4179314821958542,
  "inu_range": 0.10359153300523755,
  "provenance": {
    "md5sum": "2d4e52ec6fee8a31c6d356c0f8dd2e64",
    "settings": {
      "testing": false
    },
    "software": "mriqc",
    "version": "23.0.1",
    "warnings": {
      "large_rot_frame": true,
      "small_air_mask": false
    },
    "webapi_port": null,
    "webapi_url": "https://mriqc.nimh.nih.gov/api/v1"
  },
  "qi_1": 0.02533064039050021,
  "qi_2": 0.0487203182691306,
  "rpve_csf": 23.75291369527132,
  "rpve_gm": 12.142586238123442,
  "rpve_wm": 17.11658574999144,
  "size_x": 192,
  "size_y": 256,
  "size_z": 256,
  "snr_csf": 2.8369198247217957,
  "snr_gm": 11.086542022475022,
  "snr_total": 13.445156785697206,
  "snr_wm": 26.412008509894797,
  "snrd_csf": 40.82239326789341,
  "snrd_gm": 103.60278555820709,
  "snrd_total": 96.44632644564399,
  "snrd_wm": 144.9138005108315,
  "spacing_x": 1.0000014305114746,
  "spacing_y": 1.0,
  "spacing_z": 1.0,
  "summary_bg_k": 30.673080567980463,
  "summary_bg_mad": 0.0,
  "summary_bg_mean": 2.0403494780538707,
  "summary_bg_median": 0.0,
  "summary_bg_n": 2826223.0,
  "summary_bg_p05": 0.0,
  "summary_bg_p95": 8.522962227463722,
  "summary_bg_stdv": 4.521056611746042,
  "summary_csf_k": 5.247909271538987,
  "summary_csf_mad": 83.23918831534421,
  "summary_csf_mean": 290.52450019683414,
  "summary_csf_median": 281.7128631398082,
  "summary_csf_n": 45536.0,
  "summary_csf_p05": 145.21100329048932,
  "summary_csf_p95": 470.3764930292964,
  "summary_csf_stdv": 99.3012799902258,
  "summary_gm_k": -0.03776829959887085,
  "summary_gm_mad": 64.95969080762677,
  "summary_gm_mean": 713.9960055222164,
  "summary_gm_median": 714.9565474353731,
  "summary_gm_n": 34212.0,
  "summary_gm_p05": 606.1046665016562,
  "summary_gm_p95": 818.7836042791605,
  "summary_gm_stdv": 64.4877453217457,
  "summary_wm_k": 0.7723848448164556,
  "summary_wm_mad": 35.63888608048267,
  "summary_wm_mean": 1000.3964101702824,
  "summary_wm_median": 1000.0413592234254,
  "summary_wm_n": 234232.0,
  "summary_wm_p05": 939.1807891428471,
  "summary_wm_p95": 1062.2258846014738,
  "summary_wm_stdv": 37.86305097253271,
  "tpm_overlap_csf": 0.15602222111587502,
  "tpm_overlap_gm": 0.4641036366257678,
  "tpm_overlap_wm": 0.5138869916392409,
  "wm2max": 0.417576532375095
}