{
  "bids_meta": {
    "AcquisitionDateTime": "2018-06-04T19:31:49.235000",
    "BodyPartExamined": "BRAIN",
    "ConversionSoftware": "dcm2niix",
    "ConversionSoftwareVersion": "v1.0.20170411 GCC4.2.1",
    "EchoTime": 0.00207,
    "FlipAngle": 9,
    "ImageType": [
      "ORIGINAL",
      "PRIMARY",
      "M",
      "ND",
      "NORM"
    ],
    "InversionTime": 0.9,
    "MagneticFieldStrength": 3,
    "Manufacturer": "Siemens",
    "ManufacturersModelName": "Skyra",
    "PhaseEncodingDirection": "i-",
    "ProcedureStepDescription": "funktionales_Schadel-MRT",
    "ProtocolName": "t1_mprage_sag_p2_iso_1.0",
    "RepetitionTime": 2.3,
    "ScanningSequence": "GR_IR",
    "SequenceName": "_tfl3d1_16ns",
    "SequenceVariant": "SK_SP_MP",
    "SeriesDescription": "t1_mprage_sag_p2_iso_1.0",
    "SliceTiming": [
      1.25,
      0,
      1.315,
      0.065,
      1.38,
      0.13,
      1.4475,
      0.1975,
      1.5125,
      0.2625,
      1.5775,
      0.3275,
      1.645,
      0.395,
      1.71,
      0.46,
      1.775,
      0.525,
      1.8425,
      0.5925,
      1.9075,
      0.6575,
      1.9725,
      0.7225,
      2.0375,
      0.79,
      2.105,
      0.855,
      2.17,
      0.92,
      2.235,
      0.985,
      2.3025,
      1.0525,
      2.3675,
      1.1175,
      2.4325,
      1.1825
    ],
    "dataset": "ds002609",
    "modality": "T1w",
    "subject_id": "043"
  },
  "cjv": 0.33828732662771976,
  "cnr": 3.9422765644901427,
  "efc": 0.5313111906003734,
  "fber": -1.0,
  "fwhm_avg": 4.049144086638141,
  "fwhm_x": 3.9729722599144237,
  "fwhm_y": 4.08111,
  "fwhm_z": 4.09335,
  "icvs_csf": 0.20060317922234158,
  "icvs_gm": 0.4471686390564912,
  "icvs_wm": 0.35222818172116727,
  "inu_med": 0.4347246289253235,
  "inu_range": 0.10590220987796783,
  "provenance": {
    "md5sum": "30bf1293385a491e159f4c4bb90d749e",
    "settings": {
      "testing": false
    },
    "software": "mriqc",
    "version": "23.0.1",
    "warnings": {
      "large_rot_frame": true,
      "small_air_mask": false
    },
    "webapi_port": null,
    "webapi_url": "https://mriqc.nimh.nih.gov/api/v1"
  },
  "qi_1": 0.023252398617866588,
  "qi_2": 0.027371756631365936,
  "rpve_csf": 26.538396835983466,
  "rpve_gm": 12.945367611334344,
  "rpve_wm": 18.939389900538128,
  "size_x": 192,
  "size_y": 256,
  "size_z": 256,
  "snr_csf": 2.432521113144983,
  "snr_gm": 11.414140096885683,
  "snr_total": 13.349864796426251,
  "snr_wm": 26.202933179248085,
  "snrd_csf": 35.26318594588305,
  "snrd_gm": 86.23095175837175,
  "snrd_total": 80.91531879837935,
  "snrd_wm": 121.25181869088321,
  "spacing_x": 0.9999943971633911,
  "spacing_y": 1.0,
  "spacing_z": 1.0,
  "summary_bg_k": 151.95004381274728,
  "summary_bg_mad": 0.0,
  "summary_bg_mean": 2.2382904754199973,
  "summary_bg_median": 0.0,
  "summary_bg_n": 2394377.0,
  "summary_bg_p05": 0.0,
  "summary_bg_p95": 9.99286238104105,
  "summary_bg_stdv": 5.403362942858959,
  "summary_csf_k": 8.86669365205825,
  "summary_csf_mad": 103.42588069155696,
  "summary_csf_mean": 300.7286446627666,
  "summary_csf_median": 290.8398803472519,
  "summary_csf_n": 26383.0,
  "summary_csf_p05": 114.96550244092941,
  "summary_csf_p95": 507.389966650307,
  "summary_csf_stdv": 119.56088144230755,
  "summary_gm_k": 0.05236300536141103,
  "summary_gm_mad": 61.37825116074662,
  "summary_gm_mean": 709.667565517325,
  "summary_gm_median": 711.2062911763787,
  "summary_gm_n": 44877.0,
  "summary_gm_p05": 603.7116429917514,
  "summary_gm_p95": 809.8501183949411,
  "summary_gm_stdv": 62.308536704868445,
  "summary_wm_k": 0.596810718768094,
  "summary_wm_mad": 36.333102698602886,
  "summary_wm_mean": 1001.1982089031974,
  "summary_wm_median": 1000.0475990474224,
  "summary_wm_n": 214044.0,
  "summary_wm_p05": 940.6614454686642,
  "summary_wm_p95": 1065.1439597010612,
  "summary_wm_stdv": 38.16539377954845,
  "tpm_overlap_csf": 0.14682330185502115,
  "tpm_overlap_gm": 0.47824498668947246,
  "tpm_overlap_wm": 0.516015163694816,
  "wm2max": 0.3768266661885209
}