{
  "aor": 0.002342310344827587,
  "aqi": 0.025375791379310345,
  "bids_meta": {
    "AcquisitionDateTime": "2018-05-18T18:40:9.877500",
    "BodyPartExamined": "BRAIN",
    "ConversionSoftware": "dcm2niix",
    "ConversionSoftwareVersion": "v1.0.20170411 GCC4.2.1",
    "EchoTime": 0.035,
    "EffectiveEchoSpacing": 0.000325002,
    "FlipAngle": 90,
    "ImageType": [
      "ORIGINAL",
      "PRIMARY",
      "M",
      "ND",
      "NORM",
      "MOSAIC"
    ],
    "MagneticFieldStrength": 3,
    "Manufacturer": "Siemens",
    "ManufacturersModelName": "Skyra",
    "PhaseEncodingDirection": "j-",
    "ProcedureStepDescription": "funktionales_Schadel-MRT",
    "ProtocolName": "ep2d_RestingState_PAINTeR_TE35",
    "RepetitionTime": 2.52,
    "ScanningSequence": "EP",
    "SequenceName": "_epfid2d1_94",
    "SequenceVariant": "SK",
    "SeriesDescription": "ep2d_RestingState_PAINTeR_TE35",
    "dataset": "ds002609",
    "modality": "bold",
    "subject_id": "023",
    "task_id": "rest"
  },
  "dummy_trs": 0,
  "dvars_nstd": 42.78890650688578,
  "dvars_std": 1.3762530255709347,
  "dvars_vstd": 0.9725084910034599,
  "efc": 0.5062555463006818,
  "fber": 1468.0380859375,
  "fd_mean": 0.09997500095508233,
  "fd_num": 15,
  "fd_perc": 5.172413793103448,
  "fwhm_avg": 1.7859889445823756,
  "fwhm_x": 1.756704648306058,
  "fwhm_y": 2.0817075960684264,
  "fwhm_z": 1.5195545893726428,
  "gcor": 0.0223658,
  "gsr_x": -0.041144564747810364,
  "gsr_y": 0.07150891423225403,
  "provenance": {
    "md5sum": "7ca5a94007fbac94c6c17aea8ccc37a5",
    "settings": {
      "fd_thres": 0.2,
      "testing": false
    },
    "software": "mriqc",
    "version": "23.0.1",
    "webapi_port": null,
    "webapi_url": "https://mriqc.nimh.nih.gov/api/v1"
  },
  "size_t": 290,
  "size_x": 94,
  "size_y": 94,
  "size_z": 38,
  "snr": 5.7075409721553285,
  "spacing_tr": 2.5199999809265137,
  "spacing_x": 2.4468085765838623,
  "spacing_y": 2.4468085765838623,
  "spacing_z": 3.4800000190734863,
  "summary_bg_k": 38.98777410738052,
  "summary_bg_mad": 8.476394969661078,
  "summary_bg_mean": 17.685962677001953,
  "summary_bg_median": 8.110344886779785,
  "summary_bg_n": 222669.0,
  "summary_bg_p05": 1.9517241716384888,
  "summary_bg_p95": 54.075862884521484,
  "summary_bg_stdv": 24.628936767578125,
  "summary_fg_k": 3.551828358246113,
  "summary_fg_mad": 47.668231265324096,
  "summary_fg_mean": 329.37042236328125,
  "summary_fg_median": 322.6965637207031,
  "summary_fg_n": 56839.0,
  "summary_fg_p05": 258.3927520751953,
  "summary_fg_p95": 420.62138671874993,
  "summary_fg_stdv": 56.53813552856445,
  "tsnr": 37.57315492979251
}