{
  "aor": 0.006909793103448275,
  "aqi": 0.01963296910344827,
  "bids_meta": {
    "AcquisitionDateTime": "2018-07-06T19:54:9.245000",
    "BodyPartExamined": "BRAIN",
    "ConversionSoftware": "dcm2niix",
    "ConversionSoftwareVersion": "v1.0.20170411 GCC4.2.1",
    "EchoTime": 0.035,
    "EffectiveEchoSpacing": 0.000325002,
    "FlipAngle": 90,
    "ImageType": [
      "ORIGINAL",
      "PRIMARY",
      "M",
      "ND",
      "NORM",
      "MOSAIC"
    ],
    "MagneticFieldStrength": 3,
    "Manufacturer": "Siemens",
    "ManufacturersModelName": "Skyra",
    "PhaseEncodingDirection": "j-",
    "ProcedureStepDescription": "funktionales_Schadel-MRT",
    "ProtocolName": "ep2d_RestingState_PAINTeR_TE35",
    "RepetitionTime": 2.52,
    "ScanningSequence": "EP",
    "SequenceName": "_epfid2d1_94",
    "SequenceVariant": "SK",
    "SeriesDescription": "ep2d_RestingState_PAINTeR_TE35",
    "dataset": "ds002609",
    "modality": "bold",
    "subject_id": "049",
    "task_id": "rest"
  },
  "dummy_trs": 0,
  "dvars_nstd": 33.14553802653981,
  "dvars_std": 1.2677535490311418,
  "dvars_vstd": 0.9983488534256059,
  "efc": 0.5012377915922299,
  "fber": 1159.784912109375,
  "fd_mean": 0.06080666707426784,
  "fd_num": 1,
  "fd_perc": 0.3448275862068966,
  "fwhm_avg": 1.8591642571607856,
  "fwhm_x": 1.833302385372056,
  "fwhm_y": 2.1490524638185877,
  "fwhm_z": 1.5951379222917121,
  "gcor": 0.0276416,
  "gsr_x": -0.03887392207980156,
  "gsr_y": 0.060930825769901276,
  "provenance": {
    "md5sum": "a9861046798d1fdac5df9dc0cd1c7924",
    "settings": {
      "fd_thres": 0.2,
      "testing": false
    },
    "software": "mriqc",
    "version": "23.0.1",
    "webapi_port": null,
    "webapi_url": "https://mriqc.nimh.nih.gov/api/v1"
  },
  "size_t": 290,
  "size_x": 94,
  "size_y": 94,
  "size_z": 38,
  "snr": 5.706158838852814,
  "spacing_tr": 2.5199999809265137,
  "spacing_x": 2.4468085765838623,
  "spacing_y": 2.4468085765838623,
  "spacing_z": 3.4800000190734863,
  "summary_bg_k": 44.879448001178076,
  "summary_bg_mad": 9.912985061201,
  "summary_bg_mean": 18.93995475769043,
  "summary_bg_median": 9.358620643615723,
  "summary_bg_n": 227435.0,
  "summary_bg_p05": 2.110344886779785,
  "summary_bg_p95": 53.801033782958946,
  "summary_bg_stdv": 24.688636779785156,
  "summary_fg_k": 4.52924914770823,
  "summary_fg_mad": 49.787323556730925,
  "summary_fg_mean": 343.0792236328125,
  "summary_fg_median": 338.23101806640625,
  "summary_fg_n": 53388.0,
  "summary_fg_p05": 262.8534393310547,
  "summary_fg_p95": 431.8436111450195,
  "summary_fg_stdv": 59.274173736572266,
  "tsnr": 41.70255276327953
}