{
  "aor": 0.0007970344827586207,
  "aqi": 0.01040922651724138,
  "bids_meta": {
    "AcquisitionDateTime": "2018-06-01T20:25:20.215000",
    "BodyPartExamined": "BRAIN",
    "ConversionSoftware": "dcm2niix",
    "ConversionSoftwareVersion": "v1.0.20170411 GCC4.2.1",
    "EchoTime": 0.035,
    "EffectiveEchoSpacing": 0.000325002,
    "FlipAngle": 90,
    "ImageType": [
      "ORIGINAL",
      "PRIMARY",
      "M",
      "ND",
      "NORM",
      "MOSAIC"
    ],
    "MagneticFieldStrength": 3,
    "Manufacturer": "Siemens",
    "ManufacturersModelName": "Skyra",
    "PhaseEncodingDirection": "j-",
    "ProcedureStepDescription": "funktionales_Schadel-MRT",
    "ProtocolName": "ep2d_RestingState_PAINTeR_TE35",
    "RepetitionTime": 2.52,
    "ScanningSequence": "EP",
    "SequenceName": "_epfid2d1_94",
    "SequenceVariant": "SK",
    "SeriesDescription": "ep2d_RestingState_PAINTeR_TE35",
    "SliceTiming": [
      1.25,
      0,
      1.315,
      0.0675,
      1.3825,
      0.1325,
      1.4475,
      0.1975,
      1.5125,
      0.2625,
      1.58,
      0.33,
      1.645,
      0.395,
      1.71,
      0.46,
      1.7775,
      0.5275,
      1.8425,
      0.5925,
      1.9075,
      0.6575,
      1.975,
      0.725,
      2.04,
      0.79,
      2.105,
      0.855,
      2.1725,
      0.9225,
      2.2375,
      0.9875,
      2.3025,
      1.0525,
      2.3675,
      1.12,
      2.435,
      1.185
    ],
    "dataset": "ds002609",
    "modality": "bold",
    "subject_id": "039",
    "task_id": "rest"
  },
  "dummy_trs": 0,
  "dvars_nstd": 39.568372865363315,
  "dvars_std": 1.3718349629757791,
  "dvars_vstd": 1.0139943562629756,
  "efc": 0.5002994853358476,
  "fber": 1057.5015869140625,
  "fd_mean": 0.06939329816714591,
  "fd_num": 7,
  "fd_perc": 2.413793103448276,
  "fwhm_avg": 1.753669829235438,
  "fwhm_x": 1.6795512488246223,
  "fwhm_y": 2.0580155097504456,
  "fwhm_z": 1.5234427291312465,
  "gcor": 0.0354129,
  "gsr_x": -0.03892318531870842,
  "gsr_y": 0.06776341050863266,
  "provenance": {
    "md5sum": "95a42a5623fef0c5ce92e576abf668ee",
    "settings": {
      "fd_thres": 0.2,
      "testing": false
    },
    "software": "mriqc",
    "version": "23.0.1",
    "webapi_port": null,
    "webapi_url": "https://mriqc.nimh.nih.gov/api/v1"
  },
  "size_t": 290,
  "size_x": 94,
  "size_y": 94,
  "size_z": 38,
  "snr": 5.401592512470377,
  "spacing_tr": 2.5199999809265137,
  "spacing_x": 2.446808338165283,
  "spacing_y": 2.4468085765838623,
  "spacing_z": 3.479999542236328,
  "summary_bg_k": 35.2928364929067,
  "summary_bg_mad": 11.40581168622799,
  "summary_bg_mean": 20.056838989257812,
  "summary_bg_median": 10.306896209716797,
  "summary_bg_n": 227978.0,
  "summary_bg_p05": 1.9344826936721802,
  "summary_bg_p95": 60.365516662597656,
  "summary_bg_stdv": 25.43349838256836,
  "summary_fg_k": 3.703792331157267,
  "summary_fg_mad": 52.18757094413977,
  "summary_fg_mean": 355.61212158203125,
  "summary_fg_median": 350.0586242675781,
  "summary_fg_n": 52884.0,
  "summary_fg_p05": 269.0867294311523,
  "summary_fg_p95": 455.3358520507812,
  "summary_fg_stdv": 64.80594635009766,
  "tsnr": 53.9421823695302
}