{
  "aor": 0.0007094482758620689,
  "aqi": 0.010020837724137931,
  "bids_meta": {
    "AcquisitionDateTime": "2018-03-18T11:43:52.592500",
    "BodyPartExamined": "BRAIN",
    "ConversionSoftware": "dcm2niix",
    "ConversionSoftwareVersion": "v1.0.20170411 GCC4.2.1",
    "EchoTime": 0.035,
    "EffectiveEchoSpacing": 0.000325002,
    "FlipAngle": 90,
    "ImageType": [
      "ORIGINAL",
      "PRIMARY",
      "M",
      "ND",
      "NORM",
      "MOSAIC"
    ],
    "MagneticFieldStrength": 3,
    "Manufacturer": "Siemens",
    "ManufacturersModelName": "Skyra",
    "PhaseEncodingDirection": "j-",
    "ProcedureStepDescription": "funktionales_Schadel-MRT",
    "ProtocolName": "ep2d_RestingState_PAINTeR_TE35",
    "RepetitionTime": 2.52,
    "ScanningSequence": "EP",
    "SequenceName": "_epfid2d1_94",
    "SequenceVariant": "SK",
    "SeriesDescription": "ep2d_RestingState_PAINTeR_TE35",
    "SliceTiming": [
      1.25,
      0,
      1.3175,
      0.0675,
      1.3825,
      0.1325,
      1.4475,
      0.1975,
      1.515,
      0.265,
      1.58,
      0.33,
      1.645,
      0.395,
      1.7125,
      0.4625,
      1.7775,
      0.5275,
      1.8425,
      0.5925,
      1.9075,
      0.66,
      1.975,
      0.725,
      2.04,
      0.79,
      2.105,
      0.8575,
      2.1725,
      0.9225,
      2.2375,
      0.9875,
      2.3025,
      1.0525,
      2.37,
      1.12,
      2.435,
      1.185
    ],
    "dataset": "ds002609",
    "modality": "bold",
    "subject_id": "008",
    "task_id": "rest"
  },
  "dummy_trs": 0,
  "dvars_nstd": 35.77940131051901,
  "dvars_std": 1.3125064306920415,
  "dvars_vstd": 1.0070446650519027,
  "efc": 0.47028063873693066,
  "fber": 1144.7471923828125,
  "fd_mean": 0.1498844338128682,
  "fd_num": 75,
  "fd_perc": 25.862068965517242,
  "fwhm_avg": 1.7465049611065615,
  "fwhm_x": 1.7148337798693303,
  "fwhm_y": 2.032905249557644,
  "fwhm_z": 1.4917758538927106,
  "gcor": 0.0406477,
  "gsr_x": -0.03569779172539711,
  "gsr_y": 0.05668533220887184,
  "provenance": {
    "md5sum": "ad92af7f4b1b77964cc700eaf7d900cb",
    "settings": {
      "fd_thres": 0.2,
      "testing": false
    },
    "software": "mriqc",
    "version": "23.0.1",
    "webapi_port": null,
    "webapi_url": "https://mriqc.nimh.nih.gov/api/v1"
  },
  "size_t": 290,
  "size_x": 94,
  "size_y": 94,
  "size_z": 38,
  "snr": 5.355722567534971,
  "spacing_tr": 2.5199999809265137,
  "spacing_x": 2.4468085765838623,
  "spacing_y": 2.4468085765838623,
  "spacing_z": 3.4800000190734863,
  "summary_bg_k": 34.649685504685756,
  "summary_bg_mad": 9.861860554234672,
  "summary_bg_mean": 16.427669525146484,
  "summary_bg_median": 9.231034278869629,
  "summary_bg_n": 236905.0,
  "summary_bg_p05": 1.86896550655365,
  "summary_bg_p95": 45.33724288940426,
  "summary_bg_stdv": 21.110902786254883,
  "summary_fg_k": 3.8746009278295164,
  "summary_fg_mad": 50.64875128006247,
  "summary_fg_mean": 331.161865234375,
  "summary_fg_median": 327.2069091796875,
  "summary_fg_n": 45854.0,
  "summary_fg_p05": 248.656201171875,
  "summary_fg_p95": 422.2475708007812,
  "summary_fg_stdv": 61.094154357910156,
  "tsnr": 51.75919496687129
}