{
  "bids_meta": {
    "AcquisitionDateTime": "2018-07-06T19:46:20.335000",
    "BodyPartExamined": "BRAIN",
    "ConversionSoftware": "dcm2niix",
    "ConversionSoftwareVersion": "v1.0.20170411 GCC4.2.1",
    "EchoTime": 0.00207,
    "FlipAngle": 9,
    "ImageType": [
      "ORIGINAL",
      "PRIMARY",
      "M",
      "ND",
      "NORM"
    ],
    "InversionTime": 0.9,
    "MagneticFieldStrength": 3,
    "Manufacturer": "Siemens",
    "ManufacturersModelName": "Skyra",
    "PhaseEncodingDirection": "i-",
    "ProcedureStepDescription": "funktionales_Schadel-MRT",
    "ProtocolName": "t1_mprage_sag_p2_iso_1.0",
    "RepetitionTime": 2.3,
    "ScanningSequence": "GR_IR",
    "SequenceName": "_tfl3d1_16ns",
    "SequenceVariant": "SK_SP_MP",
    "SeriesDescription": "t1_mprage_sag_p2_iso_1.0",
    "dataset": "ds002609",
    "modality": "T1w",
    "subject_id": "049"
  },
  "cjv": 0.31372532224265987,
  "cnr": 4.187257593195142,
  "efc": 0.5575984331033415,
  "fber": -1.0,
  "fwhm_avg": 3.9319920958944046,
  "fwhm_x": 3.892646287683213,
  "fwhm_y": 3.95014,
  "fwhm_z": 3.95319,
  "icvs_csf": 0.1814421780258014,
  "icvs_gm": 0.4722011381824579,
  "icvs_wm": 0.34635668379174067,
  "inu_med": 0.4531281292438507,
  "inu_range": 0.1249179989099502,
  "provenance": {
    "md5sum": "508a7581222355676efd5eb1897f267e",
    "settings": {
      "testing": false
    },
    "software": "mriqc",
    "version": "23.0.1",
    "warnings": {
      "large_rot_frame": true,
      "small_air_mask": false
    },
    "webapi_port": null,
    "webapi_url": "https://mriqc.nimh.nih.gov/api/v1"
  },
  "qi_1": 0.010236347912630506,
  "qi_2": 0.04265638300007134,
  "rpve_csf": 27.7884048236503,
  "rpve_gm": 12.261479091804098,
  "rpve_wm": 18.895656628390356,
  "size_x": 192,
  "size_y": 256,
  "size_z": 256,
  "snr_csf": 2.5490663052297244,
  "snr_gm": 12.531289383880837,
  "snr_total": 14.19992570032955,
  "snr_wm": 27.519421411878085,
  "snrd_csf": 52.37142675380237,
  "snrd_gm": 135.47515526650437,
  "snrd_total": 125.6791242598797,
  "snrd_wm": 189.19079075933234,
  "spacing_x": 1.0000009536743164,
  "spacing_y": 1.0,
  "spacing_z": 1.0,
  "summary_bg_k": 45.924321453159855,
  "summary_bg_mad": 0.0,
  "summary_bg_mean": 1.378942394874304,
  "summary_bg_median": 0.0,
  "summary_bg_n": 2082310.0,
  "summary_bg_p05": 0.0,
  "summary_bg_p95": 7.035630702972412,
  "summary_bg_stdv": 3.4629550061085634,
  "summary_csf_k": 7.271450541692259,
  "summary_csf_mad": 83.60324997122915,
  "summary_csf_mean": 290.98316411991414,
  "summary_csf_median": 276.82768726348877,
  "summary_csf_n": 26343.0,
  "summary_csf_p05": 116.78798668384553,
  "summary_csf_p95": 484.09318819046007,
  "summary_csf_stdv": 108.59758035817636,
  "summary_gm_k": 0.16536715765133225,
  "summary_gm_mad": 55.2018988383224,
  "summary_gm_mean": 715.3519779022497,
  "summary_gm_median": 716.1018180847168,
  "summary_gm_n": 61370.0,
  "summary_gm_p05": 619.046685731411,
  "summary_gm_p95": 808.6099128723145,
  "summary_gm_stdv": 57.14463706212139,
  "summary_wm_k": 0.6207024126521112,
  "summary_wm_mad": 33.87506607852151,
  "summary_wm_mean": 1000.9802973564446,
  "summary_wm_median": 1000.0347957611084,
  "summary_wm_n": 208425.0,
  "summary_wm_p05": 943.1924724578857,
  "summary_wm_p95": 1062.171257019043,
  "summary_wm_stdv": 36.339150513486224,
  "tpm_overlap_csf": 0.16454866745512145,
  "tpm_overlap_gm": 0.4749961304019027,
  "tpm_overlap_wm": 0.5127170342680618,
  "wm2max": 0.4916690925903728
}