{
  "bids_meta": {
    "AcquisitionDateTime": "2018-04-09T18:09:52.845000",
    "BodyPartExamined": "BRAIN",
    "ConversionSoftware": "dcm2niix",
    "ConversionSoftwareVersion": "v1.0.20170411 GCC4.2.1",
    "EchoTime": 0.00207,
    "FlipAngle": 9,
    "ImageType": [
      "ORIGINAL",
      "PRIMARY",
      "M",
      "ND",
      "NORM"
    ],
    "InversionTime": 0.9,
    "MagneticFieldStrength": 3,
    "Manufacturer": "Siemens",
    "ManufacturersModelName": "Skyra",
    "PhaseEncodingDirection": "i-",
    "ProcedureStepDescription": "funktionales_Schadel-MRT",
    "ProtocolName": "t1_mprage_sag_p2_iso_1.0",
    "RepetitionTime": 2.3,
    "ScanningSequence": "GR_IR",
    "SequenceName": "_tfl3d1_16ns",
    "SequenceVariant": "SK_SP_MP",
    "SeriesDescription": "t1_mprage_sag_p2_iso_1.0",
    "dataset": "ds002609",
    "modality": "T1w",
    "subject_id": "020"
  },
  "cjv": 0.32183424200873983,
  "cnr": 4.1709886519758435,
  "efc": 0.537197897139995,
  "fber": -1.0,
  "fwhm_avg": 3.6790181846978407,
  "fwhm_x": 3.806964554093522,
  "fwhm_y": 3.63968,
  "fwhm_z": 3.59041,
  "icvs_csf": 0.20322145411318726,
  "icvs_gm": 0.4632932193444144,
  "icvs_wm": 0.3334853265423983,
  "inu_med": 0.5082645416259766,
  "inu_range": 0.1260978132486344,
  "provenance": {
    "md5sum": "66616812274344c70277559e9dfff464",
    "settings": {
      "testing": false
    },
    "software": "mriqc",
    "version": "23.0.1",
    "warnings": {
      "large_rot_frame": true,
      "small_air_mask": false
    },
    "webapi_port": null,
    "webapi_url": "https://mriqc.nimh.nih.gov/api/v1"
  },
  "qi_1": 0.03516357872509504,
  "qi_2": 0.008893190549113765,
  "rpve_csf": 30.596510573168676,
  "rpve_gm": 14.668402239666996,
  "rpve_wm": 22.609774384471407,
  "size_x": 192,
  "size_y": 256,
  "size_z": 256,
  "snr_csf": 1.1380384893369488,
  "snr_gm": 12.043531133931511,
  "snr_total": 13.352602720440366,
  "snr_wm": 26.87623853805264,
  "snrd_csf": 42.87945887608339,
  "snrd_gm": 101.41066467698715,
  "snrd_total": 95.77984067430702,
  "snrd_wm": 143.04939846985053,
  "spacing_x": 1.0000014305114746,
  "spacing_y": 1.0,
  "spacing_z": 1.0,
  "summary_bg_k": 39.83762851874279,
  "summary_bg_mad": 0.0,
  "summary_bg_mean": 1.2617594870172322,
  "summary_bg_median": 0.0,
  "summary_bg_n": 2044806.0,
  "summary_bg_p05": 0.0,
  "summary_bg_p95": 9.237173840403557,
  "summary_bg_stdv": 4.579791184918818,
  "summary_csf_k": 11.956519570822834,
  "summary_csf_mad": 160.90081552737945,
  "summary_csf_mean": 342.9303348989333,
  "summary_csf_median": 299.7527961730957,
  "summary_csf_n": 28028.0,
  "summary_csf_p05": 82.80280691161752,
  "summary_csf_p95": 708.54544232562,
  "summary_csf_stdv": 263.3895527724346,
  "summary_gm_k": 0.08800802319578205,
  "summary_gm_mad": 58.3164993739593,
  "summary_gm_mean": 708.0132207435239,
  "summary_gm_median": 708.9205669909716,
  "summary_gm_n": 52347.0,
  "summary_gm_p05": 610.087143599987,
  "summary_gm_p95": 802.6366828083992,
  "summary_gm_stdv": 58.862619917443894,
  "summary_wm_k": 0.459386648663477,
  "summary_wm_mad": 35.36281659942405,
  "summary_wm_mean": 1001.4316482794861,
  "summary_wm_median": 999.9999604970217,
  "summary_wm_n": 169377.0,
  "summary_wm_p05": 942.8422369211912,
  "summary_wm_p95": 1064.7035443931818,
  "summary_wm_stdv": 37.207476302246526,
  "tpm_overlap_csf": 0.14258126699592402,
  "tpm_overlap_gm": 0.48211190399238485,
  "tpm_overlap_wm": 0.5049556282121204,
  "wm2max": 0.38794394252931574
}