{
  "bids_meta": {
    "AcquisitionDateTime": "2018-03-18T17:37:47.032500",
    "BodyPartExamined": "BRAIN",
    "ConversionSoftware": "dcm2niix",
    "ConversionSoftwareVersion": "v1.0.20170411 GCC4.2.1",
    "EchoTime": 0.00207,
    "FlipAngle": 9,
    "ImageType": [
      "ORIGINAL",
      "PRIMARY",
      "M",
      "ND",
      "NORM"
    ],
    "InversionTime": 0.9,
    "MagneticFieldStrength": 3,
    "Manufacturer": "Siemens",
    "ManufacturersModelName": "Skyra",
    "PhaseEncodingDirection": "i-",
    "ProcedureStepDescription": "funktionales_Schadel-MRT",
    "ProtocolName": "t1_mprage_sag_p2_iso_1.0",
    "RepetitionTime": 2.3,
    "ScanningSequence": "GR_IR",
    "SequenceName": "_tfl3d1_16ns",
    "SequenceVariant": "SK_SP_MP",
    "SeriesDescription": "t1_mprage_sag_p2_iso_1.0",
    "SliceTiming": [
      1.25,
      0,
      1.315,
      0.0675,
      1.3825,
      0.1325,
      1.4475,
      0.1975,
      1.5125,
      0.2625,
      1.58,
      0.33,
      1.645,
      0.395,
      1.71,
      0.46,
      1.7775,
      0.5275,
      1.8425,
      0.5925,
      1.9075,
      0.6575,
      1.975,
      0.725,
      2.04,
      0.79,
      2.105,
      0.855,
      2.1725,
      0.9225,
      2.2375,
      0.9875,
      2.3025,
      1.0525,
      2.3675,
      1.12,
      2.435,
      1.185
    ],
    "dataset": "ds002609",
    "modality": "T1w",
    "subject_id": "012"
  },
  "cjv": 0.314390100738113,
  "cnr": 4.1766597911684045,
  "efc": 0.5286909512711933,
  "fber": -1.0,
  "fwhm_avg": 4.314865322060277,
  "fwhm_x": 4.229765966180834,
  "fwhm_y": 4.41365,
  "fwhm_z": 4.30118,
  "icvs_csf": 0.24766730660679515,
  "icvs_gm": 0.44152179456563523,
  "icvs_wm": 0.3108108988275696,
  "inu_med": 0.4758225083351135,
  "inu_range": 0.12265892028808595,
  "provenance": {
    "md5sum": "9c790f4accfe4e751adc6e3f62b6fdf0",
    "settings": {
      "testing": false
    },
    "software": "mriqc",
    "version": "23.0.1",
    "warnings": {
      "large_rot_frame": true,
      "small_air_mask": false
    },
    "webapi_port": null,
    "webapi_url": "https://mriqc.nimh.nih.gov/api/v1"
  },
  "qi_1": 0.01965721904832452,
  "qi_2": 0.038278789656475035,
  "rpve_csf": 25.145486025925138,
  "rpve_gm": 14.309456302859445,
  "rpve_wm": 22.785242403053346,
  "size_x": 192,
  "size_y": 256,
  "size_z": 256,
  "snr_csf": 2.148235887594896,
  "snr_gm": 11.780457393816048,
  "snr_total": 13.318444432259566,
  "snr_wm": 26.02664001536775,
  "snrd_csf": 24.598513413636123,
  "snrd_gm": 81.90305196508945,
  "snrd_total": 74.35096814751036,
  "snrd_wm": 116.55133906380553,
  "spacing_x": 1.0000009536743164,
  "spacing_y": 1.0,
  "spacing_z": 1.0,
  "summary_bg_k": 25.477142084147523,
  "summary_bg_mad": 0.0,
  "summary_bg_mean": 2.368869009030346,
  "summary_bg_median": 0.0,
  "summary_bg_n": 2217186.0,
  "summary_bg_p05": 0.0,
  "summary_bg_p95": 9.650180608034134,
  "summary_bg_stdv": 5.621011158388154,
  "summary_csf_k": 0.9091244258691145,
  "summary_csf_mad": 85.77803720413998,
  "summary_csf_mean": 227.67181860568172,
  "summary_csf_median": 211.05302403867245,
  "summary_csf_n": 75273.0,
  "summary_csf_p05": 102.26510838791728,
  "summary_csf_p95": 427.57448375523063,
  "summary_csf_stdv": 98.24415621001565,
  "summary_gm_k": 0.14850143767115886,
  "summary_gm_mad": 58.223084712308136,
  "summary_gm_mean": 701.0150359671215,
  "summary_gm_median": 702.7207906655967,
  "summary_gm_n": 47991.0,
  "summary_gm_p05": 599.405778368935,
  "summary_gm_p95": 796.7430364508182,
  "summary_gm_stdv": 59.65077974097505,
  "summary_wm_k": 1.0334575035049012,
  "summary_wm_mad": 35.238545013592635,
  "summary_wm_mean": 999.3743290268205,
  "summary_wm_median": 999.9999655075371,
  "summary_wm_n": 160140.0,
  "summary_wm_p05": 935.308014024049,
  "summary_wm_p95": 1060.1348872594535,
  "summary_wm_stdv": 38.422049202059675,
  "tpm_overlap_csf": 0.15388178182457082,
  "tpm_overlap_gm": 0.4794854160315882,
  "tpm_overlap_wm": 0.4919287183927398,
  "wm2max": 0.3908701308188996
}