{
  "aor": 0.0005087931034482759,
  "aqi": 0.014158281862068967,
  "bids_meta": {
    "AcquisitionDateTime": "2018-05-12T08:48:33.232500",
    "BodyPartExamined": "BRAIN",
    "ConversionSoftware": "dcm2niix",
    "ConversionSoftwareVersion": "v1.0.20170411 GCC4.2.1",
    "EchoTime": 0.035,
    "EffectiveEchoSpacing": 0.000325002,
    "FlipAngle": 90,
    "ImageType": [
      "ORIGINAL",
      "PRIMARY",
      "M",
      "ND",
      "NORM",
      "MOSAIC"
    ],
    "MagneticFieldStrength": 3,
    "Manufacturer": "Siemens",
    "ManufacturersModelName": "Skyra",
    "PhaseEncodingDirection": "j-",
    "ProcedureStepDescription": "funktionales_Schadel-MRT",
    "ProtocolName": "ep2d_RestingState_PAINTeR_TE35",
    "RepetitionTime": 2.52,
    "ScanningSequence": "EP",
    "SequenceName": "_epfid2d1_94",
    "SequenceVariant": "SK",
    "SeriesDescription": "ep2d_RestingState_PAINTeR_TE35",
    "SliceTiming": [
      1.2475,
      0,
      1.315,
      0.065,
      1.38,
      0.13,
      1.445,
      0.195,
      1.5125,
      0.2625,
      1.5775,
      0.3275,
      1.6425,
      0.3925,
      1.71,
      0.46,
      1.775,
      0.525,
      1.84,
      0.59,
      1.9075,
      0.6575,
      1.9725,
      0.7225,
      2.0375,
      0.7875,
      2.105,
      0.855,
      2.17,
      0.92,
      2.235,
      0.985,
      2.3,
      1.0525,
      2.3675,
      1.1175,
      2.4325,
      1.1825
    ],
    "dataset": "ds002609",
    "modality": "bold",
    "subject_id": "027",
    "task_id": "rest"
  },
  "dummy_trs": 0,
  "dvars_nstd": 37.71719430311418,
  "dvars_std": 1.2261736204152245,
  "dvars_vstd": 0.9856413244636678,
  "efc": 0.48726789917511126,
  "fber": 698.3480224609375,
  "fd_mean": 0.1035080845273512,
  "fd_num": 13,
  "fd_perc": 4.482758620689655,
  "fwhm_avg": 1.6817322018930632,
  "fwhm_x": 1.6854076937058906,
  "fwhm_y": 1.8689038626734065,
  "fwhm_z": 1.490885049299892,
  "gcor": 0.0199136,
  "gsr_x": -0.040959179401397705,
  "gsr_y": 0.06034279987215996,
  "provenance": {
    "md5sum": "3c8d0591058357134365b7177bf4fc4f",
    "settings": {
      "fd_thres": 0.2,
      "testing": false
    },
    "software": "mriqc",
    "version": "23.0.1",
    "webapi_port": null,
    "webapi_url": "https://mriqc.nimh.nih.gov/api/v1"
  },
  "size_t": 290,
  "size_x": 94,
  "size_y": 94,
  "size_z": 38,
  "snr": 5.628593971980891,
  "spacing_tr": 2.5199999809265137,
  "spacing_x": 2.4468085765838623,
  "spacing_y": 2.4468085765838623,
  "spacing_z": 3.4800000190734863,
  "summary_bg_k": 32.850147281929466,
  "summary_bg_mad": 10.3884399360606,
  "summary_bg_mean": 15.446457862854004,
  "summary_bg_median": 9.66551685333252,
  "summary_bg_n": 237127.0,
  "summary_bg_p05": 1.7448276281356812,
  "summary_bg_p95": 42.393104553222656,
  "summary_bg_stdv": 18.49174690246582,
  "summary_fg_k": 3.7447327184957935,
  "summary_fg_mad": 37.84725843973737,
  "summary_fg_mean": 264.053466796875,
  "summary_fg_median": 257.9862060546875,
  "summary_fg_n": 45975.0,
  "summary_fg_p05": 207.60586853027343,
  "summary_fg_p95": 339.2913665771484,
  "summary_fg_stdv": 45.83443069458008,
  "tsnr": 47.11648534797132
}