{
  "bids_meta": {
    "AcquisitionDateTime": "2018-03-05T18:06:56.345000",
    "BodyPartExamined": "BRAIN",
    "ConversionSoftware": "dcm2niix",
    "ConversionSoftwareVersion": "v1.0.20170411 GCC4.2.1",
    "EchoTime": 0.00207,
    "FlipAngle": 9,
    "ImageType": [
      "ORIGINAL",
      "PRIMARY",
      "M",
      "ND",
      "NORM"
    ],
    "InversionTime": 0.9,
    "MagneticFieldStrength": 3,
    "Manufacturer": "Siemens",
    "ManufacturersModelName": "Skyra",
    "PhaseEncodingDirection": "i-",
    "ProcedureStepDescription": "funktionales_Schadel-MRT",
    "ProtocolName": "t1_mprage_sag_p2_iso_1.0",
    "RepetitionTime": 2.3,
    "ScanningSequence": "GR_IR",
    "SequenceName": "_tfl3d1_16ns",
    "SequenceVariant": "SK_SP_MP",
    "SeriesDescription": "t1_mprage_sag_p2_iso_1.0",
    "dataset": "ds002609",
    "modality": "T1w",
    "subject_id": "004"
  },
  "cjv": 0.3106427600217362,
  "cnr": 4.313033404315239,
  "efc": 0.5539004192714639,
  "fber": -1.0,
  "fwhm_avg": 3.965920074671305,
  "fwhm_x": 3.898420224013916,
  "fwhm_y": 3.96295,
  "fwhm_z": 4.03639,
  "icvs_csf": 0.20157041886878765,
  "icvs_gm": 0.45311409439642636,
  "icvs_wm": 0.345315486734786,
  "inu_med": 0.46122702956199646,
  "inu_range": 0.1320552110671997,
  "provenance": {
    "md5sum": "b9669cb7b58fb1025122a0f0953df8de",
    "settings": {
      "testing": false
    },
    "software": "mriqc",
    "version": "23.0.1",
    "warnings": {
      "large_rot_frame": true,
      "small_air_mask": false
    },
    "webapi_port": null,
    "webapi_url": "https://mriqc.nimh.nih.gov/api/v1"
  },
  "qi_1": 0.04577437746549631,
  "qi_2": 0.023153026101562613,
  "rpve_csf": 24.726182158613415,
  "rpve_gm": 11.973258291907161,
  "rpve_wm": 17.854581004708905,
  "size_x": 192,
  "size_y": 256,
  "size_z": 256,
  "snr_csf": 2.2798382620082154,
  "snr_gm": 12.30611885393625,
  "snr_total": 13.534905552065156,
  "snr_wm": 26.018759540251004,
  "snrd_csf": 45.43245702158193,
  "snrd_gm": 109.00789605475391,
  "snrd_total": 103.1964916609354,
  "snrd_wm": 155.14912190647033,
  "spacing_x": 0.9999973773956299,
  "spacing_y": 1.0,
  "spacing_z": 1.0,
  "summary_bg_k": 39.099652401400164,
  "summary_bg_mad": 0.0,
  "summary_bg_mean": 1.1509022858340878,
  "summary_bg_median": 0.0,
  "summary_bg_n": 1784432.0,
  "summary_bg_p05": 0.0,
  "summary_bg_p95": 9.668374806642532,
  "summary_bg_stdv": 4.222623989391462,
  "summary_csf_k": -0.047592742324150894,
  "summary_csf_mad": 125.03140222134304,
  "summary_csf_mean": 308.7737132529947,
  "summary_csf_median": 292.8309019561857,
  "summary_csf_n": 36960.0,
  "summary_csf_p05": 107.50991075616331,
  "summary_csf_p95": 532.3479681348422,
  "summary_csf_stdv": 128.44198000889924,
  "summary_gm_k": 0.1658539849372227,
  "summary_gm_mad": 55.97565212660872,
  "summary_gm_mean": 702.6458617046458,
  "summary_gm_median": 702.6007971987128,
  "summary_gm_n": 52201.0,
  "summary_gm_p05": 607.7540403455496,
  "summary_gm_p95": 796.2390072010458,
  "summary_gm_stdv": 57.09306693214482,
  "summary_wm_k": 0.5384125406996398,
  "summary_wm_mad": 36.4092590016866,
  "summary_wm_mean": 1000.6304166551424,
  "summary_wm_median": 1000.0000062510371,
  "summary_wm_n": 225230.0,
  "summary_wm_p05": 938.7508518509567,
  "summary_wm_p95": 1064.6814337074757,
  "summary_wm_stdv": 38.4337225896041,
  "tpm_overlap_csf": 0.15267832084502628,
  "tpm_overlap_gm": 0.4849329682699968,
  "tpm_overlap_wm": 0.5228163861148721,
  "wm2max": 0.3554845250983829
}