{
  "aor": 0.0005671379310344828,
  "aqi": 0.012510321413793104,
  "bids_meta": {
    "AcquisitionDateTime": "2018-03-18T16:45:30.380000",
    "BodyPartExamined": "BRAIN",
    "ConversionSoftware": "dcm2niix",
    "ConversionSoftwareVersion": "v1.0.20170411 GCC4.2.1",
    "EchoTime": 0.035,
    "EffectiveEchoSpacing": 0.000325002,
    "FlipAngle": 90,
    "ImageType": [
      "ORIGINAL",
      "PRIMARY",
      "M",
      "ND",
      "NORM",
      "MOSAIC"
    ],
    "MagneticFieldStrength": 3,
    "Manufacturer": "Siemens",
    "ManufacturersModelName": "Skyra",
    "PhaseEncodingDirection": "j-",
    "ProcedureStepDescription": "funktionales_Schadel-MRT",
    "ProtocolName": "ep2d_RestingState_PAINTeR_TE35",
    "RepetitionTime": 2.52,
    "ScanningSequence": "EP",
    "SequenceName": "_epfid2d1_94",
    "SequenceVariant": "SK",
    "SeriesDescription": "ep2d_RestingState_PAINTeR_TE35",
    "dataset": "ds002609",
    "modality": "bold",
    "subject_id": "011",
    "task_id": "rest"
  },
  "dummy_trs": 0,
  "dvars_nstd": 34.79227727999996,
  "dvars_std": 1.2570724531141875,
  "dvars_vstd": 0.9997048633564015,
  "efc": 0.5004466368692972,
  "fber": 1389.580810546875,
  "fd_mean": 0.07049381721171596,
  "fd_num": 3,
  "fd_perc": 1.0344827586206897,
  "fwhm_avg": 1.7290108008864706,
  "fwhm_x": 1.6810509981711366,
  "fwhm_y": 1.9358032521747044,
  "fwhm_z": 1.5701781523135714,
  "gcor": 0.0351188,
  "gsr_x": -0.03734414279460907,
  "gsr_y": 0.05739758908748627,
  "provenance": {
    "md5sum": "4171a6db94563db049346250ff793f38",
    "settings": {
      "fd_thres": 0.2,
      "testing": false
    },
    "software": "mriqc",
    "version": "23.0.1",
    "webapi_port": null,
    "webapi_url": "https://mriqc.nimh.nih.gov/api/v1"
  },
  "size_t": 290,
  "size_x": 94,
  "size_y": 94,
  "size_z": 38,
  "snr": 5.468099892205951,
  "spacing_tr": 2.5199999809265137,
  "spacing_x": 2.4468085765838623,
  "spacing_y": 2.4468085765838623,
  "spacing_z": 3.4800000190734863,
  "summary_bg_k": 46.88472818397741,
  "summary_bg_mad": 9.805624727707436,
  "summary_bg_mean": 19.89595603942871,
  "summary_bg_median": 9.162069320678711,
  "summary_bg_n": 224155.0,
  "summary_bg_p05": 1.8896551132202148,
  "summary_bg_p95": 58.71723937988281,
  "summary_bg_stdv": 29.79996681213379,
  "summary_fg_k": 2.346836451694715,
  "summary_fg_mad": 57.09807997964765,
  "summary_fg_mean": 371.2713317871094,
  "summary_fg_median": 362.5034484863281,
  "summary_fg_n": 55878.0,
  "summary_fg_p05": 284.1300079345703,
  "summary_fg_p95": 486.0744873046874,
  "summary_fg_stdv": 66.29363250732422,
  "tsnr": 50.27927632909268
}