{
  "bids_meta": {
    "AcquisitionDateTime": "2018-05-11T19:20:15.622500",
    "BodyPartExamined": "BRAIN",
    "ConversionSoftware": "dcm2niix",
    "ConversionSoftwareVersion": "v1.0.20170411 GCC4.2.1",
    "EchoTime": 0.00207,
    "FlipAngle": 9,
    "ImageType": [
      "ORIGINAL",
      "PRIMARY",
      "M",
      "ND",
      "NORM"
    ],
    "InversionTime": 0.9,
    "MagneticFieldStrength": 3,
    "Manufacturer": "Siemens",
    "ManufacturersModelName": "Skyra",
    "PhaseEncodingDirection": "i-",
    "ProcedureStepDescription": "funktionales_Schadel-MRT",
    "ProtocolName": "t1_mprage_sag_p2_iso_1.0",
    "RepetitionTime": 2.3,
    "ScanningSequence": "GR_IR",
    "SequenceName": "_tfl3d1_16ns",
    "SequenceVariant": "SK_SP_MP",
    "SeriesDescription": "t1_mprage_sag_p2_iso_1.0",
    "dataset": "ds002609",
    "modality": "T1w",
    "subject_id": "025"
  },
  "cjv": 0.3267371657587575,
  "cnr": 4.049759471826864,
  "efc": 0.5455669473817832,
  "fber": -1.0,
  "fwhm_avg": 4.275515392022659,
  "fwhm_x": 4.2949461760679775,
  "fwhm_y": 4.19593,
  "fwhm_z": 4.33567,
  "icvs_csf": 0.24773474609768092,
  "icvs_gm": 0.4193716873642229,
  "icvs_wm": 0.3328935665380961,
  "inu_med": 0.44305968284606934,
  "inu_range": 0.10661698579788209,
  "provenance": {
    "md5sum": "b3dfb05872bbd7d94378edc4d43c98d0",
    "settings": {
      "testing": false
    },
    "software": "mriqc",
    "version": "23.0.1",
    "warnings": {
      "large_rot_frame": true,
      "small_air_mask": false
    },
    "webapi_port": null,
    "webapi_url": "https://mriqc.nimh.nih.gov/api/v1"
  },
  "qi_1": 0.04543273343320078,
  "qi_2": 0.018853643641883803,
  "rpve_csf": 27.235203560595668,
  "rpve_gm": 16.20483282991355,
  "rpve_wm": 23.892298621605534,
  "size_x": 192,
  "size_y": 256,
  "size_z": 256,
  "snr_csf": 2.1977321416332356,
  "snr_gm": 11.516481194294558,
  "snr_total": 13.80483341754706,
  "snr_wm": 27.70028691671339,
  "snrd_csf": 27.87606878419918,
  "snrd_gm": 80.54522708125559,
  "snrd_total": 73.9659705927758,
  "snrd_wm": 113.47661591287265,
  "spacing_x": 1.0000032186508179,
  "spacing_y": 1.0,
  "spacing_z": 1.0,
  "summary_bg_k": 14.962198041290254,
  "summary_bg_mad": 0.0,
  "summary_bg_mean": 2.816712142379052,
  "summary_bg_median": 0.0,
  "summary_bg_n": 1854492.0,
  "summary_bg_p05": 0.0,
  "summary_bg_p95": 15.820782165974379,
  "summary_bg_stdv": 5.773559896530043,
  "summary_csf_k": -0.06439963286053985,
  "summary_csf_mad": 114.33982420437053,
  "summary_csf_mean": 259.31178192433,
  "summary_csf_median": 245.66510547325015,
  "summary_csf_n": 47475.0,
  "summary_csf_p05": 102.92789933420718,
  "summary_csf_p95": 466.4388470053673,
  "summary_csf_stdv": 111.78000880800761,
  "summary_gm_k": 0.05317893714761723,
  "summary_gm_mad": 61.17305693209758,
  "summary_gm_mean": 707.6941293665076,
  "summary_gm_median": 709.8257598467171,
  "summary_gm_n": 32319.0,
  "summary_gm_p05": 603.294941053912,
  "summary_gm_p95": 806.1047117959707,
  "summary_gm_stdv": 61.63469259675449,
  "summary_wm_k": 0.824932976436842,
  "summary_wm_mad": 33.65143622645041,
  "summary_wm_mean": 1000.5956277367566,
  "summary_wm_median": 1000.0421878993511,
  "summary_wm_n": 174363.0,
  "summary_wm_p05": 942.496729567647,
  "summary_wm_p95": 1060.1189713776112,
  "summary_wm_stdv": 36.10212858806245,
  "tpm_overlap_csf": 0.14623424841819405,
  "tpm_overlap_gm": 0.47581383956894396,
  "tpm_overlap_wm": 0.5225731639182004,
  "wm2max": 0.39889241389136254
}