{
  "bids_meta": {
    "AcquisitionDateTime": "2018-05-18T20:06:32.472500",
    "BodyPartExamined": "BRAIN",
    "ConversionSoftware": "dcm2niix",
    "ConversionSoftwareVersion": "v1.0.20170411 GCC4.2.1",
    "EchoTime": 0.00207,
    "FlipAngle": 9,
    "ImageType": [
      "ORIGINAL",
      "PRIMARY",
      "M",
      "ND",
      "NORM"
    ],
    "InversionTime": 0.9,
    "MagneticFieldStrength": 3,
    "Manufacturer": "Siemens",
    "ManufacturersModelName": "Skyra",
    "PhaseEncodingDirection": "i-",
    "ProcedureStepDescription": "funktionales_Schadel-MRT",
    "ProtocolName": "t1_mprage_sag_p2_iso_1.0",
    "RepetitionTime": 2.3,
    "ScanningSequence": "GR_IR",
    "SequenceName": "_tfl3d1_16ns",
    "SequenceVariant": "SK_SP_MP",
    "SeriesDescription": "t1_mprage_sag_p2_iso_1.0",
    "dataset": "ds002609",
    "modality": "T1w",
    "subject_id": "032"
  },
  "cjv": 0.3324870860797539,
  "cnr": 4.041508354706659,
  "efc": 0.5590163008324349,
  "fber": -1.0,
  "fwhm_avg": 4.04562561654724,
  "fwhm_x": 3.962686849641719,
  "fwhm_y": 4.08577,
  "fwhm_z": 4.08842,
  "icvs_csf": 0.19085102708056143,
  "icvs_gm": 0.44219114647654345,
  "icvs_wm": 0.3669578264428951,
  "inu_med": 0.39160697162151337,
  "inu_range": 0.09493323564529421,
  "provenance": {
    "md5sum": "ed43c2dcae1ec6d576c0c34d9e691ee1",
    "settings": {
      "testing": false
    },
    "software": "mriqc",
    "version": "23.0.1",
    "warnings": {
      "large_rot_frame": true,
      "small_air_mask": false
    },
    "webapi_port": null,
    "webapi_url": "https://mriqc.nimh.nih.gov/api/v1"
  },
  "qi_1": 0.032252742425876474,
  "qi_2": 0.03426668058586071,
  "rpve_csf": 26.15711320687539,
  "rpve_gm": 12.476581399043228,
  "rpve_wm": 17.652054829332478,
  "size_x": 192,
  "size_y": 256,
  "size_z": 256,
  "snr_csf": 2.060526625776604,
  "snr_gm": 11.683034713931184,
  "snr_total": 13.957775173200227,
  "snr_wm": 28.129764179892895,
  "snrd_csf": 42.34185244656253,
  "snrd_gm": 105.99083977353293,
  "snrd_total": 98.94216381799886,
  "snrd_wm": 148.49379923390114,
  "spacing_x": 0.9999982714653015,
  "spacing_y": 1.0,
  "spacing_z": 1.0,
  "summary_bg_k": 21.966061814735415,
  "summary_bg_mad": 0.0,
  "summary_bg_mean": 1.9837683731240598,
  "summary_bg_median": 0.0,
  "summary_bg_n": 2197213.0,
  "summary_bg_p05": 0.0,
  "summary_bg_p95": 8.40369288995862,
  "summary_bg_stdv": 4.412051217420557,
  "summary_csf_k": -0.40700485144824006,
  "summary_csf_mad": 150.59415337108823,
  "summary_csf_mean": 293.43556857998976,
  "summary_csf_median": 285.1534758787602,
  "summary_csf_n": 21382.0,
  "summary_csf_p05": 76.18559141084552,
  "summary_csf_p95": 525.1301980314777,
  "summary_csf_stdv": 138.38540311036985,
  "summary_gm_k": -0.004567062394781107,
  "summary_gm_mad": 61.59473431724836,
  "summary_gm_mean": 713.098798152674,
  "summary_gm_median": 713.8009942024946,
  "summary_gm_n": 54794.0,
  "summary_gm_p05": 612.4043241217732,
  "summary_gm_p95": 812.4358872771263,
  "summary_gm_stdv": 61.09666693240901,
  "summary_wm_k": 0.5845739695031149,
  "summary_wm_mad": 33.57585707321991,
  "summary_wm_mean": 1001.0845274639112,
  "summary_wm_median": 1000.0394539050758,
  "summary_wm_n": 236175.0,
  "summary_wm_p05": 944.7250058688223,
  "summary_wm_p95": 1060.759094081819,
  "summary_wm_stdv": 35.55086101503579,
  "tpm_overlap_csf": 0.14926505570840465,
  "tpm_overlap_gm": 0.4726405441525962,
  "tpm_overlap_wm": 0.5178257522647427,
  "wm2max": 0.44655233086547974
}