{
  "bids_meta": {
    "AcquisitionDateTime": "2018-06-04T17:35:32.692500",
    "BodyPartExamined": "BRAIN",
    "ConversionSoftware": "dcm2niix",
    "ConversionSoftwareVersion": "v1.0.20170411 GCC4.2.1",
    "EchoTime": 0.00207,
    "FlipAngle": 9,
    "ImageType": [
      "ORIGINAL",
      "PRIMARY",
      "M",
      "ND",
      "NORM"
    ],
    "InversionTime": 0.9,
    "MagneticFieldStrength": 3,
    "Manufacturer": "Siemens",
    "ManufacturersModelName": "Skyra",
    "PhaseEncodingDirection": "i-",
    "ProcedureStepDescription": "funktionales_Schadel-MRT",
    "ProtocolName": "t1_mprage_sag_p2_iso_1.0",
    "RepetitionTime": 2.3,
    "ScanningSequence": "GR_IR",
    "SequenceName": "_tfl3d1_16ns",
    "SequenceVariant": "SK_SP_MP",
    "SeriesDescription": "t1_mprage_sag_p2_iso_1.0",
    "SliceTiming": [
      1.25,
      0,
      1.315,
      0.065,
      1.38,
      0.13,
      1.4475,
      0.1975,
      1.5125,
      0.2625,
      1.5775,
      0.3275,
      1.6425,
      0.395,
      1.71,
      0.46,
      1.775,
      0.525,
      1.84,
      0.59,
      1.9075,
      0.6575,
      1.9725,
      0.7225,
      2.0375,
      0.7875,
      2.105,
      0.855,
      2.17,
      0.92,
      2.235,
      0.985,
      2.3025,
      1.0525,
      2.3675,
      1.1175,
      2.4325,
      1.1825
    ],
    "dataset": "ds002609",
    "modality": "T1w",
    "subject_id": "040"
  },
  "cjv": 0.3320500429958907,
  "cnr": 4.083780205406027,
  "efc": 0.5600941262128889,
  "fber": -1.0,
  "fwhm_avg": 4.246919656434912,
  "fwhm_x": 4.179998969304735,
  "fwhm_y": 4.28056,
  "fwhm_z": 4.2802,
  "icvs_csf": 0.2181356327766748,
  "icvs_gm": 0.43306731971437623,
  "icvs_wm": 0.34879704750894897,
  "inu_med": 0.4495915621519089,
  "inu_range": 0.12431328892707821,
  "provenance": {
    "md5sum": "f5bb51f45825467c338e0ab333acbf6b",
    "settings": {
      "testing": false
    },
    "software": "mriqc",
    "version": "23.0.1",
    "warnings": {
      "large_rot_frame": true,
      "small_air_mask": false
    },
    "webapi_port": null,
    "webapi_url": "https://mriqc.nimh.nih.gov/api/v1"
  },
  "qi_1": 0.0,
  "qi_2": 0.0076063147541830765,
  "rpve_csf": 23.43339222349755,
  "rpve_gm": 12.284828097428116,
  "rpve_wm": 17.48959424916999,
  "size_x": 192,
  "size_y": 256,
  "size_z": 256,
  "snr_csf": 2.4402836484980424,
  "snr_gm": 11.073239283207007,
  "snr_total": 12.897835439574507,
  "snr_wm": 25.17998338701847,
  "snrd_csf": 22.55929598774643,
  "snrd_gm": 72.11885843032799,
  "snrd_total": 66.12632824997236,
  "snrd_wm": 103.7008303318427,
  "spacing_x": 0.9999978542327881,
  "spacing_y": 1.0,
  "spacing_z": 1.0,
  "summary_bg_k": 21.225141238515494,
  "summary_bg_mad": 0.0,
  "summary_bg_mean": 2.455090239910617,
  "summary_bg_median": 0.0,
  "summary_bg_n": 2702307.0,
  "summary_bg_p05": 0.0,
  "summary_bg_p95": 14.963558686138057,
  "summary_bg_stdv": 6.3175617595133495,
  "summary_csf_k": 1.6247437537033234,
  "summary_csf_mad": 76.60794576205258,
  "summary_csf_mean": 233.60892324117552,
  "summary_csf_median": 217.54209604859352,
  "summary_csf_n": 64684.0,
  "summary_csf_p05": 118.57250567898154,
  "summary_csf_p95": 404.1643629880621,
  "summary_csf_stdv": 89.14554445349127,
  "summary_gm_k": -0.0023279784523162483,
  "summary_gm_mad": 63.34314581492675,
  "summary_gm_mean": 695.6542697900392,
  "summary_gm_median": 695.4511185139418,
  "summary_gm_n": 53628.0,
  "summary_gm_p05": 593.4656950198114,
  "summary_gm_p95": 798.7936669141054,
  "summary_gm_stdv": 62.8040825875056,
  "summary_wm_k": 0.4464311258960896,
  "summary_wm_mad": 37.78232344490337,
  "summary_wm_mean": 999.8481190335182,
  "summary_wm_median": 1000.000000204891,
  "summary_wm_n": 233116.0,
  "summary_wm_p05": 934.5061575174332,
  "summary_wm_p95": 1064.5388290695846,
  "summary_wm_stdv": 39.71399980602119,
  "tpm_overlap_csf": 0.15519997512942432,
  "tpm_overlap_gm": 0.45957720058208673,
  "tpm_overlap_wm": 0.5099540484041644,
  "wm2max": 0.33725172257525377
}