{
  "aor": 0.005636068965517242,
  "aqi": 0.02866612586206897,
  "bids_meta": {
    "AcquisitionDateTime": "2018-06-01T19:00:49.295000",
    "BodyPartExamined": "BRAIN",
    "ConversionSoftware": "dcm2niix",
    "ConversionSoftwareVersion": "v1.0.20170411 GCC4.2.1",
    "EchoTime": 0.035,
    "EffectiveEchoSpacing": 0.000325002,
    "FlipAngle": 90,
    "ImageType": [
      "ORIGINAL",
      "PRIMARY",
      "M",
      "ND",
      "NORM",
      "MOSAIC"
    ],
    "MagneticFieldStrength": 3,
    "Manufacturer": "Siemens",
    "ManufacturersModelName": "Skyra",
    "PhaseEncodingDirection": "j-",
    "ProcedureStepDescription": "funktionales_Schadel-MRT",
    "ProtocolName": "ep2d_RestingState_PAINTeR_TE35",
    "RepetitionTime": 2.52,
    "ScanningSequence": "EP",
    "SequenceName": "_epfid2d1_94",
    "SequenceVariant": "SK",
    "SeriesDescription": "ep2d_RestingState_PAINTeR_TE35",
    "SliceTiming": [
      1.25,
      0,
      1.315,
      0.065,
      1.38,
      0.13,
      1.4475,
      0.1975,
      1.5125,
      0.2625,
      1.5775,
      0.3275,
      1.6425,
      0.395,
      1.71,
      0.46,
      1.775,
      0.525,
      1.84,
      0.59,
      1.9075,
      0.6575,
      1.9725,
      0.7225,
      2.0375,
      0.7875,
      2.105,
      0.855,
      2.17,
      0.92,
      2.235,
      0.985,
      2.3025,
      1.0525,
      2.3675,
      1.1175,
      2.4325,
      1.1825
    ],
    "dataset": "ds002609",
    "modality": "bold",
    "subject_id": "037",
    "task_id": "rest"
  },
  "dummy_trs": 0,
  "dvars_nstd": 35.63672946809687,
  "dvars_std": 1.0352501852595153,
  "dvars_vstd": 0.9214186214878888,
  "efc": 0.49591987292096945,
  "fber": 1105.8944091796875,
  "fd_mean": 0.17093351955707412,
  "fd_num": 49,
  "fd_perc": 16.896551724137932,
  "fwhm_avg": 1.7669085542819694,
  "fwhm_x": 1.7689859523228821,
  "fwhm_y": 2.013590293556475,
  "fwhm_z": 1.518149416966551,
  "gcor": 0.0306748,
  "gsr_x": -0.030739232897758484,
  "gsr_y": 0.050829093903303146,
  "provenance": {
    "md5sum": "e2f7eb6072a72a51b0109f1227d8c436",
    "settings": {
      "fd_thres": 0.2,
      "testing": false
    },
    "software": "mriqc",
    "version": "23.0.1",
    "webapi_port": null,
    "webapi_url": "https://mriqc.nimh.nih.gov/api/v1"
  },
  "size_t": 290,
  "size_x": 94,
  "size_y": 94,
  "size_z": 38,
  "snr": 5.738830414719826,
  "spacing_tr": 2.5199999809265137,
  "spacing_x": 2.4468085765838623,
  "spacing_y": 2.4468085765838623,
  "spacing_z": 3.4800000190734863,
  "summary_bg_k": 26.068076710327922,
  "summary_bg_mad": 10.720747463942168,
  "summary_bg_mean": 18.853254318237305,
  "summary_bg_median": 9.699999809265137,
  "summary_bg_n": 230225.0,
  "summary_bg_p05": 1.8344827890396118,
  "summary_bg_p95": 54.161377716064415,
  "summary_bg_stdv": 25.034305572509766,
  "summary_fg_k": 2.8623164535119976,
  "summary_fg_mad": 54.35272308230071,
  "summary_fg_mean": 334.6080322265625,
  "summary_fg_median": 331.46380615234375,
  "summary_fg_n": 50738.0,
  "summary_fg_p05": 252.78707122802734,
  "summary_fg_p95": 422.8941314697265,
  "summary_fg_stdv": 57.75750732421875,
  "tsnr": 30.148870461038314
}