{
  "aor": 0.0004985813148788927,
  "aqi": 0.011041883356401385,
  "bids_meta": {
    "AcquisitionDateTime": "2018-06-01T19:40:55.167500",
    "BodyPartExamined": "BRAIN",
    "ConversionSoftware": "dcm2niix",
    "ConversionSoftwareVersion": "v1.0.20170411 GCC4.2.1",
    "EchoTime": 0.035,
    "EffectiveEchoSpacing": 0.000325002,
    "FlipAngle": 90,
    "ImageType": [
      "ORIGINAL",
      "PRIMARY",
      "M",
      "ND",
      "NORM",
      "MOSAIC"
    ],
    "MagneticFieldStrength": 3,
    "Manufacturer": "Siemens",
    "ManufacturersModelName": "Skyra",
    "PhaseEncodingDirection": "j-",
    "ProcedureStepDescription": "funktionales_Schadel-MRT",
    "ProtocolName": "ep2d_RestingState_PAINTeR_TE35",
    "RepetitionTime": 2.52,
    "ScanningSequence": "EP",
    "SequenceName": "_epfid2d1_94",
    "SequenceVariant": "SK",
    "SeriesDescription": "ep2d_RestingState_PAINTeR_TE35",
    "SliceTiming": [
      1.25,
      0,
      1.315,
      0.065,
      1.3825,
      0.1325,
      1.4475,
      0.1975,
      1.5125,
      0.2625,
      1.58,
      0.33,
      1.645,
      0.395,
      1.71,
      0.46,
      1.775,
      0.5275,
      1.8425,
      0.5925,
      1.9075,
      0.6575,
      1.9725,
      0.7225,
      2.04,
      0.79,
      2.105,
      0.855,
      2.17,
      0.92,
      2.2375,
      0.9875,
      2.3025,
      1.0525,
      2.3675,
      1.1175,
      2.435,
      1.185
    ],
    "dataset": "ds002609",
    "modality": "bold",
    "subject_id": "038",
    "task_id": "rest"
  },
  "dummy_trs": 1,
  "dvars_nstd": 33.411181873506955,
  "dvars_std": 1.2430331520138886,
  "dvars_vstd": 0.9847899141666672,
  "efc": 0.4569545508348575,
  "fber": 2885.106689453125,
  "fd_mean": 0.12412088875812044,
  "fd_num": 39,
  "fd_perc": 13.494809688581315,
  "fwhm_avg": 1.7107617841902076,
  "fwhm_x": 1.7015879541393706,
  "fwhm_y": 1.968470294772534,
  "fwhm_z": 1.4622271036587182,
  "gcor": 0.0183651,
  "gsr_x": -0.027756063267588615,
  "gsr_y": 0.04415066912770271,
  "provenance": {
    "md5sum": "7dee48c75801856013750ea095121213",
    "settings": {
      "fd_thres": 0.2,
      "testing": false
    },
    "software": "mriqc",
    "version": "23.0.1",
    "webapi_port": null,
    "webapi_url": "https://mriqc.nimh.nih.gov/api/v1"
  },
  "size_t": 289,
  "size_x": 94,
  "size_y": 94,
  "size_z": 38,
  "snr": 5.636632922935393,
  "spacing_tr": 2.5199999809265137,
  "spacing_x": 2.4468085765838623,
  "spacing_y": 2.4468085765838623,
  "spacing_z": 3.4799997806549072,
  "summary_bg_k": 38.13676336513889,
  "summary_bg_mad": 5.920148942769634,
  "summary_bg_mean": 15.485020637512207,
  "summary_bg_median": 5.913495063781738,
  "summary_bg_n": 238168.0,
  "summary_bg_p05": 1.4982699155807495,
  "summary_bg_p95": 49.42664375305172,
  "summary_bg_stdv": 25.688871383666992,
  "summary_fg_k": 3.5146111614526783,
  "summary_fg_mad": 51.593543706384644,
  "summary_fg_mean": 335.6479797363281,
  "summary_fg_median": 331.0069274902344,
  "summary_fg_n": 44877.0,
  "summary_fg_p05": 258.56956787109374,
  "summary_fg_p95": 428.35296630859375,
  "summary_fg_stdv": 58.723575592041016,
  "tsnr": 51.95224987063557
}