{
  "bids_meta": {
    "AcquisitionDateTime": "2018-04-06T20:06:34.370000",
    "BodyPartExamined": "BRAIN",
    "ConversionSoftware": "dcm2niix",
    "ConversionSoftwareVersion": "v1.0.20170411 GCC4.2.1",
    "EchoTime": 0.00207,
    "FlipAngle": 9,
    "ImageType": [
      "ORIGINAL",
      "PRIMARY",
      "M",
      "ND",
      "NORM"
    ],
    "InversionTime": 0.9,
    "MagneticFieldStrength": 3,
    "Manufacturer": "Siemens",
    "ManufacturersModelName": "Skyra",
    "PhaseEncodingDirection": "i-",
    "ProcedureStepDescription": "funktionales_Schadel-MRT",
    "ProtocolName": "t1_mprage_sag_p2_iso_1.0",
    "RepetitionTime": 2.3,
    "ScanningSequence": "GR_IR",
    "SequenceName": "_tfl3d1_16ns",
    "SequenceVariant": "SK_SP_MP",
    "SeriesDescription": "t1_mprage_sag_p2_iso_1.0",
    "dataset": "ds002609",
    "modality": "T1w",
    "subject_id": "018"
  },
  "cjv": 0.36425203366837655,
  "cnr": 3.6563092511336834,
  "efc": 0.5738092335471578,
  "fber": -1.0,
  "fwhm_avg": 3.9545964891629324,
  "fwhm_x": 3.8414394674887955,
  "fwhm_y": 4.03694,
  "fwhm_z": 3.98541,
  "icvs_csf": 0.2233321605265519,
  "icvs_gm": 0.4396195480837593,
  "icvs_wm": 0.33704829138968884,
  "inu_med": 0.45439714193344116,
  "inu_range": 0.12000082135200502,
  "provenance": {
    "md5sum": "fea7aa9cf7b922b11c4af76e8bf837d1",
    "settings": {
      "testing": false
    },
    "software": "mriqc",
    "version": "23.0.1",
    "warnings": {
      "large_rot_frame": true,
      "small_air_mask": false
    },
    "webapi_port": null,
    "webapi_url": "https://mriqc.nimh.nih.gov/api/v1"
  },
  "qi_1": 0.014699680725768062,
  "qi_2": 0.039309595596078724,
  "rpve_csf": 24.318856235292742,
  "rpve_gm": 13.105975599459642,
  "rpve_wm": 19.515687033384104,
  "size_x": 192,
  "size_y": 256,
  "size_z": 256,
  "snr_csf": 2.644386942102214,
  "snr_gm": 12.713080317557985,
  "snr_total": 13.834789804413612,
  "snr_wm": 26.146902153580633,
  "snrd_csf": 49.51165855397289,
  "snrd_gm": 124.40031796099333,
  "snrd_total": 113.70652798345884,
  "snrd_wm": 167.2076074354103,
  "spacing_x": 1.0000027418136597,
  "spacing_y": 1.0,
  "spacing_z": 1.0,
  "summary_bg_k": 27.244828914166735,
  "summary_bg_mad": 0.0,
  "summary_bg_mean": 1.6828009405123088,
  "summary_bg_median": 0.0,
  "summary_bg_n": 2293769.0,
  "summary_bg_p05": 0.0,
  "summary_bg_p95": 6.885728631168604,
  "summary_bg_stdv": 3.9182269501581937,
  "summary_csf_k": 0.5558504907344073,
  "summary_csf_mad": 99.57137839080114,
  "summary_csf_mean": 309.917180598978,
  "summary_csf_median": 296.1183577850461,
  "summary_csf_n": 39007.0,
  "summary_csf_p05": 146.10555355995893,
  "summary_csf_p95": 518.2167341172692,
  "summary_csf_stdv": 111.97852982037281,
  "summary_gm_k": 0.06679881008459132,
  "summary_gm_mad": 57.5016400721317,
  "summary_gm_mean": 742.9636313252515,
  "summary_gm_median": 744.0109852589667,
  "summary_gm_n": 39409.0,
  "summary_gm_p05": 644.7411970488727,
  "summary_gm_p95": 839.1301203034818,
  "summary_gm_stdv": 58.52252381069514,
  "summary_wm_k": 0.8793265269695643,
  "summary_wm_mad": 35.75452929340642,
  "summary_wm_mean": 1001.4525479089176,
  "summary_wm_median": 1000.0319837592542,
  "summary_wm_n": 198239.0,
  "summary_wm_p05": 941.6474102959037,
  "summary_wm_p95": 1065.9107921048999,
  "summary_wm_stdv": 38.24657527662087,
  "tpm_overlap_csf": 0.16152539892553436,
  "tpm_overlap_gm": 0.4795075952030719,
  "tpm_overlap_wm": 0.5133774055801176,
  "wm2max": 0.5180290320059671
}