{
  "aor": 0.004519862068965518,
  "aqi": 0.027850047931034485,
  "bids_meta": {
    "AcquisitionDateTime": "2018-07-06T18:43:6.682500",
    "BodyPartExamined": "BRAIN",
    "ConversionSoftware": "dcm2niix",
    "ConversionSoftwareVersion": "v1.0.20170411 GCC4.2.1",
    "EchoTime": 0.035,
    "EffectiveEchoSpacing": 0.000325002,
    "FlipAngle": 90,
    "ImageType": [
      "ORIGINAL",
      "PRIMARY",
      "M",
      "ND",
      "NORM",
      "MOSAIC"
    ],
    "MagneticFieldStrength": 3,
    "Manufacturer": "Siemens",
    "ManufacturersModelName": "Skyra",
    "PhaseEncodingDirection": "j-",
    "ProcedureStepDescription": "funktionales_Schadel-MRT",
    "ProtocolName": "ep2d_RestingState_PAINTeR_TE35",
    "RepetitionTime": 2.52,
    "ScanningSequence": "EP",
    "SequenceName": "_epfid2d1_94",
    "SequenceVariant": "SK",
    "SeriesDescription": "ep2d_RestingState_PAINTeR_TE35",
    "dataset": "ds002609",
    "modality": "bold",
    "subject_id": "047",
    "task_id": "rest"
  },
  "dummy_trs": 0,
  "dvars_nstd": 49.92496073346022,
  "dvars_std": 1.3458054758823532,
  "dvars_vstd": 1.0485683367820073,
  "efc": 0.5330442445558662,
  "fber": 679.1668090820312,
  "fd_mean": 0.24953135418179714,
  "fd_num": 167,
  "fd_perc": 57.58620689655172,
  "fwhm_avg": 1.7528740490805637,
  "fwhm_x": 1.745293866004902,
  "fwhm_y": 2.018331162993918,
  "fwhm_z": 1.4949971182428714,
  "gcor": 0.0190903,
  "gsr_x": -0.0448467843234539,
  "gsr_y": 0.08323889970779419,
  "provenance": {
    "md5sum": "69d2cfd3c8d53ff60c2957e83187ac12",
    "settings": {
      "fd_thres": 0.2,
      "testing": false
    },
    "software": "mriqc",
    "version": "23.0.1",
    "webapi_port": null,
    "webapi_url": "https://mriqc.nimh.nih.gov/api/v1"
  },
  "size_t": 290,
  "size_x": 94,
  "size_y": 94,
  "size_z": 38,
  "snr": 5.486042906305736,
  "spacing_tr": 2.5199999809265137,
  "spacing_x": 2.4468085765838623,
  "spacing_y": 2.4468085765838623,
  "spacing_z": 3.4800000190734863,
  "summary_bg_k": 29.530497371460037,
  "summary_bg_mad": 13.133810619124194,
  "summary_bg_mean": 21.076461791992188,
  "summary_bg_median": 11.420689582824707,
  "summary_bg_n": 219957.0,
  "summary_bg_p05": 1.7586207389831543,
  "summary_bg_p95": 62.65586013793939,
  "summary_bg_stdv": 27.523441314697266,
  "summary_fg_k": 4.197396150142395,
  "summary_fg_mad": 43.251101010690675,
  "summary_fg_mean": 310.9258117675781,
  "summary_fg_median": 304.02069091796875,
  "summary_fg_n": 60448.0,
  "summary_fg_p05": 242.47706756591796,
  "summary_fg_p95": 401.0291397094724,
  "summary_fg_stdv": 55.41666030883789,
  "tsnr": 34.487578864209354
}