{
  "bids_meta": {
    "AcquisitionDateTime": "2018-04-09T19:11:48.730000",
    "BodyPartExamined": "BRAIN",
    "ConversionSoftware": "dcm2niix",
    "ConversionSoftwareVersion": "v1.0.20170411 GCC4.2.1",
    "EchoTime": 0.00207,
    "FlipAngle": 9,
    "ImageType": [
      "ORIGINAL",
      "PRIMARY",
      "M",
      "ND",
      "NORM"
    ],
    "InversionTime": 0.9,
    "MagneticFieldStrength": 3,
    "Manufacturer": "Siemens",
    "ManufacturersModelName": "Skyra",
    "PhaseEncodingDirection": "i-",
    "ProcedureStepDescription": "funktionales_Schadel-MRT",
    "ProtocolName": "t1_mprage_sag_p2_iso_1.0",
    "RepetitionTime": 2.3,
    "ScanningSequence": "GR_IR",
    "SequenceName": "_tfl3d1_16ns",
    "SequenceVariant": "SK_SP_MP",
    "SeriesDescription": "t1_mprage_sag_p2_iso_1.0",
    "dataset": "ds002609",
    "modality": "T1w",
    "subject_id": "021"
  },
  "cjv": 0.2930409225429114,
  "cnr": 4.525889573134482,
  "efc": 0.5397229157074462,
  "fber": -1.0,
  "fwhm_avg": 4.234049335599262,
  "fwhm_x": 4.1800480067977865,
  "fwhm_y": 4.24054,
  "fwhm_z": 4.28156,
  "icvs_csf": 0.2019667088587972,
  "icvs_gm": 0.4575840652738435,
  "icvs_wm": 0.3404492258673593,
  "inu_med": 0.4626500904560089,
  "inu_range": 0.14175570011138922,
  "provenance": {
    "md5sum": "8077cb784d7c457991ee4e4b3ce97613",
    "settings": {
      "testing": false
    },
    "software": "mriqc",
    "version": "23.0.1",
    "warnings": {
      "large_rot_frame": true,
      "small_air_mask": false
    },
    "webapi_port": null,
    "webapi_url": "https://mriqc.nimh.nih.gov/api/v1"
  },
  "qi_1": 0.03706288772446074,
  "qi_2": 0.0065309698804146875,
  "rpve_csf": 26.748420595477757,
  "rpve_gm": 12.736706833732134,
  "rpve_wm": 19.134450990894482,
  "size_x": 192,
  "size_y": 256,
  "size_z": 256,
  "snr_csf": 2.396282033006217,
  "snr_gm": 12.18020509843876,
  "snr_total": 13.55766730107878,
  "snr_wm": 26.096514771791362,
  "snrd_csf": 31.27917490216125,
  "snrd_gm": 76.63486446248538,
  "snrd_total": 73.02102328997974,
  "snrd_wm": 111.14903050529259,
  "spacing_x": 1.0000004768371582,
  "spacing_y": 1.0,
  "spacing_z": 1.0,
  "summary_bg_k": 35.308141716331875,
  "summary_bg_mad": 0.0,
  "summary_bg_mean": 1.7382659475876816,
  "summary_bg_median": 0.0,
  "summary_bg_n": 2243880.0,
  "summary_bg_p05": 0.0,
  "summary_bg_p95": 9.974949058145285,
  "summary_bg_stdv": 5.894216230951488,
  "summary_csf_k": 0.07572910343090067,
  "summary_csf_mad": 118.68246309326318,
  "summary_csf_mean": 290.7364127403723,
  "summary_csf_median": 281.41654226370156,
  "summary_csf_n": 39932.0,
  "summary_csf_p05": 115.30631181802602,
  "summary_csf_p95": 497.3810215294361,
  "summary_csf_stdv": 117.43735281090231,
  "summary_gm_k": 0.11314906589880014,
  "summary_gm_mad": 55.27260087728928,
  "summary_gm_mean": 690.3554258880741,
  "summary_gm_median": 689.4784993957728,
  "summary_gm_n": 56496.0,
  "summary_gm_p05": 598.0414663627744,
  "summary_gm_p95": 785.1514697000384,
  "summary_gm_stdv": 56.60597599013374,
  "summary_wm_k": 0.6852004413613475,
  "summary_wm_mad": 35.72291492252417,
  "summary_wm_mean": 1000.9012417617445,
  "summary_wm_median": 1000.0000300072134,
  "summary_wm_n": 208858.0,
  "summary_wm_p05": 939.6948585323989,
  "summary_wm_p95": 1064.8599727414548,
  "summary_wm_stdv": 38.319202574674264,
  "tpm_overlap_csf": 0.1420102052371437,
  "tpm_overlap_gm": 0.479860701724957,
  "tpm_overlap_wm": 0.5157282584362439,
  "wm2max": 0.3683595720948544
}