{
  "aor": 0.0017420689655172417,
  "aqi": 0.021381900689655172,
  "bids_meta": {
    "AcquisitionDateTime": "2018-05-18T19:12:2.480000",
    "BodyPartExamined": "BRAIN",
    "ConversionSoftware": "dcm2niix",
    "ConversionSoftwareVersion": "v1.0.20170411 GCC4.2.1",
    "EchoTime": 0.035,
    "EffectiveEchoSpacing": 0.000325002,
    "FlipAngle": 90,
    "ImageType": [
      "ORIGINAL",
      "PRIMARY",
      "M",
      "ND",
      "NORM",
      "MOSAIC"
    ],
    "MagneticFieldStrength": 3,
    "Manufacturer": "Siemens",
    "ManufacturersModelName": "Skyra",
    "PhaseEncodingDirection": "j-",
    "ProcedureStepDescription": "funktionales_Schadel-MRT",
    "ProtocolName": "ep2d_RestingState_PAINTeR_TE35",
    "RepetitionTime": 2.52,
    "ScanningSequence": "EP",
    "SequenceName": "_epfid2d1_94",
    "SequenceVariant": "SK",
    "SeriesDescription": "ep2d_RestingState_PAINTeR_TE35",
    "SliceTiming": [
      1.25,
      0,
      1.315,
      0.065,
      1.38,
      0.1325,
      1.4475,
      0.1975,
      1.5125,
      0.2625,
      1.5775,
      0.3275,
      1.645,
      0.395,
      1.71,
      0.46,
      1.775,
      0.525,
      1.8425,
      0.5925,
      1.9075,
      0.6575,
      1.9725,
      0.7225,
      2.04,
      0.79,
      2.105,
      0.855,
      2.17,
      0.92,
      2.2375,
      0.9875,
      2.3025,
      1.0525,
      2.3675,
      1.1175,
      2.4325,
      1.185
    ],
    "dataset": "ds002609",
    "modality": "bold",
    "subject_id": "030",
    "task_id": "rest"
  },
  "dummy_trs": 0,
  "dvars_nstd": 38.02563588778548,
  "dvars_std": 1.1748243905536335,
  "dvars_vstd": 0.9825505237716262,
  "efc": 0.5329164637800826,
  "fber": 637.10302734375,
  "fd_mean": 0.12464261609227924,
  "fd_num": 46,
  "fd_perc": 15.862068965517242,
  "fwhm_avg": 1.7954751498128736,
  "fwhm_x": 1.789020212652491,
  "fwhm_y": 2.042158118873481,
  "fwhm_z": 1.5552471179126481,
  "gcor": 0.0142161,
  "gsr_x": -0.04958430677652359,
  "gsr_y": 0.09850295633077621,
  "provenance": {
    "md5sum": "9d6662f8bcd243face745aa457fd64fb",
    "settings": {
      "fd_thres": 0.2,
      "testing": false
    },
    "software": "mriqc",
    "version": "23.0.1",
    "webapi_port": null,
    "webapi_url": "https://mriqc.nimh.nih.gov/api/v1"
  },
  "size_t": 290,
  "size_x": 94,
  "size_y": 94,
  "size_z": 38,
  "snr": 4.5817945572691965,
  "spacing_tr": 2.5199999809265137,
  "spacing_x": 2.4468085765838623,
  "spacing_y": 2.4468085765838623,
  "spacing_z": 3.4800000190734863,
  "summary_bg_k": 91.40935349018949,
  "summary_bg_mad": 12.837289751247177,
  "summary_bg_mean": 21.744003295898438,
  "summary_bg_median": 11.682758331298828,
  "summary_bg_n": 217844.0,
  "summary_bg_p05": 2.120689630508423,
  "summary_bg_p95": 65.80000305175781,
  "summary_bg_stdv": 31.789997100830078,
  "summary_fg_k": 3.213271012177027,
  "summary_fg_mad": 53.42480720100731,
  "summary_fg_mean": 313.7801208496094,
  "summary_fg_median": 303.8896484375,
  "summary_fg_n": 61072.0,
  "summary_fg_p05": 231.35275650024414,
  "summary_fg_p95": 427.1325942993164,
  "summary_fg_stdv": 66.32492065429688,
  "tsnr": 38.26738404342905
}