{
  "bids_meta": {
    "AcquisitionDateTime": "2018-07-06T16:54:11.580000",
    "BodyPartExamined": "BRAIN",
    "ConversionSoftware": "dcm2niix",
    "ConversionSoftwareVersion": "v1.0.20170411 GCC4.2.1",
    "EchoTime": 0.00207,
    "FlipAngle": 9,
    "ImageType": [
      "ORIGINAL",
      "PRIMARY",
      "M",
      "ND",
      "NORM"
    ],
    "InversionTime": 0.9,
    "MagneticFieldStrength": 3,
    "Manufacturer": "Siemens",
    "ManufacturersModelName": "Skyra",
    "PhaseEncodingDirection": "i-",
    "ProcedureStepDescription": "funktionales_Schadel-MRT",
    "ProtocolName": "t1_mprage_sag_p2_iso_1.0",
    "RepetitionTime": 2.3,
    "ScanningSequence": "GR_IR",
    "SequenceName": "_tfl3d1_16ns",
    "SequenceVariant": "SK_SP_MP",
    "SeriesDescription": "t1_mprage_sag_p2_iso_1.0",
    "dataset": "ds002609",
    "modality": "T1w",
    "subject_id": "045"
  },
  "cjv": 0.3651753055856765,
  "cnr": 3.766767353904006,
  "efc": 0.5417955998563437,
  "fber": -1.0,
  "fwhm_avg": 3.985294101713622,
  "fwhm_x": 4.034322305140867,
  "fwhm_y": 3.94531,
  "fwhm_z": 3.97625,
  "icvs_csf": 0.22222712004629003,
  "icvs_gm": 0.431535657237761,
  "icvs_wm": 0.346237222715949,
  "inu_med": 0.4741934686899185,
  "inu_range": 0.12854882478713986,
  "provenance": {
    "md5sum": "e24338afaf8b0e98aad840632d11bd25",
    "settings": {
      "testing": false
    },
    "software": "mriqc",
    "version": "23.0.1",
    "warnings": {
      "large_rot_frame": true,
      "small_air_mask": false
    },
    "webapi_port": null,
    "webapi_url": "https://mriqc.nimh.nih.gov/api/v1"
  },
  "qi_1": 0.0661425218349327,
  "qi_2": 0.01493734764489814,
  "rpve_csf": 23.980177361460353,
  "rpve_gm": 12.880535790075555,
  "rpve_wm": 18.511346843525207,
  "size_x": 192,
  "size_y": 256,
  "size_z": 256,
  "snr_csf": 2.039213018207742,
  "snr_gm": 11.093252309067749,
  "snr_total": 12.341909573195606,
  "snr_wm": 23.893263392311326,
  "snrd_csf": 26.938608433503337,
  "snrd_gm": 82.21697651636183,
  "snrd_total": 74.93564280333372,
  "snrd_wm": 115.65134346013599,
  "spacing_x": 1.0000019073486328,
  "spacing_y": 1.0,
  "spacing_z": 1.0,
  "summary_bg_k": 46.400470724811505,
  "summary_bg_mad": 0.0,
  "summary_bg_mean": 1.5943830717772547,
  "summary_bg_median": 0.0,
  "summary_bg_n": 2343739.0,
  "summary_bg_p05": 0.0,
  "summary_bg_p95": 9.8412407040596,
  "summary_bg_stdv": 5.665017066338253,
  "summary_csf_k": 0.6263615737269483,
  "summary_csf_mad": 104.40570245821351,
  "summary_csf_mean": 253.2853877988049,
  "summary_csf_median": 232.94031062722206,
  "summary_csf_n": 45246.0,
  "summary_csf_p05": 101.81274138763547,
  "summary_csf_p95": 470.986925393343,
  "summary_csf_stdv": 114.22923175730473,
  "summary_gm_k": -0.16820822360392507,
  "summary_gm_mad": 66.13967044320579,
  "summary_gm_mean": 710.4315438223745,
  "summary_gm_median": 710.9367989748716,
  "summary_gm_n": 38249.0,
  "summary_gm_p05": 605.0041985660791,
  "summary_gm_p95": 814.2048370420932,
  "summary_gm_stdv": 64.08648118447185,
  "summary_wm_k": 0.6500064096011573,
  "summary_wm_mad": 39.43603659100616,
  "summary_wm_mean": 1001.085649436788,
  "summary_wm_median": 1000.046455129981,
  "summary_wm_n": 205776.0,
  "summary_wm_p05": 934.8250249922276,
  "summary_wm_p95": 1071.534713074565,
  "summary_wm_stdv": 41.854643661164765,
  "tpm_overlap_csf": 0.14975977829394857,
  "tpm_overlap_gm": 0.4523061013242834,
  "tpm_overlap_wm": 0.4901672633965586,
  "wm2max": 0.37511397789376194
}