{
  "aor": 0.0007675862068965517,
  "aqi": 0.016648924103448277,
  "bids_meta": {
    "AcquisitionDateTime": "2018-06-04T19:39:34.080000",
    "BodyPartExamined": "BRAIN",
    "ConversionSoftware": "dcm2niix",
    "ConversionSoftwareVersion": "v1.0.20170411 GCC4.2.1",
    "EchoTime": 0.035,
    "EffectiveEchoSpacing": 0.000325002,
    "FlipAngle": 90,
    "ImageType": [
      "ORIGINAL",
      "PRIMARY",
      "M",
      "ND",
      "NORM",
      "MOSAIC"
    ],
    "MagneticFieldStrength": 3,
    "Manufacturer": "Siemens",
    "ManufacturersModelName": "Skyra",
    "PhaseEncodingDirection": "j-",
    "ProcedureStepDescription": "funktionales_Schadel-MRT",
    "ProtocolName": "ep2d_RestingState_PAINTeR_TE35",
    "RepetitionTime": 2.52,
    "ScanningSequence": "EP",
    "SequenceName": "_epfid2d1_94",
    "SequenceVariant": "SK",
    "SeriesDescription": "ep2d_RestingState_PAINTeR_TE35",
    "SliceTiming": [
      1.25,
      0,
      1.315,
      0.065,
      1.38,
      0.13,
      1.4475,
      0.1975,
      1.5125,
      0.2625,
      1.5775,
      0.3275,
      1.645,
      0.395,
      1.71,
      0.46,
      1.775,
      0.525,
      1.8425,
      0.5925,
      1.9075,
      0.6575,
      1.9725,
      0.7225,
      2.0375,
      0.79,
      2.105,
      0.855,
      2.17,
      0.92,
      2.235,
      0.985,
      2.3025,
      1.0525,
      2.3675,
      1.1175,
      2.4325,
      1.1825
    ],
    "dataset": "ds002609",
    "modality": "bold",
    "subject_id": "043",
    "task_id": "rest"
  },
  "dummy_trs": 0,
  "dvars_nstd": 37.225288048027686,
  "dvars_std": 1.265452935294118,
  "dvars_vstd": 0.9910472400346027,
  "efc": 0.5012839502865658,
  "fber": 1012.8155517578125,
  "fd_mean": 0.15757231603172622,
  "fd_num": 87,
  "fd_perc": 30.0,
  "fwhm_avg": 1.682779614204116,
  "fwhm_x": 1.6791464764833364,
  "fwhm_y": 1.9185113395972722,
  "fwhm_z": 1.45068102653174,
  "gcor": 0.0138618,
  "gsr_x": -0.03242596983909607,
  "gsr_y": 0.05593566596508026,
  "provenance": {
    "md5sum": "1123da0139e7175e3b2f865edc573739",
    "settings": {
      "fd_thres": 0.2,
      "testing": false
    },
    "software": "mriqc",
    "version": "23.0.1",
    "webapi_port": null,
    "webapi_url": "https://mriqc.nimh.nih.gov/api/v1"
  },
  "size_t": 290,
  "size_x": 94,
  "size_y": 94,
  "size_z": 38,
  "snr": 6.007733321564133,
  "spacing_tr": 2.5199999809265137,
  "spacing_x": 2.4468085765838623,
  "spacing_y": 2.4468085765838623,
  "spacing_z": 3.4800000190734863,
  "summary_bg_k": 28.500616392740223,
  "summary_bg_mad": 9.94366004816473,
  "summary_bg_mean": 17.20914077758789,
  "summary_bg_median": 9.189655303955078,
  "summary_bg_n": 227730.0,
  "summary_bg_p05": 1.862069010734558,
  "summary_bg_p95": 48.88275909423828,
  "summary_bg_stdv": 23.582530975341797,
  "summary_fg_k": 3.910485636790755,
  "summary_fg_mad": 42.67847486086747,
  "summary_fg_mean": 306.2545166015625,
  "summary_fg_median": 301.9310302734375,
  "summary_fg_n": 52933.0,
  "summary_fg_p05": 239.08897094726564,
  "summary_fg_p95": 383.9827575683594,
  "summary_fg_stdv": 50.256587982177734,
  "tsnr": 46.34721001726575
}