{
  "aor": 0.0012804137931034481,
  "aqi": 0.02308549931034483,
  "bids_meta": {
    "AcquisitionDateTime": "2018-05-12T10:29:12.525000",
    "BodyPartExamined": "BRAIN",
    "ConversionSoftware": "dcm2niix",
    "ConversionSoftwareVersion": "v1.0.20170411 GCC4.2.1",
    "EchoTime": 0.035,
    "EffectiveEchoSpacing": 0.000325002,
    "FlipAngle": 90,
    "ImageType": [
      "ORIGINAL",
      "PRIMARY",
      "M",
      "ND",
      "NORM",
      "MOSAIC"
    ],
    "MagneticFieldStrength": 3,
    "Manufacturer": "Siemens",
    "ManufacturersModelName": "Skyra",
    "PhaseEncodingDirection": "j-",
    "ProcedureStepDescription": "funktionales_Schadel-MRT",
    "ProtocolName": "ep2d_RestingState_PAINTeR_TE35",
    "RepetitionTime": 2.52,
    "ScanningSequence": "EP",
    "SequenceName": "_epfid2d1_94",
    "SequenceVariant": "SK",
    "SeriesDescription": "ep2d_RestingState_PAINTeR_TE35",
    "dataset": "ds002609",
    "modality": "bold",
    "subject_id": "028",
    "task_id": "rest"
  },
  "dummy_trs": 0,
  "dvars_nstd": 43.635756759965425,
  "dvars_std": 1.2540034923875427,
  "dvars_vstd": 1.0055272139446365,
  "efc": 0.5236934997005598,
  "fber": 613.1474609375,
  "fd_mean": 0.17341728333398365,
  "fd_num": 89,
  "fd_perc": 30.689655172413794,
  "fwhm_avg": 1.7577927230616401,
  "fwhm_x": 1.7411292574214927,
  "fwhm_y": 2.0208609890126916,
  "fwhm_z": 1.5113879227507363,
  "gcor": 0.0152977,
  "gsr_x": -0.03637319058179855,
  "gsr_y": 0.07000881433486938,
  "provenance": {
    "md5sum": "e7febf903005a2a236e994f714f266c6",
    "settings": {
      "fd_thres": 0.2,
      "testing": false
    },
    "software": "mriqc",
    "version": "23.0.1",
    "webapi_port": null,
    "webapi_url": "https://mriqc.nimh.nih.gov/api/v1"
  },
  "size_t": 290,
  "size_x": 94,
  "size_y": 94,
  "size_z": 38,
  "snr": 5.776626186601202,
  "spacing_tr": 2.5199999809265137,
  "spacing_x": 2.4468085765838623,
  "spacing_y": 2.4468085765838623,
  "spacing_z": 3.4800000190734863,
  "summary_bg_k": 25.261919932601376,
  "summary_bg_mad": 12.15733755548209,
  "summary_bg_mean": 19.254262924194336,
  "summary_bg_median": 10.882758140563965,
  "summary_bg_n": 226162.0,
  "summary_bg_p05": 1.9862068891525269,
  "summary_bg_p95": 55.21034622192383,
  "summary_bg_stdv": 23.921483993530273,
  "summary_fg_k": 3.619666513147484,
  "summary_fg_mad": 39.91268965231279,
  "summary_fg_mean": 283.7700500488281,
  "summary_fg_median": 279.79998779296875,
  "summary_fg_n": 54482.0,
  "summary_fg_p05": 218.30414123535155,
  "summary_fg_p95": 359.86809539794916,
  "summary_fg_stdv": 48.43613052368164,
  "tsnr": 38.13608818803914
}