{
  "bids_meta": {
    "AcquisitionDateTime": "2018-06-04T20:08:15.277500",
    "BodyPartExamined": "BRAIN",
    "ConversionSoftware": "dcm2niix",
    "ConversionSoftwareVersion": "v1.0.20170411 GCC4.2.1",
    "EchoTime": 0.00207,
    "FlipAngle": 9,
    "ImageType": [
      "ORIGINAL",
      "PRIMARY",
      "M",
      "ND",
      "NORM"
    ],
    "InversionTime": 0.9,
    "MagneticFieldStrength": 3,
    "Manufacturer": "Siemens",
    "ManufacturersModelName": "Skyra",
    "PhaseEncodingDirection": "i-",
    "ProcedureStepDescription": "funktionales_Schadel-MRT",
    "ProtocolName": "t1_mprage_sag_p2_iso_1.0",
    "RepetitionTime": 2.3,
    "ScanningSequence": "GR_IR",
    "SequenceName": "_tfl3d1_16ns",
    "SequenceVariant": "SK_SP_MP",
    "SeriesDescription": "t1_mprage_sag_p2_iso_1.0",
    "SliceTiming": [
      1.25,
      0,
      1.3175,
      0.0675,
      1.3825,
      0.1325,
      1.4475,
      0.1975,
      1.515,
      0.265,
      1.58,
      0.33,
      1.645,
      0.395,
      1.7125,
      0.4625,
      1.7775,
      0.5275,
      1.8425,
      0.5925,
      1.91,
      0.66,
      1.975,
      0.725,
      2.04,
      0.79,
      2.105,
      0.8575,
      2.1725,
      0.9225,
      2.2375,
      0.9875,
      2.3025,
      1.0525,
      2.37,
      1.12,
      2.435,
      1.185
    ],
    "dataset": "ds002609",
    "modality": "T1w",
    "subject_id": "044"
  },
  "cjv": 0.32811082031299127,
  "cnr": 4.1105267109569175,
  "efc": 0.5625740170501959,
  "fber": -1.0,
  "fwhm_avg": 4.0074379971299,
  "fwhm_x": 3.946163991389699,
  "fwhm_y": 4.12796,
  "fwhm_z": 3.94819,
  "icvs_csf": 0.20786679972030864,
  "icvs_gm": 0.45271922260415404,
  "icvs_wm": 0.3394139776755373,
  "inu_med": 0.4629952609539032,
  "inu_range": 0.1289134085178375,
  "provenance": {
    "md5sum": "9ba28a00dd24f4f4f9743a18efee51e0",
    "settings": {
      "testing": false
    },
    "software": "mriqc",
    "version": "23.0.1",
    "warnings": {
      "large_rot_frame": true,
      "small_air_mask": false
    },
    "webapi_port": null,
    "webapi_url": "https://mriqc.nimh.nih.gov/api/v1"
  },
  "qi_1": 0.008649655931937611,
  "qi_2": 0.038036838394175994,
  "rpve_csf": 24.726472217824917,
  "rpve_gm": 12.297626405495995,
  "rpve_wm": 18.53770233159546,
  "size_x": 192,
  "size_y": 256,
  "size_z": 256,
  "snr_csf": 2.025013885533717,
  "snr_gm": 12.165130237018651,
  "snr_total": 13.601319163966389,
  "snr_wm": 26.613813369346797,
  "snrd_csf": 43.59179036327226,
  "snrd_gm": 125.62951171591222,
  "snrd_total": 115.11314712844263,
  "snrd_wm": 176.11813930614346,
  "spacing_x": 0.9999939203262329,
  "spacing_y": 1.0,
  "spacing_z": 1.0,
  "summary_bg_k": 40.07996889291735,
  "summary_bg_mad": 0.0,
  "summary_bg_mean": 1.4779014225953677,
  "summary_bg_median": 0.0,
  "summary_bg_n": 2337469.0,
  "summary_bg_p05": 0.0,
  "summary_bg_p95": 7.188326898962259,
  "summary_bg_stdv": 3.7198689015457815,
  "summary_csf_k": 16.08434797098493,
  "summary_csf_mad": 107.7938009251018,
  "summary_csf_mean": 260.03490039886856,
  "summary_csf_median": 247.5144799388945,
  "summary_csf_n": 40551.0,
  "summary_csf_p05": 85.40161509811878,
  "summary_csf_p95": 476.5395817346871,
  "summary_csf_stdv": 122.2270275759845,
  "summary_gm_k": -0.007159398347848622,
  "summary_gm_mad": 58.854460908442206,
  "summary_gm_mean": 712.7047535942993,
  "summary_gm_median": 713.3252155557275,
  "summary_gm_n": 55499.0,
  "summary_gm_p05": 614.6198312714696,
  "summary_gm_p95": 807.9894011355937,
  "summary_gm_stdv": 58.636346274950235,
  "summary_wm_k": 0.6307575360151119,
  "summary_wm_mad": 35.206632471356414,
  "summary_wm_mean": 1001.2298402991166,
  "summary_wm_median": 999.9999838247895,
  "summary_wm_n": 210347.0,
  "summary_wm_p05": 942.0284519679844,
  "summary_wm_p95": 1064.8379771970212,
  "summary_wm_stdv": 37.57438263053078,
  "tpm_overlap_csf": 0.16226519053385907,
  "tpm_overlap_gm": 0.46987708082701374,
  "tpm_overlap_wm": 0.5017423682438252,
  "wm2max": 0.4933483891457003
}