{
  "bids_meta": {
    "AcquisitionDateTime": "2018-03-18T15:27:51.492500",
    "BodyPartExamined": "BRAIN",
    "ConversionSoftware": "dcm2niix",
    "ConversionSoftwareVersion": "v1.0.20170411 GCC4.2.1",
    "EchoTime": 0.00207,
    "FlipAngle": 9,
    "ImageType": [
      "ORIGINAL",
      "PRIMARY",
      "M",
      "ND",
      "NORM"
    ],
    "InversionTime": 0.9,
    "MagneticFieldStrength": 3,
    "Manufacturer": "Siemens",
    "ManufacturersModelName": "Skyra",
    "PhaseEncodingDirection": "i-",
    "ProcedureStepDescription": "funktionales_Schadel-MRT",
    "ProtocolName": "t1_mprage_sag_p2_iso_1.0",
    "RepetitionTime": 2.3,
    "ScanningSequence": "GR_IR",
    "SequenceName": "_tfl3d1_16ns",
    "SequenceVariant": "SK_SP_MP",
    "SeriesDescription": "t1_mprage_sag_p2_iso_1.0",
    "dataset": "ds002609",
    "modality": "T1w",
    "subject_id": "010"
  },
  "cjv": 0.344290046242346,
  "cnr": 3.947461352855114,
  "efc": 0.5287609768085202,
  "fber": -1.0,
  "fwhm_avg": 3.99503,
  "fwhm_x": 3.97054,
  "fwhm_y": 3.94406,
  "fwhm_z": 4.07049,
  "icvs_csf": 0.2268029109424376,
  "icvs_gm": 0.45345360335934226,
  "icvs_wm": 0.31974348569822014,
  "inu_med": 0.45444296300411224,
  "inu_range": 0.1265067309141159,
  "provenance": {
    "md5sum": "826856367fe640d01867c80951e182eb",
    "settings": {
      "testing": false
    },
    "software": "mriqc",
    "version": "23.0.1",
    "warnings": {
      "large_rot_frame": true,
      "small_air_mask": false
    },
    "webapi_port": null,
    "webapi_url": "https://mriqc.nimh.nih.gov/api/v1"
  },
  "qi_1": 0.045964077475449984,
  "qi_2": 0.025364430561216064,
  "rpve_csf": 26.471706417980247,
  "rpve_gm": 13.774320225297707,
  "rpve_wm": 21.46843295671394,
  "size_x": 192,
  "size_y": 256,
  "size_z": 256,
  "snr_csf": 2.29618929256601,
  "snr_gm": 12.51224640098157,
  "snr_total": 13.363130500653057,
  "snr_wm": 25.28095580841159,
  "snrd_csf": 44.296742899121746,
  "snrd_gm": 121.80192030906258,
  "snrd_total": 111.51255117144548,
  "snrd_wm": 168.43899030615214,
  "spacing_x": 1.0,
  "spacing_y": 1.0,
  "spacing_z": 1.0,
  "summary_bg_k": 38.2705764346413,
  "summary_bg_mad": 0.0,
  "summary_bg_mean": 1.0430236022153074,
  "summary_bg_median": 0.0,
  "summary_bg_n": 2062294.0,
  "summary_bg_p05": 0.0,
  "summary_bg_p95": 9.534761130809784,
  "summary_bg_stdv": 3.8896444769630834,
  "summary_csf_k": 0.4224855789384985,
  "summary_csf_mad": 116.71292413552798,
  "summary_csf_mean": 278.7237972480357,
  "summary_csf_median": 262.9965017437935,
  "summary_csf_n": 61133.0,
  "summary_csf_p05": 127.23875205516816,
  "summary_csf_p95": 494.6576578617096,
  "summary_csf_stdv": 114.53513504629004,
  "summary_gm_k": -0.06375284156879468,
  "summary_gm_mad": 58.17887088679088,
  "summary_gm_mean": 721.8400048936426,
  "summary_gm_median": 723.156531393528,
  "summary_gm_n": 50098.0,
  "summary_gm_p05": 624.2633305191994,
  "summary_gm_p95": 815.0064665079117,
  "summary_gm_stdv": 57.79532233968863,
  "summary_wm_k": 0.5912162592331485,
  "summary_wm_mad": 37.15207505957464,
  "summary_wm_mean": 1000.1887338428085,
  "summary_wm_median": 1000.0479111671448,
  "summary_wm_n": 162687.0,
  "summary_wm_p05": 935.2690315246582,
  "summary_wm_p95": 1064.874704182148,
  "summary_wm_stdv": 39.55724005087317,
  "tpm_overlap_csf": 0.13824912198203157,
  "tpm_overlap_gm": 0.46946061838483405,
  "tpm_overlap_wm": 0.496126673717413,
  "wm2max": 0.3687857657104793
}