{
  "bids_meta": {
    "AcquisitionDateTime": "2018-06-01T17:13:5.700000",
    "BodyPartExamined": "BRAIN",
    "ConversionSoftware": "dcm2niix",
    "ConversionSoftwareVersion": "v1.0.20170411 GCC4.2.1",
    "EchoTime": 0.00207,
    "FlipAngle": 9,
    "ImageType": [
      "ORIGINAL",
      "PRIMARY",
      "M",
      "ND",
      "NORM"
    ],
    "InversionTime": 0.9,
    "MagneticFieldStrength": 3,
    "Manufacturer": "Siemens",
    "ManufacturersModelName": "Skyra",
    "PhaseEncodingDirection": "i-",
    "ProcedureStepDescription": "funktionales_Schadel-MRT",
    "ProtocolName": "t1_mprage_sag_p2_iso_1.0",
    "RepetitionTime": 2.3,
    "ScanningSequence": "GR_IR",
    "SequenceName": "_tfl3d1_16ns",
    "SequenceVariant": "SK_SP_MP",
    "SeriesDescription": "t1_mprage_sag_p2_iso_1.0",
    "dataset": "ds002609",
    "modality": "T1w",
    "subject_id": "035"
  },
  "cjv": 0.33359181240775,
  "cnr": 4.091006152277808,
  "efc": 0.5218516972746285,
  "fber": -1.0,
  "fwhm_avg": 3.9641828637502283,
  "fwhm_x": 3.939148591250685,
  "fwhm_y": 3.97227,
  "fwhm_z": 3.98113,
  "icvs_csf": 0.23068597706929295,
  "icvs_gm": 0.44025351904189763,
  "icvs_wm": 0.3290605038888094,
  "inu_med": 0.46764659881591797,
  "inu_range": 0.12255966663360596,
  "provenance": {
    "md5sum": "4b18cec2b57afa7dfe5572bf3122e6db",
    "settings": {
      "testing": false
    },
    "software": "mriqc",
    "version": "23.0.1",
    "warnings": {
      "large_rot_frame": true,
      "small_air_mask": false
    },
    "webapi_port": null,
    "webapi_url": "https://mriqc.nimh.nih.gov/api/v1"
  },
  "qi_1": 0.02990213197746203,
  "qi_2": 0.03460021554425485,
  "rpve_csf": 27.55596400999967,
  "rpve_gm": 14.969492610138174,
  "rpve_wm": 22.474399175314016,
  "size_x": 192,
  "size_y": 256,
  "size_z": 256,
  "snr_csf": 2.5526596792248153,
  "snr_gm": 12.253054361031301,
  "snr_total": 13.3543994100415,
  "snr_wm": 25.257484189868382,
  "snrd_csf": 23.997508979829913,
  "snrd_gm": 62.69560810519861,
  "snrd_total": 58.29020538960314,
  "snrd_wm": 88.17749908378089,
  "spacing_x": 1.0000003576278687,
  "spacing_y": 1.0,
  "spacing_z": 1.0,
  "summary_bg_k": 32.28583843302661,
  "summary_bg_mad": 0.0,
  "summary_bg_mean": 3.2304402168900497,
  "summary_bg_median": 0.0,
  "summary_bg_n": 2648728.0,
  "summary_bg_p05": 0.0,
  "summary_bg_p95": 18.163023825734854,
  "summary_bg_stdv": 7.429745600422293,
  "summary_csf_k": 0.5181534735380371,
  "summary_csf_mad": 101.43812951799023,
  "summary_csf_mean": 285.6870765366015,
  "summary_csf_median": 272.15002366527915,
  "summary_csf_n": 41924.0,
  "summary_csf_p05": 139.9389613457024,
  "summary_csf_p95": 485.13485860824585,
  "summary_csf_stdv": 106.61302801400637,
  "summary_gm_k": 0.024601631260187773,
  "summary_gm_mad": 58.16272606175411,
  "summary_gm_mean": 711.0979023657168,
  "summary_gm_median": 711.0159326903522,
  "summary_gm_n": 35748.0,
  "summary_gm_p05": 616.2310361320153,
  "summary_gm_p95": 806.1946075430141,
  "summary_gm_stdv": 58.026836969474324,
  "summary_wm_k": 0.4136328663653357,
  "summary_wm_mad": 38.239985516134446,
  "summary_wm_mean": 1000.6922100486464,
  "summary_wm_median": 999.9999784380198,
  "summary_wm_n": 166699.0,
  "summary_wm_p05": 936.9954513460398,
  "summary_wm_p95": 1066.553432407603,
  "summary_wm_stdv": 39.59210551210026,
  "tpm_overlap_csf": 0.15593914332275594,
  "tpm_overlap_gm": 0.48410410171509144,
  "tpm_overlap_wm": 0.5150796178867163,
  "wm2max": 0.37821133368084
}